{
  "aor": 0.0017252914798206278,
  "aqi": 0.007147022466367713,
  "bids_meta": {
    "AccelFactPE": 2,
    "AcquisitionNumber": 1,
    "AcquisitionTime": "14:44:25.240000",
    "BandwidthPerPixelPhaseEncode": 22.894,
    "BodyPartExamined": "BRAIN",
    "ConversionSoftware": "dcm2niix",
    "ConversionSoftwareVersion": "v1.0.20170724 (OpenJPEG build) GCC6.1.0",
    "DeviceSerialNumber": "167045",
    "EchoTime": 0.027,
    "EchoTrainLength": 74,
    "EffectiveEchoSpacing": 0.000519995,
    "FlipAngle": 66,
    "ImageType": [
      "ORIGINAL",
      "PRIMARY",
      "M",
      "ND",
      "NORM",
      "MOSAIC"
    ],
    "InstitutionAddress": "De_Pintelaan_185_Gent_District_BE_9000",
    "InstitutionName": "UZ_Gent",
    "MagneticFieldStrength": 3,
    "Manufacturer": "Siemens",
    "ManufacturersModelName": "Prisma_fit",
    "PhaseEncodingDirection": "j-",
    "PhaseEncodingLines": 84,
    "ProcedureStepDescription": "MR_hersenen_(structuur_alleen)_O",
    "ProtocolName": "ep2d_bold_TASK_BETTING",
    "RepetitionTime": 1.72,
    "ScanningSequence": "EP",
    "SequenceName": "_epfid2d1_84",
    "SequenceVariant": "SK",
    "SeriesDescription": "ep2d_bold_TASK_BETTING",
    "SliceTiming": [
      1.2425,
      0,
      0.85,
      0.065,
      0.915,
      0.13,
      0.98,
      0.1975,
      1.0475,
      0.2625,
      1.1125,
      0.3275,
      1.1775,
      0.4575,
      1.3075,
      0.5225,
      1.3725,
      0.59,
      1.44,
      0.655,
      1.505,
      0.72,
      1.57,
      0.785,
      1.635,
      0.3925,
      1.2425,
      0,
      0.85,
      0.065,
      0.915,
      0.13,
      0.98,
      0.1975,
      1.0475,
      0.2625,
      1.1125,
      0.3275,
      1.1775,
      0.4575,
      1.3075,
      0.5225,
      1.3725,
      0.59,
      1.44,
      0.655,
      1.505,
      0.72,
      1.57,
      0.785,
      1.635,
      0.3925
    ],
    "SoftwareVersions": "syngo_MR_E11",
    "TaskName": "cueexposure",
    "TotalReadoutTime": 0.0374396,
    "TrueEchoSpacing": 0.00103999,
    "dataset": "ds002513",
    "modality": "bold",
    "subject_id": "15",
    "task_id": "cueexposure"
  },
  "dummy_trs": 1,
  "dvars_nstd": 31.402663022395213,
  "dvars_std": 1.4348997188323338,
  "dvars_vstd": 0.997957961541915,
  "efc": 0.5570002658576139,
  "fber": 2000.170166015625,
  "fd_mean": 0.13887799094803677,
  "fd_num": 85,
  "fd_perc": 12.705530642750373,
  "fwhm_avg": 2.037021333333333,
  "fwhm_x": 1.911572,
  "fwhm_y": 2.1775279999999997,
  "fwhm_z": 2.0219639999999997,
  "gcor": 0.0568714,
  "gsr_x": -0.002665144158527255,
  "gsr_y": 0.0502416230738163,
  "provenance": {
    "md5sum": "60fc7185d2baacb81aa5a20ef68df607",
    "settings": {
      "fd_thres": 0.2,
      "testing": false
    },
    "software": "mriqc",
    "version": "23.0.1",
    "webapi_port": null,
    "webapi_url": "https://mriqc.nimh.nih.gov/api/v1"
  },
  "size_t": 669,
  "size_x": 84,
  "size_y": 84,
  "size_z": 52,
  "snr": 5.645731016128275,
  "spacing_tr": 1.7200000286102295,
  "spacing_x": 2.5,
  "spacing_y": 2.5,
  "spacing_z": 2.5,
  "summary_bg_k": 12.425009864389207,
  "summary_bg_mad": 19.10318499802053,
  "summary_bg_mean": 70.08318328857422,
  "summary_bg_median": 22.458894729614258,
  "summary_bg_n": 227346.0,
  "summary_bg_p05": 7.4349775314331055,
  "summary_bg_p95": 314.30455780029297,
  "summary_bg_stdv": 116.78836822509766,
  "summary_fg_k": 0.6316373019159869,
  "summary_fg_mad": 185.95690350248057,
  "summary_fg_mean": 1037.8590087890625,
  "summary_fg_median": 1029.0552978515625,
  "summary_fg_n": 79121.0,
  "summary_fg_p05": 768.4290161132812,
  "summary_fg_p95": 1347.0792236328125,
  "summary_fg_stdv": 182.27024841308594,
  "tsnr": 62.05844881944358
}