{
  "bids_meta": {
    "AccelFactPE": 2,
    "AcquisitionNumber": 1,
    "AcquisitionTime": "12:19:8.587500",
    "BodyPartExamined": "BRAIN",
    "ConversionSoftware": "dcm2niix",
    "ConversionSoftwareVersion": "v1.0.20170724 (OpenJPEG build) GCC6.1.0",
    "DeviceSerialNumber": "167045",
    "EchoTime": 0.00418,
    "FlipAngle": 9,
    "ImageType": [
      "ORIGINAL",
      "PRIMARY",
      "M",
      "ND",
      "NORM"
    ],
    "InstitutionAddress": "De_Pintelaan_185_Gent_District_BE_9000",
    "InstitutionName": "UGent",
    "InversionTime": 0.9,
    "MagneticFieldStrength": 3,
    "Manufacturer": "Siemens",
    "ManufacturersModelName": "Prisma_fit",
    "PhaseEncodingDirection": "i-",
    "PhaseEncodingLines": 256,
    "ProcedureStepDescription": "MR_hersenen_(structuur_alleen)_O",
    "ProtocolName": "T1_mprage",
    "RepetitionTime": 2.25,
    "ScanningSequence": "GR_IR",
    "SequenceName": "_tfl3d1_16ns",
    "SequenceVariant": "SK_SP_MP",
    "SeriesDescription": "T1_mprage",
    "SoftwareVersions": "syngo_MR_E11",
    "dataset": "ds002513",
    "modality": "T1w",
    "subject_id": "41"
  },
  "cjv": 0.321912544291914,
  "cnr": 4.095888691435265,
  "efc": 0.5332381122591957,
  "fber": -1.0,
  "fwhm_avg": 4.00207,
  "fwhm_x": 4.10157,
  "fwhm_y": 4.22129,
  "fwhm_z": 3.68335,
  "icvs_csf": 0.19491314196631737,
  "icvs_gm": 0.4412773682875164,
  "icvs_wm": 0.36380948974616617,
  "inu_med": 0.547584593296051,
  "inu_range": 0.2953535676002503,
  "provenance": {
    "md5sum": "62135d2413784489d7674b4e56da2bdc",
    "settings": {
      "testing": false
    },
    "software": "mriqc",
    "version": "23.0.1",
    "warnings": {
      "large_rot_frame": true,
      "small_air_mask": false
    },
    "webapi_port": null,
    "webapi_url": "https://mriqc.nimh.nih.gov/api/v1"
  },
  "qi_1": 1.712981525639414e-05,
  "qi_2": 0.011042595707570277,
  "rpve_csf": 22.37996015827107,
  "rpve_gm": 10.737172106137086,
  "rpve_wm": 15.144673778704643,
  "size_x": 176,
  "size_y": 256,
  "size_z": 256,
  "snr_csf": 2.2790571245765125,
  "snr_gm": 10.948593467138066,
  "snr_total": 12.270144898088446,
  "snr_wm": 23.582784102550757,
  "snrd_csf": 26.768936033710784,
  "snrd_gm": 69.88539268520742,
  "snrd_total": 66.06306056235884,
  "snrd_wm": 101.5348529681583,
  "spacing_x": 1.0,
  "spacing_y": 1.0,
  "spacing_z": 1.0,
  "summary_bg_k": 40.054218159783666,
  "summary_bg_mad": 0.0,
  "summary_bg_mean": 2.9614589298842455,
  "summary_bg_median": 0.0,
  "summary_bg_n": 3206109.0,
  "summary_bg_p05": 0.0,
  "summary_bg_p95": 14.904644191265106,
  "summary_bg_stdv": 6.452330235293909,
  "summary_csf_k": 1.0202305847726647,
  "summary_csf_mad": 100.39368052151944,
  "summary_csf_mean": 276.34302432687167,
  "summary_csf_median": 263.64283122867346,
  "summary_csf_n": 36675.0,
  "summary_csf_p05": 98.13353232294321,
  "summary_csf_p95": 486.6467951022087,
  "summary_csf_stdv": 115.67908239269481,
  "summary_gm_k": 0.19499480793805368,
  "summary_gm_mad": 61.321002459617425,
  "summary_gm_mean": 689.2083673221248,
  "summary_gm_median": 688.2896939143538,
  "summary_gm_n": 43909.0,
  "summary_gm_p05": 586.8364908397198,
  "summary_gm_p95": 793.9297470390796,
  "summary_gm_stdv": 62.864865542048,
  "summary_wm_k": 0.7927447533443805,
  "summary_wm_mad": 39.02245611066564,
  "summary_wm_mean": 1000.2995453039034,
  "summary_wm_median": 1000.0000026598573,
  "summary_wm_n": 235780.0,
  "summary_wm_p05": 931.2692684233189,
  "summary_wm_p95": 1069.8824594020844,
  "summary_wm_stdv": 42.40372458519533,
  "tpm_overlap_csf": 0.15552010840170566,
  "tpm_overlap_gm": 0.441026316579747,
  "tpm_overlap_wm": 0.47643323651116926,
  "wm2max": 0.7211706558222506
}