{
  "aor": 0.001546388059701493,
  "aqi": 0.012679407328358209,
  "bids_meta": {
    "AccelFactPE": 2,
    "AcquisitionNumber": 1,
    "AcquisitionTime": "14:23:21.002500",
    "BandwidthPerPixelPhaseEncode": 22.894,
    "BodyPartExamined": "BRAIN",
    "ConversionSoftware": "dcm2niix",
    "ConversionSoftwareVersion": "v1.0.20170724 (OpenJPEG build) GCC6.1.0",
    "DeviceSerialNumber": "167045",
    "EchoTime": 0.027,
    "EchoTrainLength": 74,
    "EffectiveEchoSpacing": 0.000519995,
    "FlipAngle": 66,
    "ImageType": [
      "ORIGINAL",
      "PRIMARY",
      "M",
      "ND",
      "NORM",
      "MOSAIC"
    ],
    "InstitutionAddress": "De_Pintelaan_185_Gent_District_BE_9000",
    "InstitutionName": "UGent",
    "MagneticFieldStrength": 3,
    "Manufacturer": "Siemens",
    "ManufacturersModelName": "Prisma_fit",
    "PhaseEncodingDirection": "j-",
    "PhaseEncodingLines": 84,
    "ProcedureStepDescription": "MR_hersenen_(structuur_alleen)_O",
    "ProtocolName": "ep2d_bold_TASK_BETTING",
    "RepetitionTime": 1.72,
    "ScanningSequence": "EP",
    "SequenceName": "_epfid2d1_84",
    "SequenceVariant": "SK",
    "SeriesDescription": "ep2d_bold_TASK_BETTING",
    "SliceTiming": [
      1.2425,
      0,
      0.85,
      0.065,
      0.915,
      0.1325,
      0.9825,
      0.1975,
      1.0475,
      0.2625,
      1.1125,
      0.3275,
      1.1775,
      0.4575,
      1.3075,
      0.525,
      1.375,
      0.59,
      1.44,
      0.655,
      1.505,
      0.72,
      1.57,
      0.785,
      1.635,
      0.3925,
      1.2425,
      0,
      0.85,
      0.065,
      0.915,
      0.1325,
      0.9825,
      0.1975,
      1.0475,
      0.2625,
      1.1125,
      0.3275,
      1.1775,
      0.4575,
      1.3075,
      0.525,
      1.375,
      0.59,
      1.44,
      0.655,
      1.505,
      0.72,
      1.57,
      0.785,
      1.635,
      0.3925
    ],
    "SoftwareVersions": "syngo_MR_E11",
    "TaskName": "cueexposure",
    "TotalReadoutTime": 0.0374396,
    "TrueEchoSpacing": 0.00103999,
    "dataset": "ds002513",
    "modality": "bold",
    "subject_id": "33",
    "task_id": "cueexposure"
  },
  "dummy_trs": 0,
  "dvars_nstd": 26.46617937581466,
  "dvars_std": 1.2968722544245153,
  "dvars_vstd": 0.9739016492825109,
  "efc": 0.5369497991723532,
  "fber": 2377.585693359375,
  "fd_mean": 0.14935962875387643,
  "fd_num": 92,
  "fd_perc": 13.73134328358209,
  "fwhm_avg": 1.9226453333333333,
  "fwhm_x": 1.80764,
  "fwhm_y": 2.105508,
  "fwhm_z": 1.8547879999999999,
  "gcor": 0.0147372,
  "gsr_x": -0.0037587222177535295,
  "gsr_y": 0.03678347170352936,
  "provenance": {
    "md5sum": "e086d75b1ffc7a80e3a6070a50a9da1c",
    "settings": {
      "fd_thres": 0.2,
      "testing": false
    },
    "software": "mriqc",
    "version": "23.0.1",
    "webapi_port": null,
    "webapi_url": "https://mriqc.nimh.nih.gov/api/v1"
  },
  "size_t": 670,
  "size_x": 84,
  "size_y": 84,
  "size_z": 52,
  "snr": 6.0355929606561896,
  "spacing_tr": 1.7200000286102295,
  "spacing_x": 2.5,
  "spacing_y": 2.5,
  "spacing_z": 2.5,
  "summary_bg_k": 18.21377277097861,
  "summary_bg_mad": 14.250682723410575,
  "summary_bg_mean": 54.60516357421875,
  "summary_bg_median": 19.71641731262207,
  "summary_bg_n": 230325.0,
  "summary_bg_p05": 7.877612113952637,
  "summary_bg_p95": 227.43223876953112,
  "summary_bg_stdv": 94.07611083984375,
  "summary_fg_k": 2.1178233347657907,
  "summary_fg_mad": 151.648018594726,
  "summary_fg_mean": 990.9774169921875,
  "summary_fg_median": 980.774658203125,
  "summary_fg_n": 74863.0,
  "summary_fg_p05": 763.86494140625,
  "summary_fg_p95": 1256.6956787109375,
  "summary_fg_stdv": 162.4973907470703,
  "tsnr": 50.4440311063081
}