{
  "aor": 0.002822462686567164,
  "aqi": 0.012050639164179106,
  "bids_meta": {
    "AccelFactPE": 2,
    "AcquisitionNumber": 1,
    "AcquisitionTime": "17:14:31.697500",
    "BandwidthPerPixelPhaseEncode": 22.894,
    "BodyPartExamined": "BRAIN",
    "ConversionSoftware": "dcm2niix",
    "ConversionSoftwareVersion": "v1.0.20170724 (OpenJPEG build) GCC6.1.0",
    "DeviceSerialNumber": "167045",
    "EchoTime": 0.027,
    "EchoTrainLength": 74,
    "EffectiveEchoSpacing": 0.000519995,
    "FlipAngle": 66,
    "ImageType": [
      "ORIGINAL",
      "PRIMARY",
      "M",
      "ND",
      "NORM",
      "MOSAIC"
    ],
    "InstitutionAddress": "De_Pintelaan_185_Gent_District_BE_9000",
    "InstitutionName": "UGent",
    "MagneticFieldStrength": 3,
    "Manufacturer": "Siemens",
    "ManufacturersModelName": "Prisma_fit",
    "PhaseEncodingDirection": "j-",
    "PhaseEncodingLines": 84,
    "ProcedureStepDescription": "MR_hersenen_(structuur_alleen)_O",
    "ProtocolName": "ep2d_bold_TASK_BETTING",
    "RepetitionTime": 1.72,
    "ScanningSequence": "EP",
    "SequenceName": "_epfid2d1_84",
    "SequenceVariant": "SK",
    "SeriesDescription": "ep2d_bold_TASK_BETTING",
    "SliceTiming": [
      1.24,
      0,
      0.8475,
      0.065,
      0.915,
      0.13,
      0.98,
      0.195,
      1.045,
      0.26,
      1.11,
      0.325,
      1.175,
      0.4575,
      1.3075,
      0.5225,
      1.3725,
      0.5875,
      1.4375,
      0.6525,
      1.5025,
      0.7175,
      1.5675,
      0.7825,
      1.6325,
      0.39,
      1.24,
      0,
      0.8475,
      0.065,
      0.915,
      0.13,
      0.98,
      0.195,
      1.045,
      0.26,
      1.11,
      0.325,
      1.175,
      0.4575,
      1.3075,
      0.5225,
      1.3725,
      0.5875,
      1.4375,
      0.6525,
      1.5025,
      0.7175,
      1.5675,
      0.7825,
      1.6325,
      0.39
    ],
    "SoftwareVersions": "syngo_MR_E11",
    "TaskName": "cueexposure",
    "TotalReadoutTime": 0.0374396,
    "TrueEchoSpacing": 0.00103999,
    "dataset": "ds002513",
    "modality": "bold",
    "subject_id": "36",
    "task_id": "cueexposure"
  },
  "dummy_trs": 0,
  "dvars_nstd": 27.451054982346772,
  "dvars_std": 1.26194804321375,
  "dvars_vstd": 0.9591077139461889,
  "efc": 0.5404652681947536,
  "fber": 2978.13232421875,
  "fd_mean": 0.15065173524051476,
  "fd_num": 90,
  "fd_perc": 13.432835820895523,
  "fwhm_avg": 2.046208,
  "fwhm_x": 1.892008,
  "fwhm_y": 2.226448,
  "fwhm_z": 2.020168,
  "gcor": 0.0190949,
  "gsr_x": -0.0017924088751897216,
  "gsr_y": 0.06599190086126328,
  "provenance": {
    "md5sum": "769021366ae371139264ac78c2bd5c3c",
    "settings": {
      "fd_thres": 0.2,
      "testing": false
    },
    "software": "mriqc",
    "version": "23.0.1",
    "webapi_port": null,
    "webapi_url": "https://mriqc.nimh.nih.gov/api/v1"
  },
  "size_t": 670,
  "size_x": 84,
  "size_y": 84,
  "size_z": 52,
  "snr": 5.44229888643695,
  "spacing_tr": 1.7200000286102295,
  "spacing_x": 2.5,
  "spacing_y": 2.5,
  "spacing_z": 2.5,
  "summary_bg_k": 17.69817675435939,
  "summary_bg_mad": 13.80147903438713,
  "summary_bg_mean": 59.13683319091797,
  "summary_bg_median": 17.843284606933594,
  "summary_bg_n": 230352.0,
  "summary_bg_p05": 5.656716346740723,
  "summary_bg_p95": 266.6788864135739,
  "summary_bg_stdv": 106.33551025390625,
  "summary_fg_k": 1.1933410147446226,
  "summary_fg_mad": 176.86225554913722,
  "summary_fg_mean": 995.29931640625,
  "summary_fg_median": 983.5,
  "summary_fg_n": 77398.0,
  "summary_fg_p05": 739.4725952148438,
  "summary_fg_p95": 1298.9237182617187,
  "summary_fg_stdv": 180.71290588378906,
  "tsnr": 51.15869129821658
}