{
  "aor": 0.00944611111111111,
  "aqi": 0.006900986666666668,
  "bids_meta": {
    "AccelFactPE": 2,
    "AcquisitionNumber": 1,
    "AcquisitionTime": "13:03:4.075000",
    "BandwidthPerPixelPhaseEncode": 22.894,
    "BodyPartExamined": "BRAIN",
    "ConversionSoftware": "dcm2niix",
    "ConversionSoftwareVersion": "v1.0.20170724 (OpenJPEG build) GCC6.1.0",
    "DeviceSerialNumber": "167045",
    "EchoTime": 0.027,
    "EchoTrainLength": 74,
    "EffectiveEchoSpacing": 0.000519995,
    "FlipAngle": 66,
    "ImageType": [
      "ORIGINAL",
      "PRIMARY",
      "M",
      "ND",
      "NORM",
      "MOSAIC"
    ],
    "InstitutionAddress": "De_Pintelaan_185_Gent_District_BE_9000",
    "InstitutionName": "UZ_Gent",
    "MagneticFieldStrength": 3,
    "Manufacturer": "Siemens",
    "ManufacturersModelName": "Prisma_fit",
    "PhaseEncodingDirection": "j-",
    "PhaseEncodingLines": 84,
    "ProcedureStepDescription": "MR_hersenen_(structuur_alleen)_O",
    "ProtocolName": "ep2d_bold_TASK_BETTING",
    "RepetitionTime": 1.72,
    "ScanningSequence": "EP",
    "SequenceName": "_epfid2d1_84",
    "SequenceVariant": "SK",
    "SeriesDescription": "ep2d_bold_TASK_BETTING",
    "SliceTiming": [
      1.2425,
      0,
      0.85,
      0.065,
      0.915,
      0.13,
      0.98,
      0.195,
      1.045,
      0.26,
      1.11,
      0.3275,
      1.1775,
      0.4575,
      1.3075,
      0.5225,
      1.3725,
      0.5875,
      1.4375,
      0.6525,
      1.5025,
      0.7175,
      1.5675,
      0.785,
      1.635,
      0.3925,
      1.2425,
      0,
      0.85,
      0.065,
      0.915,
      0.13,
      0.98,
      0.195,
      1.045,
      0.26,
      1.11,
      0.3275,
      1.1775,
      0.4575,
      1.3075,
      0.5225,
      1.3725,
      0.5875,
      1.4375,
      0.6525,
      1.5025,
      0.7175,
      1.5675,
      0.785,
      1.635,
      0.3925
    ],
    "SoftwareVersions": "syngo_MR_E11",
    "TaskName": "cueexposure",
    "TotalReadoutTime": 0.0374396,
    "TrueEchoSpacing": 0.00103999,
    "dataset": "ds002513",
    "modality": "bold",
    "subject_id": "51",
    "task_id": "cueexposure"
  },
  "dummy_trs": 1,
  "dvars_nstd": 26.319710610563376,
  "dvars_std": 1.291725514084507,
  "dvars_vstd": 1.0623827750704227,
  "efc": 0.5464548024898175,
  "fber": 2802.94873046875,
  "fd_mean": 0.1447982997812272,
  "fd_num": 11,
  "fd_perc": 15.277777777777779,
  "fwhm_avg": 1.9577920000000002,
  "fwhm_x": 1.8596080000000001,
  "fwhm_y": 2.0631720000000002,
  "fwhm_z": 1.9505960000000002,
  "gcor": 0.020693,
  "gsr_x": -0.0037330107297748327,
  "gsr_y": 0.057361114770174026,
  "provenance": {
    "md5sum": "3672a3dd8471077bd4e46cf105f17555",
    "settings": {
      "fd_thres": 0.2,
      "testing": false
    },
    "software": "mriqc",
    "version": "23.0.1",
    "webapi_port": null,
    "webapi_url": "https://mriqc.nimh.nih.gov/api/v1"
  },
  "size_t": 72,
  "size_x": 84,
  "size_y": 84,
  "size_z": 52,
  "snr": 5.509547798869618,
  "spacing_tr": 1.7200000286102295,
  "spacing_x": 2.5,
  "spacing_y": 2.5,
  "spacing_z": 2.5,
  "summary_bg_k": 31.171324776831064,
  "summary_bg_mad": 12.808033632659484,
  "summary_bg_mean": 54.60565948486328,
  "summary_bg_median": 17.72222328186035,
  "summary_bg_n": 225346.0,
  "summary_bg_p05": 6.416666507720947,
  "summary_bg_p95": 244.77431106567383,
  "summary_bg_stdv": 99.23206329345703,
  "summary_fg_k": 1.3425672200189318,
  "summary_fg_mad": 169.81966878409045,
  "summary_fg_mean": 959.9927978515625,
  "summary_fg_median": 947.3333129882812,
  "summary_fg_n": 81024.0,
  "summary_fg_p05": 715.5416870117188,
  "summary_fg_p95": 1250.40283203125,
  "summary_fg_stdv": 171.94287109375,
  "tsnr": 68.63273476879112
}