{
  "aor": 0.0008138116591928251,
  "aqi": 0.0072123498953662185,
  "bids_meta": {
    "AccelFactPE": 2,
    "AcquisitionNumber": 1,
    "AcquisitionTime": "15:33:25.030000",
    "BandwidthPerPixelPhaseEncode": 22.894,
    "BodyPartExamined": "BRAIN",
    "ConversionSoftware": "dcm2niix",
    "ConversionSoftwareVersion": "v1.0.20170724 (OpenJPEG build) GCC6.1.0",
    "DeviceSerialNumber": "167045",
    "EchoTime": 0.027,
    "EchoTrainLength": 74,
    "EffectiveEchoSpacing": 0.000519995,
    "FlipAngle": 66,
    "ImageType": [
      "ORIGINAL",
      "PRIMARY",
      "M",
      "ND",
      "NORM",
      "MOSAIC"
    ],
    "InstitutionAddress": "De_Pintelaan_185_Gent_District_BE_9000",
    "InstitutionName": "UZ_Gent",
    "MagneticFieldStrength": 3,
    "Manufacturer": "Siemens",
    "ManufacturersModelName": "Prisma_fit",
    "PhaseEncodingDirection": "j-",
    "PhaseEncodingLines": 84,
    "ProcedureStepDescription": "MR_hersenen_(structuur_alleen)_O",
    "ProtocolName": "ep2d_bold_TASK_BETTING",
    "RepetitionTime": 1.72,
    "ScanningSequence": "EP",
    "SequenceName": "_epfid2d1_84",
    "SequenceVariant": "SK",
    "SeriesDescription": "ep2d_bold_TASK_BETTING",
    "SliceTiming": [
      1.2425,
      0,
      0.85,
      0.065,
      0.915,
      0.13,
      0.98,
      0.1975,
      1.0475,
      0.2625,
      1.1125,
      0.3275,
      1.1775,
      0.4575,
      1.3075,
      0.5225,
      1.3725,
      0.59,
      1.44,
      0.655,
      1.505,
      0.72,
      1.57,
      0.785,
      1.635,
      0.3925,
      1.2425,
      0,
      0.85,
      0.065,
      0.915,
      0.13,
      0.98,
      0.1975,
      1.0475,
      0.2625,
      1.1125,
      0.3275,
      1.1775,
      0.4575,
      1.3075,
      0.5225,
      1.3725,
      0.59,
      1.44,
      0.655,
      1.505,
      0.72,
      1.57,
      0.785,
      1.635,
      0.3925
    ],
    "SoftwareVersions": "syngo_MR_E11",
    "TaskName": "cueexposure",
    "TotalReadoutTime": 0.0374396,
    "TrueEchoSpacing": 0.00103999,
    "dataset": "ds002513",
    "modality": "bold",
    "subject_id": "16",
    "task_id": "cueexposure"
  },
  "dummy_trs": 1,
  "dvars_nstd": 27.105152915254486,
  "dvars_std": 1.276564287649701,
  "dvars_vstd": 1.0006886677245508,
  "efc": 0.5227448897096455,
  "fber": 2705.928466796875,
  "fd_mean": 0.13303953664359064,
  "fd_num": 94,
  "fd_perc": 14.050822122571002,
  "fwhm_avg": 1.9343199999999998,
  "fwhm_x": 1.820192,
  "fwhm_y": 2.059456,
  "fwhm_z": 1.923312,
  "gcor": 0.0199234,
  "gsr_x": 0.001608109101653099,
  "gsr_y": 0.03284389153122902,
  "provenance": {
    "md5sum": "8cd331b8dcc712b956a722ec1dda69af",
    "settings": {
      "fd_thres": 0.2,
      "testing": false
    },
    "software": "mriqc",
    "version": "23.0.1",
    "webapi_port": null,
    "webapi_url": "https://mriqc.nimh.nih.gov/api/v1"
  },
  "size_t": 669,
  "size_x": 84,
  "size_y": 84,
  "size_z": 52,
  "snr": 5.490505159863469,
  "spacing_tr": 1.7200000286102295,
  "spacing_x": 2.5,
  "spacing_y": 2.5,
  "spacing_z": 2.5,
  "summary_bg_k": 18.5160580272268,
  "summary_bg_mad": 13.620437933635355,
  "summary_bg_mean": 58.37722396850586,
  "summary_bg_median": 18.512704849243164,
  "summary_bg_n": 238488.0,
  "summary_bg_p05": 7.2869954109191895,
  "summary_bg_p95": 260.89888000488264,
  "summary_bg_stdv": 102.66270446777344,
  "summary_fg_k": 1.2769967423582003,
  "summary_fg_mad": 170.4415219607,
  "summary_fg_mean": 985.6349487304688,
  "summary_fg_median": 972.303466796875,
  "summary_fg_n": 69263.0,
  "summary_fg_p05": 734.29296875,
  "summary_fg_p95": 1291.5763671874995,
  "summary_fg_stdv": 177.08688354492188,
  "tsnr": 62.571408148272894
}