{
  "aor": 0.0031098355754857992,
  "aqi": 0.009214059925261585,
  "bids_meta": {
    "AccelFactPE": 2,
    "AcquisitionNumber": 1,
    "AcquisitionTime": "12:32:5.725000",
    "BandwidthPerPixelPhaseEncode": 22.894,
    "BodyPartExamined": "BRAIN",
    "ConversionSoftware": "dcm2niix",
    "ConversionSoftwareVersion": "v1.0.20170724 (OpenJPEG build) GCC6.1.0",
    "DeviceSerialNumber": "167045",
    "EchoTime": 0.027,
    "EchoTrainLength": 74,
    "EffectiveEchoSpacing": 0.000519995,
    "FlipAngle": 66,
    "ImageType": [
      "ORIGINAL",
      "PRIMARY",
      "M",
      "ND",
      "NORM",
      "MOSAIC"
    ],
    "InstitutionAddress": "De_Pintelaan_185_Gent_District_BE_9000",
    "InstitutionName": "UZ_Gent",
    "MagneticFieldStrength": 3,
    "Manufacturer": "Siemens",
    "ManufacturersModelName": "Prisma_fit",
    "PhaseEncodingDirection": "j-",
    "PhaseEncodingLines": 84,
    "ProcedureStepDescription": "MR_hersenen_(structuur_alleen)_O",
    "ProtocolName": "ep2d_bold_TASK_BETTING",
    "RepetitionTime": 1.72,
    "ScanningSequence": "EP",
    "SequenceName": "_epfid2d1_84",
    "SequenceVariant": "SK",
    "SeriesDescription": "ep2d_bold_TASK_BETTING",
    "SliceTiming": [
      1.2425,
      0,
      0.85,
      0.065,
      0.915,
      0.13,
      0.98,
      0.195,
      1.045,
      0.2625,
      1.1125,
      0.3275,
      1.1775,
      0.4575,
      1.3075,
      0.5225,
      1.3725,
      0.5875,
      1.4375,
      0.6525,
      1.5025,
      0.72,
      1.57,
      0.785,
      1.635,
      0.3925,
      1.2425,
      0,
      0.85,
      0.065,
      0.915,
      0.13,
      0.98,
      0.195,
      1.045,
      0.2625,
      1.1125,
      0.3275,
      1.1775,
      0.4575,
      1.3075,
      0.5225,
      1.3725,
      0.5875,
      1.4375,
      0.6525,
      1.5025,
      0.72,
      1.57,
      0.785,
      1.635,
      0.3925
    ],
    "SoftwareVersions": "syngo_MR_E11",
    "TaskName": "cueexposure",
    "TotalReadoutTime": 0.0374396,
    "TrueEchoSpacing": 0.00103999,
    "dataset": "ds002513",
    "modality": "bold",
    "subject_id": "5",
    "task_id": "cueexposure"
  },
  "dummy_trs": 1,
  "dvars_nstd": 27.10318641323353,
  "dvars_std": 1.3195116791017945,
  "dvars_vstd": 1.011797080973054,
  "efc": 0.5504102870879841,
  "fber": 2995.967041015625,
  "fd_mean": 0.15709638138583848,
  "fd_num": 138,
  "fd_perc": 20.62780269058296,
  "fwhm_avg": 1.906221333333333,
  "fwhm_x": 1.811448,
  "fwhm_y": 2.0337959999999997,
  "fwhm_z": 1.87342,
  "gcor": 0.0278675,
  "gsr_x": -0.002223022049292922,
  "gsr_y": 0.05896080657839775,
  "provenance": {
    "md5sum": "3d3ad4b1a8d06b6ff8df8d4d41f2c40e",
    "settings": {
      "fd_thres": 0.2,
      "testing": false
    },
    "software": "mriqc",
    "version": "23.0.1",
    "webapi_port": null,
    "webapi_url": "https://mriqc.nimh.nih.gov/api/v1"
  },
  "size_t": 669,
  "size_x": 84,
  "size_y": 84,
  "size_z": 52,
  "snr": 5.776256029752817,
  "spacing_tr": 1.7200000286102295,
  "spacing_x": 2.5,
  "spacing_y": 2.5,
  "spacing_z": 2.5,
  "summary_bg_k": 21.732974545742287,
  "summary_bg_mad": 14.673108188045633,
  "summary_bg_mean": 57.00839614868164,
  "summary_bg_median": 18.52914810180664,
  "summary_bg_n": 222792.0,
  "summary_bg_p05": 6.470851898193359,
  "summary_bg_p95": 241.86099243164062,
  "summary_bg_stdv": 98.34677124023438,
  "summary_fg_k": 1.0305928770024684,
  "summary_fg_mad": 180.4597196114352,
  "summary_fg_mean": 1038.7755126953125,
  "summary_fg_median": 1030.9169921875,
  "summary_fg_n": 83350.0,
  "summary_fg_p05": 779.002392578125,
  "summary_fg_p95": 1332.5106628417968,
  "summary_fg_stdv": 178.473876953125,
  "tsnr": 57.71587837790139
}