{
  "bids_meta": {
    "AccelFactPE": 2,
    "AcquisitionNumber": 1,
    "AcquisitionTime": "17:05:30.972500",
    "BodyPartExamined": "BRAIN",
    "ConversionSoftware": "dcm2niix",
    "ConversionSoftwareVersion": "v1.0.20170724 (OpenJPEG build) GCC6.1.0",
    "DeviceSerialNumber": "167045",
    "EchoTime": 0.00418,
    "FlipAngle": 9,
    "ImageType": [
      "ORIGINAL",
      "PRIMARY",
      "M",
      "ND",
      "NORM"
    ],
    "InstitutionAddress": "De_Pintelaan_185_Gent_District_BE_9000",
    "InstitutionName": "UGent",
    "InversionTime": 0.9,
    "MagneticFieldStrength": 3,
    "Manufacturer": "Siemens",
    "ManufacturersModelName": "Prisma_fit",
    "PhaseEncodingDirection": "i-",
    "PhaseEncodingLines": 256,
    "ProcedureStepDescription": "MR_hersenen_(structuur_alleen)_O",
    "ProtocolName": "T1_mprage",
    "RepetitionTime": 2.25,
    "ScanningSequence": "GR_IR",
    "SequenceName": "_tfl3d1_16ns",
    "SequenceVariant": "SK_SP_MP",
    "SeriesDescription": "T1_mprage",
    "SoftwareVersions": "syngo_MR_E11",
    "dataset": "ds002513",
    "modality": "T1w",
    "subject_id": "36"
  },
  "cjv": 0.34667706339242554,
  "cnr": 3.76922195487406,
  "efc": 0.531139817971081,
  "fber": -1.0,
  "fwhm_avg": 3.8102133333333335,
  "fwhm_x": 3.85092,
  "fwhm_y": 3.99047,
  "fwhm_z": 3.58925,
  "icvs_csf": 0.19031009609405722,
  "icvs_gm": 0.4580091288034528,
  "icvs_wm": 0.35168077510249,
  "inu_med": 0.549871414899826,
  "inu_range": 0.2826224088668823,
  "provenance": {
    "md5sum": "df4855c3f29ed8558fb4e22143c3bc55",
    "settings": {
      "testing": false
    },
    "software": "mriqc",
    "version": "23.0.1",
    "warnings": {
      "large_rot_frame": true,
      "small_air_mask": false
    },
    "webapi_port": null,
    "webapi_url": "https://mriqc.nimh.nih.gov/api/v1"
  },
  "qi_1": 8.227225852221937e-06,
  "qi_2": 0.011782785807822542,
  "rpve_csf": 23.774024323381347,
  "rpve_gm": 10.894000450625363,
  "rpve_wm": 15.96013774930463,
  "size_x": 176,
  "size_y": 256,
  "size_z": 256,
  "snr_csf": 2.1583588523310273,
  "snr_gm": 11.260256728045718,
  "snr_total": 12.40043602420265,
  "snr_wm": 23.782692492231206,
  "snrd_csf": 29.607096503860866,
  "snrd_gm": 83.86110465431783,
  "snrd_total": 77.03973001325271,
  "snrd_wm": 117.65098888157941,
  "spacing_x": 1.0,
  "spacing_y": 1.0,
  "spacing_z": 1.0,
  "summary_bg_k": 23.341330428146698,
  "summary_bg_mad": 0.0,
  "summary_bg_mean": 2.6382206485141158,
  "summary_bg_median": 0.0,
  "summary_bg_n": 2928784.0,
  "summary_bg_p05": 0.0,
  "summary_bg_p95": 13.173751752823591,
  "summary_bg_stdv": 5.568473179126818,
  "summary_csf_k": 2.289774585398364,
  "summary_csf_mad": 91.95793252478435,
  "summary_csf_mean": 262.53476817546147,
  "summary_csf_median": 251.65190454013646,
  "summary_csf_n": 35004.0,
  "summary_csf_p05": 78.04512868076563,
  "summary_csf_p95": 475.33556009083986,
  "summary_csf_stdv": 116.59243300820374,
  "summary_gm_k": 0.21983891583947335,
  "summary_gm_mad": 60.6891547986014,
  "summary_gm_mean": 712.7792679254808,
  "summary_gm_median": 712.7955522537231,
  "summary_gm_n": 45594.0,
  "summary_gm_p05": 607.862671572715,
  "summary_gm_p95": 818.407899310626,
  "summary_gm_stdv": 63.30119753542631,
  "summary_wm_k": 0.7632836048407965,
  "summary_wm_mad": 38.87802708418019,
  "summary_wm_mean": 999.983147834874,
  "summary_wm_median": 999.9999634958804,
  "summary_wm_n": 210948.0,
  "summary_wm_p05": 931.0975016467273,
  "summary_wm_p95": 1068.1128313913941,
  "summary_wm_stdv": 42.0472826433521,
  "tpm_overlap_csf": 0.16550017253027496,
  "tpm_overlap_gm": 0.46887348989018185,
  "tpm_overlap_wm": 0.5051074674197767,
  "wm2max": 0.5647465039103433
}