{
  "bids_meta": {
    "AccelFactPE": 2,
    "AcquisitionNumber": 1,
    "AcquisitionTime": "16:48:3.220000",
    "BodyPartExamined": "BRAIN",
    "ConversionSoftware": "dcm2niix",
    "ConversionSoftwareVersion": "v1.0.20170724 (OpenJPEG build) GCC6.1.0",
    "DeviceSerialNumber": "167045",
    "EchoTime": 0.00418,
    "FlipAngle": 9,
    "ImageType": [
      "ORIGINAL",
      "PRIMARY",
      "M",
      "ND",
      "NORM"
    ],
    "InstitutionAddress": "De_Pintelaan_185_Gent_District_BE_9000",
    "InstitutionName": "UGent",
    "InversionTime": 0.9,
    "MagneticFieldStrength": 3,
    "Manufacturer": "Siemens",
    "ManufacturersModelName": "Prisma_fit",
    "PhaseEncodingDirection": "i-",
    "PhaseEncodingLines": 256,
    "ProcedureStepDescription": "MR_hersenen_(structuur_alleen)_O",
    "ProtocolName": "T1_mprage",
    "RepetitionTime": 2.25,
    "ScanningSequence": "GR_IR",
    "SequenceName": "_tfl3d1_16ns",
    "SequenceVariant": "SK_SP_MP",
    "SeriesDescription": "T1_mprage",
    "SoftwareVersions": "syngo_MR_E11",
    "dataset": "ds002513",
    "modality": "T1w",
    "subject_id": "66"
  },
  "cjv": 0.35140418450206634,
  "cnr": 3.809527879622548,
  "efc": 0.4777829049567383,
  "fber": -1.0,
  "fwhm_avg": 3.9931700801191776,
  "fwhm_x": 4.0325302403575325,
  "fwhm_y": 4.20881,
  "fwhm_z": 3.73817,
  "icvs_csf": 0.2168785893143005,
  "icvs_gm": 0.43048889558074876,
  "icvs_wm": 0.3526325151049507,
  "inu_med": 0.5015193521976471,
  "inu_range": 0.1897353157401085,
  "provenance": {
    "md5sum": "5ca4e1bac9eddb94086946588b3f65bb",
    "settings": {
      "testing": false
    },
    "software": "mriqc",
    "version": "23.0.1",
    "warnings": {
      "large_rot_frame": true,
      "small_air_mask": false
    },
    "webapi_port": null,
    "webapi_url": "https://mriqc.nimh.nih.gov/api/v1"
  },
  "qi_1": 0.00010323575413053784,
  "qi_2": 0.0073343515363629135,
  "rpve_csf": 27.340741676940578,
  "rpve_gm": 14.171495794306521,
  "rpve_wm": 19.822601058127873,
  "size_x": 176,
  "size_y": 256,
  "size_z": 256,
  "snr_csf": 1.9021027558947208,
  "snr_gm": 10.985818164252645,
  "snr_total": 12.294128434602248,
  "snr_wm": 23.994464383659373,
  "snrd_csf": 15.800133406846244,
  "snrd_gm": 44.50319933484308,
  "snrd_total": 41.12365897394121,
  "snrd_wm": 63.06764418013429,
  "spacing_x": 0.9999999403953552,
  "spacing_y": 1.0,
  "spacing_z": 1.0,
  "summary_bg_k": 124.63042740224267,
  "summary_bg_mad": 0.0,
  "summary_bg_mean": 4.334218053331927,
  "summary_bg_median": 0.0,
  "summary_bg_n": 4264210.0,
  "summary_bg_p05": 0.0,
  "summary_bg_p95": 19.131075218319893,
  "summary_bg_stdv": 10.387837203663802,
  "summary_csf_k": -0.05061604930863295,
  "summary_csf_mad": 137.7031502729289,
  "summary_csf_mean": 259.8205167855504,
  "summary_csf_median": 250.52678133361042,
  "summary_csf_n": 38606.0,
  "summary_csf_p05": 63.01214285194874,
  "summary_csf_p95": 494.44799036718905,
  "summary_csf_stdv": 131.70872912885636,
  "summary_gm_k": 0.040041410428413915,
  "summary_gm_mad": 64.11601487320743,
  "summary_gm_mean": 704.9282421536229,
  "summary_gm_median": 705.642351321876,
  "summary_gm_n": 38935.0,
  "summary_gm_p05": 597.3343777563423,
  "summary_gm_p95": 809.3247519806027,
  "summary_gm_stdv": 64.23129155368483,
  "summary_wm_k": 0.5794039997701752,
  "summary_wm_mad": 39.322505641495354,
  "summary_wm_mean": 999.661203136995,
  "summary_wm_median": 1000.0000313855708,
  "summary_wm_n": 181251.0,
  "summary_wm_p05": 931.1014038510621,
  "summary_wm_p95": 1067.0256865210831,
  "summary_wm_stdv": 41.67616566832907,
  "tpm_overlap_csf": 0.1346355229584359,
  "tpm_overlap_gm": 0.47460449514135683,
  "tpm_overlap_wm": 0.5092341138987131,
  "wm2max": 0.5595972524352792
}