{
  "bids_meta": {
    "AccelFactPE": 2,
    "AcquisitionNumber": 1,
    "AcquisitionTime": "11:05:7.190000",
    "BodyPartExamined": "BRAIN",
    "ConversionSoftware": "dcm2niix",
    "ConversionSoftwareVersion": "v1.0.20170724 (OpenJPEG build) GCC6.1.0",
    "DeviceSerialNumber": "167045",
    "EchoTime": 0.00418,
    "FlipAngle": 9,
    "ImageType": [
      "ORIGINAL",
      "PRIMARY",
      "M",
      "ND",
      "NORM"
    ],
    "InstitutionAddress": "De_Pintelaan_185_Gent_District_BE_9000",
    "InstitutionName": "UGent",
    "InversionTime": 0.9,
    "MagneticFieldStrength": 3,
    "Manufacturer": "Siemens",
    "ManufacturersModelName": "Prisma_fit",
    "PhaseEncodingDirection": "i-",
    "PhaseEncodingLines": 256,
    "ProcedureStepDescription": "MR_hersenen_(structuur_alleen)_O",
    "ProtocolName": "T1_mprage",
    "RepetitionTime": 2.25,
    "ScanningSequence": "GR_IR",
    "SequenceName": "_tfl3d1_16ns",
    "SequenceVariant": "SK_SP_MP",
    "SeriesDescription": "T1_mprage",
    "SoftwareVersions": "syngo_MR_E11",
    "dataset": "ds002513",
    "modality": "T1w",
    "subject_id": "59"
  },
  "cjv": 0.318418813470881,
  "cnr": 4.162185179239771,
  "efc": 0.5102677615091742,
  "fber": 29888.147808295616,
  "fwhm_avg": 3.8692333333333333,
  "fwhm_x": 3.91217,
  "fwhm_y": 4.01351,
  "fwhm_z": 3.68202,
  "icvs_csf": 0.20835561888357365,
  "icvs_gm": 0.45692280899112425,
  "icvs_wm": 0.3347215721253021,
  "inu_med": 0.5384417474269867,
  "inu_range": 0.27318699359893794,
  "provenance": {
    "md5sum": "77012e1e8025182aa715ad528f276355",
    "settings": {
      "testing": false
    },
    "software": "mriqc",
    "version": "23.0.1",
    "warnings": {
      "large_rot_frame": true,
      "small_air_mask": false
    },
    "webapi_port": null,
    "webapi_url": "https://mriqc.nimh.nih.gov/api/v1"
  },
  "qi_1": 0.00046524535091995963,
  "qi_2": 0.014001524451789368,
  "rpve_csf": 25.444959425787168,
  "rpve_gm": 12.306715870031324,
  "rpve_wm": 18.761050295979107,
  "size_x": 176,
  "size_y": 256,
  "size_z": 256,
  "snr_csf": 1.9766139381399712,
  "snr_gm": 11.074226664845398,
  "snr_total": 12.240056690878413,
  "snr_wm": 23.669329469649874,
  "snrd_csf": 21.630846538811614,
  "snrd_gm": 64.88055798061201,
  "snrd_total": 60.34262435378846,
  "snrd_wm": 94.51646854194173,
  "spacing_x": 1.0,
  "spacing_y": 1.0,
  "spacing_z": 1.0,
  "summary_bg_k": 24.698010633134064,
  "summary_bg_mad": 0.0,
  "summary_bg_mean": 3.522180590264569,
  "summary_bg_median": 0.0,
  "summary_bg_n": 3177082.0,
  "summary_bg_p05": 0.0,
  "summary_bg_p95": 16.81784851849079,
  "summary_bg_stdv": 6.931452216969119,
  "summary_csf_k": 1.1120332314035108,
  "summary_csf_mad": 106.66984004072077,
  "summary_csf_mean": 229.8231376954979,
  "summary_csf_median": 228.8579587340355,
  "summary_csf_n": 39313.0,
  "summary_csf_p05": 47.23082885444165,
  "summary_csf_p95": 426.67191568017006,
  "summary_csf_stdv": 115.78135901179064,
  "summary_gm_k": 0.3117999921247745,
  "summary_gm_mad": 59.03595101705513,
  "summary_gm_mean": 686.4301025149192,
  "summary_gm_median": 686.4471084997058,
  "summary_gm_n": 42844.0,
  "summary_gm_p05": 583.7835804454983,
  "summary_gm_p95": 788.3415791593491,
  "summary_gm_stdv": 61.985285132886105,
  "summary_wm_k": 0.5772661402324872,
  "summary_wm_mad": 40.80518156608621,
  "summary_wm_mean": 998.3065289772121,
  "summary_wm_median": 999.9999777376652,
  "summary_wm_n": 172063.0,
  "summary_wm_p05": 926.5592221468687,
  "summary_wm_p95": 1062.8204169273376,
  "summary_wm_stdv": 42.24864388758414,
  "tpm_overlap_csf": 0.15114682132586174,
  "tpm_overlap_gm": 0.4767759851437593,
  "tpm_overlap_wm": 0.49915585077948516,
  "wm2max": 0.7689902691796067
}