{
  "aor": 0.04451142857142858,
  "aqi": 0.003555255714285714,
  "bids_meta": {
    "AccelFactPE": 2,
    "AcquisitionNumber": 1,
    "AcquisitionTime": "11:04:55.507500",
    "BandwidthPerPixelPhaseEncode": 22.894,
    "BodyPartExamined": "BRAIN",
    "ConversionSoftware": "dcm2niix",
    "ConversionSoftwareVersion": "v1.0.20170724 (OpenJPEG build) GCC6.1.0",
    "DeviceSerialNumber": "167045",
    "EchoTime": 0.027,
    "EchoTrainLength": 74,
    "EffectiveEchoSpacing": 0.000519995,
    "FlipAngle": 66,
    "ImageType": [
      "ORIGINAL",
      "PRIMARY",
      "M",
      "ND",
      "NORM",
      "MOSAIC"
    ],
    "InstitutionAddress": "De_Pintelaan_185_Gent_District_BE_9000",
    "InstitutionName": "UGent",
    "MagneticFieldStrength": 3,
    "Manufacturer": "Siemens",
    "ManufacturersModelName": "Prisma_fit",
    "PhaseEncodingDirection": "j-",
    "PhaseEncodingLines": 84,
    "ProcedureStepDescription": "MR_hersenen_(structuur_alleen)_O",
    "ProtocolName": "ep2d_bold_TASK_BETTING",
    "RepetitionTime": 1.72,
    "ScanningSequence": "EP",
    "SequenceName": "_epfid2d1_84",
    "SequenceVariant": "SK",
    "SeriesDescription": "ep2d_bold_TASK_BETTING",
    "SliceTiming": [
      1.2425,
      0,
      0.85,
      0.065,
      0.915,
      0.13,
      0.98,
      0.195,
      1.045,
      0.2625,
      1.1125,
      0.3275,
      1.1775,
      0.4575,
      1.3075,
      0.5225,
      1.3725,
      0.5875,
      1.4375,
      0.655,
      1.5025,
      0.72,
      1.57,
      0.785,
      1.635,
      0.3925,
      1.2425,
      0,
      0.85,
      0.065,
      0.915,
      0.13,
      0.98,
      0.195,
      1.045,
      0.2625,
      1.1125,
      0.3275,
      1.1775,
      0.4575,
      1.3075,
      0.5225,
      1.3725,
      0.5875,
      1.4375,
      0.655,
      1.5025,
      0.72,
      1.57,
      0.785,
      1.635,
      0.3925
    ],
    "SoftwareVersions": "syngo_MR_E11",
    "TaskName": "cueexposure",
    "TotalReadoutTime": 0.0374396,
    "TrueEchoSpacing": 0.00103999,
    "dataset": "ds002513",
    "modality": "bold",
    "subject_id": "19",
    "task_id": "cueexposure"
  },
  "dummy_trs": 1,
  "dvars_nstd": 24.805408476666667,
  "dvars_std": 1.4058686900000001,
  "dvars_vstd": 1.5300634000000002,
  "efc": 0.552355691954133,
  "fber": 2635.37255859375,
  "fd_mean": 0.10584549009701151,
  "fd_num": 0,
  "fd_perc": 0.0,
  "fwhm_avg": 1.893864,
  "fwhm_x": 1.824188,
  "fwhm_y": 1.990872,
  "fwhm_z": 1.866532,
  "gcor": 0.0288257,
  "gsr_x": 0.01569543592631817,
  "gsr_y": 0.03248484060168266,
  "provenance": {
    "md5sum": "192a620c7c0bd44f60238b5bac821cf3",
    "settings": {
      "fd_thres": 0.2,
      "testing": false
    },
    "software": "mriqc",
    "version": "23.0.1",
    "webapi_port": null,
    "webapi_url": "https://mriqc.nimh.nih.gov/api/v1"
  },
  "size_t": 7,
  "size_x": 84,
  "size_y": 84,
  "size_z": 52,
  "snr": 5.620188717176729,
  "spacing_tr": 1.7200000286102295,
  "spacing_x": 2.5,
  "spacing_y": 2.5,
  "spacing_z": 2.5,
  "summary_bg_k": 20.29000230746528,
  "summary_bg_mad": 16.09682489458634,
  "summary_bg_mean": 61.05300521850586,
  "summary_bg_median": 18.85714340209961,
  "summary_bg_n": 224164.0,
  "summary_bg_p05": 5.428571701049805,
  "summary_bg_p95": 268.71429443359375,
  "summary_bg_stdv": 113.06974029541016,
  "summary_fg_k": 1.7638303254667278,
  "summary_fg_mad": 167.32230208326538,
  "summary_fg_mean": 981.9623413085938,
  "summary_fg_median": 969.71435546875,
  "summary_fg_n": 81942.0,
  "summary_fg_p05": 736.7214385986329,
  "summary_fg_p95": 1263.1429443359375,
  "summary_fg_stdv": 172.54019165039062,
  "tsnr": 96.21698001027107
}