{
  "bids_meta": {
    "AccelFactPE": 2,
    "AcquisitionNumber": 1,
    "AcquisitionTime": "17:37:2.207500",
    "BodyPartExamined": "BRAIN",
    "ConversionSoftware": "dcm2niix",
    "ConversionSoftwareVersion": "v1.0.20170724 (OpenJPEG build) GCC6.1.0",
    "DeviceSerialNumber": "167045",
    "EchoTime": 0.00418,
    "FlipAngle": 9,
    "ImageType": [
      "ORIGINAL",
      "PRIMARY",
      "M",
      "ND",
      "NORM"
    ],
    "InstitutionAddress": "De_Pintelaan_185_Gent_District_BE_9000",
    "InstitutionName": "UGent",
    "InversionTime": 0.9,
    "MagneticFieldStrength": 3,
    "Manufacturer": "Siemens",
    "ManufacturersModelName": "Prisma_fit",
    "PhaseEncodingDirection": "i-",
    "PhaseEncodingLines": 256,
    "ProcedureStepDescription": "MR_hersenen_(structuur_alleen)_O",
    "ProtocolName": "T1_mprage",
    "RepetitionTime": 2.25,
    "ScanningSequence": "GR_IR",
    "SequenceName": "_tfl3d1_16ns",
    "SequenceVariant": "SK_SP_MP",
    "SeriesDescription": "T1_mprage",
    "SoftwareVersions": "syngo_MR_E11",
    "dataset": "ds002513",
    "modality": "T1w",
    "subject_id": "67"
  },
  "cjv": 0.34767963208621716,
  "cnr": 3.7046449927282823,
  "efc": 0.5113021409567956,
  "fber": -1.0,
  "fwhm_avg": 3.9509933333333334,
  "fwhm_x": 4.05799,
  "fwhm_y": 4.08577,
  "fwhm_z": 3.70922,
  "icvs_csf": 0.22680738224673938,
  "icvs_gm": 0.428237859827387,
  "icvs_wm": 0.3449547579258736,
  "inu_med": 0.5155653953552246,
  "inu_range": 0.23383287787437435,
  "provenance": {
    "md5sum": "cafbd63abcf76c467e8cc319cd06a4c9",
    "settings": {
      "testing": false
    },
    "software": "mriqc",
    "version": "23.0.1",
    "warnings": {
      "large_rot_frame": true,
      "small_air_mask": false
    },
    "webapi_port": null,
    "webapi_url": "https://mriqc.nimh.nih.gov/api/v1"
  },
  "qi_1": 7.70035006785002e-06,
  "qi_2": 0.014181604128137354,
  "rpve_csf": 20.66784203357744,
  "rpve_gm": 11.275842184767527,
  "rpve_wm": 16.32239772090816,
  "size_x": 176,
  "size_y": 256,
  "size_z": 256,
  "snr_csf": 2.1788261200699286,
  "snr_gm": 10.903617988765792,
  "snr_total": 12.391001120176204,
  "snr_wm": 24.090559251692895,
  "snrd_csf": 32.40208621456773,
  "snrd_gm": 86.6881022387365,
  "snrd_total": 80.25189085848505,
  "snrd_wm": 121.66548412215091,
  "spacing_x": 1.0,
  "spacing_y": 1.0,
  "spacing_z": 1.0,
  "summary_bg_k": 19.135157823799542,
  "summary_bg_mad": 0.0,
  "summary_bg_mean": 3.0339392721849827,
  "summary_bg_median": 0.0,
  "summary_bg_n": 3777512.0,
  "summary_bg_p05": 0.0,
  "summary_bg_p95": 13.300443638116121,
  "summary_bg_stdv": 5.38482494288297,
  "summary_csf_k": 0.4323097075049249,
  "summary_csf_mad": 112.01433386151992,
  "summary_csf_mean": 268.35715027833413,
  "summary_csf_median": 266.3255499918014,
  "summary_csf_n": 42740.0,
  "summary_csf_p05": 61.867063584364956,
  "summary_csf_p95": 476.0508787421508,
  "summary_csf_stdv": 122.23207344214755,
  "summary_gm_k": 0.35968094157697905,
  "summary_gm_mad": 60.98640546442338,
  "summary_gm_mean": 710.8717481659385,
  "summary_gm_median": 712.5237663276494,
  "summary_gm_n": 31040.0,
  "summary_gm_p05": 598.6849692190066,
  "summary_gm_p95": 816.8955809971318,
  "summary_gm_stdv": 65.34640973851057,
  "summary_wm_k": 0.5734563496315799,
  "summary_wm_mad": 38.96902812698365,
  "summary_wm_mean": 1000.2458205432539,
  "summary_wm_median": 1000.0166890267283,
  "summary_wm_n": 221026.0,
  "summary_wm_p05": 932.697776928544,
  "summary_wm_p95": 1068.893986438401,
  "summary_wm_stdv": 41.51063561294629,
  "tpm_overlap_csf": 0.16001811088217432,
  "tpm_overlap_gm": 0.45199273973127246,
  "tpm_overlap_wm": 0.503993877657418,
  "wm2max": 0.6411268462289673
}