{
  "bids_meta": {
    "AcquisitionNumber": 1,
    "AcquisitionTime": "14:28:9.400000",
    "BodyPartExamined": "BRAIN",
    "ConversionSoftware": "dcm2niix",
    "ConversionSoftwareVersion": "v1.0.20170724 (OpenJPEG build) GCC6.1.0",
    "DeviceSerialNumber": "167045",
    "EchoTime": 0.005,
    "FlipAngle": 40,
    "ImageType": [
      "ORIGINAL",
      "PRIMARY",
      "M",
      "ND",
      "NORM"
    ],
    "InstitutionAddress": "De_Pintelaan_185_Gent_District_BE_9000",
    "InstitutionName": "UGent",
    "MagneticFieldStrength": 3,
    "Manufacturer": "Siemens",
    "ManufacturersModelName": "Prisma_fit",
    "PhaseEncodingDirection": "j-",
    "PhaseEncodingLines": 128,
    "ProcedureStepDescription": "MR_hersenen_(structuur_alleen)_O",
    "ProtocolName": "localizer",
    "RepetitionTime": 0.02,
    "ScanningSequence": "GR",
    "SequenceName": "_fl2d1",
    "SequenceVariant": "SP",
    "SeriesDescription": "localizer",
    "SoftwareVersions": "syngo_MR_E11",
    "dataset": "ds002513",
    "modality": "T1w",
    "subject_id": "23"
  },
  "cjv": 0.37266131712889455,
  "cnr": 3.5717473297555324,
  "efc": 0.5164602497586083,
  "fber": -1.0,
  "fwhm_avg": 3.9348766666666672,
  "fwhm_x": 4.01165,
  "fwhm_y": 4.13067,
  "fwhm_z": 3.66231,
  "icvs_csf": 0.2029879406328597,
  "icvs_gm": 0.4228261375237128,
  "icvs_wm": 0.3741859218434275,
  "inu_med": 0.48895110189914703,
  "inu_range": 0.22110899388790134,
  "provenance": {
    "md5sum": "1efeefac2c4933954b167b2319163396",
    "settings": {
      "testing": false
    },
    "software": "mriqc",
    "version": "23.0.1",
    "warnings": {
      "large_rot_frame": true,
      "small_air_mask": false
    },
    "webapi_port": null,
    "webapi_url": "https://mriqc.nimh.nih.gov/api/v1"
  },
  "qi_1": 0.000360807523639852,
  "qi_2": 0.010333313149447795,
  "rpve_csf": 23.98597457236484,
  "rpve_gm": 12.092526247486942,
  "rpve_wm": 16.07501231608333,
  "size_x": 176,
  "size_y": 256,
  "size_z": 256,
  "snr_csf": 2.0171598780234166,
  "snr_gm": 10.585840306782883,
  "snr_total": 12.370478024161388,
  "snr_wm": 24.508433887677867,
  "snrd_csf": 26.786973339380562,
  "snrd_gm": 75.00977877075502,
  "snrd_total": 68.81591466693514,
  "snrd_wm": 104.65099189066987,
  "spacing_x": 1.0,
  "spacing_y": 1.0,
  "spacing_z": 1.0,
  "summary_bg_k": 21.318567029927937,
  "summary_bg_mad": 0.0,
  "summary_bg_mean": 2.937457553331821,
  "summary_bg_median": 0.0,
  "summary_bg_n": 3493173.0,
  "summary_bg_p05": 0.0,
  "summary_bg_p95": 16.005804296582937,
  "summary_bg_stdv": 6.260202303964965,
  "summary_csf_k": 0.42833450368748593,
  "summary_csf_mad": 120.54962407212822,
  "summary_csf_mean": 261.52558270565544,
  "summary_csf_median": 255.96482231095433,
  "summary_csf_n": 33251.0,
  "summary_csf_p05": 60.30987058952451,
  "summary_csf_p95": 485.3173273447901,
  "summary_csf_stdv": 126.89176306318052,
  "summary_gm_k": 0.0320436166960425,
  "summary_gm_mad": 67.07748111100048,
  "summary_gm_mean": 716.6949156056601,
  "summary_gm_median": 716.7612574733794,
  "summary_gm_n": 36890.0,
  "summary_gm_p05": 605.3181774243712,
  "summary_gm_p95": 829.911623314023,
  "summary_gm_stdv": 67.70851645129889,
  "summary_wm_k": 0.44294511533112635,
  "summary_wm_mad": 38.47463067498895,
  "summary_wm_mean": 999.8871682756483,
  "summary_wm_median": 999.999970305711,
  "summary_wm_n": 234166.0,
  "summary_wm_p05": 932.8609565496445,
  "summary_wm_p95": 1066.7975269034505,
  "summary_wm_stdv": 40.802192406462545,
  "tpm_overlap_csf": 0.15291581628033843,
  "tpm_overlap_gm": 0.46734516393898734,
  "tpm_overlap_wm": 0.520283579300841,
  "wm2max": 0.526594997167667
}