{
  "bids_meta": {
    "AccelFactPE": 2,
    "AcquisitionNumber": 1,
    "AcquisitionTime": "09:46:3.117500",
    "BodyPartExamined": "BRAIN",
    "ConversionSoftware": "dcm2niix",
    "ConversionSoftwareVersion": "v1.0.20170724 (OpenJPEG build) GCC6.1.0",
    "DeviceSerialNumber": "167045",
    "EchoTime": 0.00418,
    "FlipAngle": 9,
    "ImageType": [
      "ORIGINAL",
      "PRIMARY",
      "M",
      "ND",
      "NORM"
    ],
    "InstitutionAddress": "De_Pintelaan_185_Gent_District_BE_9000",
    "InstitutionName": "UGent",
    "InversionTime": 0.9,
    "MagneticFieldStrength": 3,
    "Manufacturer": "Siemens",
    "ManufacturersModelName": "Prisma_fit",
    "PhaseEncodingDirection": "i-",
    "PhaseEncodingLines": 256,
    "ProcedureStepDescription": "MR_hersenen_(structuur_alleen)_O",
    "ProtocolName": "T1_mprage",
    "RepetitionTime": 2.25,
    "ScanningSequence": "GR_IR",
    "SequenceName": "_tfl3d1_16ns",
    "SequenceVariant": "SK_SP_MP",
    "SeriesDescription": "T1_mprage",
    "SoftwareVersions": "syngo_MR_E11",
    "dataset": "ds002513",
    "modality": "T1w",
    "subject_id": "58"
  },
  "cjv": 0.348291220665166,
  "cnr": 3.7227478392657822,
  "efc": 0.5149530595818181,
  "fber": -1.0,
  "fwhm_avg": 3.92625,
  "fwhm_x": 4.06031,
  "fwhm_y": 4.09575,
  "fwhm_z": 3.62269,
  "icvs_csf": 0.24474924183405616,
  "icvs_gm": 0.4162654576198209,
  "icvs_wm": 0.3389853005461229,
  "inu_med": 0.544361412525177,
  "inu_range": 0.2487175166606902,
  "provenance": {
    "md5sum": "99907fd80f4a1c7567a3f94360da35ae",
    "settings": {
      "testing": false
    },
    "software": "mriqc",
    "version": "23.0.1",
    "warnings": {
      "large_rot_frame": true,
      "small_air_mask": false
    },
    "webapi_port": null,
    "webapi_url": "https://mriqc.nimh.nih.gov/api/v1"
  },
  "qi_1": 9.874996726520422e-05,
  "qi_2": 0.012452934326597538,
  "rpve_csf": 21.234329899391753,
  "rpve_gm": 12.381100981118609,
  "rpve_wm": 17.393056519210944,
  "size_x": 176,
  "size_y": 256,
  "size_z": 256,
  "snr_csf": 2.3761681083437733,
  "snr_gm": 11.25325253070229,
  "snr_total": 12.68925960517844,
  "snr_wm": 24.438358176489253,
  "snrd_csf": 28.25132678141571,
  "snrd_gm": 83.42164836211158,
  "snrd_total": 75.9932228079396,
  "snrd_wm": 116.30669328029153,
  "spacing_x": 1.0,
  "spacing_y": 1.0,
  "spacing_z": 1.0,
  "summary_bg_k": 134.5031348883053,
  "summary_bg_mad": 0.0,
  "summary_bg_mean": 2.575194430005482,
  "summary_bg_median": 0.0,
  "summary_bg_n": 3424558.0,
  "summary_bg_p05": 0.0,
  "summary_bg_p95": 12.784405410289764,
  "summary_bg_stdv": 5.632834826745187,
  "summary_csf_k": 1.310970923309843,
  "summary_csf_mad": 85.15309628658585,
  "summary_csf_mean": 247.11520331350278,
  "summary_csf_median": 242.90370279550552,
  "summary_csf_n": 68299.0,
  "summary_csf_p05": 85.69348973035812,
  "summary_csf_p95": 431.2933085605501,
  "summary_csf_stdv": 102.2242170907176,
  "summary_gm_k": 0.3464278107968779,
  "summary_gm_mad": 60.19362123178493,
  "summary_gm_mean": 716.4092950656263,
  "summary_gm_median": 717.2557748258114,
  "summary_gm_n": 31187.0,
  "summary_gm_p05": 609.6420929476619,
  "summary_gm_p95": 821.9581564620137,
  "summary_gm_stdv": 63.73661956859443,
  "summary_wm_k": 0.5854373414887251,
  "summary_wm_mad": 38.283706099093145,
  "summary_wm_mean": 999.703549418082,
  "summary_wm_median": 999.999988541007,
  "summary_wm_n": 196083.0,
  "summary_wm_p05": 931.900878533721,
  "summary_wm_p95": 1066.1687799096107,
  "summary_wm_stdv": 40.919174331409835,
  "tpm_overlap_csf": 0.16848375040429023,
  "tpm_overlap_gm": 0.46471575541855636,
  "tpm_overlap_wm": 0.5004975584296677,
  "wm2max": 0.6105057764383138
}