{
  "aor": 0.0008991031390134528,
  "aqi": 0.008469792436472346,
  "bids_meta": {
    "AccelFactPE": 2,
    "AcquisitionNumber": 1,
    "AcquisitionTime": "14:31:55.080000",
    "BandwidthPerPixelPhaseEncode": 22.894,
    "BodyPartExamined": "BRAIN",
    "ConversionSoftware": "dcm2niix",
    "ConversionSoftwareVersion": "v1.0.20170724 (OpenJPEG build) GCC6.1.0",
    "DeviceSerialNumber": "167045",
    "EchoTime": 0.027,
    "EchoTrainLength": 74,
    "EffectiveEchoSpacing": 0.000519995,
    "FlipAngle": 66,
    "ImageType": [
      "ORIGINAL",
      "PRIMARY",
      "M",
      "ND",
      "NORM",
      "MOSAIC"
    ],
    "InstitutionAddress": "De_Pintelaan_185_Gent_District_BE_9000",
    "InstitutionName": "UZ_Gent",
    "MagneticFieldStrength": 3,
    "Manufacturer": "Siemens",
    "ManufacturersModelName": "Prisma_fit",
    "PhaseEncodingDirection": "j-",
    "PhaseEncodingLines": 84,
    "ProcedureStepDescription": "MR_hersenen_(structuur_alleen)_O",
    "ProtocolName": "ep2d_bold_TASK_BETTING",
    "RepetitionTime": 1.72,
    "ScanningSequence": "EP",
    "SequenceName": "_epfid2d1_84",
    "SequenceVariant": "SK",
    "SeriesDescription": "ep2d_bold_TASK_BETTING",
    "SliceTiming": [
      1.2425,
      0,
      0.85,
      0.065,
      0.915,
      0.13,
      0.98,
      0.195,
      1.045,
      0.26,
      1.11,
      0.3275,
      1.1775,
      0.4575,
      1.3075,
      0.5225,
      1.3725,
      0.5875,
      1.4375,
      0.6525,
      1.5025,
      0.72,
      1.57,
      0.785,
      1.635,
      0.3925,
      1.2425,
      0,
      0.85,
      0.065,
      0.915,
      0.13,
      0.98,
      0.195,
      1.045,
      0.26,
      1.11,
      0.3275,
      1.1775,
      0.4575,
      1.3075,
      0.5225,
      1.3725,
      0.5875,
      1.4375,
      0.6525,
      1.5025,
      0.72,
      1.57,
      0.785,
      1.635,
      0.3925
    ],
    "SoftwareVersions": "syngo_MR_E11",
    "TaskName": "cueexposure",
    "TotalReadoutTime": 0.0374396,
    "TrueEchoSpacing": 0.00103999,
    "dataset": "ds002513",
    "modality": "bold",
    "subject_id": "7",
    "task_id": "cueexposure"
  },
  "dummy_trs": 1,
  "dvars_nstd": 23.406973575943102,
  "dvars_std": 1.201353497529938,
  "dvars_vstd": 0.9710810687874242,
  "efc": 0.5721800482620268,
  "fber": 1616.83935546875,
  "fd_mean": 0.08649969098817867,
  "fd_num": 24,
  "fd_perc": 3.587443946188341,
  "fwhm_avg": 1.9522933333333334,
  "fwhm_x": 1.81478,
  "fwhm_y": 2.125232,
  "fwhm_z": 1.9168679999999998,
  "gcor": 0.0237273,
  "gsr_x": 0.005062274634838104,
  "gsr_y": 0.05462115257978439,
  "provenance": {
    "md5sum": "70214e9b2392db34dc60567e4487a159",
    "settings": {
      "fd_thres": 0.2,
      "testing": false
    },
    "software": "mriqc",
    "version": "23.0.1",
    "webapi_port": null,
    "webapi_url": "https://mriqc.nimh.nih.gov/api/v1"
  },
  "size_t": 669,
  "size_x": 84,
  "size_y": 84,
  "size_z": 52,
  "snr": 6.213696272285789,
  "spacing_tr": 1.7200000286102295,
  "spacing_x": 2.5,
  "spacing_y": 2.5,
  "spacing_z": 2.5,
  "summary_bg_k": 9.871193014046135,
  "summary_bg_mad": 23.743797272797142,
  "summary_bg_mean": 83.42940521240234,
  "summary_bg_median": 25.895366668701172,
  "summary_bg_n": 224000.0,
  "summary_bg_p05": 7.844543933868408,
  "summary_bg_p95": 399.077577209472,
  "summary_bg_stdv": 135.77479553222656,
  "summary_fg_k": 1.4778677945687173,
  "summary_fg_mad": 162.36267913454378,
  "summary_fg_mean": 1082.2327880859375,
  "summary_fg_median": 1068.20703125,
  "summary_fg_n": 82168.0,
  "summary_fg_p05": 839.542123413086,
  "summary_fg_p95": 1377.5182922363279,
  "summary_fg_stdv": 171.91064453125,
  "tsnr": 62.1648123068735
}