{
  "bids_meta": {
    "AccelFactPE": 2,
    "AcquisitionNumber": 1,
    "AcquisitionTime": "11:26:49.322500",
    "BodyPartExamined": "BRAIN",
    "ConversionSoftware": "dcm2niix",
    "ConversionSoftwareVersion": "v1.0.20170724 (OpenJPEG build) GCC6.1.0",
    "DeviceSerialNumber": "167045",
    "EchoTime": 0.00418,
    "FlipAngle": 9,
    "ImageType": [
      "ORIGINAL",
      "PRIMARY",
      "M",
      "ND",
      "NORM"
    ],
    "InstitutionAddress": "De_Pintelaan_185_Gent_District_BE_9000",
    "InstitutionName": "UZ_Gent",
    "InversionTime": 0.9,
    "MagneticFieldStrength": 3,
    "Manufacturer": "Siemens",
    "ManufacturersModelName": "Prisma_fit",
    "PhaseEncodingDirection": "i-",
    "PhaseEncodingLines": 256,
    "ProcedureStepDescription": "MR_hersenen_(structuur_alleen)_O",
    "ProtocolName": "T1_mprage",
    "RepetitionTime": 2.25,
    "ScanningSequence": "GR_IR",
    "SequenceName": "_tfl3d1_16ns",
    "SequenceVariant": "SK_SP_MP",
    "SeriesDescription": "T1_mprage",
    "SoftwareVersions": "syngo_MR_E11",
    "dataset": "ds002513",
    "modality": "T1w",
    "subject_id": "12"
  },
  "cjv": 0.33077329319916393,
  "cnr": 3.962008589422237,
  "efc": 0.5617410040946826,
  "fber": -1.0,
  "fwhm_avg": 3.8947300000000005,
  "fwhm_x": 3.93941,
  "fwhm_y": 4.05194,
  "fwhm_z": 3.69284,
  "icvs_csf": 0.2028087159232279,
  "icvs_gm": 0.4388642474523257,
  "icvs_wm": 0.35832703662444637,
  "inu_med": 0.5581318140029907,
  "inu_range": 0.28575730323791504,
  "provenance": {
    "md5sum": "e2909ab6d39cccd0b970a0f8a840ac61",
    "settings": {
      "testing": false
    },
    "software": "mriqc",
    "version": "23.0.1",
    "warnings": {
      "large_rot_frame": true,
      "small_air_mask": false
    },
    "webapi_port": null,
    "webapi_url": "https://mriqc.nimh.nih.gov/api/v1"
  },
  "qi_1": 0.0,
  "qi_2": 0.007351050387789865,
  "rpve_csf": 19.85162492970556,
  "rpve_gm": 9.771729897464967,
  "rpve_wm": 13.677381012170827,
  "size_x": 176,
  "size_y": 256,
  "size_z": 256,
  "snr_csf": 1.9429368586088127,
  "snr_gm": 11.601368026521643,
  "snr_total": 12.300122364589306,
  "snr_wm": 23.356062208637464,
  "snrd_csf": 29.196407346598818,
  "snrd_gm": 81.38469948405773,
  "snrd_total": 75.35628026155823,
  "snrd_wm": 115.48773395401813,
  "spacing_x": 1.0,
  "spacing_y": 1.0,
  "spacing_z": 1.0,
  "summary_bg_k": 22.739378454679454,
  "summary_bg_mad": 0.0,
  "summary_bg_mean": 2.9262713011050923,
  "summary_bg_median": 0.0,
  "summary_bg_n": 3006038.0,
  "summary_bg_p05": 0.0,
  "summary_bg_p95": 13.615734435617924,
  "summary_bg_stdv": 5.672779361027756,
  "summary_csf_k": 2.9529334889399435,
  "summary_csf_mad": 119.54489001041938,
  "summary_csf_mean": 255.88483078888157,
  "summary_csf_median": 252.80960882641375,
  "summary_csf_n": 45142.0,
  "summary_csf_p05": 58.6070918345824,
  "summary_csf_p95": 479.5025820640846,
  "summary_csf_stdv": 130.11581283826538,
  "summary_gm_k": 0.35725874655353573,
  "summary_gm_mad": 57.62293335771387,
  "summary_gm_mean": 705.0237492361108,
  "summary_gm_median": 704.7043081969023,
  "summary_gm_n": 46606.0,
  "summary_gm_p05": 605.756100539118,
  "summary_gm_p95": 805.6696616970003,
  "summary_gm_stdv": 60.74255607733091,
  "summary_wm_k": 0.6370733716270305,
  "summary_wm_mad": 40.05301206513939,
  "summary_wm_mean": 999.92633806597,
  "summary_wm_median": 1000.0000513270497,
  "summary_wm_n": 264111.0,
  "summary_wm_p05": 929.7961719222367,
  "summary_wm_p95": 1069.6276033483446,
  "summary_wm_stdv": 42.815357710938585,
  "tpm_overlap_csf": 0.15749865589738662,
  "tpm_overlap_gm": 0.4681097357628769,
  "tpm_overlap_wm": 0.5120765279260477,
  "wm2max": 0.5910832907511497
}