{
  "aor": 0.0006291778774289985,
  "aqi": 0.011595631031390132,
  "bids_meta": {
    "AccelFactPE": 2,
    "AcquisitionNumber": 1,
    "AcquisitionTime": "17:17:59.727500",
    "BandwidthPerPixelPhaseEncode": 22.894,
    "BodyPartExamined": "BRAIN",
    "ConversionSoftware": "dcm2niix",
    "ConversionSoftwareVersion": "v1.0.20170724 (OpenJPEG build) GCC6.1.0",
    "DeviceSerialNumber": "167045",
    "EchoTime": 0.027,
    "EchoTrainLength": 74,
    "EffectiveEchoSpacing": 0.000519995,
    "FlipAngle": 66,
    "ImageType": [
      "ORIGINAL",
      "PRIMARY",
      "M",
      "ND",
      "NORM",
      "MOSAIC"
    ],
    "InstitutionAddress": "De_Pintelaan_185_Gent_District_BE_9000",
    "InstitutionName": "UGent",
    "MagneticFieldStrength": 3,
    "Manufacturer": "Siemens",
    "ManufacturersModelName": "Prisma_fit",
    "PhaseEncodingDirection": "j-",
    "PhaseEncodingLines": 84,
    "ProcedureStepDescription": "MR_hersenen_(structuur_alleen)_O",
    "ProtocolName": "ep2d_bold_TASK_BETTING",
    "RepetitionTime": 1.72,
    "ScanningSequence": "EP",
    "SequenceName": "_epfid2d1_84",
    "SequenceVariant": "SK",
    "SeriesDescription": "ep2d_bold_TASK_BETTING",
    "SliceTiming": [
      1.2425,
      0,
      0.85,
      0.065,
      0.915,
      0.13,
      0.98,
      0.1975,
      1.0475,
      0.2625,
      1.1125,
      0.3275,
      1.1775,
      0.4575,
      1.3075,
      0.5225,
      1.3725,
      0.5875,
      1.4375,
      0.655,
      1.505,
      0.72,
      1.57,
      0.785,
      1.635,
      0.3925,
      1.2425,
      0,
      0.85,
      0.065,
      0.915,
      0.13,
      0.98,
      0.1975,
      1.0475,
      0.2625,
      1.1125,
      0.3275,
      1.1775,
      0.4575,
      1.3075,
      0.5225,
      1.3725,
      0.5875,
      1.4375,
      0.655,
      1.505,
      0.72,
      1.57,
      0.785,
      1.635,
      0.3925
    ],
    "SoftwareVersions": "syngo_MR_E11",
    "TaskName": "cueexposure",
    "TotalReadoutTime": 0.0374396,
    "TrueEchoSpacing": 0.00103999,
    "dataset": "ds002513",
    "modality": "bold",
    "subject_id": "26",
    "task_id": "cueexposure"
  },
  "dummy_trs": 1,
  "dvars_nstd": 28.438684700568903,
  "dvars_std": 1.213112982035928,
  "dvars_vstd": 0.9514174766766476,
  "efc": 0.5760132923306376,
  "fber": 2245.525634765625,
  "fd_mean": 0.19504301641429803,
  "fd_num": 274,
  "fd_perc": 40.95665171898356,
  "fwhm_avg": 1.9737280000000001,
  "fwhm_x": 1.8677,
  "fwhm_y": 2.060576,
  "fwhm_z": 1.992908,
  "gcor": 0.0157551,
  "gsr_x": 0.007411744445562363,
  "gsr_y": 0.05655850097537041,
  "provenance": {
    "md5sum": "4026ff692fd17df90aa93ead44ffe003",
    "settings": {
      "fd_thres": 0.2,
      "testing": false
    },
    "software": "mriqc",
    "version": "23.0.1",
    "webapi_port": null,
    "webapi_url": "https://mriqc.nimh.nih.gov/api/v1"
  },
  "size_t": 669,
  "size_x": 84,
  "size_y": 84,
  "size_z": 52,
  "snr": 5.352361702312974,
  "spacing_tr": 1.7200000286102295,
  "spacing_x": 2.5,
  "spacing_y": 2.5,
  "spacing_z": 2.5,
  "summary_bg_k": 9.57159463808891,
  "summary_bg_mad": 17.177355021922793,
  "summary_bg_mean": 74.9043197631836,
  "summary_bg_median": 20.40508270263672,
  "summary_bg_n": 218519.0,
  "summary_bg_p05": 6.9028401374816895,
  "summary_bg_p95": 366.59057312011714,
  "summary_bg_stdv": 126.1240005493164,
  "summary_fg_k": 1.4710611302885424,
  "summary_fg_mad": 170.99342570402672,
  "summary_fg_mean": 997.2337036132812,
  "summary_fg_median": 981.635986328125,
  "summary_fg_n": 87426.0,
  "summary_fg_p05": 741.1229553222656,
  "summary_fg_p95": 1323.6998901367188,
  "summary_fg_stdv": 183.40135192871094,
  "tsnr": 49.04418089427054
}