{
  "bids_meta": {
    "AccelFactPE": 2,
    "AcquisitionNumber": 1,
    "AcquisitionTime": "13:08:59.227500",
    "BodyPartExamined": "BRAIN",
    "ConversionSoftware": "dcm2niix",
    "ConversionSoftwareVersion": "v1.0.20170724 (OpenJPEG build) GCC6.1.0",
    "DeviceSerialNumber": "167045",
    "EchoTime": 0.00418,
    "FlipAngle": 9,
    "ImageType": [
      "ORIGINAL",
      "PRIMARY",
      "M",
      "ND",
      "NORM"
    ],
    "InstitutionAddress": "De_Pintelaan_185_Gent_District_BE_9000",
    "InstitutionName": "UGent",
    "InversionTime": 0.9,
    "MagneticFieldStrength": 3,
    "Manufacturer": "Siemens",
    "ManufacturersModelName": "Prisma_fit",
    "PhaseEncodingDirection": "i-",
    "PhaseEncodingLines": 256,
    "ProcedureStepDescription": "MR_hersenen_(structuur_alleen)_O",
    "ProtocolName": "T1_mprage",
    "RepetitionTime": 2.25,
    "ScanningSequence": "GR_IR",
    "SequenceName": "_tfl3d1_16ns",
    "SequenceVariant": "SK_SP_MP",
    "SeriesDescription": "T1_mprage",
    "SoftwareVersions": "syngo_MR_E11",
    "dataset": "ds002513",
    "modality": "T1w",
    "subject_id": "42"
  },
  "cjv": 0.34445283211859884,
  "cnr": 3.7487499020904953,
  "efc": 0.5133498105885135,
  "fber": -1.0,
  "fwhm_avg": 3.9732999999999996,
  "fwhm_x": 4.11344,
  "fwhm_y": 4.04766,
  "fwhm_z": 3.7588,
  "icvs_csf": 0.2322385954870094,
  "icvs_gm": 0.4155998682982279,
  "icvs_wm": 0.3521615362147627,
  "inu_med": 0.4734521806240082,
  "inu_range": 0.21377052962779997,
  "provenance": {
    "md5sum": "fc2a7127faed12f741279a448ba8ee49",
    "settings": {
      "testing": false
    },
    "software": "mriqc",
    "version": "23.0.1",
    "warnings": {
      "large_rot_frame": true,
      "small_air_mask": false
    },
    "webapi_port": null,
    "webapi_url": "https://mriqc.nimh.nih.gov/api/v1"
  },
  "qi_1": 3.638639853681195e-05,
  "qi_2": 0.012630297566819151,
  "rpve_csf": 21.450662479953237,
  "rpve_gm": 12.055105123408044,
  "rpve_wm": 16.6976865858706,
  "size_x": 176,
  "size_y": 256,
  "size_z": 256,
  "snr_csf": 1.9600431943809704,
  "snr_gm": 10.607189998145587,
  "snr_total": 12.949164220179341,
  "snr_wm": 26.280259468011465,
  "snrd_csf": 29.51804410784654,
  "snrd_gm": 87.53441195360718,
  "snrd_total": 80.08338588419979,
  "snrd_wm": 123.19770159114562,
  "spacing_x": 1.0,
  "spacing_y": 1.0,
  "spacing_z": 1.0,
  "summary_bg_k": 24.0340717638284,
  "summary_bg_mad": 0.0,
  "summary_bg_mean": 2.4456495110487713,
  "summary_bg_median": 0.0,
  "summary_bg_n": 3285109.0,
  "summary_bg_p05": 0.0,
  "summary_bg_p95": 13.030294558033347,
  "summary_bg_stdv": 5.317764712878786,
  "summary_csf_k": 0.2793709201514063,
  "summary_csf_mad": 129.76363638773074,
  "summary_csf_mean": 245.84048988812285,
  "summary_csf_median": 239.5989802274853,
  "summary_csf_n": 52016.0,
  "summary_csf_p05": 68.45002219872549,
  "summary_csf_p95": 461.5032575200312,
  "summary_csf_stdv": 122.24050866613308,
  "summary_gm_k": 0.35092159373170073,
  "summary_gm_mad": 62.04678244257288,
  "summary_gm_mean": 710.9056668232557,
  "summary_gm_median": 710.5198353342712,
  "summary_gm_n": 32892.0,
  "summary_gm_p05": 600.5408712029457,
  "summary_gm_p95": 824.5936446527018,
  "summary_gm_stdv": 66.98371902231118,
  "summary_wm_k": 0.30052189123919737,
  "summary_wm_mad": 37.66547498145743,
  "summary_wm_mean": 998.9309784951892,
  "summary_wm_median": 999.9999850858003,
  "summary_wm_n": 219358.0,
  "summary_wm_p05": 934.8211951162666,
  "summary_wm_p95": 1057.9670397024602,
  "summary_wm_stdv": 38.051287390123626,
  "tpm_overlap_csf": 0.15685622747039418,
  "tpm_overlap_gm": 0.4653200421904899,
  "tpm_overlap_wm": 0.5124937509630006,
  "wm2max": 0.8174550901579405
}