{
  "aor": 0.001307100149476831,
  "aqi": 0.010719377578475336,
  "bids_meta": {
    "AccelFactPE": 2,
    "AcquisitionNumber": 1,
    "AcquisitionTime": "14:46:22.977500",
    "BandwidthPerPixelPhaseEncode": 22.894,
    "BodyPartExamined": "BRAIN",
    "ConversionSoftware": "dcm2niix",
    "ConversionSoftwareVersion": "v1.0.20170724 (OpenJPEG build) GCC6.1.0",
    "DeviceSerialNumber": "167045",
    "EchoTime": 0.027,
    "EchoTrainLength": 74,
    "EffectiveEchoSpacing": 0.000519995,
    "FlipAngle": 66,
    "ImageType": [
      "ORIGINAL",
      "PRIMARY",
      "M",
      "ND",
      "NORM",
      "MOSAIC"
    ],
    "InstitutionAddress": "De_Pintelaan_185_Gent_District_BE_9000",
    "InstitutionName": "UZ_Gent",
    "MagneticFieldStrength": 3,
    "Manufacturer": "Siemens",
    "ManufacturersModelName": "Prisma_fit",
    "PhaseEncodingDirection": "j-",
    "PhaseEncodingLines": 84,
    "ProcedureStepDescription": "MR_hersenen_(structuur_alleen)_O",
    "ProtocolName": "ep2d_bold_TASK_BETTING",
    "RepetitionTime": 1.72,
    "ScanningSequence": "EP",
    "SequenceName": "_epfid2d1_84",
    "SequenceVariant": "SK",
    "SeriesDescription": "ep2d_bold_TASK_BETTING",
    "SliceTiming": [
      1.2425,
      0,
      0.85,
      0.0675,
      0.9175,
      0.1325,
      0.9825,
      0.1975,
      1.0475,
      0.2625,
      1.1125,
      0.3275,
      1.1775,
      0.46,
      1.31,
      0.525,
      1.375,
      0.59,
      1.44,
      0.655,
      1.505,
      0.72,
      1.57,
      0.785,
      1.635,
      0.3925,
      1.2425,
      0,
      0.85,
      0.0675,
      0.9175,
      0.1325,
      0.9825,
      0.1975,
      1.0475,
      0.2625,
      1.1125,
      0.3275,
      1.1775,
      0.46,
      1.31,
      0.525,
      1.375,
      0.59,
      1.44,
      0.655,
      1.505,
      0.72,
      1.57,
      0.785,
      1.635,
      0.3925
    ],
    "SoftwareVersions": "syngo_MR_E11",
    "TaskName": "cueexposure",
    "TotalReadoutTime": 0.0374396,
    "TrueEchoSpacing": 0.00103999,
    "dataset": "ds002513",
    "modality": "bold",
    "subject_id": "53",
    "task_id": "cueexposure"
  },
  "dummy_trs": 1,
  "dvars_nstd": 25.992015381946096,
  "dvars_std": 1.2612044768562884,
  "dvars_vstd": 0.951656422155688,
  "efc": 0.5354964391758167,
  "fber": 2743.70703125,
  "fd_mean": 0.12558987905560873,
  "fd_num": 68,
  "fd_perc": 10.164424514200299,
  "fwhm_avg": 2.0198573333333334,
  "fwhm_x": 1.935324,
  "fwhm_y": 2.1078479999999997,
  "fwhm_z": 2.0164,
  "gcor": 0.0224108,
  "gsr_x": 0.0051782079972326756,
  "gsr_y": 0.04042210057377815,
  "provenance": {
    "md5sum": "a62ceb37a10d80ec2f1419bd8c115c08",
    "settings": {
      "fd_thres": 0.2,
      "testing": false
    },
    "software": "mriqc",
    "version": "23.0.1",
    "webapi_port": null,
    "webapi_url": "https://mriqc.nimh.nih.gov/api/v1"
  },
  "size_t": 669,
  "size_x": 84,
  "size_y": 84,
  "size_z": 52,
  "snr": 5.673175549119519,
  "spacing_tr": 1.7200000286102295,
  "spacing_x": 2.5,
  "spacing_y": 2.5,
  "spacing_z": 2.5,
  "summary_bg_k": 21.894434681409276,
  "summary_bg_mad": 16.15571182047089,
  "summary_bg_mean": 58.37910461425781,
  "summary_bg_median": 19.131540298461914,
  "summary_bg_n": 231412.0,
  "summary_bg_p05": 5.753363132476807,
  "summary_bg_p95": 250.7466361999509,
  "summary_bg_stdv": 106.0612564086914,
  "summary_fg_k": 1.2747640690570714,
  "summary_fg_mad": 172.7153762421092,
  "summary_fg_mean": 1030.171875,
  "summary_fg_median": 1016.8056640625,
  "summary_fg_n": 76150.0,
  "summary_fg_p05": 771.8369171142579,
  "summary_fg_p95": 1336.96279296875,
  "summary_fg_stdv": 179.229248046875,
  "tsnr": 56.16498993895948
}