{
  "aor": 0.00326186846038864,
  "aqi": 0.007215988669656203,
  "bids_meta": {
    "AccelFactPE": 2,
    "AcquisitionNumber": 1,
    "AcquisitionTime": "16:08:35.412500",
    "BandwidthPerPixelPhaseEncode": 22.894,
    "BodyPartExamined": "BRAIN",
    "ConversionSoftware": "dcm2niix",
    "ConversionSoftwareVersion": "v1.0.20170724 (OpenJPEG build) GCC6.1.0",
    "DeviceSerialNumber": "167045",
    "EchoTime": 0.027,
    "EchoTrainLength": 74,
    "EffectiveEchoSpacing": 0.000519995,
    "FlipAngle": 66,
    "ImageType": [
      "ORIGINAL",
      "PRIMARY",
      "M",
      "ND",
      "NORM",
      "MOSAIC"
    ],
    "InstitutionAddress": "De_Pintelaan_185_Gent_District_BE_9000",
    "InstitutionName": "UGent",
    "MagneticFieldStrength": 3,
    "Manufacturer": "Siemens",
    "ManufacturersModelName": "Prisma_fit",
    "PhaseEncodingDirection": "j-",
    "PhaseEncodingLines": 84,
    "ProcedureStepDescription": "MR_hersenen_(structuur_alleen)_O",
    "ProtocolName": "ep2d_bold_TASK_BETTING",
    "RepetitionTime": 1.72,
    "ScanningSequence": "EP",
    "SequenceName": "_epfid2d1_84",
    "SequenceVariant": "SK",
    "SeriesDescription": "ep2d_bold_TASK_BETTING",
    "SliceTiming": [
      1.2425,
      0,
      0.85,
      0.065,
      0.915,
      0.13,
      0.98,
      0.195,
      1.045,
      0.2625,
      1.1125,
      0.3275,
      1.1775,
      0.4575,
      1.3075,
      0.5225,
      1.3725,
      0.5875,
      1.4375,
      0.6525,
      1.5025,
      0.72,
      1.57,
      0.785,
      1.635,
      0.3925,
      1.2425,
      0,
      0.85,
      0.065,
      0.915,
      0.13,
      0.98,
      0.195,
      1.045,
      0.2625,
      1.1125,
      0.3275,
      1.1775,
      0.4575,
      1.3075,
      0.5225,
      1.3725,
      0.5875,
      1.4375,
      0.6525,
      1.5025,
      0.72,
      1.57,
      0.785,
      1.635,
      0.3925
    ],
    "SoftwareVersions": "syngo_MR_E11",
    "TaskName": "cueexposure",
    "TotalReadoutTime": 0.0374396,
    "TrueEchoSpacing": 0.00103999,
    "dataset": "ds002513",
    "modality": "bold",
    "subject_id": "65",
    "task_id": "cueexposure"
  },
  "dummy_trs": 1,
  "dvars_nstd": 24.163162793892223,
  "dvars_std": 1.2226668833982044,
  "dvars_vstd": 1.0183509301497018,
  "efc": 0.5461064515828947,
  "fber": 2690.296142578125,
  "fd_mean": 0.1427757625289482,
  "fd_num": 68,
  "fd_perc": 10.164424514200299,
  "fwhm_avg": 1.9954720000000001,
  "fwhm_x": 1.902624,
  "fwhm_y": 2.119844,
  "fwhm_z": 1.9639479999999998,
  "gcor": 0.0204759,
  "gsr_x": 5.861974568688311e-05,
  "gsr_y": 0.05554980784654617,
  "provenance": {
    "md5sum": "1f28b7f991c0621b96b149945b3ab97a",
    "settings": {
      "fd_thres": 0.2,
      "testing": false
    },
    "software": "mriqc",
    "version": "23.0.1",
    "webapi_port": null,
    "webapi_url": "https://mriqc.nimh.nih.gov/api/v1"
  },
  "size_t": 669,
  "size_x": 84,
  "size_y": 84,
  "size_z": 52,
  "snr": 5.650507862395916,
  "spacing_tr": 1.7200000286102295,
  "spacing_x": 2.5,
  "spacing_y": 2.5,
  "spacing_z": 2.5,
  "summary_bg_k": 21.943925802038006,
  "summary_bg_mad": 11.953896079080643,
  "summary_bg_mean": 52.96337890625,
  "summary_bg_median": 17.446935653686523,
  "summary_bg_n": 225654.0,
  "summary_bg_p05": 7.177877426147461,
  "summary_bg_p95": 242.28214263915999,
  "summary_bg_stdv": 97.63811492919922,
  "summary_fg_k": 1.4484318909679432,
  "summary_fg_mad": 162.23526800639095,
  "summary_fg_mean": 930.20556640625,
  "summary_fg_median": 919.3721923828125,
  "summary_fg_n": 80693.0,
  "summary_fg_p05": 693.5372192382813,
  "summary_fg_p95": 1196.3802490234373,
  "summary_fg_stdv": 162.70510864257812,
  "tsnr": 62.680623832391575
}