{
  "bids_meta": {
    "AcquisitionNumber": 1,
    "AcquisitionTime": "10:54:33.390000",
    "BodyPartExamined": "BRAIN",
    "ConversionSoftware": "dcm2niix",
    "ConversionSoftwareVersion": "v1.0.20170724 (OpenJPEG build) GCC6.1.0",
    "DeviceSerialNumber": "167045",
    "EchoTime": 0.005,
    "FlipAngle": 40,
    "ImageType": [
      "ORIGINAL",
      "PRIMARY",
      "M",
      "ND",
      "NORM"
    ],
    "InstitutionAddress": "De_Pintelaan_185_Gent_District_BE_9000",
    "InstitutionName": "UGent",
    "MagneticFieldStrength": 3,
    "Manufacturer": "Siemens",
    "ManufacturersModelName": "Prisma_fit",
    "PhaseEncodingDirection": "j-",
    "PhaseEncodingLines": 128,
    "ProcedureStepDescription": "MR_hersenen_(structuur_alleen)_O",
    "ProtocolName": "localizer",
    "RepetitionTime": 0.02,
    "ScanningSequence": "GR",
    "SequenceName": "_fl2d1",
    "SequenceVariant": "SP",
    "SeriesDescription": "localizer",
    "SoftwareVersions": "syngo_MR_E11",
    "dataset": "ds002513",
    "modality": "T1w",
    "subject_id": "19"
  },
  "cjv": 0.3612202026361095,
  "cnr": 3.614622808947677,
  "efc": 0.5413270749451635,
  "fber": 43079.3086419753,
  "fwhm_avg": 4.099993333333334,
  "fwhm_x": 4.24396,
  "fwhm_y": 4.17999,
  "fwhm_z": 3.87603,
  "icvs_csf": 0.2101426558084015,
  "icvs_gm": 0.42453288840181574,
  "icvs_wm": 0.3653244557897828,
  "inu_med": 0.5109143555164337,
  "inu_range": 0.2505951657891272,
  "provenance": {
    "md5sum": "d73ff38051a4cff3a25b8fe1c364257f",
    "settings": {
      "testing": false
    },
    "software": "mriqc",
    "version": "23.0.1",
    "warnings": {
      "large_rot_frame": true,
      "small_air_mask": false
    },
    "webapi_port": null,
    "webapi_url": "https://mriqc.nimh.nih.gov/api/v1"
  },
  "qi_1": 4.8051445250183285e-06,
  "qi_2": 0.010698243827978958,
  "rpve_csf": 21.62145757785912,
  "rpve_gm": 11.13380718661134,
  "rpve_wm": 15.187381859134303,
  "size_x": 176,
  "size_y": 256,
  "size_z": 256,
  "snr_csf": 2.0421031988277885,
  "snr_gm": 9.661709425804288,
  "snr_total": 12.82794262281111,
  "snr_wm": 26.780015243801255,
  "snrd_csf": 29.26076858117099,
  "snrd_gm": 85.91091326721498,
  "snrd_total": 79.09334697560973,
  "snrd_wm": 122.10835907844326,
  "spacing_x": 1.0,
  "spacing_y": 1.0,
  "spacing_z": 1.0,
  "summary_bg_k": 20.58747433397744,
  "summary_bg_mad": 0.0,
  "summary_bg_mean": 2.7292175450142317,
  "summary_bg_median": 0.0,
  "summary_bg_n": 2681055.0,
  "summary_bg_p05": 0.0,
  "summary_bg_p95": 13.5756840929389,
  "summary_bg_stdv": 5.365124107968957,
  "summary_csf_k": 1.600253042598072,
  "summary_csf_mad": 106.13816952635091,
  "summary_csf_mean": 246.54845860791906,
  "summary_csf_median": 239.62590833380818,
  "summary_csf_n": 47700.0,
  "summary_csf_p05": 68.14993414655328,
  "summary_csf_p95": 456.02231277525425,
  "summary_csf_stdv": 117.34147258386271,
  "summary_gm_k": 0.0034918441042202097,
  "summary_gm_mad": 71.78751036232332,
  "summary_gm_mean": 704.4181929935994,
  "summary_gm_median": 703.5522860698402,
  "summary_gm_n": 38823.0,
  "summary_gm_p05": 585.323161713779,
  "summary_gm_p95": 827.8753841742873,
  "summary_gm_stdv": 72.81767583573456,
  "summary_wm_k": 0.5371091168224456,
  "summary_wm_mad": 35.289935000543984,
  "summary_wm_mean": 999.1355863604659,
  "summary_wm_median": 999.9848902858794,
  "summary_wm_n": 239057.0,
  "summary_wm_p05": 936.5713614784181,
  "summary_wm_p95": 1058.722350127995,
  "summary_wm_stdv": 37.34063590555172,
  "tpm_overlap_csf": 0.16167063448632504,
  "tpm_overlap_gm": 0.46125126410280015,
  "tpm_overlap_wm": 0.49857737258670254,
  "wm2max": 0.7914032222337553
}