{
  "aor": 0.0009414776119402985,
  "aqi": 0.008289178701492537,
  "bids_meta": {
    "AccelFactPE": 2,
    "AcquisitionNumber": 1,
    "AcquisitionTime": "16:02:20.615000",
    "BandwidthPerPixelPhaseEncode": 22.894,
    "BodyPartExamined": "BRAIN",
    "ConversionSoftware": "dcm2niix",
    "ConversionSoftwareVersion": "v1.0.20170724 (OpenJPEG build) GCC6.1.0",
    "DeviceSerialNumber": "167045",
    "EchoTime": 0.027,
    "EchoTrainLength": 74,
    "EffectiveEchoSpacing": 0.000519995,
    "FlipAngle": 66,
    "ImageType": [
      "ORIGINAL",
      "PRIMARY",
      "M",
      "ND",
      "NORM",
      "MOSAIC"
    ],
    "InstitutionAddress": "De_Pintelaan_185_Gent_District_BE_9000",
    "InstitutionName": "UGent",
    "MagneticFieldStrength": 3,
    "Manufacturer": "Siemens",
    "ManufacturersModelName": "Prisma_fit",
    "PhaseEncodingDirection": "j-",
    "PhaseEncodingLines": 84,
    "ProcedureStepDescription": "MR_hersenen_(structuur_alleen)_O",
    "ProtocolName": "ep2d_bold_TASK_BETTING",
    "RepetitionTime": 1.72,
    "ScanningSequence": "EP",
    "SequenceName": "_epfid2d1_84",
    "SequenceVariant": "SK",
    "SeriesDescription": "ep2d_bold_TASK_BETTING",
    "SliceTiming": [
      1.2425,
      0,
      0.85,
      0.065,
      0.915,
      0.13,
      0.98,
      0.1975,
      1.0475,
      0.2625,
      1.1125,
      0.3275,
      1.1775,
      0.4575,
      1.3075,
      0.5225,
      1.3725,
      0.5875,
      1.4375,
      0.655,
      1.505,
      0.72,
      1.57,
      0.785,
      1.635,
      0.3925,
      1.2425,
      0,
      0.85,
      0.065,
      0.915,
      0.13,
      0.98,
      0.1975,
      1.0475,
      0.2625,
      1.1125,
      0.3275,
      1.1775,
      0.4575,
      1.3075,
      0.5225,
      1.3725,
      0.5875,
      1.4375,
      0.655,
      1.505,
      0.72,
      1.57,
      0.785,
      1.635,
      0.3925
    ],
    "SoftwareVersions": "syngo_MR_E11",
    "TaskName": "cueexposure",
    "TotalReadoutTime": 0.0374396,
    "TrueEchoSpacing": 0.00103999,
    "dataset": "ds002513",
    "modality": "bold",
    "subject_id": "35",
    "task_id": "cueexposure"
  },
  "dummy_trs": 0,
  "dvars_nstd": 22.744391921689072,
  "dvars_std": 1.1944518486397602,
  "dvars_vstd": 1.0052370073094177,
  "efc": 0.5328006045430478,
  "fber": 3016.78515625,
  "fd_mean": 0.12089328884800832,
  "fd_num": 70,
  "fd_perc": 10.447761194029852,
  "fwhm_avg": 1.9081066666666666,
  "fwhm_x": 1.829456,
  "fwhm_y": 2.0457039999999997,
  "fwhm_z": 1.84916,
  "gcor": 0.0177675,
  "gsr_x": 0.0029887717682868242,
  "gsr_y": 0.04242664575576782,
  "provenance": {
    "md5sum": "e2fd93efb3ff2f4dc57a78a71a7805cd",
    "settings": {
      "fd_thres": 0.2,
      "testing": false
    },
    "software": "mriqc",
    "version": "23.0.1",
    "webapi_port": null,
    "webapi_url": "https://mriqc.nimh.nih.gov/api/v1"
  },
  "size_t": 670,
  "size_x": 84,
  "size_y": 84,
  "size_z": 52,
  "snr": 5.795850530203537,
  "spacing_tr": 1.7200000286102295,
  "spacing_x": 2.5,
  "spacing_y": 2.5,
  "spacing_z": 2.5,
  "summary_bg_k": 24.465767261410164,
  "summary_bg_mad": 13.797053465859982,
  "summary_bg_mean": 52.92577362060547,
  "summary_bg_median": 17.58507537841797,
  "summary_bg_n": 230115.0,
  "summary_bg_p05": 5.615970134735108,
  "summary_bg_p95": 234.5288101196289,
  "summary_bg_stdv": 103.00250244140625,
  "summary_fg_k": 2.351391756603727,
  "summary_fg_mad": 153.82332833170454,
  "summary_fg_mean": 986.0782470703125,
  "summary_fg_median": 977.1149291992188,
  "summary_fg_n": 76406.0,
  "summary_fg_p05": 751.5100708007812,
  "summary_fg_p95": 1263.3820495605469,
  "summary_fg_stdv": 168.5876007080078,
  "tsnr": 63.266867303755134
}