{
  "aor": 0.002738641791044776,
  "aqi": 0.011984291985074627,
  "bids_meta": {
    "AccelFactPE": 2,
    "AcquisitionNumber": 1,
    "AcquisitionTime": "10:08:32.080000",
    "BandwidthPerPixelPhaseEncode": 22.894,
    "BodyPartExamined": "BRAIN",
    "ConversionSoftware": "dcm2niix",
    "ConversionSoftwareVersion": "v1.0.20170724 (OpenJPEG build) GCC6.1.0",
    "DeviceSerialNumber": "167045",
    "EchoTime": 0.027,
    "EchoTrainLength": 74,
    "EffectiveEchoSpacing": 0.000519995,
    "FlipAngle": 66,
    "ImageType": [
      "ORIGINAL",
      "PRIMARY",
      "M",
      "ND",
      "NORM",
      "MOSAIC"
    ],
    "InstitutionAddress": "De_Pintelaan_185_Gent_District_BE_9000",
    "InstitutionName": "UZ_Gent",
    "MagneticFieldStrength": 3,
    "Manufacturer": "Siemens",
    "ManufacturersModelName": "Prisma_fit",
    "PhaseEncodingDirection": "j-",
    "PhaseEncodingLines": 84,
    "ProcedureStepDescription": "MR_hersenen_(structuur_alleen)_O",
    "ProtocolName": "ep2d_bold_TASK_BETTING",
    "RepetitionTime": 1.72,
    "ScanningSequence": "EP",
    "SequenceName": "_epfid2d1_84",
    "SequenceVariant": "SK",
    "SeriesDescription": "ep2d_bold_TASK_BETTING",
    "SliceTiming": [
      1.2425,
      0,
      0.85,
      0.065,
      0.915,
      0.1325,
      0.9825,
      0.1975,
      1.0475,
      0.2625,
      1.1125,
      0.3275,
      1.1775,
      0.4575,
      1.3075,
      0.5225,
      1.3725,
      0.59,
      1.44,
      0.655,
      1.505,
      0.72,
      1.57,
      0.785,
      1.635,
      0.3925,
      1.2425,
      0,
      0.85,
      0.065,
      0.915,
      0.1325,
      0.9825,
      0.1975,
      1.0475,
      0.2625,
      1.1125,
      0.3275,
      1.1775,
      0.4575,
      1.3075,
      0.5225,
      1.3725,
      0.59,
      1.44,
      0.655,
      1.505,
      0.72,
      1.57,
      0.785,
      1.635,
      0.3925
    ],
    "SoftwareVersions": "syngo_MR_E11",
    "TaskName": "cueexposure",
    "TotalReadoutTime": 0.0374396,
    "TrueEchoSpacing": 0.00103999,
    "dataset": "ds002513",
    "modality": "bold",
    "subject_id": "48",
    "task_id": "cueexposure"
  },
  "dummy_trs": 0,
  "dvars_nstd": 21.756871703916293,
  "dvars_std": 1.1319429813602382,
  "dvars_vstd": 0.9787530546636775,
  "efc": 0.5386507229793903,
  "fber": 1855.50634765625,
  "fd_mean": 0.11580256629506308,
  "fd_num": 45,
  "fd_perc": 6.7164179104477615,
  "fwhm_avg": 2.0585106666666664,
  "fwhm_x": 1.9407039999999998,
  "fwhm_y": 2.209084,
  "fwhm_z": 2.025744,
  "gcor": 0.0287594,
  "gsr_x": 0.014858609065413475,
  "gsr_y": 0.03260863572359085,
  "provenance": {
    "md5sum": "59f1e9be17c5299e43a47929765a64bf",
    "settings": {
      "fd_thres": 0.2,
      "testing": false
    },
    "software": "mriqc",
    "version": "23.0.1",
    "webapi_port": null,
    "webapi_url": "https://mriqc.nimh.nih.gov/api/v1"
  },
  "size_t": 670,
  "size_x": 84,
  "size_y": 84,
  "size_z": 52,
  "snr": 5.9614634559690005,
  "spacing_tr": 1.7200000286102295,
  "spacing_x": 2.5,
  "spacing_y": 2.5,
  "spacing_z": 2.5,
  "summary_bg_k": 13.395521674431354,
  "summary_bg_mad": 19.048117776090002,
  "summary_bg_mean": 69.81874084472656,
  "summary_bg_median": 21.797014236450195,
  "summary_bg_n": 238194.0,
  "summary_bg_p05": 7.091044902801514,
  "summary_bg_p95": 331.4761993408202,
  "summary_bg_stdv": 119.44546508789062,
  "summary_fg_k": 1.853528660405349,
  "summary_fg_mad": 151.65028086617758,
  "summary_fg_mean": 951.929443359375,
  "summary_fg_median": 945.1417846679688,
  "summary_fg_n": 67107.0,
  "summary_fg_p05": 721.5173278808594,
  "summary_fg_p95": 1210.9926635742188,
  "summary_fg_stdv": 158.5407257080078,
  "tsnr": 47.82051044283435
}