{
  "aor": 0.0013272346786248133,
  "aqi": 0.0108569009715994,
  "bids_meta": {
    "AccelFactPE": 2,
    "AcquisitionNumber": 1,
    "AcquisitionTime": "16:12:28.570000",
    "BandwidthPerPixelPhaseEncode": 22.894,
    "BodyPartExamined": "BRAIN",
    "ConversionSoftware": "dcm2niix",
    "ConversionSoftwareVersion": "v1.0.20170724 (OpenJPEG build) GCC6.1.0",
    "DeviceSerialNumber": "167045",
    "EchoTime": 0.027,
    "EchoTrainLength": 74,
    "EffectiveEchoSpacing": 0.000519995,
    "FlipAngle": 66,
    "ImageType": [
      "ORIGINAL",
      "PRIMARY",
      "M",
      "ND",
      "NORM",
      "MOSAIC"
    ],
    "InstitutionAddress": "De_Pintelaan_185_Gent_District_BE_9000",
    "InstitutionName": "UZ_Gent",
    "MagneticFieldStrength": 3,
    "Manufacturer": "Siemens",
    "ManufacturersModelName": "Prisma_fit",
    "PhaseEncodingDirection": "j-",
    "PhaseEncodingLines": 84,
    "ProcedureStepDescription": "MR_hersenen_(structuur_alleen)_O",
    "ProtocolName": "ep2d_bold_TASK_BETTING",
    "RepetitionTime": 1.72,
    "ScanningSequence": "EP",
    "SequenceName": "_epfid2d1_84",
    "SequenceVariant": "SK",
    "SeriesDescription": "ep2d_bold_TASK_BETTING",
    "SliceTiming": [
      1.2425,
      0,
      0.85,
      0.0675,
      0.9175,
      0.1325,
      0.9825,
      0.1975,
      1.0475,
      0.2625,
      1.1125,
      0.3275,
      1.1775,
      0.46,
      1.31,
      0.525,
      1.375,
      0.59,
      1.44,
      0.655,
      1.505,
      0.72,
      1.57,
      0.785,
      1.635,
      0.3925,
      1.2425,
      0,
      0.85,
      0.0675,
      0.9175,
      0.1325,
      0.9825,
      0.1975,
      1.0475,
      0.2625,
      1.1125,
      0.3275,
      1.1775,
      0.46,
      1.31,
      0.525,
      1.375,
      0.59,
      1.44,
      0.655,
      1.505,
      0.72,
      1.57,
      0.785,
      1.635,
      0.3925
    ],
    "SoftwareVersions": "syngo_MR_E11",
    "TaskName": "cueexposure",
    "TotalReadoutTime": 0.0374396,
    "TrueEchoSpacing": 0.00103999,
    "dataset": "ds002513",
    "modality": "bold",
    "subject_id": "9",
    "task_id": "cueexposure"
  },
  "dummy_trs": 1,
  "dvars_nstd": 28.00986513567367,
  "dvars_std": 1.2249195730838325,
  "dvars_vstd": 0.9698890027844309,
  "efc": 0.5544641051641209,
  "fber": 1819.02587890625,
  "fd_mean": 0.17394815142165881,
  "fd_num": 207,
  "fd_perc": 30.94170403587444,
  "fwhm_avg": 1.878056,
  "fwhm_x": 1.7517399999999999,
  "fwhm_y": 2.001208,
  "fwhm_z": 1.8812200000000001,
  "gcor": 0.0478583,
  "gsr_x": -0.004788445774465799,
  "gsr_y": 0.03870871290564537,
  "provenance": {
    "md5sum": "000929345aee95ecc8fe3f6445e6099d",
    "settings": {
      "fd_thres": 0.2,
      "testing": false
    },
    "software": "mriqc",
    "version": "23.0.1",
    "webapi_port": null,
    "webapi_url": "https://mriqc.nimh.nih.gov/api/v1"
  },
  "size_t": 669,
  "size_x": 84,
  "size_y": 84,
  "size_z": 52,
  "snr": 5.447489031321525,
  "spacing_tr": 1.7200000286102295,
  "spacing_x": 2.5,
  "spacing_y": 2.5,
  "spacing_z": 2.5,
  "summary_bg_k": 22.76862029388936,
  "summary_bg_mad": 18.459395564888823,
  "summary_bg_mean": 56.84419250488281,
  "summary_bg_median": 23.102392196655273,
  "summary_bg_n": 222370.0,
  "summary_bg_p05": 8.977578163146973,
  "summary_bg_p95": 213.98669128417964,
  "summary_bg_stdv": 88.1009750366211,
  "summary_fg_k": 1.0635540431529389,
  "summary_fg_mad": 191.31993469644743,
  "summary_fg_mean": 1021.9691772460938,
  "summary_fg_median": 1011.6487426757812,
  "summary_fg_n": 83269.0,
  "summary_fg_p05": 760.4992553710938,
  "summary_fg_p95": 1329.655322265625,
  "summary_fg_stdv": 185.70806884765625,
  "tsnr": 51.634845085209236
}