{
  "bids_meta": {
    "AccelFactPE": 2,
    "AcquisitionNumber": 1,
    "AcquisitionTime": "09:51:58.462500",
    "BodyPartExamined": "BRAIN",
    "ConversionSoftware": "dcm2niix",
    "ConversionSoftwareVersion": "v1.0.20170724 (OpenJPEG build) GCC6.1.0",
    "DeviceSerialNumber": "167045",
    "EchoTime": 0.00418,
    "FlipAngle": 9,
    "ImageType": [
      "ORIGINAL",
      "PRIMARY",
      "M",
      "ND",
      "NORM"
    ],
    "InstitutionAddress": "De_Pintelaan_185_Gent_District_BE_9000",
    "InstitutionName": "UGent",
    "InversionTime": 0.9,
    "MagneticFieldStrength": 3,
    "Manufacturer": "Siemens",
    "ManufacturersModelName": "Prisma_fit",
    "PhaseEncodingDirection": "i-",
    "PhaseEncodingLines": 256,
    "ProcedureStepDescription": "MR_hersenen_(structuur_alleen)_O",
    "ProtocolName": "T1_mprage",
    "RepetitionTime": 2.25,
    "ScanningSequence": "GR_IR",
    "SequenceName": "_tfl3d1_16ns",
    "SequenceVariant": "SK_SP_MP",
    "SeriesDescription": "T1_mprage",
    "SoftwareVersions": "syngo_MR_E11",
    "dataset": "ds002513",
    "modality": "T1w",
    "subject_id": "38"
  },
  "cjv": 0.3333500246377571,
  "cnr": 3.952614543359156,
  "efc": 0.509056226495264,
  "fber": 51451.8489,
  "fwhm_avg": 3.9547200000000005,
  "fwhm_x": 4.05905,
  "fwhm_y": 4.04425,
  "fwhm_z": 3.76086,
  "icvs_csf": 0.2023605002944766,
  "icvs_gm": 0.4615456579535092,
  "icvs_wm": 0.3360938417520142,
  "inu_med": 0.4913235455751419,
  "inu_range": 0.2476017028093338,
  "provenance": {
    "md5sum": "7a9082c391797e889f36448193cc9b2d",
    "settings": {
      "testing": false
    },
    "software": "mriqc",
    "version": "23.0.1",
    "warnings": {
      "large_rot_frame": true,
      "small_air_mask": false
    },
    "webapi_port": null,
    "webapi_url": "https://mriqc.nimh.nih.gov/api/v1"
  },
  "qi_1": 5.230210073764981e-05,
  "qi_2": 0.010847921694997495,
  "rpve_csf": 23.93754219909822,
  "rpve_gm": 11.251873697961768,
  "rpve_wm": 17.259941728051174,
  "size_x": 176,
  "size_y": 256,
  "size_z": 256,
  "snr_csf": 2.164677683584632,
  "snr_gm": 10.728646652912134,
  "snr_total": 12.84464300129403,
  "snr_wm": 25.640604667385322,
  "snrd_csf": 30.88357398306981,
  "snrd_gm": 83.07513466455573,
  "snrd_total": 77.59913684668122,
  "snrd_wm": 118.8387018924181,
  "spacing_x": 1.0,
  "spacing_y": 1.0,
  "spacing_z": 1.0,
  "summary_bg_k": 21.21247309547249,
  "summary_bg_mad": 0.0,
  "summary_bg_mean": 2.6033495297191758,
  "summary_bg_median": 0.0,
  "summary_bg_n": 2924495.0,
  "summary_bg_p05": 0.0,
  "summary_bg_p95": 12.302576757967472,
  "summary_bg_stdv": 5.512820171186439,
  "summary_csf_k": 0.6324949879378243,
  "summary_csf_mad": 118.39455659441379,
  "summary_csf_mean": 258.38703868267385,
  "summary_csf_median": 259.878079758957,
  "summary_csf_n": 36957.0,
  "summary_csf_p05": 66.30645536445081,
  "summary_csf_p95": 455.1454647336154,
  "summary_csf_stdv": 120.05231344778318,
  "summary_gm_k": 0.16082139125810624,
  "summary_gm_mad": 63.18210549694948,
  "summary_gm_mean": 698.915257628597,
  "summary_gm_median": 699.0579032134265,
  "summary_gm_n": 46205.0,
  "summary_gm_p05": 590.5791013948619,
  "summary_gm_p95": 806.7608668580651,
  "summary_gm_stdv": 65.15736430183584,
  "summary_wm_k": 0.4910143166409102,
  "summary_wm_mad": 37.136946273889684,
  "summary_wm_mean": 998.4752163012674,
  "summary_wm_median": 999.9999891780317,
  "summary_wm_n": 182937.0,
  "summary_wm_p05": 932.3579838141799,
  "summary_wm_p95": 1059.7672370765358,
  "summary_wm_stdv": 39.000533293387875,
  "tpm_overlap_csf": 0.15364863912931304,
  "tpm_overlap_gm": 0.4762524437244842,
  "tpm_overlap_wm": 0.494912519817629,
  "wm2max": 0.7423660258419886
}