{
  "aor": 0.0025670104633781768,
  "aqi": 0.013106637100149475,
  "bids_meta": {
    "AccelFactPE": 2,
    "AcquisitionNumber": 1,
    "AcquisitionTime": "13:06:40.262500",
    "BandwidthPerPixelPhaseEncode": 22.894,
    "BodyPartExamined": "BRAIN",
    "ConversionSoftware": "dcm2niix",
    "ConversionSoftwareVersion": "v1.0.20170724 (OpenJPEG build) GCC6.1.0",
    "DeviceSerialNumber": "167045",
    "EchoTime": 0.027,
    "EchoTrainLength": 74,
    "EffectiveEchoSpacing": 0.000519995,
    "FlipAngle": 66,
    "ImageType": [
      "ORIGINAL",
      "PRIMARY",
      "M",
      "ND",
      "NORM",
      "MOSAIC"
    ],
    "InstitutionAddress": "De_Pintelaan_185_Gent_District_BE_9000",
    "InstitutionName": "UZ_Gent",
    "MagneticFieldStrength": 3,
    "Manufacturer": "Siemens",
    "ManufacturersModelName": "Prisma_fit",
    "PhaseEncodingDirection": "j-",
    "PhaseEncodingLines": 84,
    "ProcedureStepDescription": "MR_hersenen_(structuur_alleen)_O",
    "ProtocolName": "ep2d_bold_TASK_BETTING",
    "RepetitionTime": 1.72,
    "ScanningSequence": "EP",
    "SequenceName": "_epfid2d1_84",
    "SequenceVariant": "SK",
    "SeriesDescription": "ep2d_bold_TASK_BETTING",
    "SliceTiming": [
      1.2425,
      0,
      0.85,
      0.0675,
      0.9175,
      0.1325,
      0.9825,
      0.1975,
      1.0475,
      0.2625,
      1.1125,
      0.3275,
      1.1775,
      0.46,
      1.3075,
      0.525,
      1.375,
      0.59,
      1.44,
      0.655,
      1.505,
      0.72,
      1.57,
      0.785,
      1.635,
      0.3925,
      1.2425,
      0,
      0.85,
      0.0675,
      0.9175,
      0.1325,
      0.9825,
      0.1975,
      1.0475,
      0.2625,
      1.1125,
      0.3275,
      1.1775,
      0.46,
      1.3075,
      0.525,
      1.375,
      0.59,
      1.44,
      0.655,
      1.505,
      0.72,
      1.57,
      0.785,
      1.635,
      0.3925
    ],
    "SoftwareVersions": "syngo_MR_E11",
    "TaskName": "cueexposure",
    "TotalReadoutTime": 0.0374396,
    "TrueEchoSpacing": 0.00103999,
    "dataset": "ds002513",
    "modality": "bold",
    "subject_id": "13",
    "task_id": "cueexposure"
  },
  "dummy_trs": 1,
  "dvars_nstd": 29.98361616359278,
  "dvars_std": 1.3202729307634724,
  "dvars_vstd": 0.9686881672006,
  "efc": 0.5525536171759461,
  "fber": 2402.596923828125,
  "fd_mean": 0.19443543284474624,
  "fd_num": 200,
  "fd_perc": 29.895366218236173,
  "fwhm_avg": 1.9541079999999997,
  "fwhm_x": 1.8392959999999998,
  "fwhm_y": 2.077988,
  "fwhm_z": 1.9450399999999999,
  "gcor": 0.0350351,
  "gsr_x": 0.0025007922668009996,
  "gsr_y": 0.047360219061374664,
  "provenance": {
    "md5sum": "298d96d948a177f6c44e546a310ba578",
    "settings": {
      "fd_thres": 0.2,
      "testing": false
    },
    "software": "mriqc",
    "version": "23.0.1",
    "webapi_port": null,
    "webapi_url": "https://mriqc.nimh.nih.gov/api/v1"
  },
  "size_t": 669,
  "size_x": 84,
  "size_y": 84,
  "size_z": 52,
  "snr": 5.658218961684161,
  "spacing_tr": 1.7200000286102295,
  "spacing_x": 2.5,
  "spacing_y": 2.5,
  "spacing_z": 2.5,
  "summary_bg_k": 21.440972451279343,
  "summary_bg_mad": 17.135248494530313,
  "summary_bg_mean": 56.16667938232422,
  "summary_bg_median": 19.85799789428711,
  "summary_bg_n": 223002.0,
  "summary_bg_p05": 6.188340663909912,
  "summary_bg_p95": 224.70052642822247,
  "summary_bg_stdv": 94.46327209472656,
  "summary_fg_k": 1.5411443292063378,
  "summary_fg_mad": 175.22848835223724,
  "summary_fg_mean": 999.9666137695312,
  "summary_fg_median": 989.183837890625,
  "summary_fg_n": 83431.0,
  "summary_fg_p05": 745.0097045898438,
  "summary_fg_p95": 1286.828125,
  "summary_fg_stdv": 174.82142639160156,
  "tsnr": 49.22480195760727
}