{
  "bids_meta": {
    "AccelFactPE": 2,
    "AcquisitionNumber": 1,
    "AcquisitionTime": "10:12:45.235000",
    "BodyPartExamined": "BRAIN",
    "ConversionSoftware": "dcm2niix",
    "ConversionSoftwareVersion": "v1.0.20170724 (OpenJPEG build) GCC6.1.0",
    "DeviceSerialNumber": "167045",
    "EchoTime": 0.00418,
    "FlipAngle": 9,
    "ImageType": [
      "ORIGINAL",
      "PRIMARY",
      "M",
      "ND",
      "NORM"
    ],
    "InstitutionAddress": "De_Pintelaan_185_Gent_District_BE_9000",
    "InstitutionName": "UGent",
    "InversionTime": 0.9,
    "MagneticFieldStrength": 3,
    "Manufacturer": "Siemens",
    "ManufacturersModelName": "Prisma_fit",
    "PhaseEncodingDirection": "i-",
    "PhaseEncodingLines": 256,
    "ProcedureStepDescription": "MR_hersenen_(structuur_alleen)_O",
    "ProtocolName": "T1_mprage",
    "RepetitionTime": 2.25,
    "ScanningSequence": "GR_IR",
    "SequenceName": "_tfl3d1_16ns",
    "SequenceVariant": "SK_SP_MP",
    "SeriesDescription": "T1_mprage",
    "SoftwareVersions": "syngo_MR_E11",
    "dataset": "ds002513",
    "modality": "T1w",
    "subject_id": "29"
  },
  "cjv": 0.3275786970054009,
  "cnr": 4.0535007794047,
  "efc": 0.5278534697641791,
  "fber": 27409.293131803588,
  "fwhm_avg": 4.107306666666667,
  "fwhm_x": 4.24501,
  "fwhm_y": 4.17361,
  "fwhm_z": 3.9033,
  "icvs_csf": 0.18059828150477017,
  "icvs_gm": 0.46923968566684665,
  "icvs_wm": 0.3501620328283832,
  "inu_med": 0.5721206665039062,
  "inu_range": 0.32722330689430235,
  "provenance": {
    "md5sum": "0f7f903615bda011f9d8b7f1230d44dc",
    "settings": {
      "testing": false
    },
    "software": "mriqc",
    "version": "23.0.1",
    "warnings": {
      "large_rot_frame": true,
      "small_air_mask": false
    },
    "webapi_port": null,
    "webapi_url": "https://mriqc.nimh.nih.gov/api/v1"
  },
  "qi_1": 0.0,
  "qi_2": 0.008513124380247403,
  "rpve_csf": 26.244501617440868,
  "rpve_gm": 11.364517208818988,
  "rpve_wm": 16.870393314956928,
  "size_x": 176,
  "size_y": 256,
  "size_z": 256,
  "snr_csf": 2.0645294653047888,
  "snr_gm": 12.140032288505655,
  "snr_total": 12.477399076419545,
  "snr_wm": 23.227635475448185,
  "snrd_csf": 26.077310086605117,
  "snrd_gm": 70.29689643595967,
  "snrd_total": 65.33366609148139,
  "snrd_wm": 99.6267917518794,
  "spacing_x": 1.0,
  "spacing_y": 1.0,
  "spacing_z": 1.0,
  "summary_bg_k": 13.802109736200872,
  "summary_bg_mad": 0.0,
  "summary_bg_mean": 3.6288378588409405,
  "summary_bg_median": 0.0,
  "summary_bg_n": 2829551.0,
  "summary_bg_p05": 0.0,
  "summary_bg_p95": 16.306085161864758,
  "summary_bg_stdv": 6.575905697151369,
  "summary_csf_k": 0.8107266298763496,
  "summary_csf_mad": 119.71845458846455,
  "summary_csf_mean": 264.25617921042596,
  "summary_csf_median": 261.7499683499336,
  "summary_csf_n": 28586.0,
  "summary_csf_p05": 64.90461348742247,
  "summary_csf_p95": 484.1823773253709,
  "summary_csf_stdv": 126.78210430953237,
  "summary_gm_k": 0.1432062600415298,
  "summary_gm_mad": 56.56736481654683,
  "summary_gm_mean": 705.0882927498035,
  "summary_gm_median": 705.6023169606924,
  "summary_gm_n": 60051.0,
  "summary_gm_p05": 608.2986845895648,
  "summary_gm_p95": 800.8987732715905,
  "summary_gm_stdv": 58.121463365362345,
  "summary_wm_k": 0.633490438061763,
  "summary_wm_mad": 39.871038329726204,
  "summary_wm_mean": 999.547939562718,
  "summary_wm_median": 999.9999808743596,
  "summary_wm_n": 201892.0,
  "summary_wm_p05": 927.9903193861246,
  "summary_wm_p95": 1069.3097241222858,
  "summary_wm_stdv": 43.05205776785649,
  "tpm_overlap_csf": 0.16431037110379682,
  "tpm_overlap_gm": 0.48111552153682136,
  "tpm_overlap_wm": 0.5102840097554762,
  "wm2max": 0.5826502732240437
}