{
  "aor": 0.0019212582781456952,
  "aqi": 0.005663237417218543,
  "bids_meta": {
    "AccelFactPE": 2,
    "AcquisitionNumber": 1,
    "AcquisitionTime": "14:38:44.575000",
    "BandwidthPerPixelPhaseEncode": 22.894,
    "BodyPartExamined": "BRAIN",
    "ConversionSoftware": "dcm2niix",
    "ConversionSoftwareVersion": "v1.0.20170724 (OpenJPEG build) GCC6.1.0",
    "DeviceSerialNumber": "167045",
    "EchoTime": 0.027,
    "EchoTrainLength": 74,
    "EffectiveEchoSpacing": 0.000519995,
    "FlipAngle": 66,
    "ImageType": [
      "ORIGINAL",
      "PRIMARY",
      "M",
      "ND",
      "NORM",
      "MOSAIC"
    ],
    "InstitutionAddress": "De_Pintelaan_185_Gent_District_BE_9000",
    "InstitutionName": "UGent",
    "MagneticFieldStrength": 3,
    "Manufacturer": "Siemens",
    "ManufacturersModelName": "Prisma_fit",
    "PhaseEncodingDirection": "j-",
    "PhaseEncodingLines": 84,
    "ProcedureStepDescription": "MR_hersenen_(structuur_alleen)_O",
    "ProtocolName": "ep2d_bold_TASK_BETTING",
    "RepetitionTime": 1.72,
    "ScanningSequence": "EP",
    "SequenceName": "_epfid2d1_84",
    "SequenceVariant": "SK",
    "SeriesDescription": "ep2d_bold_TASK_BETTING",
    "SliceTiming": [
      1.2425,
      0,
      0.85,
      0.065,
      0.915,
      0.13,
      0.98,
      0.195,
      1.045,
      0.26,
      1.11,
      0.3275,
      1.1775,
      0.4575,
      1.3075,
      0.5225,
      1.3725,
      0.5875,
      1.4375,
      0.6525,
      1.5025,
      0.7175,
      1.5675,
      0.785,
      1.635,
      0.3925,
      1.2425,
      0,
      0.85,
      0.065,
      0.915,
      0.13,
      0.98,
      0.195,
      1.045,
      0.26,
      1.11,
      0.3275,
      1.1775,
      0.4575,
      1.3075,
      0.5225,
      1.3725,
      0.5875,
      1.4375,
      0.6525,
      1.5025,
      0.7175,
      1.5675,
      0.785,
      1.635,
      0.3925
    ],
    "SoftwareVersions": "syngo_MR_E11",
    "TaskName": "cueexposure",
    "TotalReadoutTime": 0.0374396,
    "TrueEchoSpacing": 0.00103999,
    "dataset": "ds002513",
    "modality": "bold",
    "subject_id": "23",
    "task_id": "cueexposure"
  },
  "dummy_trs": 0,
  "dvars_nstd": 28.530771713266663,
  "dvars_std": 1.3629915170666664,
  "dvars_vstd": 1.0278898592666663,
  "efc": 0.5405049035697511,
  "fber": 1901.296875,
  "fd_mean": 0.12980817447140172,
  "fd_num": 19,
  "fd_perc": 12.582781456953642,
  "fwhm_avg": 1.8913306666666667,
  "fwhm_x": 1.793036,
  "fwhm_y": 1.9886320000000002,
  "fwhm_z": 1.892324,
  "gcor": 0.0280746,
  "gsr_x": 0.009052210487425327,
  "gsr_y": 0.03319881111383438,
  "provenance": {
    "md5sum": "4b7dc2abc03f36af99f56c4d338722ab",
    "settings": {
      "fd_thres": 0.2,
      "testing": false
    },
    "software": "mriqc",
    "version": "23.0.1",
    "webapi_port": null,
    "webapi_url": "https://mriqc.nimh.nih.gov/api/v1"
  },
  "size_t": 151,
  "size_x": 84,
  "size_y": 84,
  "size_z": 52,
  "snr": 6.012548921394566,
  "spacing_tr": 1.7200000286102295,
  "spacing_x": 2.5,
  "spacing_y": 2.5,
  "spacing_z": 2.5,
  "summary_bg_k": 18.88353652139887,
  "summary_bg_mad": 17.40830183089636,
  "summary_bg_mean": 59.168460845947266,
  "summary_bg_median": 21.205297470092773,
  "summary_bg_n": 232896.0,
  "summary_bg_p05": 7.7284770011901855,
  "summary_bg_p95": 243.64569091796875,
  "summary_bg_stdv": 100.91871643066406,
  "summary_fg_k": 1.7882973032244163,
  "summary_fg_mad": 152.77680155820494,
  "summary_fg_mean": 951.9138793945312,
  "summary_fg_median": 938.25830078125,
  "summary_fg_n": 73837.0,
  "summary_fg_p05": 734.6171997070312,
  "summary_fg_p95": 1212.4343994140625,
  "summary_fg_stdv": 156.0489501953125,
  "tsnr": 70.50096521154046
}