{
  "aor": 0.0013210164424514203,
  "aqi": 0.006498196562032884,
  "bids_meta": {
    "AccelFactPE": 2,
    "AcquisitionNumber": 1,
    "AcquisitionTime": "16:30:24.060000",
    "BandwidthPerPixelPhaseEncode": 22.894,
    "BodyPartExamined": "BRAIN",
    "ConversionSoftware": "dcm2niix",
    "ConversionSoftwareVersion": "v1.0.20170724 (OpenJPEG build) GCC6.1.0",
    "DeviceSerialNumber": "167045",
    "EchoTime": 0.027,
    "EchoTrainLength": 74,
    "EffectiveEchoSpacing": 0.000519995,
    "FlipAngle": 66,
    "ImageType": [
      "ORIGINAL",
      "PRIMARY",
      "M",
      "ND",
      "NORM",
      "MOSAIC"
    ],
    "InstitutionAddress": "De_Pintelaan_185_Gent_District_BE_9000",
    "InstitutionName": "UZ_Gent",
    "MagneticFieldStrength": 3,
    "Manufacturer": "Siemens",
    "ManufacturersModelName": "Prisma_fit",
    "PhaseEncodingDirection": "j-",
    "PhaseEncodingLines": 84,
    "ProcedureStepDescription": "MR_hersenen_(structuur_alleen)_O",
    "ProtocolName": "ep2d_bold_TASK_BETTING",
    "RepetitionTime": 1.72,
    "ScanningSequence": "EP",
    "SequenceName": "_epfid2d1_84",
    "SequenceVariant": "SK",
    "SeriesDescription": "ep2d_bold_TASK_BETTING",
    "SliceTiming": [
      1.2425,
      0,
      0.85,
      0.065,
      0.915,
      0.13,
      0.98,
      0.1975,
      1.0475,
      0.2625,
      1.1125,
      0.3275,
      1.1775,
      0.4575,
      1.3075,
      0.5225,
      1.3725,
      0.59,
      1.44,
      0.655,
      1.505,
      0.72,
      1.57,
      0.785,
      1.635,
      0.3925,
      1.2425,
      0,
      0.85,
      0.065,
      0.915,
      0.13,
      0.98,
      0.1975,
      1.0475,
      0.2625,
      1.1125,
      0.3275,
      1.1775,
      0.4575,
      1.3075,
      0.5225,
      1.3725,
      0.59,
      1.44,
      0.655,
      1.505,
      0.72,
      1.57,
      0.785,
      1.635,
      0.3925
    ],
    "SoftwareVersions": "syngo_MR_E11",
    "TaskName": "cueexposure",
    "TotalReadoutTime": 0.0374396,
    "TrueEchoSpacing": 0.00103999,
    "dataset": "ds002513",
    "modality": "bold",
    "subject_id": "17",
    "task_id": "cueexposure"
  },
  "dummy_trs": 1,
  "dvars_nstd": 24.700563293637735,
  "dvars_std": 1.2578438078892213,
  "dvars_vstd": 0.9938952317964068,
  "efc": 0.5566755074358087,
  "fber": 1819.3031005859375,
  "fd_mean": 0.10444842527703205,
  "fd_num": 72,
  "fd_perc": 10.762331838565023,
  "fwhm_avg": 2.053596,
  "fwhm_x": 1.9241240000000002,
  "fwhm_y": 2.184428,
  "fwhm_z": 2.0522359999999997,
  "gcor": 0.0365596,
  "gsr_x": -0.0046556368470191956,
  "gsr_y": 0.05537097156047821,
  "provenance": {
    "md5sum": "97cc4f111182e62647b47567ddbd2922",
    "settings": {
      "fd_thres": 0.2,
      "testing": false
    },
    "software": "mriqc",
    "version": "23.0.1",
    "webapi_port": null,
    "webapi_url": "https://mriqc.nimh.nih.gov/api/v1"
  },
  "size_t": 669,
  "size_x": 84,
  "size_y": 84,
  "size_z": 52,
  "snr": 5.3843569952052395,
  "spacing_tr": 1.7200000286102295,
  "spacing_x": 2.5,
  "spacing_y": 2.5,
  "spacing_z": 2.5,
  "summary_bg_k": 18.079641726939535,
  "summary_bg_mad": 21.341492632287025,
  "summary_bg_mean": 67.73580169677734,
  "summary_bg_median": 23.926755905151367,
  "summary_bg_n": 225487.0,
  "summary_bg_p05": 6.853512763977051,
  "summary_bg_p95": 278.55710754394426,
  "summary_bg_stdv": 112.55520629882812,
  "summary_fg_k": 1.09545733969974,
  "summary_fg_mad": 187.27553628617588,
  "summary_fg_mean": 1063.5833740234375,
  "summary_fg_median": 1045.9178466796875,
  "summary_fg_n": 80451.0,
  "summary_fg_p05": 790.8572387695312,
  "summary_fg_p95": 1409.6890869140625,
  "summary_fg_stdv": 194.25,
  "tsnr": 65.3530917596072
}