{
  "bids_meta": {
    "AccelFactPE": 2,
    "AcquisitionNumber": 1,
    "AcquisitionTime": "11:28:33.767500",
    "BodyPartExamined": "BRAIN",
    "ConversionSoftware": "dcm2niix",
    "ConversionSoftwareVersion": "v1.0.20170724 (OpenJPEG build) GCC6.1.0",
    "DeviceSerialNumber": "167045",
    "EchoTime": 0.00418,
    "FlipAngle": 9,
    "ImageType": [
      "ORIGINAL",
      "PRIMARY",
      "M",
      "ND",
      "NORM"
    ],
    "InstitutionAddress": "De_Pintelaan_185_Gent_District_BE_9000",
    "InstitutionName": "UZ_Gent",
    "InversionTime": 0.9,
    "MagneticFieldStrength": 3,
    "Manufacturer": "Siemens",
    "ManufacturersModelName": "Prisma_fit",
    "PhaseEncodingDirection": "i-",
    "PhaseEncodingLines": 256,
    "ProcedureStepDescription": "MR_hersenen_(structuur_alleen)_O",
    "ProtocolName": "T1_mprage",
    "RepetitionTime": 2.25,
    "ScanningSequence": "GR_IR",
    "SequenceName": "_tfl3d1_16ns",
    "SequenceVariant": "SK_SP_MP",
    "SeriesDescription": "T1_mprage",
    "SoftwareVersions": "syngo_MR_E11",
    "dataset": "ds002513",
    "modality": "T1w",
    "subject_id": "4"
  },
  "cjv": 0.3557386644878474,
  "cnr": 3.764484237341911,
  "efc": 0.4983391514745586,
  "fber": -1.0,
  "fwhm_avg": 4.091613333333334,
  "fwhm_x": 4.13001,
  "fwhm_y": 4.3068,
  "fwhm_z": 3.83803,
  "icvs_csf": 0.2262965480986623,
  "icvs_gm": 0.41877709630690163,
  "icvs_wm": 0.3549263555944361,
  "inu_med": 0.4965765029191971,
  "inu_range": 0.21047166883945467,
  "provenance": {
    "md5sum": "cd029f938c4182184ea27718066d2de9",
    "settings": {
      "testing": false
    },
    "software": "mriqc",
    "version": "23.0.1",
    "warnings": {
      "large_rot_frame": true,
      "small_air_mask": false
    },
    "webapi_port": null,
    "webapi_url": "https://mriqc.nimh.nih.gov/api/v1"
  },
  "qi_1": 0.0,
  "qi_2": 0.023757406420139526,
  "rpve_csf": 20.09984817173464,
  "rpve_gm": 11.080974789817535,
  "rpve_wm": 15.378070731602476,
  "size_x": 176,
  "size_y": 256,
  "size_z": 256,
  "snr_csf": 1.9999838029445005,
  "snr_gm": 10.789267166050198,
  "snr_total": 12.76562510662213,
  "snr_wm": 25.50762435087169,
  "snrd_csf": 36.09641151470015,
  "snrd_gm": 102.98902938499627,
  "snrd_total": 94.65353441675518,
  "snrd_wm": 144.87516235056913,
  "spacing_x": 1.0,
  "spacing_y": 1.0,
  "spacing_z": 1.0,
  "summary_bg_k": 19.005105042850168,
  "summary_bg_mad": 0.0,
  "summary_bg_mean": 2.273559592753286,
  "summary_bg_median": 0.0,
  "summary_bg_n": 3437442.0,
  "summary_bg_p05": 0.0,
  "summary_bg_p95": 11.243346691131592,
  "summary_bg_stdv": 4.522210568576347,
  "summary_csf_k": 0.6257656508435265,
  "summary_csf_mad": 120.3655589893714,
  "summary_csf_mean": 261.79573808558877,
  "summary_csf_median": 249.16272953152657,
  "summary_csf_n": 54850.0,
  "summary_csf_p05": 75.48741104900837,
  "summary_csf_p95": 484.706357333064,
  "summary_csf_stdv": 124.58123803009767,
  "summary_gm_k": -0.025117477005793365,
  "summary_gm_mad": 66.18997405934861,
  "summary_gm_mean": 711.2600764217514,
  "summary_gm_median": 710.9024580717087,
  "summary_gm_n": 45377.0,
  "summary_gm_p05": 602.9543688297272,
  "summary_gm_p95": 820.2260631322861,
  "summary_gm_stdv": 65.88905565104915,
  "summary_wm_k": 0.8018488205562155,
  "summary_wm_mad": 36.663836937093976,
  "summary_wm_mean": 1000.4255277272492,
  "summary_wm_median": 1000.0299026370049,
  "summary_wm_n": 236674.0,
  "summary_wm_p05": 937.2944203019142,
  "summary_wm_p95": 1064.5894385576248,
  "summary_wm_stdv": 39.20505399503544,
  "tpm_overlap_csf": 0.15483937474419654,
  "tpm_overlap_gm": 0.4682529949335062,
  "tpm_overlap_wm": 0.5186043703209967,
  "wm2max": 0.6369751574831529
}