{
  "bids_meta": {
    "AccelFactPE": 2,
    "AcquisitionNumber": 1,
    "AcquisitionTime": "12:46:55.727500",
    "BodyPartExamined": "BRAIN",
    "ConversionSoftware": "dcm2niix",
    "ConversionSoftwareVersion": "v1.0.20170724 (OpenJPEG build) GCC6.1.0",
    "DeviceSerialNumber": "167045",
    "EchoTime": 0.00418,
    "FlipAngle": 9,
    "ImageType": [
      "ORIGINAL",
      "PRIMARY",
      "M",
      "ND",
      "NORM"
    ],
    "InstitutionAddress": "De_Pintelaan_185_Gent_District_BE_9000",
    "InstitutionName": "UGent",
    "InversionTime": 0.9,
    "MagneticFieldStrength": 3,
    "Manufacturer": "Siemens",
    "ManufacturersModelName": "Prisma_fit",
    "PhaseEncodingDirection": "i-",
    "PhaseEncodingLines": 256,
    "ProcedureStepDescription": "MR_hersenen_(structuur_alleen)_O",
    "ProtocolName": "T1_mprage",
    "RepetitionTime": 2.25,
    "ScanningSequence": "GR_IR",
    "SequenceName": "_tfl3d1_16ns",
    "SequenceVariant": "SK_SP_MP",
    "SeriesDescription": "T1_mprage",
    "SoftwareVersions": "syngo_MR_E11",
    "dataset": "ds002513",
    "modality": "T1w",
    "subject_id": "21"
  },
  "cjv": 0.34872811247524993,
  "cnr": 3.789820752281864,
  "efc": 0.4927459677811056,
  "fber": -1.0,
  "fwhm_avg": 4.014563333333333,
  "fwhm_x": 4.14106,
  "fwhm_y": 4.10589,
  "fwhm_z": 3.79674,
  "icvs_csf": 0.2433557273292193,
  "icvs_gm": 0.42191475004159945,
  "icvs_wm": 0.33472952262918126,
  "inu_med": 0.5229814648628235,
  "inu_range": 0.2303900390863418,
  "provenance": {
    "md5sum": "72a7ce8b137172ea4d3feb62f2598005",
    "settings": {
      "testing": false
    },
    "software": "mriqc",
    "version": "23.0.1",
    "warnings": {
      "large_rot_frame": true,
      "small_air_mask": false
    },
    "webapi_port": null,
    "webapi_url": "https://mriqc.nimh.nih.gov/api/v1"
  },
  "qi_1": 0.00010189731198615687,
  "qi_2": 0.008108470738139278,
  "rpve_csf": 21.280682707555254,
  "rpve_gm": 12.154848519844478,
  "rpve_wm": 17.76278420546543,
  "size_x": 176,
  "size_y": 256,
  "size_z": 256,
  "snr_csf": 1.8833058769336684,
  "snr_gm": 10.468457971842595,
  "snr_total": 12.052469994363479,
  "snr_wm": 23.805646134314177,
  "snrd_csf": 20.917765845965306,
  "snrd_gm": 64.93672412748765,
  "snrd_total": 59.5560302067722,
  "snrd_wm": 92.81360064686366,
  "spacing_x": 1.0,
  "spacing_y": 1.0,
  "spacing_z": 1.0,
  "summary_bg_k": 27.79087474311533,
  "summary_bg_mad": 0.0,
  "summary_bg_mean": 3.192617798114662,
  "summary_bg_median": 0.0,
  "summary_bg_n": 3521485.0,
  "summary_bg_p05": 0.0,
  "summary_bg_p95": 15.635210577398539,
  "summary_bg_stdv": 7.0587957706144895,
  "summary_csf_k": 0.0449849979250696,
  "summary_csf_mad": 127.85322426932571,
  "summary_csf_mean": 232.83362651100407,
  "summary_csf_median": 225.37938219308853,
  "summary_csf_n": 54215.0,
  "summary_csf_p05": 55.40092416666448,
  "summary_csf_p95": 441.2469412330538,
  "summary_csf_stdv": 119.67110938989518,
  "summary_gm_k": 0.2765260916181074,
  "summary_gm_mad": 63.94455392869447,
  "summary_gm_mean": 698.7067776819534,
  "summary_gm_median": 699.6635717824101,
  "summary_gm_n": 27823.0,
  "summary_gm_p05": 586.949677573517,
  "summary_gm_p95": 807.972499543801,
  "summary_gm_stdv": 66.83419851105417,
  "summary_wm_k": 0.5569964236183722,
  "summary_wm_mad": 40.799639627904384,
  "summary_wm_mean": 998.6306505340864,
  "summary_wm_median": 1000.0241960324347,
  "summary_wm_n": 185575.0,
  "summary_wm_p05": 927.9473274573684,
  "summary_wm_p95": 1064.1624437570572,
  "summary_wm_stdv": 42.00774454904263,
  "tpm_overlap_csf": 0.15319165740392843,
  "tpm_overlap_gm": 0.46783611253001445,
  "tpm_overlap_wm": 0.5030898018821809,
  "wm2max": 0.8179190751445087
}