{
  "aor": 0.0025204035874439464,
  "aqi": 0.01290073533632287,
  "bids_meta": {
    "AccelFactPE": 2,
    "AcquisitionNumber": 1,
    "AcquisitionTime": "11:57:42.810000",
    "BandwidthPerPixelPhaseEncode": 22.894,
    "BodyPartExamined": "BRAIN",
    "ConversionSoftware": "dcm2niix",
    "ConversionSoftwareVersion": "v1.0.20170724 (OpenJPEG build) GCC6.1.0",
    "DeviceSerialNumber": "167045",
    "EchoTime": 0.027,
    "EchoTrainLength": 74,
    "EffectiveEchoSpacing": 0.000519995,
    "FlipAngle": 66,
    "ImageType": [
      "ORIGINAL",
      "PRIMARY",
      "M",
      "ND",
      "NORM",
      "MOSAIC"
    ],
    "InstitutionAddress": "De_Pintelaan_185_Gent_District_BE_9000",
    "InstitutionName": "UGent",
    "MagneticFieldStrength": 3,
    "Manufacturer": "Siemens",
    "ManufacturersModelName": "Prisma_fit",
    "PhaseEncodingDirection": "j-",
    "PhaseEncodingLines": 84,
    "ProcedureStepDescription": "MR_hersenen_(structuur_alleen)_O",
    "ProtocolName": "ep2d_bold_TASK_BETTING",
    "RepetitionTime": 1.72,
    "ScanningSequence": "EP",
    "SequenceName": "_epfid2d1_84",
    "SequenceVariant": "SK",
    "SeriesDescription": "ep2d_bold_TASK_BETTING",
    "SliceTiming": [
      1.2425,
      0,
      0.85,
      0.065,
      0.915,
      0.1325,
      0.98,
      0.1975,
      1.0475,
      0.2625,
      1.1125,
      0.3275,
      1.1775,
      0.4575,
      1.3075,
      0.5225,
      1.3725,
      0.59,
      1.44,
      0.655,
      1.505,
      0.72,
      1.57,
      0.785,
      1.635,
      0.3925,
      1.2425,
      0,
      0.85,
      0.065,
      0.915,
      0.1325,
      0.98,
      0.1975,
      1.0475,
      0.2625,
      1.1125,
      0.3275,
      1.1775,
      0.4575,
      1.3075,
      0.5225,
      1.3725,
      0.59,
      1.44,
      0.655,
      1.505,
      0.72,
      1.57,
      0.785,
      1.635,
      0.3925
    ],
    "SoftwareVersions": "syngo_MR_E11",
    "TaskName": "cueexposure",
    "TotalReadoutTime": 0.0374396,
    "TrueEchoSpacing": 0.00103999,
    "dataset": "ds002513",
    "modality": "bold",
    "subject_id": "20",
    "task_id": "cueexposure"
  },
  "dummy_trs": 1,
  "dvars_nstd": 34.10586354540419,
  "dvars_std": 1.1925641529940116,
  "dvars_vstd": 0.9824280979341328,
  "efc": 0.5371228736431758,
  "fber": 2193.427490234375,
  "fd_mean": 0.41506540937557096,
  "fd_num": 536,
  "fd_perc": 80.11958146487295,
  "fwhm_avg": 1.9864213333333332,
  "fwhm_x": 1.8484839999999998,
  "fwhm_y": 2.175328,
  "fwhm_z": 1.9354520000000002,
  "gcor": 0.0256747,
  "gsr_x": -0.016559196636080742,
  "gsr_y": 0.05621855705976486,
  "provenance": {
    "md5sum": "f16df3a02addb2e7a92621a557193335",
    "settings": {
      "fd_thres": 0.2,
      "testing": false
    },
    "software": "mriqc",
    "version": "23.0.1",
    "webapi_port": null,
    "webapi_url": "https://mriqc.nimh.nih.gov/api/v1"
  },
  "size_t": 669,
  "size_x": 84,
  "size_y": 84,
  "size_z": 52,
  "snr": 5.886735438496137,
  "spacing_tr": 1.7200000286102295,
  "spacing_x": 2.5,
  "spacing_y": 2.5,
  "spacing_z": 2.5,
  "summary_bg_k": 25.362487878237413,
  "summary_bg_mad": 14.336254554986139,
  "summary_bg_mean": 55.48999786376953,
  "summary_bg_median": 19.375186920166016,
  "summary_bg_n": 233378.0,
  "summary_bg_p05": 8.200299263000488,
  "summary_bg_p95": 222.5535186767578,
  "summary_bg_stdv": 95.43660736083984,
  "summary_fg_k": 1.4681496201520998,
  "summary_fg_mad": 150.3012431541731,
  "summary_fg_mean": 937.8746948242188,
  "summary_fg_median": 924.8878784179688,
  "summary_fg_n": 73961.0,
  "summary_fg_p05": 718.3677368164062,
  "summary_fg_p95": 1203.8355712890625,
  "summary_fg_stdv": 157.11282348632812,
  "tsnr": 49.34114802163094
}