{
  "bids_meta": {
    "AccelFactPE": 2,
    "AcquisitionNumber": 1,
    "AcquisitionTime": "15:08:7.412500",
    "BodyPartExamined": "BRAIN",
    "ConversionSoftware": "dcm2niix",
    "ConversionSoftwareVersion": "v1.0.20170724 (OpenJPEG build) GCC6.1.0",
    "DeviceSerialNumber": "167045",
    "EchoTime": 0.00418,
    "FlipAngle": 9,
    "ImageType": [
      "ORIGINAL",
      "PRIMARY",
      "M",
      "ND",
      "NORM"
    ],
    "InstitutionAddress": "De_Pintelaan_185_Gent_District_BE_9000",
    "InstitutionName": "UGent",
    "InversionTime": 0.9,
    "MagneticFieldStrength": 3,
    "Manufacturer": "Siemens",
    "ManufacturersModelName": "Prisma_fit",
    "PhaseEncodingDirection": "i-",
    "PhaseEncodingLines": 256,
    "ProcedureStepDescription": "MR_hersenen_(structuur_alleen)_O",
    "ProtocolName": "T1_mprage",
    "RepetitionTime": 2.25,
    "ScanningSequence": "GR_IR",
    "SequenceName": "_tfl3d1_16ns",
    "SequenceVariant": "SK_SP_MP",
    "SeriesDescription": "T1_mprage",
    "SoftwareVersions": "syngo_MR_E11",
    "dataset": "ds002513",
    "modality": "T1w",
    "subject_id": "64"
  },
  "cjv": 0.35093707806323016,
  "cnr": 3.706277521699277,
  "efc": 0.5390729379955433,
  "fber": 20242.175625,
  "fwhm_avg": 3.9180566666666667,
  "fwhm_x": 4.08106,
  "fwhm_y": 3.97121,
  "fwhm_z": 3.7019,
  "icvs_csf": 0.21152395000863547,
  "icvs_gm": 0.42480230828237464,
  "icvs_wm": 0.36367374170898986,
  "inu_med": 0.5510872304439545,
  "inu_range": 0.28382790088653564,
  "provenance": {
    "md5sum": "1260269a9b0a70c630cce1f4f5300a74",
    "settings": {
      "testing": false
    },
    "software": "mriqc",
    "version": "23.0.1",
    "warnings": {
      "large_rot_frame": true,
      "small_air_mask": false
    },
    "webapi_port": null,
    "webapi_url": "https://mriqc.nimh.nih.gov/api/v1"
  },
  "qi_1": 2.2500363704509196e-05,
  "qi_2": 0.013902175728796316,
  "rpve_csf": 20.36958027945747,
  "rpve_gm": 10.61066353524578,
  "rpve_wm": 14.572901693007575,
  "size_x": 176,
  "size_y": 256,
  "size_z": 256,
  "snr_csf": 2.15636120982597,
  "snr_gm": 10.016975434029128,
  "snr_total": 12.089997690715913,
  "snr_wm": 24.096656428292647,
  "snrd_csf": 28.818213658029045,
  "snrd_gm": 79.56997877861241,
  "snrd_total": 74.10131093539844,
  "snrd_wm": 113.91574036955389,
  "spacing_x": 1.0,
  "spacing_y": 1.0,
  "spacing_z": 1.0,
  "summary_bg_k": 15.56549107718044,
  "summary_bg_mad": 0.0,
  "summary_bg_mean": 3.3872384806825333,
  "summary_bg_median": 0.0,
  "summary_bg_n": 3007038.0,
  "summary_bg_p05": 0.0,
  "summary_bg_p95": 14.938920680433512,
  "summary_bg_stdv": 5.751061273122218,
  "summary_csf_k": 1.1058188894793544,
  "summary_csf_mad": 104.85481489418783,
  "summary_csf_mean": 262.2643791923628,
  "summary_csf_median": 252.97833020612597,
  "summary_csf_n": 40592.0,
  "summary_csf_p05": 79.06471045184881,
  "summary_csf_p95": 471.1622122451663,
  "summary_csf_stdv": 117.31578778337472,
  "summary_gm_k": 0.14391126646244068,
  "summary_gm_mad": 67.39865641861698,
  "summary_gm_mean": 699.3233788473839,
  "summary_gm_median": 698.4985469542444,
  "summary_gm_n": 40064.0,
  "summary_gm_p05": 584.5902222672478,
  "summary_gm_p95": 816.0810897275805,
  "summary_gm_stdv": 69.73061222081004,
  "summary_wm_k": 0.8471440621678799,
  "summary_wm_mad": 38.409384065518,
  "summary_wm_mean": 999.7993287393738,
  "summary_wm_median": 1000.0000043325126,
  "summary_wm_n": 246498.0,
  "summary_wm_p05": 931.4322494119406,
  "summary_wm_p95": 1066.4120162688196,
  "summary_wm_stdv": 41.49944947309344,
  "tpm_overlap_csf": 0.1632041770265382,
  "tpm_overlap_gm": 0.4557861588559743,
  "tpm_overlap_wm": 0.5015663070475899,
  "wm2max": 0.571018248569269
}