{
  "bids_meta": {
    "AcquisitionNumber": 1,
    "AcquisitionTime": "12:43:7.977500",
    "BodyPartExamined": "BRAIN",
    "ConversionSoftware": "dcm2niix",
    "ConversionSoftwareVersion": "v1.0.20170724 (OpenJPEG build) GCC6.1.0",
    "DeviceSerialNumber": "167045",
    "EchoTime": 0.005,
    "FlipAngle": 40,
    "ImageType": [
      "ORIGINAL",
      "PRIMARY",
      "M",
      "ND",
      "NORM"
    ],
    "InstitutionAddress": "De_Pintelaan_185_Gent_District_BE_9000",
    "InstitutionName": "UZ_Gent",
    "MagneticFieldStrength": 3,
    "Manufacturer": "Siemens",
    "ManufacturersModelName": "Prisma_fit",
    "PhaseEncodingDirection": "i-",
    "PhaseEncodingLines": 128,
    "ProcedureStepDescription": "MR_hersenen_(structuur_alleen)_O",
    "ProtocolName": "localizer",
    "RepetitionTime": 0.02,
    "ScanningSequence": "GR",
    "SequenceName": "_fl2d1",
    "SequenceVariant": "SP",
    "SeriesDescription": "localizer",
    "SoftwareVersions": "syngo_MR_E11",
    "dataset": "ds002513",
    "modality": "T1w",
    "subject_id": "51"
  },
  "cjv": 0.35498728502592913,
  "cnr": 3.6928895217213706,
  "efc": 0.512720155542495,
  "fber": 37942.41776788279,
  "fwhm_avg": 3.9952199999999998,
  "fwhm_x": 4.14656,
  "fwhm_y": 4.12648,
  "fwhm_z": 3.71262,
  "icvs_csf": 0.21641490464445745,
  "icvs_gm": 0.42554582793008805,
  "icvs_wm": 0.3580392674254545,
  "inu_med": 0.5054085850715637,
  "inu_range": 0.25214626640081406,
  "provenance": {
    "md5sum": "66df5405a74962fc3289c04f9b48c096",
    "settings": {
      "testing": false
    },
    "software": "mriqc",
    "version": "23.0.1",
    "warnings": {
      "large_rot_frame": true,
      "small_air_mask": false
    },
    "webapi_port": null,
    "webapi_url": "https://mriqc.nimh.nih.gov/api/v1"
  },
  "qi_1": 0.00014634948924634254,
  "qi_2": 0.019556600496232215,
  "rpve_csf": 21.409475870586252,
  "rpve_gm": 11.356135479511753,
  "rpve_wm": 15.860773219003939,
  "size_x": 176,
  "size_y": 256,
  "size_z": 256,
  "snr_csf": 2.192639644344083,
  "snr_gm": 10.11047205085333,
  "snr_total": 12.926438728572933,
  "snr_wm": 26.476204490521386,
  "snrd_csf": 37.35111685879652,
  "snrd_gm": 100.43282720058937,
  "snrd_total": 93.32963716252077,
  "snrd_wm": 142.20496742817636,
  "spacing_x": 1.0,
  "spacing_y": 1.0,
  "spacing_z": 1.0,
  "summary_bg_k": 28.130182217122158,
  "summary_bg_mad": 0.0,
  "summary_bg_mean": 2.393534296799988,
  "summary_bg_median": 0.0,
  "summary_bg_n": 3068299.0,
  "summary_bg_p05": 0.0,
  "summary_bg_p95": 11.16090072505176,
  "summary_bg_stdv": 4.606986769601391,
  "summary_csf_k": 0.8123613897073434,
  "summary_csf_mad": 112.94169873390439,
  "summary_csf_mean": 269.505258633464,
  "summary_csf_median": 262.65690808556974,
  "summary_csf_n": 42971.0,
  "summary_csf_p05": 87.53374758176506,
  "summary_csf_p95": 480.4893009150401,
  "summary_csf_stdv": 119.78888210565975,
  "summary_gm_k": 0.08056730916079502,
  "summary_gm_mad": 67.42664805670434,
  "summary_gm_mean": 706.8783163938631,
  "summary_gm_median": 706.254004733637,
  "summary_gm_n": 41219.0,
  "summary_gm_p05": 591.5527878308669,
  "summary_gm_p95": 824.2394767126068,
  "summary_gm_stdv": 69.85286483524428,
  "summary_wm_k": 0.22828200427826761,
  "summary_wm_mad": 36.84944719378028,
  "summary_wm_mean": 999.5331563142117,
  "summary_wm_median": 1000.0000053625554,
  "summary_wm_n": 235254.0,
  "summary_wm_p05": 936.7641788106412,
  "summary_wm_p95": 1061.1483816541731,
  "summary_wm_stdv": 37.76968410845729,
  "tpm_overlap_csf": 0.1565581977972799,
  "tpm_overlap_gm": 0.45530595915160427,
  "tpm_overlap_wm": 0.49869856363881687,
  "wm2max": 0.7808813283263
}