{
  "bids_meta": {
    "AccelFactPE": 2,
    "AcquisitionNumber": 1,
    "AcquisitionTime": "09:19:30.297500",
    "BodyPartExamined": "BRAIN",
    "ConversionSoftware": "dcm2niix",
    "ConversionSoftwareVersion": "v1.0.20170724 (OpenJPEG build) GCC6.1.0",
    "DeviceSerialNumber": "167045",
    "EchoTime": 0.00418,
    "FlipAngle": 9,
    "ImageType": [
      "ORIGINAL",
      "PRIMARY",
      "M",
      "ND",
      "NORM"
    ],
    "InstitutionAddress": "De_Pintelaan_185_Gent_District_BE_9000",
    "InstitutionName": "UGent",
    "InversionTime": 0.9,
    "MagneticFieldStrength": 3,
    "Manufacturer": "Siemens",
    "ManufacturersModelName": "Prisma_fit",
    "PhaseEncodingDirection": "i-",
    "PhaseEncodingLines": 256,
    "ProcedureStepDescription": "MR_hersenen_(structuur_alleen)_O",
    "ProtocolName": "T1_mprage",
    "RepetitionTime": 2.25,
    "ScanningSequence": "GR_IR",
    "SequenceName": "_tfl3d1_16ns",
    "SequenceVariant": "SK_SP_MP",
    "SeriesDescription": "T1_mprage",
    "SoftwareVersions": "syngo_MR_E11",
    "dataset": "ds002513",
    "modality": "T1w",
    "subject_id": "28"
  },
  "cjv": 0.3770162982238622,
  "cnr": 3.4780308420788373,
  "efc": 0.513768935036654,
  "fber": -1.0,
  "fwhm_avg": 4.019920082007452,
  "fwhm_x": 4.1275702460223584,
  "fwhm_y": 4.17869,
  "fwhm_z": 3.7535,
  "icvs_csf": 0.22391715729679246,
  "icvs_gm": 0.4043976839082687,
  "icvs_wm": 0.37168515879493885,
  "inu_med": 0.48980192840099335,
  "inu_range": 0.2252173557877541,
  "provenance": {
    "md5sum": "24d8fba3c75afa269ebef223234e654f",
    "settings": {
      "testing": false
    },
    "software": "mriqc",
    "version": "23.0.1",
    "warnings": {
      "large_rot_frame": true,
      "small_air_mask": false
    },
    "webapi_port": null,
    "webapi_url": "https://mriqc.nimh.nih.gov/api/v1"
  },
  "qi_1": 0.0001675282404748229,
  "qi_2": 0.021367278436153575,
  "rpve_csf": 21.309222897869663,
  "rpve_gm": 11.860766113626827,
  "rpve_wm": 15.331868911726309,
  "size_x": 176,
  "size_y": 256,
  "size_z": 256,
  "snr_csf": 2.142569600339514,
  "snr_gm": 10.52317373299175,
  "snr_total": 12.32821438098698,
  "snr_wm": 24.318899809629677,
  "snrd_csf": 32.47952915054901,
  "snrd_gm": 99.49216619892172,
  "snrd_total": 89.95845346545998,
  "snrd_wm": 137.90366504690925,
  "spacing_x": 0.9999999403953552,
  "spacing_y": 1.0,
  "spacing_z": 1.0,
  "summary_bg_k": 34.97025801527662,
  "summary_bg_mad": 0.0,
  "summary_bg_mean": 1.9205192276346303,
  "summary_bg_median": 0.0,
  "summary_bg_n": 3183063.0,
  "summary_bg_p05": 0.0,
  "summary_bg_p95": 9.336419597268105,
  "summary_bg_stdv": 4.750864773369326,
  "summary_csf_k": 0.8958945610104587,
  "summary_csf_mad": 101.18531175790865,
  "summary_csf_mean": 242.44184210758885,
  "summary_csf_median": 235.53240347653627,
  "summary_csf_n": 52411.0,
  "summary_csf_p05": 80.28549248725176,
  "summary_csf_p95": 445.15817158296704,
  "summary_csf_stdv": 109.9288239941381,
  "summary_gm_k": 0.11218517309040488,
  "summary_gm_mad": 66.52262157967651,
  "summary_gm_mean": 721.6768257098099,
  "summary_gm_median": 721.4891854897141,
  "summary_gm_n": 25571.0,
  "summary_gm_p05": 607.1373355463147,
  "summary_gm_p95": 835.9374860487878,
  "summary_gm_stdv": 68.56059741016814,
  "summary_wm_k": 0.5870155126976662,
  "summary_wm_mad": 38.49503381179905,
  "summary_wm_mean": 1000.0019320364044,
  "summary_wm_median": 1000.0385635569692,
  "summary_wm_n": 223496.0,
  "summary_wm_p05": 932.7160338163376,
  "summary_wm_p95": 1067.254997620359,
  "summary_wm_stdv": 41.121775002983455,
  "tpm_overlap_csf": 0.16465197094488,
  "tpm_overlap_gm": 0.44464322215931784,
  "tpm_overlap_wm": 0.503018751895431,
  "wm2max": 0.5746240024065344
}