{
  "bids_meta": {
    "AccelFactPE": 2,
    "AcquisitionNumber": 1,
    "AcquisitionTime": "16:02:56.197500",
    "BodyPartExamined": "BRAIN",
    "ConversionSoftware": "dcm2niix",
    "ConversionSoftwareVersion": "v1.0.20170724 (OpenJPEG build) GCC6.1.0",
    "DeviceSerialNumber": "167045",
    "EchoTime": 0.00418,
    "FlipAngle": 9,
    "ImageType": [
      "ORIGINAL",
      "PRIMARY",
      "M",
      "ND",
      "NORM"
    ],
    "InstitutionAddress": "De_Pintelaan_185_Gent_District_BE_9000",
    "InstitutionName": "UZ_Gent",
    "InversionTime": 0.9,
    "MagneticFieldStrength": 3,
    "Manufacturer": "Siemens",
    "ManufacturersModelName": "Prisma_fit",
    "PhaseEncodingDirection": "i-",
    "PhaseEncodingLines": 256,
    "ProcedureStepDescription": "MR_hersenen_(structuur_alleen)_O",
    "ProtocolName": "T1_mprage",
    "RepetitionTime": 2.25,
    "ScanningSequence": "GR_IR",
    "SequenceName": "_tfl3d1_16ns",
    "SequenceVariant": "SK_SP_MP",
    "SeriesDescription": "T1_mprage",
    "SoftwareVersions": "syngo_MR_E11",
    "dataset": "ds002513",
    "modality": "T1w",
    "subject_id": "9"
  },
  "cjv": 0.371022072055027,
  "cnr": 3.60709449611378,
  "efc": 0.5482903791423992,
  "fber": 18522.3319458897,
  "fwhm_avg": 4.122446666666667,
  "fwhm_x": 4.11962,
  "fwhm_y": 4.3157,
  "fwhm_z": 3.93202,
  "icvs_csf": 0.23624978528540216,
  "icvs_gm": 0.4106078751864326,
  "icvs_wm": 0.3531423395281652,
  "inu_med": 0.509257972240448,
  "inu_range": 0.20324972122907636,
  "provenance": {
    "md5sum": "abf692f44838304ca2a8a78f1d051b42",
    "settings": {
      "testing": false
    },
    "software": "mriqc",
    "version": "23.0.1",
    "warnings": {
      "large_rot_frame": true,
      "small_air_mask": false
    },
    "webapi_port": null,
    "webapi_url": "https://mriqc.nimh.nih.gov/api/v1"
  },
  "qi_1": 0.0,
  "qi_2": 0.009546713914199024,
  "rpve_csf": 19.292974200547675,
  "rpve_gm": 10.994293574139917,
  "rpve_wm": 15.078935576887595,
  "size_x": 176,
  "size_y": 256,
  "size_z": 256,
  "snr_csf": 2.1574706642563823,
  "snr_gm": 10.544507349071482,
  "snr_total": 12.16160459057888,
  "snr_wm": 23.782835758408776,
  "snrd_csf": 22.37216650201904,
  "snrd_gm": 64.29476914914252,
  "snrd_total": 58.993230988318,
  "snrd_wm": 90.31275731379243,
  "spacing_x": 1.0,
  "spacing_y": 1.0,
  "spacing_z": 1.0,
  "summary_bg_k": 11.932189661275642,
  "summary_bg_mad": 0.0,
  "summary_bg_mean": 4.434423526733987,
  "summary_bg_median": 0.0,
  "summary_bg_n": 3112139.0,
  "summary_bg_p05": 0.0,
  "summary_bg_p95": 17.980209704488516,
  "summary_bg_stdv": 7.25408459185988,
  "summary_csf_k": 0.4601982327124676,
  "summary_csf_mad": 111.93866197228158,
  "summary_csf_mean": 253.9823310740493,
  "summary_csf_median": 247.71877781301737,
  "summary_csf_n": 67964.0,
  "summary_csf_p05": 78.23508805036545,
  "summary_csf_p95": 457.59056175127625,
  "summary_csf_stdv": 114.81822649267818,
  "summary_gm_k": 0.05140040976489235,
  "summary_gm_mad": 67.55706600927856,
  "summary_gm_mean": 711.5425863540703,
  "summary_gm_median": 711.9123501945287,
  "summary_gm_n": 37766.0,
  "summary_gm_p05": 599.969181638211,
  "summary_gm_p95": 821.9304427653551,
  "summary_gm_stdv": 67.51410011459701,
  "summary_wm_k": 0.6777844032039058,
  "summary_wm_mad": 39.32980015242326,
  "summary_wm_mean": 999.6328412469185,
  "summary_wm_median": 999.9999714232981,
  "summary_wm_n": 236184.0,
  "summary_wm_p05": 930.3892237879336,
  "summary_wm_p95": 1067.339129395783,
  "summary_wm_stdv": 42.04704033555053,
  "tpm_overlap_csf": 0.16540857105636092,
  "tpm_overlap_gm": 0.4679236660111921,
  "tpm_overlap_wm": 0.5198379579337963,
  "wm2max": 0.5355809877306938
}