{
  "aor": 0.001563437967115097,
  "aqi": 0.009246640358744394,
  "bids_meta": {
    "AccelFactPE": 2,
    "AcquisitionNumber": 1,
    "AcquisitionTime": "13:18:46.160000",
    "BandwidthPerPixelPhaseEncode": 22.894,
    "BodyPartExamined": "BRAIN",
    "ConversionSoftware": "dcm2niix",
    "ConversionSoftwareVersion": "v1.0.20170724 (OpenJPEG build) GCC6.1.0",
    "DeviceSerialNumber": "167045",
    "EchoTime": 0.027,
    "EchoTrainLength": 74,
    "EffectiveEchoSpacing": 0.000519995,
    "FlipAngle": 66,
    "ImageType": [
      "ORIGINAL",
      "PRIMARY",
      "M",
      "ND",
      "NORM",
      "MOSAIC"
    ],
    "InstitutionAddress": "De_Pintelaan_185_Gent_District_BE_9000",
    "InstitutionName": "UGent",
    "MagneticFieldStrength": 3,
    "Manufacturer": "Siemens",
    "ManufacturersModelName": "Prisma_fit",
    "PhaseEncodingDirection": "j-",
    "PhaseEncodingLines": 84,
    "ProcedureStepDescription": "MR_hersenen_(structuur_alleen)_O",
    "ProtocolName": "ep2d_bold_TASK_BETTING",
    "RepetitionTime": 1.72,
    "ScanningSequence": "EP",
    "SequenceName": "_epfid2d1_84",
    "SequenceVariant": "SK",
    "SeriesDescription": "ep2d_bold_TASK_BETTING",
    "SliceTiming": [
      1.2425,
      0,
      0.85,
      0.0675,
      0.9175,
      0.1325,
      0.9825,
      0.1975,
      1.0475,
      0.2625,
      1.1125,
      0.3275,
      1.1775,
      0.46,
      1.31,
      0.525,
      1.375,
      0.59,
      1.44,
      0.655,
      1.505,
      0.72,
      1.57,
      0.785,
      1.635,
      0.3925,
      1.2425,
      0,
      0.85,
      0.0675,
      0.9175,
      0.1325,
      0.9825,
      0.1975,
      1.0475,
      0.2625,
      1.1125,
      0.3275,
      1.1775,
      0.46,
      1.31,
      0.525,
      1.375,
      0.59,
      1.44,
      0.655,
      1.505,
      0.72,
      1.57,
      0.785,
      1.635,
      0.3925
    ],
    "SoftwareVersions": "syngo_MR_E11",
    "TaskName": "cueexposure",
    "TotalReadoutTime": 0.0374396,
    "TrueEchoSpacing": 0.00103999,
    "dataset": "ds002513",
    "modality": "bold",
    "subject_id": "42",
    "task_id": "cueexposure"
  },
  "dummy_trs": 1,
  "dvars_nstd": 27.549524929640747,
  "dvars_std": 1.3436709888323328,
  "dvars_vstd": 0.9754593190269474,
  "efc": 0.5494025419503484,
  "fber": 2256.194580078125,
  "fd_mean": 0.1001359082760796,
  "fd_num": 40,
  "fd_perc": 5.9790732436472345,
  "fwhm_avg": 1.9498893333333334,
  "fwhm_x": 1.8513480000000002,
  "fwhm_y": 2.058484,
  "fwhm_z": 1.9398360000000001,
  "gcor": 0.0130879,
  "gsr_x": -0.009811696596443653,
  "gsr_y": 0.04932679980993271,
  "provenance": {
    "md5sum": "4b08012768abd014ea4e3539a1c169a1",
    "settings": {
      "fd_thres": 0.2,
      "testing": false
    },
    "software": "mriqc",
    "version": "23.0.1",
    "webapi_port": null,
    "webapi_url": "https://mriqc.nimh.nih.gov/api/v1"
  },
  "size_t": 669,
  "size_x": 84,
  "size_y": 84,
  "size_z": 52,
  "snr": 5.814663123762669,
  "spacing_tr": 1.7200000286102295,
  "spacing_x": 2.5,
  "spacing_y": 2.5,
  "spacing_z": 2.5,
  "summary_bg_k": 10.921006157930346,
  "summary_bg_mad": 14.493598362282643,
  "summary_bg_mean": 62.60049057006836,
  "summary_bg_median": 19.24215316772461,
  "summary_bg_n": 230374.0,
  "summary_bg_p05": 7.43198823928833,
  "summary_bg_p95": 295.7056106567382,
  "summary_bg_stdv": 102.69232940673828,
  "summary_fg_k": 1.2840927074076918,
  "summary_fg_mad": 153.67872394051972,
  "summary_fg_mean": 939.2003784179688,
  "summary_fg_median": 924.3677368164062,
  "summary_fg_n": 76641.0,
  "summary_fg_p05": 715.2092895507812,
  "summary_fg_p95": 1213.0538330078125,
  "summary_fg_stdv": 158.97080993652344,
  "tsnr": 57.857335371896625
}