{
  "bids_meta": {
    "AccelFactPE": 2,
    "AcquisitionNumber": 1,
    "AcquisitionTime": "15:26:10.550000",
    "BodyPartExamined": "BRAIN",
    "ConversionSoftware": "dcm2niix",
    "ConversionSoftwareVersion": "v1.0.20170724 (OpenJPEG build) GCC6.1.0",
    "DeviceSerialNumber": "167045",
    "EchoTime": 0.00418,
    "FlipAngle": 9,
    "ImageType": [
      "ORIGINAL",
      "PRIMARY",
      "M",
      "ND",
      "NORM"
    ],
    "InstitutionAddress": "De_Pintelaan_185_Gent_District_BE_9000",
    "InstitutionName": "UZ_Gent",
    "InversionTime": 0.9,
    "MagneticFieldStrength": 3,
    "Manufacturer": "Siemens",
    "ManufacturersModelName": "Prisma_fit",
    "PhaseEncodingDirection": "i-",
    "PhaseEncodingLines": 256,
    "ProcedureStepDescription": "MR_hersenen_(structuur_alleen)_O",
    "ProtocolName": "T1_mprage",
    "RepetitionTime": 2.25,
    "ScanningSequence": "GR_IR",
    "SequenceName": "_tfl3d1_16ns",
    "SequenceVariant": "SK_SP_MP",
    "SeriesDescription": "T1_mprage",
    "SoftwareVersions": "syngo_MR_E11",
    "dataset": "ds002513",
    "modality": "T1w",
    "subject_id": "54"
  },
  "cjv": 0.35508706234557613,
  "cnr": 3.6185274781503605,
  "efc": 0.544371366195476,
  "fber": -1.0,
  "fwhm_avg": 3.819546666666666,
  "fwhm_x": 3.97115,
  "fwhm_y": 3.89864,
  "fwhm_z": 3.58885,
  "icvs_csf": 0.19115007755772764,
  "icvs_gm": 0.4207187753531442,
  "icvs_wm": 0.3881311470891281,
  "inu_med": 0.5264338850975037,
  "inu_range": 0.25415226221084597,
  "provenance": {
    "md5sum": "4797b7865606b5cfc3d0898289d9c42c",
    "settings": {
      "testing": false
    },
    "software": "mriqc",
    "version": "23.0.1",
    "warnings": {
      "large_rot_frame": true,
      "small_air_mask": false
    },
    "webapi_port": null,
    "webapi_url": "https://mriqc.nimh.nih.gov/api/v1"
  },
  "qi_1": 0.0,
  "qi_2": 0.010103976031492523,
  "rpve_csf": 23.291376173673093,
  "rpve_gm": 11.310923064670277,
  "rpve_wm": 14.507142513221948,
  "size_x": 176,
  "size_y": 256,
  "size_z": 256,
  "snr_csf": 2.003302660886965,
  "snr_gm": 9.852693270201955,
  "snr_total": 12.506979719836808,
  "snr_wm": 25.664943228421507,
  "snrd_csf": 30.306498232160184,
  "snrd_gm": 83.16130139090434,
  "snrd_total": 77.1634335136374,
  "snrd_wm": 118.02250091784767,
  "spacing_x": 1.0,
  "spacing_y": 1.0,
  "spacing_z": 1.0,
  "summary_bg_k": 16.471728012950177,
  "summary_bg_mad": 0.0,
  "summary_bg_mean": 2.756484769286564,
  "summary_bg_median": 0.0,
  "summary_bg_n": 2811596.0,
  "summary_bg_p05": 0.0,
  "summary_bg_p95": 13.261460348963737,
  "summary_bg_stdv": 5.550944769893935,
  "summary_csf_k": 1.1604799031962534,
  "summary_csf_mad": 123.55607562192087,
  "summary_csf_mean": 258.2874761811649,
  "summary_csf_median": 256.78575920313597,
  "summary_csf_n": 34348.0,
  "summary_csf_p05": 55.82931697629393,
  "summary_csf_p95": 478.2235251739621,
  "summary_csf_stdv": 128.17934413396097,
  "summary_gm_k": 0.14238719932286603,
  "summary_gm_mad": 68.95659629729413,
  "summary_gm_mean": 705.7285893917682,
  "summary_gm_median": 704.6224130019546,
  "summary_gm_n": 35995.0,
  "summary_gm_p05": 588.7372848518193,
  "summary_gm_p95": 826.4227249048648,
  "summary_gm_stdv": 71.5147225056884,
  "summary_wm_k": 0.8329290193371763,
  "summary_wm_mad": 35.92815478874402,
  "summary_wm_mean": 1000.7790386808759,
  "summary_wm_median": 999.9999758824706,
  "summary_wm_n": 257498.0,
  "summary_wm_p05": 938.7014990895987,
  "summary_wm_p95": 1065.8779497742653,
  "summary_wm_stdv": 38.963578653490806,
  "tpm_overlap_csf": 0.1699901161693677,
  "tpm_overlap_gm": 0.46377877611741086,
  "tpm_overlap_wm": 0.5316822075313135,
  "wm2max": 0.4788387173184512
}