{
  "bids_meta": {
    "AccelFactPE": 2,
    "AcquisitionNumber": 1,
    "AcquisitionTime": "12:57:31.642500",
    "BodyPartExamined": "BRAIN",
    "ConversionSoftware": "dcm2niix",
    "ConversionSoftwareVersion": "v1.0.20170724 (OpenJPEG build) GCC6.1.0",
    "DeviceSerialNumber": "167045",
    "EchoTime": 0.00418,
    "FlipAngle": 9,
    "ImageType": [
      "ORIGINAL",
      "PRIMARY",
      "M",
      "ND",
      "NORM"
    ],
    "InstitutionAddress": "De_Pintelaan_185_Gent_District_BE_9000",
    "InstitutionName": "UZ_Gent",
    "InversionTime": 0.9,
    "MagneticFieldStrength": 3,
    "Manufacturer": "Siemens",
    "ManufacturersModelName": "Prisma_fit",
    "PhaseEncodingDirection": "i-",
    "PhaseEncodingLines": 256,
    "ProcedureStepDescription": "MR_hersenen_(structuur_alleen)_O",
    "ProtocolName": "T1_mprage",
    "RepetitionTime": 2.25,
    "ScanningSequence": "GR_IR",
    "SequenceName": "_tfl3d1_16ns",
    "SequenceVariant": "SK_SP_MP",
    "SeriesDescription": "T1_mprage",
    "SoftwareVersions": "syngo_MR_E11",
    "dataset": "ds002513",
    "modality": "T1w",
    "subject_id": "13"
  },
  "cjv": 0.32414383279117875,
  "cnr": 4.05638121297123,
  "efc": 0.540119309400541,
  "fber": -1.0,
  "fwhm_avg": 4.02653,
  "fwhm_x": 4.11925,
  "fwhm_y": 4.1526,
  "fwhm_z": 3.80774,
  "icvs_csf": 0.20263318222439763,
  "icvs_gm": 0.44557907123406165,
  "icvs_wm": 0.3517877465415407,
  "inu_med": 0.5322924852371216,
  "inu_range": 0.2814351931214333,
  "provenance": {
    "md5sum": "f19a03b935acc7df55e9365d4dcb107d",
    "settings": {
      "testing": false
    },
    "software": "mriqc",
    "version": "23.0.1",
    "warnings": {
      "large_rot_frame": true,
      "small_air_mask": false
    },
    "webapi_port": null,
    "webapi_url": "https://mriqc.nimh.nih.gov/api/v1"
  },
  "qi_1": 1.347298913864344e-05,
  "qi_2": 0.01557243713802954,
  "rpve_csf": 21.20986083941369,
  "rpve_gm": 10.366753229676869,
  "rpve_wm": 15.080452835358464,
  "size_x": 176,
  "size_y": 256,
  "size_z": 256,
  "snr_csf": 2.3103961332417877,
  "snr_gm": 10.670895106612251,
  "snr_total": 12.915456967376548,
  "snr_wm": 25.7650796622756,
  "snrd_csf": 33.978311348239586,
  "snrd_gm": 84.50690664719703,
  "snrd_total": 80.17230846962805,
  "snrd_wm": 122.03170741344758,
  "spacing_x": 1.0,
  "spacing_y": 1.0,
  "spacing_z": 1.0,
  "summary_bg_k": 16.179615467450812,
  "summary_bg_mad": 0.0,
  "summary_bg_mean": 2.488610646929853,
  "summary_bg_median": 0.0,
  "summary_bg_n": 2591689.0,
  "summary_bg_p05": 0.0,
  "summary_bg_p95": 12.431398298591375,
  "summary_bg_stdv": 5.368575070278377,
  "summary_csf_k": 0.5932994487326764,
  "summary_csf_mad": 110.43080834445402,
  "summary_csf_mean": 279.9090769758949,
  "summary_csf_median": 278.43837593868375,
  "summary_csf_n": 42116.0,
  "summary_csf_p05": 83.43380781169981,
  "summary_csf_p95": 486.8202096261084,
  "summary_csf_stdv": 120.51399597678413,
  "summary_gm_k": 0.0936645441484929,
  "summary_gm_mad": 63.36749705726974,
  "summary_gm_mean": 693.5678455768124,
  "summary_gm_median": 692.4995654225349,
  "summary_gm_n": 59825.0,
  "summary_gm_p05": 588.059189081192,
  "summary_gm_p95": 802.6691948927937,
  "summary_gm_stdv": 64.89556600164767,
  "summary_wm_k": 0.595397775083363,
  "summary_wm_mad": 36.30686358631505,
  "summary_wm_mean": 999.468841995906,
  "summary_wm_median": 999.9999728351831,
  "summary_wm_n": 240334.0,
  "summary_wm_p05": 934.8494673706591,
  "summary_wm_p95": 1061.9906579963863,
  "summary_wm_stdv": 38.81214052131122,
  "tpm_overlap_csf": 0.16808404491973733,
  "tpm_overlap_gm": 0.47597064481610396,
  "tpm_overlap_wm": 0.5029747421622011,
  "wm2max": 0.5458816512375073
}