{
  "bids_meta": {
    "AccelFactPE": 2,
    "AcquisitionNumber": 1,
    "AcquisitionTime": "15:11:29.302500",
    "BodyPartExamined": "BRAIN",
    "ConversionSoftware": "dcm2niix",
    "ConversionSoftwareVersion": "v1.0.20170724 (OpenJPEG build) GCC6.1.0",
    "DeviceSerialNumber": "167045",
    "EchoTime": 0.00418,
    "FlipAngle": 9,
    "ImageType": [
      "ORIGINAL",
      "PRIMARY",
      "M",
      "ND",
      "NORM"
    ],
    "InstitutionAddress": "De_Pintelaan_185_Gent_District_BE_9000",
    "InstitutionName": "UZ_Gent",
    "InversionTime": 0.9,
    "MagneticFieldStrength": 3,
    "Manufacturer": "Siemens",
    "ManufacturersModelName": "Prisma_fit",
    "PhaseEncodingDirection": "i-",
    "PhaseEncodingLines": 256,
    "ProcedureStepDescription": "MR_hersenen_(structuur_alleen)_O",
    "ProtocolName": "T1_mprage",
    "RepetitionTime": 2.25,
    "ScanningSequence": "GR_IR",
    "SequenceName": "_tfl3d1_16ns",
    "SequenceVariant": "SK_SP_MP",
    "SeriesDescription": "T1_mprage",
    "SoftwareVersions": "syngo_MR_E11",
    "dataset": "ds002513",
    "modality": "T1w",
    "subject_id": "8"
  },
  "cjv": 0.38423034433867853,
  "cnr": 3.462142751442475,
  "efc": 0.528925598148857,
  "fber": 39279.63644628099,
  "fwhm_avg": 3.9810867470433364,
  "fwhm_x": 4.045490241130008,
  "fwhm_y": 4.20544,
  "fwhm_z": 3.69233,
  "icvs_csf": 0.22141804818013697,
  "icvs_gm": 0.40223318716101514,
  "icvs_wm": 0.37634876465884787,
  "inu_med": 0.47245895862579346,
  "inu_range": 0.18201497942209244,
  "provenance": {
    "md5sum": "de00d0af938d2d6960077d921e6a9a74",
    "settings": {
      "testing": false
    },
    "software": "mriqc",
    "version": "23.0.1",
    "warnings": {
      "large_rot_frame": true,
      "small_air_mask": false
    },
    "webapi_port": null,
    "webapi_url": "https://mriqc.nimh.nih.gov/api/v1"
  },
  "qi_1": 0.000242529027693002,
  "qi_2": 0.00773863520679947,
  "rpve_csf": 21.616185676452698,
  "rpve_gm": 11.935220409248164,
  "rpve_wm": 15.276428914505283,
  "size_x": 176,
  "size_y": 256,
  "size_z": 256,
  "snr_csf": 2.1215431626373578,
  "snr_gm": 9.913477061140275,
  "snr_total": 12.377110778604148,
  "snr_wm": 25.09631211203481,
  "snrd_csf": 25.620038004802854,
  "snrd_gm": 76.15123515737032,
  "snrd_total": 69.46607145837731,
  "snrd_wm": 106.62694121295876,
  "spacing_x": 0.9999999403953552,
  "spacing_y": 1.0,
  "spacing_z": 1.0,
  "summary_bg_k": 15.568179586535951,
  "summary_bg_mad": 0.0,
  "summary_bg_mean": 3.3675481223570904,
  "summary_bg_median": 0.0,
  "summary_bg_n": 2962809.0,
  "summary_bg_p05": 0.0,
  "summary_bg_p95": 14.637486588209867,
  "summary_bg_stdv": 6.144191917299755,
  "summary_csf_k": 1.1119692903549803,
  "summary_csf_mad": 101.99314909286852,
  "summary_csf_mean": 246.65612245928617,
  "summary_csf_median": 240.27733832225204,
  "summary_csf_n": 47187.0,
  "summary_csf_p05": 77.98955573402345,
  "summary_csf_p95": 458.7182858336716,
  "summary_csf_stdv": 113.25472727976474,
  "summary_gm_k": -0.018634925404986458,
  "summary_gm_mad": 72.25396045235149,
  "summary_gm_mean": 713.239764651942,
  "summary_gm_median": 714.1837998107076,
  "summary_gm_n": 24147.0,
  "summary_gm_p05": 593.7169998586178,
  "summary_gm_p95": 831.7801686696708,
  "summary_gm_stdv": 72.04021424591137,
  "summary_wm_k": 0.5888126699532346,
  "summary_wm_mad": 37.565290914337304,
  "summary_wm_mean": 999.6001126182467,
  "summary_wm_median": 999.9999852962792,
  "summary_wm_n": 242294.0,
  "summary_wm_p05": 933.6890324093401,
  "summary_wm_p95": 1063.8956102306017,
  "summary_wm_stdv": 39.84640919435978,
  "tpm_overlap_csf": 0.15942441234845006,
  "tpm_overlap_gm": 0.4581994814763428,
  "tpm_overlap_wm": 0.5221292153673546,
  "wm2max": 0.6962472932435385
}