{
  "bids_meta": {
    "AccelFactPE": 2,
    "AcquisitionNumber": 1,
    "AcquisitionTime": "17:10:43.805000",
    "BodyPartExamined": "BRAIN",
    "ConversionSoftware": "dcm2niix",
    "ConversionSoftwareVersion": "v1.0.20170724 (OpenJPEG build) GCC6.1.0",
    "DeviceSerialNumber": "167045",
    "EchoTime": 0.00418,
    "FlipAngle": 9,
    "ImageType": [
      "ORIGINAL",
      "PRIMARY",
      "M",
      "ND",
      "NORM"
    ],
    "InstitutionAddress": "De_Pintelaan_185_Gent_District_BE_9000",
    "InstitutionName": "UZ_Gent",
    "InversionTime": 0.9,
    "MagneticFieldStrength": 3,
    "Manufacturer": "Siemens",
    "ManufacturersModelName": "Prisma_fit",
    "PhaseEncodingDirection": "i-",
    "PhaseEncodingLines": 256,
    "ProcedureStepDescription": "MR_hersenen_(structuur_alleen)_O",
    "ProtocolName": "T1_mprage",
    "RepetitionTime": 2.25,
    "ScanningSequence": "GR_IR",
    "SequenceName": "_tfl3d1_16ns",
    "SequenceVariant": "SK_SP_MP",
    "SeriesDescription": "T1_mprage",
    "SoftwareVersions": "syngo_MR_E11",
    "dataset": "ds002513",
    "modality": "T1w",
    "subject_id": "56"
  },
  "cjv": 0.3795392948594844,
  "cnr": 3.54508289684229,
  "efc": 0.49916200823914786,
  "fber": 38057.506944444445,
  "fwhm_avg": 3.799576666666667,
  "fwhm_x": 3.85699,
  "fwhm_y": 3.91614,
  "fwhm_z": 3.6256,
  "icvs_csf": 0.22193793704414005,
  "icvs_gm": 0.4108013462128447,
  "icvs_wm": 0.36726071674301525,
  "inu_med": 0.498003289103508,
  "inu_range": 0.21602066755294796,
  "provenance": {
    "md5sum": "e09015b3bc656a8925c6ee16befbcb73",
    "settings": {
      "testing": false
    },
    "software": "mriqc",
    "version": "23.0.1",
    "warnings": {
      "large_rot_frame": true,
      "small_air_mask": false
    },
    "webapi_port": null,
    "webapi_url": "https://mriqc.nimh.nih.gov/api/v1"
  },
  "qi_1": 0.0,
  "qi_2": 0.005607977385673997,
  "rpve_csf": 22.211366277547015,
  "rpve_gm": 12.115528478503654,
  "rpve_wm": 16.051815642653832,
  "size_x": 176,
  "size_y": 256,
  "size_z": 256,
  "snr_csf": 2.117008887122388,
  "snr_gm": 9.916745783390912,
  "snr_total": 11.77793421392204,
  "snr_wm": 23.30004797125282,
  "snrd_csf": 22.11892483894199,
  "snrd_gm": 59.80832032790563,
  "snrd_total": 55.607439253843005,
  "snrd_wm": 84.8950725946814,
  "spacing_x": 1.0,
  "spacing_y": 1.0,
  "spacing_z": 1.0,
  "summary_bg_k": 26.586871550640154,
  "summary_bg_mad": 0.0,
  "summary_bg_mean": 3.841738180479211,
  "summary_bg_median": 0.0,
  "summary_bg_n": 3324245.0,
  "summary_bg_p05": 0.0,
  "summary_bg_p95": 17.466213639825583,
  "summary_bg_stdv": 7.717013290510204,
  "summary_csf_k": 0.6950021633804511,
  "summary_csf_mad": 118.30665043671537,
  "summary_csf_mean": 268.7429005903407,
  "summary_csf_median": 260.5442728474736,
  "summary_csf_n": 42105.0,
  "summary_csf_p05": 82.51534594669938,
  "summary_csf_p95": 486.7304222725331,
  "summary_csf_stdv": 123.07042281748483,
  "summary_gm_k": 0.040370805066958226,
  "summary_gm_mad": 69.85521436317777,
  "summary_gm_mean": 703.7644359418638,
  "summary_gm_median": 704.4969610199332,
  "summary_gm_n": 26118.0,
  "summary_gm_p05": 584.9693121271208,
  "summary_gm_p95": 820.8896484902128,
  "summary_gm_stdv": 71.03978356101707,
  "summary_wm_k": 0.26432578914971794,
  "summary_wm_mad": 42.29980271474505,
  "summary_wm_mean": 999.1276092525884,
  "summary_wm_median": 1000.0000053606927,
  "summary_wm_n": 222937.0,
  "summary_wm_p05": 927.3690083697438,
  "summary_wm_p95": 1067.3885038383305,
  "summary_wm_stdv": 42.918270546303866,
  "tpm_overlap_csf": 0.15529950617099111,
  "tpm_overlap_gm": 0.45277444571861336,
  "tpm_overlap_wm": 0.5063811110634191,
  "wm2max": 0.7320643369590373
}