{
  "aor": 0.007906701492537315,
  "aqi": 0.012799383119402985,
  "bids_meta": {
    "AccelFactPE": 2,
    "AcquisitionNumber": 1,
    "AcquisitionTime": "10:46:7.227500",
    "BandwidthPerPixelPhaseEncode": 22.894,
    "BodyPartExamined": "BRAIN",
    "ConversionSoftware": "dcm2niix",
    "ConversionSoftwareVersion": "v1.0.20170724 (OpenJPEG build) GCC6.1.0",
    "DeviceSerialNumber": "167045",
    "EchoTime": 0.027,
    "EchoTrainLength": 74,
    "EffectiveEchoSpacing": 0.000519995,
    "FlipAngle": 66,
    "ImageType": [
      "ORIGINAL",
      "PRIMARY",
      "M",
      "ND",
      "NORM",
      "MOSAIC"
    ],
    "InstitutionAddress": "De_Pintelaan_185_Gent_District_BE_9000",
    "InstitutionName": "UZ_Gent",
    "MagneticFieldStrength": 3,
    "Manufacturer": "Siemens",
    "ManufacturersModelName": "Prisma_fit",
    "PhaseEncodingDirection": "j-",
    "PhaseEncodingLines": 84,
    "ProcedureStepDescription": "MR_hersenen_(structuur_alleen)_O",
    "ProtocolName": "ep2d_bold_TASK_BETTING",
    "RepetitionTime": 1.72,
    "ScanningSequence": "EP",
    "SequenceName": "_epfid2d1_84",
    "SequenceVariant": "SK",
    "SeriesDescription": "ep2d_bold_TASK_BETTING",
    "SliceTiming": [
      1.2425,
      0,
      0.85,
      0.065,
      0.915,
      0.13,
      0.98,
      0.1975,
      1.0475,
      0.2625,
      1.1125,
      0.3275,
      1.1775,
      0.4575,
      1.3075,
      0.5225,
      1.3725,
      0.59,
      1.4375,
      0.655,
      1.505,
      0.72,
      1.57,
      0.785,
      1.635,
      0.3925,
      1.2425,
      0,
      0.85,
      0.065,
      0.915,
      0.13,
      0.98,
      0.1975,
      1.0475,
      0.2625,
      1.1125,
      0.3275,
      1.1775,
      0.4575,
      1.3075,
      0.5225,
      1.3725,
      0.59,
      1.4375,
      0.655,
      1.505,
      0.72,
      1.57,
      0.785,
      1.635,
      0.3925
    ],
    "SoftwareVersions": "syngo_MR_E11",
    "TaskName": "cueexposure",
    "TotalReadoutTime": 0.0374396,
    "TrueEchoSpacing": 0.00103999,
    "dataset": "ds002513",
    "modality": "bold",
    "subject_id": "3",
    "task_id": "cueexposure"
  },
  "dummy_trs": 0,
  "dvars_nstd": 25.75345622139015,
  "dvars_std": 1.1891673352914789,
  "dvars_vstd": 1.0113108259192811,
  "efc": 0.5705843154819673,
  "fber": 2656.698486328125,
  "fd_mean": 0.18701978664714333,
  "fd_num": 139,
  "fd_perc": 20.746268656716417,
  "fwhm_avg": 1.9676453333333335,
  "fwhm_x": 1.840928,
  "fwhm_y": 2.126436,
  "fwhm_z": 1.935572,
  "gcor": 0.0347897,
  "gsr_x": 0.001489100162871182,
  "gsr_y": 0.054914962500333786,
  "provenance": {
    "md5sum": "fe72cfde26597d04e7cf9ed0684a09ca",
    "settings": {
      "fd_thres": 0.2,
      "testing": false
    },
    "software": "mriqc",
    "version": "23.0.1",
    "webapi_port": null,
    "webapi_url": "https://mriqc.nimh.nih.gov/api/v1"
  },
  "size_t": 670,
  "size_x": 84,
  "size_y": 84,
  "size_z": 52,
  "snr": 6.115253239899874,
  "spacing_tr": 1.7200000286102295,
  "spacing_x": 2.5,
  "spacing_y": 2.5,
  "spacing_z": 2.5,
  "summary_bg_k": 17.07423141722349,
  "summary_bg_mad": 13.057963726951098,
  "summary_bg_mean": 61.175132751464844,
  "summary_bg_median": 17.77014923095703,
  "summary_bg_n": 217245.0,
  "summary_bg_p05": 6.950746536254883,
  "summary_bg_p95": 295.5029785156245,
  "summary_bg_stdv": 110.44001007080078,
  "summary_fg_k": 2.2926014154498127,
  "summary_fg_mad": 139.14779244360741,
  "summary_fg_mean": 927.9891967773438,
  "summary_fg_median": 917.5194091796875,
  "summary_fg_n": 87609.0,
  "summary_fg_p05": 716.1089599609375,
  "summary_fg_p95": 1176.731982421875,
  "summary_fg_stdv": 150.0369873046875,
  "tsnr": 49.728310690261424
}