{
  "aor": 0.0036619133034379667,
  "aqi": 0.01134003130044843,
  "bids_meta": {
    "AccelFactPE": 2,
    "AcquisitionNumber": 1,
    "AcquisitionTime": "09:28:28.145000",
    "BandwidthPerPixelPhaseEncode": 22.894,
    "BodyPartExamined": "BRAIN",
    "ConversionSoftware": "dcm2niix",
    "ConversionSoftwareVersion": "v1.0.20170724 (OpenJPEG build) GCC6.1.0",
    "DeviceSerialNumber": "167045",
    "EchoTime": 0.027,
    "EchoTrainLength": 74,
    "EffectiveEchoSpacing": 0.000519995,
    "FlipAngle": 66,
    "ImageType": [
      "ORIGINAL",
      "PRIMARY",
      "M",
      "ND",
      "NORM",
      "MOSAIC"
    ],
    "InstitutionAddress": "De_Pintelaan_185_Gent_District_BE_9000",
    "InstitutionName": "UGent",
    "MagneticFieldStrength": 3,
    "Manufacturer": "Siemens",
    "ManufacturersModelName": "Prisma_fit",
    "PhaseEncodingDirection": "j-",
    "PhaseEncodingLines": 84,
    "ProcedureStepDescription": "MR_hersenen_(structuur_alleen)_O",
    "ProtocolName": "ep2d_bold_TASK_BETTING",
    "RepetitionTime": 1.72,
    "ScanningSequence": "EP",
    "SequenceName": "_epfid2d1_84",
    "SequenceVariant": "SK",
    "SeriesDescription": "ep2d_bold_TASK_BETTING",
    "SliceTiming": [
      1.2425,
      0,
      0.85,
      0.065,
      0.915,
      0.1325,
      0.9825,
      0.1975,
      1.0475,
      0.2625,
      1.1125,
      0.3275,
      1.1775,
      0.4575,
      1.3075,
      0.5225,
      1.3725,
      0.59,
      1.44,
      0.655,
      1.505,
      0.72,
      1.57,
      0.785,
      1.635,
      0.3925,
      1.2425,
      0,
      0.85,
      0.065,
      0.915,
      0.1325,
      0.9825,
      0.1975,
      1.0475,
      0.2625,
      1.1125,
      0.3275,
      1.1775,
      0.4575,
      1.3075,
      0.5225,
      1.3725,
      0.59,
      1.44,
      0.655,
      1.505,
      0.72,
      1.57,
      0.785,
      1.635,
      0.3925
    ],
    "SoftwareVersions": "syngo_MR_E11",
    "TaskName": "cueexposure",
    "TotalReadoutTime": 0.0374396,
    "TrueEchoSpacing": 0.00103999,
    "dataset": "ds002513",
    "modality": "bold",
    "subject_id": "28",
    "task_id": "cueexposure"
  },
  "dummy_trs": 1,
  "dvars_nstd": 22.753250547485063,
  "dvars_std": 1.1680749447155698,
  "dvars_vstd": 1.0068527311976043,
  "efc": 0.5349107793252579,
  "fber": 2922.332275390625,
  "fd_mean": 0.16802094153582978,
  "fd_num": 148,
  "fd_perc": 22.12257100149477,
  "fwhm_avg": 1.922378666666667,
  "fwhm_x": 1.8179760000000003,
  "fwhm_y": 2.003244,
  "fwhm_z": 1.945916,
  "gcor": 0.0333319,
  "gsr_x": 0.005227795336395502,
  "gsr_y": 0.05056310072541237,
  "provenance": {
    "md5sum": "aa2e8d444d2295d79959a5e659841ff0",
    "settings": {
      "fd_thres": 0.2,
      "testing": false
    },
    "software": "mriqc",
    "version": "23.0.1",
    "webapi_port": null,
    "webapi_url": "https://mriqc.nimh.nih.gov/api/v1"
  },
  "size_t": 669,
  "size_x": 84,
  "size_y": 84,
  "size_z": 52,
  "snr": 5.235912258740186,
  "spacing_tr": 1.7200000286102295,
  "spacing_x": 2.5,
  "spacing_y": 2.5,
  "spacing_z": 2.5,
  "summary_bg_k": 31.160820948822497,
  "summary_bg_mad": 14.391656875875434,
  "summary_bg_mean": 50.09184646606445,
  "summary_bg_median": 17.219730377197266,
  "summary_bg_n": 228262.0,
  "summary_bg_p05": 5.219730854034424,
  "summary_bg_p95": 204.60836791992188,
  "summary_bg_stdv": 93.67622375488281,
  "summary_fg_k": 1.838437240000549,
  "summary_fg_mad": 166.59656540159943,
  "summary_fg_mean": 950.3050537109375,
  "summary_fg_median": 934.573974609375,
  "summary_fg_n": 79199.0,
  "summary_fg_p05": 701.3610046386718,
  "summary_fg_p95": 1253.2086547851557,
  "summary_fg_stdv": 178.49192810058594,
  "tsnr": 49.726923178648576
}