{
  "aor": 0.01564625,
  "aqi": 0.003413839375,
  "bids_meta": {
    "AccelFactPE": 2,
    "AcquisitionNumber": 1,
    "AcquisitionTime": "13:46:48.867500",
    "BandwidthPerPixelPhaseEncode": 22.894,
    "BodyPartExamined": "BRAIN",
    "ConversionSoftware": "dcm2niix",
    "ConversionSoftwareVersion": "v1.0.20170724 (OpenJPEG build) GCC6.1.0",
    "DeviceSerialNumber": "167045",
    "EchoTime": 0.027,
    "EchoTrainLength": 74,
    "EffectiveEchoSpacing": 0.000519995,
    "FlipAngle": 66,
    "ImageType": [
      "ORIGINAL",
      "PRIMARY",
      "M",
      "ND",
      "NORM",
      "MOSAIC"
    ],
    "InstitutionAddress": "De_Pintelaan_185_Gent_District_BE_9000",
    "InstitutionName": "UGent",
    "MagneticFieldStrength": 3,
    "Manufacturer": "Siemens",
    "ManufacturersModelName": "Prisma_fit",
    "PhaseEncodingDirection": "j-",
    "PhaseEncodingLines": 84,
    "ProcedureStepDescription": "MR_hersenen_(structuur_alleen)_O",
    "ProtocolName": "ep2d_bold_TASK_BETTING",
    "RepetitionTime": 1.72,
    "ScanningSequence": "EP",
    "SequenceName": "_epfid2d1_84",
    "SequenceVariant": "SK",
    "SeriesDescription": "ep2d_bold_TASK_BETTING",
    "SliceTiming": [
      1.2425,
      0,
      0.85,
      0.0675,
      0.9175,
      0.1325,
      0.9825,
      0.1975,
      1.0475,
      0.2625,
      1.1125,
      0.3275,
      1.1775,
      0.4575,
      1.3075,
      0.525,
      1.375,
      0.59,
      1.44,
      0.655,
      1.505,
      0.72,
      1.57,
      0.785,
      1.635,
      0.3925,
      1.2425,
      0,
      0.85,
      0.0675,
      0.9175,
      0.1325,
      0.9825,
      0.1975,
      1.0475,
      0.2625,
      1.1125,
      0.3275,
      1.1775,
      0.4575,
      1.3075,
      0.525,
      1.375,
      0.59,
      1.44,
      0.655,
      1.505,
      0.72,
      1.57,
      0.785,
      1.635,
      0.3925
    ],
    "SoftwareVersions": "syngo_MR_E11",
    "TaskName": "cueexposure",
    "TotalReadoutTime": 0.0374396,
    "TrueEchoSpacing": 0.00103999,
    "dataset": "ds002513",
    "modality": "bold",
    "subject_id": "22",
    "task_id": "cueexposure"
  },
  "dummy_trs": 1,
  "dvars_nstd": 20.26856346066667,
  "dvars_std": 1.1624398313333333,
  "dvars_vstd": 1.0609720473333335,
  "efc": 0.5533300301328422,
  "fber": 2220.156982421875,
  "fd_mean": 0.0987130327076296,
  "fd_num": 0,
  "fd_perc": 0.0,
  "fwhm_avg": 1.986292,
  "fwhm_x": 1.907528,
  "fwhm_y": 2.099464,
  "fwhm_z": 1.9518840000000002,
  "gcor": 0.00634335,
  "gsr_x": -0.007387691177427769,
  "gsr_y": 0.04217425361275673,
  "provenance": {
    "md5sum": "a86136fda25d3ebfb8ef72154e3c7646",
    "settings": {
      "fd_thres": 0.2,
      "testing": false
    },
    "software": "mriqc",
    "version": "23.0.1",
    "webapi_port": null,
    "webapi_url": "https://mriqc.nimh.nih.gov/api/v1"
  },
  "size_t": 16,
  "size_x": 84,
  "size_y": 84,
  "size_z": 52,
  "snr": 5.7971133651578395,
  "spacing_tr": 1.7200000286102295,
  "spacing_x": 2.5,
  "spacing_y": 2.5,
  "spacing_z": 2.5,
  "summary_bg_k": 17.200570686169645,
  "summary_bg_mad": 16.586612319531422,
  "summary_bg_mean": 56.20875549316406,
  "summary_bg_median": 20.25,
  "summary_bg_n": 222965.0,
  "summary_bg_p05": 7.3125,
  "summary_bg_p95": 230.9375,
  "summary_bg_stdv": 92.85103607177734,
  "summary_fg_k": 2.1427103562861003,
  "summary_fg_mad": 154.097968085926,
  "summary_fg_mean": 993.1994018554688,
  "summary_fg_median": 979.0,
  "summary_fg_n": 82482.0,
  "summary_fg_p05": 756.375,
  "summary_fg_p95": 1280.6875,
  "summary_fg_stdv": 168.87612915039062,
  "tsnr": 96.10272370046005
}