{
  "bids_meta": {
    "AccelFactPE": 2,
    "AcquisitionNumber": 1,
    "AcquisitionTime": "14:35:15.107500",
    "BodyPartExamined": "BRAIN",
    "ConversionSoftware": "dcm2niix",
    "ConversionSoftwareVersion": "v1.0.20170724 (OpenJPEG build) GCC6.1.0",
    "DeviceSerialNumber": "167045",
    "EchoTime": 0.00418,
    "FlipAngle": 9,
    "ImageType": [
      "ORIGINAL",
      "PRIMARY",
      "M",
      "ND",
      "NORM"
    ],
    "InstitutionAddress": "De_Pintelaan_185_Gent_District_BE_9000",
    "InstitutionName": "UZ_Gent",
    "InversionTime": 0.9,
    "MagneticFieldStrength": 3,
    "Manufacturer": "Siemens",
    "ManufacturersModelName": "Prisma_fit",
    "PhaseEncodingDirection": "i-",
    "PhaseEncodingLines": 256,
    "ProcedureStepDescription": "MR_hersenen_(structuur_alleen)_O",
    "ProtocolName": "T1_mprage",
    "RepetitionTime": 2.25,
    "ScanningSequence": "GR_IR",
    "SequenceName": "_tfl3d1_16ns",
    "SequenceVariant": "SK_SP_MP",
    "SeriesDescription": "T1_mprage",
    "SoftwareVersions": "syngo_MR_E11",
    "dataset": "ds002513",
    "modality": "T1w",
    "subject_id": "15"
  },
  "cjv": 0.31189629867479185,
  "cnr": 4.1376464107094515,
  "efc": 0.559210114386623,
  "fber": 14663.210251662318,
  "fwhm_avg": 3.8162833333333332,
  "fwhm_x": 3.92101,
  "fwhm_y": 3.97317,
  "fwhm_z": 3.55467,
  "icvs_csf": 0.20087844360443396,
  "icvs_gm": 0.4487471576361119,
  "icvs_wm": 0.35037439875945414,
  "inu_med": 0.570510059595108,
  "inu_range": 0.31220063120126723,
  "provenance": {
    "md5sum": "bc2bbd275208f9f9876ffaa6279a6930",
    "settings": {
      "testing": false
    },
    "software": "mriqc",
    "version": "23.0.1",
    "warnings": {
      "large_rot_frame": true,
      "small_air_mask": false
    },
    "webapi_port": null,
    "webapi_url": "https://mriqc.nimh.nih.gov/api/v1"
  },
  "qi_1": 0.0,
  "qi_2": 0.008816589255402837,
  "rpve_csf": 22.751375174692413,
  "rpve_gm": 10.989215361967272,
  "rpve_wm": 16.061258440709537,
  "size_x": 176,
  "size_y": 256,
  "size_z": 256,
  "snr_csf": 2.2080175777286724,
  "snr_gm": 11.45411603452891,
  "snr_total": 12.702811194658539,
  "snr_wm": 24.446299971718037,
  "snrd_csf": 27.466619271385333,
  "snrd_gm": 67.76201716138158,
  "snrd_total": 64.20873402617876,
  "snrd_wm": 97.39756564576938,
  "spacing_x": 1.0,
  "spacing_y": 1.0,
  "spacing_z": 1.0,
  "summary_bg_k": 13.824325108711545,
  "summary_bg_mad": 0.0,
  "summary_bg_mean": 3.359119451209107,
  "summary_bg_median": 0.0,
  "summary_bg_n": 2618216.0,
  "summary_bg_p05": 0.0,
  "summary_bg_p95": 15.928496725857258,
  "summary_bg_stdv": 6.726750472487895,
  "summary_csf_k": 1.356826928486906,
  "summary_csf_mad": 120.5951487337227,
  "summary_csf_mean": 282.73345536268414,
  "summary_csf_median": 282.01927745342255,
  "summary_csf_n": 35342.0,
  "summary_csf_p05": 76.49673035740852,
  "summary_csf_p95": 495.3288122121243,
  "summary_csf_stdv": 127.72329822442514,
  "summary_gm_k": 0.4052746962094469,
  "summary_gm_mad": 57.003231752588384,
  "summary_gm_mean": 694.9079772272798,
  "summary_gm_median": 695.7607315927744,
  "summary_gm_n": 42721.0,
  "summary_gm_p05": 593.5986491441727,
  "summary_gm_p95": 793.5287459790707,
  "summary_gm_stdv": 60.7425825241661,
  "summary_wm_k": 0.7236819516384538,
  "summary_wm_mad": 37.90344760691591,
  "summary_wm_mean": 999.926883047826,
  "summary_wm_median": 1000.0499449074268,
  "summary_wm_n": 217451.0,
  "summary_wm_p05": 933.0903395488858,
  "summary_wm_p95": 1066.3604265749454,
  "summary_wm_stdv": 40.90793480315241,
  "tpm_overlap_csf": 0.15702559484582326,
  "tpm_overlap_gm": 0.4670188167151187,
  "tpm_overlap_wm": 0.4978831765507327,
  "wm2max": 0.4729050081462067
}