{
  "bids_meta": {
    "AccelFactPE": 2,
    "AcquisitionNumber": 1,
    "AcquisitionTime": "09:36:48.535000",
    "BodyPartExamined": "BRAIN",
    "ConversionSoftware": "dcm2niix",
    "ConversionSoftwareVersion": "v1.0.20170724 (OpenJPEG build) GCC6.1.0",
    "DeviceSerialNumber": "167045",
    "EchoTime": 0.00418,
    "FlipAngle": 9,
    "ImageType": [
      "ORIGINAL",
      "PRIMARY",
      "M",
      "ND",
      "NORM"
    ],
    "InstitutionAddress": "De_Pintelaan_185_Gent_District_BE_9000",
    "InstitutionName": "UZ_Gent",
    "InversionTime": 0.9,
    "MagneticFieldStrength": 3,
    "Manufacturer": "Siemens",
    "ManufacturersModelName": "Prisma_fit",
    "PhaseEncodingDirection": "i-",
    "PhaseEncodingLines": 256,
    "ProcedureStepDescription": "MR_hersenen_(structuur_alleen)_O",
    "ProtocolName": "T1_mprage",
    "RepetitionTime": 2.25,
    "ScanningSequence": "GR_IR",
    "SequenceName": "_tfl3d1_16ns",
    "SequenceVariant": "SK_SP_MP",
    "SeriesDescription": "T1_mprage",
    "SoftwareVersions": "syngo_MR_E11",
    "dataset": "ds002513",
    "modality": "T1w",
    "subject_id": "2"
  },
  "cjv": 0.34716884314189667,
  "cnr": 3.782590407892078,
  "efc": 0.5416089613713493,
  "fber": -1.0,
  "fwhm_avg": 3.9907833333333342,
  "fwhm_x": 4.07338,
  "fwhm_y": 4.15819,
  "fwhm_z": 3.74078,
  "icvs_csf": 0.18152689277683434,
  "icvs_gm": 0.4395077944271403,
  "icvs_wm": 0.37896531279602536,
  "inu_med": 0.4853212237358093,
  "inu_range": 0.23832074403762815,
  "provenance": {
    "md5sum": "0f3d37d106636125fc3203ab282c15eb",
    "settings": {
      "testing": false
    },
    "software": "mriqc",
    "version": "23.0.1",
    "warnings": {
      "large_rot_frame": true,
      "small_air_mask": false
    },
    "webapi_port": null,
    "webapi_url": "https://mriqc.nimh.nih.gov/api/v1"
  },
  "qi_1": 3.910303733535819e-05,
  "qi_2": 0.010116243042829771,
  "rpve_csf": 23.168383794203883,
  "rpve_gm": 10.552250015569273,
  "rpve_wm": 14.197969366816615,
  "size_x": 176,
  "size_y": 256,
  "size_z": 256,
  "snr_csf": 2.135572004375661,
  "snr_gm": 10.36164801834998,
  "snr_total": 12.521439980622738,
  "snr_wm": 25.06709991914257,
  "snrd_csf": 30.29331669068736,
  "snrd_gm": 79.7103472699092,
  "snrd_total": 74.52500477330506,
  "snrd_wm": 113.57135035931861,
  "spacing_x": 1.0,
  "spacing_y": 1.0,
  "spacing_z": 1.0,
  "summary_bg_k": 15.074222784123968,
  "summary_bg_mad": 0.0,
  "summary_bg_mean": 2.724964498500665,
  "summary_bg_median": 0.0,
  "summary_bg_n": 3363796.0,
  "summary_bg_p05": 0.0,
  "summary_bg_p95": 14.65968643128872,
  "summary_bg_stdv": 5.768500799583932,
  "summary_csf_k": 0.80844932081978,
  "summary_csf_mad": 115.83763251019984,
  "summary_csf_mean": 272.687343908523,
  "summary_csf_median": 266.7338000945747,
  "summary_csf_n": 28897.0,
  "summary_csf_p05": 74.70801739022136,
  "summary_csf_p95": 488.48974907249203,
  "summary_csf_stdv": 124.89824003003106,
  "summary_gm_k": 0.050597042647967605,
  "summary_gm_mad": 66.5469285735143,
  "summary_gm_mean": 704.1846393233858,
  "summary_gm_median": 701.8526248298585,
  "summary_gm_n": 53808.0,
  "summary_gm_p05": 595.5839940553532,
  "summary_gm_p95": 819.5328549183905,
  "summary_gm_stdv": 67.73498788344267,
  "summary_wm_k": 0.8523173439679783,
  "summary_wm_mad": 36.96056418753284,
  "summary_wm_mean": 1000.6828123005413,
  "summary_wm_median": 1000.0000387057662,
  "summary_wm_n": 266946.0,
  "summary_wm_p05": 936.8103463687003,
  "summary_wm_p95": 1066.8546526506543,
  "summary_wm_stdv": 39.89285433462907,
  "tpm_overlap_csf": 0.15916384679998904,
  "tpm_overlap_gm": 0.4648709392580381,
  "tpm_overlap_wm": 0.5144482244821393,
  "wm2max": 0.5304082199389059
}