{
  "bids_meta": {
    "AccelFactPE": 2,
    "AcquisitionNumber": 1,
    "AcquisitionTime": "10:41:23.805000",
    "BodyPartExamined": "BRAIN",
    "ConversionSoftware": "dcm2niix",
    "ConversionSoftwareVersion": "v1.0.20170724 (OpenJPEG build) GCC6.1.0",
    "DeviceSerialNumber": "167045",
    "EchoTime": 0.00418,
    "FlipAngle": 9,
    "ImageType": [
      "ORIGINAL",
      "PRIMARY",
      "M",
      "ND",
      "NORM"
    ],
    "InstitutionAddress": "De_Pintelaan_185_Gent_District_BE_9000",
    "InstitutionName": "UGent",
    "InversionTime": 0.9,
    "MagneticFieldStrength": 3,
    "Manufacturer": "Siemens",
    "ManufacturersModelName": "Prisma_fit",
    "PhaseEncodingDirection": "i-",
    "PhaseEncodingLines": 256,
    "ProcedureStepDescription": "MR_hersenen_(structuur_alleen)_O",
    "ProtocolName": "T1_mprage",
    "RepetitionTime": 2.25,
    "ScanningSequence": "GR_IR",
    "SequenceName": "_tfl3d1_16ns",
    "SequenceVariant": "SK_SP_MP",
    "SeriesDescription": "T1_mprage",
    "SoftwareVersions": "syngo_MR_E11",
    "dataset": "ds002513",
    "modality": "T1w",
    "subject_id": "39"
  },
  "cjv": 0.3412414343715642,
  "cnr": 3.8473497640530354,
  "efc": 0.5388469925950237,
  "fber": 22572.280178326477,
  "fwhm_avg": 3.9982899999999995,
  "fwhm_x": 4.09247,
  "fwhm_y": 4.09838,
  "fwhm_z": 3.80402,
  "icvs_csf": 0.2041414806169054,
  "icvs_gm": 0.4404308640259388,
  "icvs_wm": 0.3554276553571558,
  "inu_med": 0.5621983110904694,
  "inu_range": 0.28925093412399294,
  "provenance": {
    "md5sum": "17f9415106e5968536c592582199822c",
    "settings": {
      "testing": false
    },
    "software": "mriqc",
    "version": "23.0.1",
    "warnings": {
      "large_rot_frame": true,
      "small_air_mask": false
    },
    "webapi_port": null,
    "webapi_url": "https://mriqc.nimh.nih.gov/api/v1"
  },
  "qi_1": 0.0,
  "qi_2": 0.00845872129845226,
  "rpve_csf": 23.30771970529572,
  "rpve_gm": 11.324280278126432,
  "rpve_wm": 15.964517024103827,
  "size_x": 176,
  "size_y": 256,
  "size_z": 256,
  "snr_csf": 1.855598829473598,
  "snr_gm": 10.200223768607279,
  "snr_total": 11.827169806566383,
  "snr_wm": 23.425686821618275,
  "snrd_csf": 22.423717327280585,
  "snrd_gm": 67.74034920577787,
  "snrd_total": 62.73688214274793,
  "snrd_wm": 98.04657989518533,
  "spacing_x": 1.0,
  "spacing_y": 1.0,
  "spacing_z": 1.0,
  "summary_bg_k": 16.107217622446946,
  "summary_bg_mad": 0.0,
  "summary_bg_mean": 3.527742337491899,
  "summary_bg_median": 0.0,
  "summary_bg_n": 2995746.0,
  "summary_bg_p05": 0.0,
  "summary_bg_p95": 16.350294463336468,
  "summary_bg_stdv": 6.681889108975963,
  "summary_csf_k": 0.33692470214380776,
  "summary_csf_mad": 130.7239343154334,
  "summary_csf_mean": 237.99666949048907,
  "summary_csf_median": 228.7047286517918,
  "summary_csf_n": 46846.0,
  "summary_csf_p05": 63.925663474947214,
  "summary_csf_p95": 459.0743958251551,
  "summary_csf_stdv": 123.24985550694484,
  "summary_gm_k": 0.1423377273982145,
  "summary_gm_mad": 65.68715107392426,
  "summary_gm_mean": 692.1889218779664,
  "summary_gm_median": 690.8996379934251,
  "summary_gm_n": 50266.0,
  "summary_gm_p05": 582.2399676544592,
  "summary_gm_p95": 806.8670923821628,
  "summary_gm_stdv": 67.73309891990264,
  "summary_wm_k": 0.7306078980489912,
  "summary_wm_mad": 39.79068647412333,
  "summary_wm_mean": 999.518784290617,
  "summary_wm_median": 999.9999608844519,
  "summary_wm_n": 218596.0,
  "summary_wm_p05": 928.6967255175114,
  "summary_wm_p95": 1067.6841981476173,
  "summary_wm_stdv": 42.68808343474141,
  "tpm_overlap_csf": 0.15228662328990245,
  "tpm_overlap_gm": 0.4761200573163731,
  "tpm_overlap_wm": 0.5133055286644153,
  "wm2max": 0.5674972276914024
}