{
  "bids_meta": {
    "AccelFactPE": 2,
    "AcquisitionNumber": 1,
    "AcquisitionTime": "16:13:7.185000",
    "BodyPartExamined": "BRAIN",
    "ConversionSoftware": "dcm2niix",
    "ConversionSoftwareVersion": "v1.0.20170724 (OpenJPEG build) GCC6.1.0",
    "DeviceSerialNumber": "167045",
    "EchoTime": 0.00418,
    "FlipAngle": 9,
    "ImageType": [
      "ORIGINAL",
      "PRIMARY",
      "M",
      "ND",
      "NORM"
    ],
    "InstitutionAddress": "De_Pintelaan_185_Gent_District_BE_9000",
    "InstitutionName": "UZ_Gent",
    "InversionTime": 0.9,
    "MagneticFieldStrength": 3,
    "Manufacturer": "Siemens",
    "ManufacturersModelName": "Prisma_fit",
    "PhaseEncodingDirection": "i-",
    "PhaseEncodingLines": 256,
    "ProcedureStepDescription": "MR_hersenen_(structuur_alleen)_O",
    "ProtocolName": "T1_mprage",
    "RepetitionTime": 2.25,
    "ScanningSequence": "GR_IR",
    "SequenceName": "_tfl3d1_16ns",
    "SequenceVariant": "SK_SP_MP",
    "SeriesDescription": "T1_mprage",
    "SoftwareVersions": "syngo_MR_E11",
    "dataset": "ds002513",
    "modality": "T1w",
    "subject_id": "17"
  },
  "cjv": 0.36584278762758404,
  "cnr": 3.639966303415823,
  "efc": 0.5539877492148757,
  "fber": -1.0,
  "fwhm_avg": 3.83684,
  "fwhm_x": 3.95095,
  "fwhm_y": 3.97628,
  "fwhm_z": 3.58329,
  "icvs_csf": 0.21821492023195654,
  "icvs_gm": 0.42769220131311414,
  "icvs_wm": 0.3540928784549293,
  "inu_med": 0.5768648982048035,
  "inu_range": 0.30698649883270257,
  "provenance": {
    "md5sum": "d14445d80ad8c4e12bad85fdbbd5463e",
    "settings": {
      "testing": false
    },
    "software": "mriqc",
    "version": "23.0.1",
    "warnings": {
      "large_rot_frame": true,
      "small_air_mask": false
    },
    "webapi_port": null,
    "webapi_url": "https://mriqc.nimh.nih.gov/api/v1"
  },
  "qi_1": 1.0595325663387788e-05,
  "qi_2": 0.009392757999069004,
  "rpve_csf": 21.015930899996693,
  "rpve_gm": 11.08012251208295,
  "rpve_wm": 15.339514718594414,
  "size_x": 176,
  "size_y": 256,
  "size_z": 256,
  "snr_csf": 2.471618940656563,
  "snr_gm": 10.594014589535346,
  "snr_total": 12.168222083590296,
  "snr_wm": 23.43903272057898,
  "snrd_csf": 23.854313222099147,
  "snrd_gm": 64.80057755925273,
  "snrd_total": 59.98630421709629,
  "snrd_wm": 91.30402186993697,
  "spacing_x": 1.0,
  "spacing_y": 1.0,
  "spacing_z": 1.0,
  "summary_bg_k": 18.649272591898427,
  "summary_bg_mad": 0.0,
  "summary_bg_mean": 3.323280583951901,
  "summary_bg_median": 0.0,
  "summary_bg_n": 2882988.0,
  "summary_bg_p05": 0.0,
  "summary_bg_p95": 17.763798516243696,
  "summary_bg_stdv": 7.175646682580815,
  "summary_csf_k": 1.7450712770717134,
  "summary_csf_mad": 78.28748960201784,
  "summary_csf_mean": 267.4955561426936,
  "summary_csf_median": 261.27402406185865,
  "summary_csf_n": 57509.0,
  "summary_csf_p05": 95.3486282452941,
  "summary_csf_p95": 463.6129918992519,
  "summary_csf_stdv": 105.70875152384836,
  "summary_gm_k": 0.10772985196062246,
  "summary_gm_mad": 65.94013385941771,
  "summary_gm_mean": 709.6184354246915,
  "summary_gm_median": 709.7545631602407,
  "summary_gm_n": 37383.0,
  "summary_gm_p05": 598.0375470053405,
  "summary_gm_p95": 820.9887229464948,
  "summary_gm_stdv": 66.99491152159253,
  "summary_wm_k": 0.6527179560475536,
  "summary_wm_mad": 40.26026101177595,
  "summary_wm_mean": 999.6417088332121,
  "summary_wm_median": 1000.0442680902779,
  "summary_wm_n": 219988.0,
  "summary_wm_p05": 929.2991652712226,
  "summary_wm_p95": 1068.2643421925604,
  "summary_wm_stdv": 42.665668291755814,
  "tpm_overlap_csf": 0.16135810286074256,
  "tpm_overlap_gm": 0.4549456417054084,
  "tpm_overlap_wm": 0.4897391313410813,
  "wm2max": 0.5196823204419889
}