{
  "aor": 0.0022231886227544913,
  "aqi": 0.009553666661676646,
  "bids_meta": {
    "AccelFactPE": 2,
    "AcquisitionNumber": 1,
    "AcquisitionTime": "17:19:30.527500",
    "BandwidthPerPixelPhaseEncode": 22.894,
    "BodyPartExamined": "BRAIN",
    "ConversionSoftware": "dcm2niix",
    "ConversionSoftwareVersion": "v1.0.20170724 (OpenJPEG build) GCC6.1.0",
    "DeviceSerialNumber": "167045",
    "EchoTime": 0.027,
    "EchoTrainLength": 74,
    "EffectiveEchoSpacing": 0.000519995,
    "FlipAngle": 66,
    "ImageType": [
      "ORIGINAL",
      "PRIMARY",
      "M",
      "ND",
      "NORM",
      "MOSAIC"
    ],
    "InstitutionAddress": "De_Pintelaan_185_Gent_District_BE_9000",
    "InstitutionName": "UZ_Gent",
    "MagneticFieldStrength": 3,
    "Manufacturer": "Siemens",
    "ManufacturersModelName": "Prisma_fit",
    "PhaseEncodingDirection": "j-",
    "PhaseEncodingLines": 84,
    "ProcedureStepDescription": "MR_hersenen_(structuur_alleen)_O",
    "ProtocolName": "ep2d_bold_TASK_BETTING",
    "RepetitionTime": 1.72,
    "ScanningSequence": "EP",
    "SequenceName": "_epfid2d1_84",
    "SequenceVariant": "SK",
    "SeriesDescription": "ep2d_bold_TASK_BETTING",
    "SliceTiming": [
      1.2425,
      0,
      0.85,
      0.065,
      0.915,
      0.13,
      0.98,
      0.195,
      1.045,
      0.26,
      1.11,
      0.3275,
      1.1775,
      0.4575,
      1.3075,
      0.5225,
      1.3725,
      0.5875,
      1.4375,
      0.6525,
      1.5025,
      0.7175,
      1.5675,
      0.785,
      1.635,
      0.3925,
      1.2425,
      0,
      0.85,
      0.065,
      0.915,
      0.13,
      0.98,
      0.195,
      1.045,
      0.26,
      1.11,
      0.3275,
      1.1775,
      0.4575,
      1.3075,
      0.5225,
      1.3725,
      0.5875,
      1.4375,
      0.6525,
      1.5025,
      0.7175,
      1.5675,
      0.785,
      1.635,
      0.3925
    ],
    "SoftwareVersions": "syngo_MR_E11",
    "TaskName": "cueexposure",
    "TotalReadoutTime": 0.0374396,
    "TrueEchoSpacing": 0.00103999,
    "dataset": "ds002513",
    "modality": "bold",
    "subject_id": "18",
    "task_id": "cueexposure"
  },
  "dummy_trs": 2,
  "dvars_nstd": 24.05318517269864,
  "dvars_std": 1.2257714128935508,
  "dvars_vstd": 0.9952794701649169,
  "efc": 0.5437892291512928,
  "fber": 2586.73583984375,
  "fd_mean": 0.14651628799492147,
  "fd_num": 77,
  "fd_perc": 11.52694610778443,
  "fwhm_avg": 1.8304533333333335,
  "fwhm_x": 1.7338840000000002,
  "fwhm_y": 1.951988,
  "fwhm_z": 1.805488,
  "gcor": 0.0214015,
  "gsr_x": 0.012559664435684681,
  "gsr_y": 0.04589938744902611,
  "provenance": {
    "md5sum": "34ccfd29b956c686833a4333776682bb",
    "settings": {
      "fd_thres": 0.2,
      "testing": false
    },
    "software": "mriqc",
    "version": "23.0.1",
    "webapi_port": null,
    "webapi_url": "https://mriqc.nimh.nih.gov/api/v1"
  },
  "size_t": 668,
  "size_x": 84,
  "size_y": 84,
  "size_z": 52,
  "snr": 6.215134500914927,
  "spacing_tr": 1.7200000286102295,
  "spacing_x": 2.5,
  "spacing_y": 2.5,
  "spacing_z": 2.5,
  "summary_bg_k": 19.87127182517567,
  "summary_bg_mad": 14.501981491930394,
  "summary_bg_mean": 59.13116455078125,
  "summary_bg_median": 18.40718650817871,
  "summary_bg_n": 230978.0,
  "summary_bg_p05": 6.688622951507568,
  "summary_bg_p95": 260.2190200805662,
  "summary_bg_stdv": 107.05260467529297,
  "summary_fg_k": 2.495431036293388,
  "summary_fg_mad": 138.12836768209775,
  "summary_fg_mean": 950.9080810546875,
  "summary_fg_median": 942.53369140625,
  "summary_fg_n": 77048.0,
  "summary_fg_p05": 730.6824432373047,
  "summary_fg_p95": 1197.857794189453,
  "summary_fg_stdv": 151.650390625,
  "tsnr": 64.16556692565791
}