{
  "bids_meta": {
    "AccelFactPE": 2,
    "AcquisitionNumber": 1,
    "AcquisitionTime": "11:44:29.957500",
    "BodyPartExamined": "BRAIN",
    "ConversionSoftware": "dcm2niix",
    "ConversionSoftwareVersion": "v1.0.20170724 (OpenJPEG build) GCC6.1.0",
    "DeviceSerialNumber": "167045",
    "EchoTime": 0.00418,
    "FlipAngle": 9,
    "ImageType": [
      "ORIGINAL",
      "PRIMARY",
      "M",
      "ND",
      "NORM"
    ],
    "InstitutionAddress": "De_Pintelaan_185_Gent_District_BE_9000",
    "InstitutionName": "UGent",
    "InversionTime": 0.9,
    "MagneticFieldStrength": 3,
    "Manufacturer": "Siemens",
    "ManufacturersModelName": "Prisma_fit",
    "PhaseEncodingDirection": "i-",
    "PhaseEncodingLines": 256,
    "ProcedureStepDescription": "MR_hersenen_(structuur_alleen)_O",
    "ProtocolName": "T1_mprage",
    "RepetitionTime": 2.25,
    "ScanningSequence": "GR_IR",
    "SequenceName": "_tfl3d1_16ns",
    "SequenceVariant": "SK_SP_MP",
    "SeriesDescription": "T1_mprage",
    "SoftwareVersions": "syngo_MR_E11",
    "dataset": "ds002513",
    "modality": "T1w",
    "subject_id": "30"
  },
  "cjv": 0.3691130762568589,
  "cnr": 3.6344481834023448,
  "efc": 0.489270524657529,
  "fber": -1.0,
  "fwhm_avg": 3.928263412229622,
  "fwhm_x": 3.9709802366888662,
  "fwhm_y": 4.09181,
  "fwhm_z": 3.722,
  "icvs_csf": 0.21207355105476863,
  "icvs_gm": 0.4364539642239257,
  "icvs_wm": 0.35147248472130566,
  "inu_med": 0.5515134334564209,
  "inu_range": 0.2632083654403686,
  "provenance": {
    "md5sum": "6243ee45895b98a440a80365a9901ff1",
    "settings": {
      "testing": false
    },
    "software": "mriqc",
    "version": "23.0.1",
    "warnings": {
      "large_rot_frame": true,
      "small_air_mask": false
    },
    "webapi_port": null,
    "webapi_url": "https://mriqc.nimh.nih.gov/api/v1"
  },
  "qi_1": 0.00011875511038662167,
  "qi_2": 0.01382157057833042,
  "rpve_csf": 24.069564194356207,
  "rpve_gm": 12.061944472133206,
  "rpve_wm": 16.917197527508243,
  "size_x": 176,
  "size_y": 256,
  "size_z": 256,
  "snr_csf": 1.9798660936786128,
  "snr_gm": 11.399415660183495,
  "snr_total": 11.905234365361457,
  "snr_wm": 22.336421342222263,
  "snrd_csf": 25.447888424579084,
  "snrd_gm": 74.34674847583265,
  "snrd_total": 67.77259426237362,
  "snrd_wm": 103.52314588670912,
  "spacing_x": 0.9999999403953552,
  "spacing_y": 1.0,
  "spacing_z": 1.0,
  "summary_bg_k": 16.486160646464647,
  "summary_bg_mad": 0.0,
  "summary_bg_mean": 3.4367083906044607,
  "summary_bg_median": 0.0,
  "summary_bg_n": 4151461.0,
  "summary_bg_p05": 0.0,
  "summary_bg_p95": 16.187050938606262,
  "summary_bg_stdv": 6.328405283843035,
  "summary_csf_k": 0.5943018287369659,
  "summary_csf_mad": 122.32802015526646,
  "summary_csf_mean": 257.24838148858885,
  "summary_csf_median": 245.8183541148901,
  "summary_csf_n": 38003.0,
  "summary_csf_p05": 71.99190904945135,
  "summary_csf_p95": 478.5926430150867,
  "summary_csf_stdv": 124.15744715350431,
  "summary_gm_k": 0.11197915560380611,
  "summary_gm_mad": 61.830647789651024,
  "summary_gm_mean": 717.1510913601558,
  "summary_gm_median": 718.1654933094978,
  "summary_gm_n": 30548.0,
  "summary_gm_p05": 611.9312269203365,
  "summary_gm_p95": 819.3637882955371,
  "summary_gm_stdv": 62.99917117823021,
  "summary_wm_k": 0.5112045022849774,
  "summary_wm_mad": 42.19816717072679,
  "summary_wm_mean": 999.507292913057,
  "summary_wm_median": 1000.0000357627869,
  "summary_wm_n": 195196.0,
  "summary_wm_p05": 925.0000330805779,
  "summary_wm_p95": 1071.7176642268896,
  "summary_wm_stdv": 44.76981602873113,
  "tpm_overlap_csf": 0.13593453576635758,
  "tpm_overlap_gm": 0.46663939607369254,
  "tpm_overlap_wm": 0.48791459430785694,
  "wm2max": 0.5052842129979543
}