{
  "bids_meta": {
    "AcquisitionNumber": 1,
    "AcquisitionTime": "15:15:30.410000",
    "BodyPartExamined": "BRAIN",
    "ConversionSoftware": "dcm2niix",
    "ConversionSoftwareVersion": "v1.0.20170724 (OpenJPEG build) GCC6.1.0",
    "DeviceSerialNumber": "167045",
    "EchoTime": 0.005,
    "FlipAngle": 40,
    "ImageType": [
      "ORIGINAL",
      "PRIMARY",
      "M",
      "ND",
      "NORM"
    ],
    "InstitutionAddress": "De_Pintelaan_185_Gent_District_BE_9000",
    "InstitutionName": "UGent",
    "MagneticFieldStrength": 3,
    "Manufacturer": "Siemens",
    "ManufacturersModelName": "Prisma_fit",
    "PhaseEncodingDirection": "j-",
    "PhaseEncodingLines": 128,
    "ProcedureStepDescription": "MR_hersenen_(structuur_alleen)_O",
    "ProtocolName": "localizer",
    "RepetitionTime": 0.02,
    "ScanningSequence": "GR",
    "SequenceName": "_fl2d1",
    "SequenceVariant": "SP",
    "SeriesDescription": "localizer",
    "SoftwareVersions": "syngo_MR_E11",
    "dataset": "ds002513",
    "modality": "T1w",
    "subject_id": "44"
  },
  "cjv": 0.3380456898628669,
  "cnr": 3.8993604865392255,
  "efc": 0.5109019876511721,
  "fber": -1.0,
  "fwhm_avg": 3.9171533333333333,
  "fwhm_x": 4.00063,
  "fwhm_y": 4.02822,
  "fwhm_z": 3.72261,
  "icvs_csf": 0.2114456812906098,
  "icvs_gm": 0.4382936777104718,
  "icvs_wm": 0.3502606409989184,
  "inu_med": 0.5469437837600708,
  "inu_range": 0.2639808237552642,
  "provenance": {
    "md5sum": "228a193b519db81aeae6f029e227a9ad",
    "settings": {
      "testing": false
    },
    "software": "mriqc",
    "version": "23.0.1",
    "warnings": {
      "large_rot_frame": true,
      "small_air_mask": false
    },
    "webapi_port": null,
    "webapi_url": "https://mriqc.nimh.nih.gov/api/v1"
  },
  "qi_1": 2.0451942480047993e-05,
  "qi_2": 0.010232653364662647,
  "rpve_csf": 21.966072484128265,
  "rpve_gm": 11.085911830003171,
  "rpve_wm": 15.91166961796241,
  "size_x": 176,
  "size_y": 256,
  "size_z": 256,
  "snr_csf": 2.2718113411320098,
  "snr_gm": 10.5409631498869,
  "snr_total": 12.181883388279834,
  "snr_wm": 23.73287567382059,
  "snrd_csf": 30.596541535250218,
  "snrd_gm": 79.23953255765576,
  "snrd_total": 74.65543991309279,
  "snrd_wm": 114.1302456463724,
  "spacing_x": 1.0,
  "spacing_y": 1.0,
  "spacing_z": 1.0,
  "summary_bg_k": 17.108560669333347,
  "summary_bg_mad": 0.0,
  "summary_bg_mean": 3.0056524864190552,
  "summary_bg_median": 0.0,
  "summary_bg_n": 3284388.0,
  "summary_bg_p05": 0.0,
  "summary_bg_p95": 14.00470818579197,
  "summary_bg_stdv": 5.740252276181234,
  "summary_csf_k": 0.9258759171075508,
  "summary_csf_mad": 104.58607236688549,
  "summary_csf_mean": 270.3142571478475,
  "summary_csf_median": 268.08442820608616,
  "summary_csf_n": 46987.0,
  "summary_csf_p05": 75.46183644384146,
  "summary_csf_p95": 472.1302335113287,
  "summary_csf_stdv": 118.00344975224287,
  "summary_gm_k": 0.13499033395046078,
  "summary_gm_mad": 63.76910973501276,
  "summary_gm_mean": 695.4063623405563,
  "summary_gm_median": 694.290390715003,
  "summary_gm_n": 34470.0,
  "summary_gm_p05": 588.2775427103043,
  "summary_gm_p95": 806.6113423213362,
  "summary_gm_stdv": 65.86497930338537,
  "summary_wm_k": 0.6681973788962492,
  "summary_wm_mad": 39.57470724742443,
  "summary_wm_mean": 999.9617745014946,
  "summary_wm_median": 1000.0000035911798,
  "summary_wm_n": 208268.0,
  "summary_wm_p05": 930.8941500931978,
  "summary_wm_p95": 1068.3477674722672,
  "summary_wm_stdv": 42.13554297334886,
  "tpm_overlap_csf": 0.15218960625572348,
  "tpm_overlap_gm": 0.4599319845284633,
  "tpm_overlap_wm": 0.4977715540165621,
  "wm2max": 0.5356829888644281
}