{
  "bids_meta": {
    "AccelFactPE": 2,
    "AcquisitionNumber": 1,
    "AcquisitionTime": "16:58:5.530000",
    "BodyPartExamined": "BRAIN",
    "ConversionSoftware": "dcm2niix",
    "ConversionSoftwareVersion": "v1.0.20170724 (OpenJPEG build) GCC6.1.0",
    "DeviceSerialNumber": "167045",
    "EchoTime": 0.00418,
    "FlipAngle": 9,
    "ImageType": [
      "ORIGINAL",
      "PRIMARY",
      "M",
      "ND",
      "NORM"
    ],
    "InstitutionAddress": "De_Pintelaan_185_Gent_District_BE_9000",
    "InstitutionName": "UGent",
    "InversionTime": 0.9,
    "MagneticFieldStrength": 3,
    "Manufacturer": "Siemens",
    "ManufacturersModelName": "Prisma_fit",
    "PhaseEncodingDirection": "i-",
    "PhaseEncodingLines": 256,
    "ProcedureStepDescription": "MR_hersenen_(structuur_alleen)_O",
    "ProtocolName": "T1_mprage",
    "RepetitionTime": 2.25,
    "ScanningSequence": "GR_IR",
    "SequenceName": "_tfl3d1_16ns",
    "SequenceVariant": "SK_SP_MP",
    "SeriesDescription": "T1_mprage",
    "SoftwareVersions": "syngo_MR_E11",
    "dataset": "ds002513",
    "modality": "T1w",
    "subject_id": "46"
  },
  "cjv": 0.3584855530713561,
  "cnr": 3.724653859884274,
  "efc": 0.5519211789076827,
  "fber": -1.0,
  "fwhm_avg": 4.280436666666667,
  "fwhm_x": 4.37196,
  "fwhm_y": 4.4427,
  "fwhm_z": 4.02665,
  "icvs_csf": 0.22459627017917633,
  "icvs_gm": 0.42254074922165674,
  "icvs_wm": 0.352862980599167,
  "inu_med": 0.5812812447547913,
  "inu_range": 0.31989334821701043,
  "provenance": {
    "md5sum": "ea62bcc8910fafea63394de436127ebb",
    "settings": {
      "testing": false
    },
    "software": "mriqc",
    "version": "23.0.1",
    "warnings": {
      "large_rot_frame": true,
      "small_air_mask": false
    },
    "webapi_port": null,
    "webapi_url": "https://mriqc.nimh.nih.gov/api/v1"
  },
  "qi_1": 2.365851968642322e-06,
  "qi_2": 0.00736697965179969,
  "rpve_csf": 21.830135466007643,
  "rpve_gm": 11.72280931624152,
  "rpve_wm": 16.110224784251027,
  "size_x": 176,
  "size_y": 256,
  "size_z": 256,
  "snr_csf": 2.1437889828320063,
  "snr_gm": 10.46816948570948,
  "snr_total": 11.970739728052981,
  "snr_wm": 23.30026071561746,
  "snrd_csf": 24.45566085895575,
  "snrd_gm": 70.17916407693394,
  "snrd_total": 64.85198612019137,
  "snrd_wm": 99.9211334246844,
  "spacing_x": 1.0,
  "spacing_y": 1.0,
  "spacing_z": 1.0,
  "summary_bg_k": 15.904563472309466,
  "summary_bg_mad": 0.0,
  "summary_bg_mean": 3.087417985554562,
  "summary_bg_median": 0.0,
  "summary_bg_n": 2731993.0,
  "summary_bg_p05": 0.0,
  "summary_bg_p95": 16.7067816182971,
  "summary_bg_stdv": 6.556534835091962,
  "summary_csf_k": 0.19374914820047584,
  "summary_csf_mad": 119.92921665598384,
  "summary_csf_mean": 242.26505856664642,
  "summary_csf_median": 244.74963127821684,
  "summary_csf_n": 60287.0,
  "summary_csf_p05": 65.45849182084203,
  "summary_csf_p95": 432.29977294802666,
  "summary_csf_stdv": 114.16590128929961,
  "summary_gm_k": 0.042067304142738404,
  "summary_gm_mad": 66.3319121294473,
  "summary_gm_mean": 704.2431107466559,
  "summary_gm_median": 702.345548145473,
  "summary_gm_n": 41103.0,
  "summary_gm_p05": 597.2910400032997,
  "summary_gm_p95": 817.6884133294225,
  "summary_gm_stdv": 67.09262830776585,
  "summary_wm_k": 0.6906479632570073,
  "summary_wm_mad": 40.37290432351381,
  "summary_wm_mean": 999.546798692852,
  "summary_wm_median": 999.9999878816307,
  "summary_wm_n": 208086.0,
  "summary_wm_p05": 928.7837916612625,
  "summary_wm_p95": 1068.71488628909,
  "summary_wm_stdv": 42.91787105866323,
  "tpm_overlap_csf": 0.15936571715225506,
  "tpm_overlap_gm": 0.46787843448755045,
  "tpm_overlap_wm": 0.4990745743108541,
  "wm2max": 0.5180832484643484
}