{
  "aor": 0.008330956651718981,
  "aqi": 0.018693216307922273,
  "bids_meta": {
    "AccelFactPE": 2,
    "AcquisitionNumber": 1,
    "AcquisitionTime": "12:57:4.855000",
    "BandwidthPerPixelPhaseEncode": 22.894,
    "BodyPartExamined": "BRAIN",
    "ConversionSoftware": "dcm2niix",
    "ConversionSoftwareVersion": "v1.0.20170724 (OpenJPEG build) GCC6.1.0",
    "DeviceSerialNumber": "167045",
    "EchoTime": 0.027,
    "EchoTrainLength": 74,
    "EffectiveEchoSpacing": 0.000519995,
    "FlipAngle": 66,
    "ImageType": [
      "ORIGINAL",
      "PRIMARY",
      "M",
      "ND",
      "NORM",
      "MOSAIC"
    ],
    "InstitutionAddress": "De_Pintelaan_185_Gent_District_BE_9000",
    "InstitutionName": "UGent",
    "MagneticFieldStrength": 3,
    "Manufacturer": "Siemens",
    "ManufacturersModelName": "Prisma_fit",
    "PhaseEncodingDirection": "j-",
    "PhaseEncodingLines": 84,
    "ProcedureStepDescription": "MR_hersenen_(structuur_alleen)_O",
    "ProtocolName": "ep2d_bold_TASK_BETTING",
    "RepetitionTime": 1.72,
    "ScanningSequence": "EP",
    "SequenceName": "_epfid2d1_84",
    "SequenceVariant": "SK",
    "SeriesDescription": "ep2d_bold_TASK_BETTING",
    "SliceTiming": [
      1.2425,
      0,
      0.85,
      0.065,
      0.915,
      0.13,
      0.98,
      0.195,
      1.045,
      0.26,
      1.11,
      0.325,
      1.175,
      0.4575,
      1.3075,
      0.5225,
      1.3725,
      0.5875,
      1.4375,
      0.6525,
      1.5025,
      0.7175,
      1.5675,
      0.785,
      1.635,
      0.3925,
      1.2425,
      0,
      0.85,
      0.065,
      0.915,
      0.13,
      0.98,
      0.195,
      1.045,
      0.26,
      1.11,
      0.325,
      1.175,
      0.4575,
      1.3075,
      0.5225,
      1.3725,
      0.5875,
      1.4375,
      0.6525,
      1.5025,
      0.7175,
      1.5675,
      0.785,
      1.635,
      0.3925
    ],
    "SoftwareVersions": "syngo_MR_E11",
    "TaskName": "cueexposure",
    "TotalReadoutTime": 0.0374396,
    "TrueEchoSpacing": 0.00103999,
    "dataset": "ds002513",
    "modality": "bold",
    "subject_id": "21",
    "task_id": "cueexposure"
  },
  "dummy_trs": 1,
  "dvars_nstd": 42.14870292404194,
  "dvars_std": 1.3071935054790418,
  "dvars_vstd": 0.9844566905988031,
  "efc": 0.5374716649431541,
  "fber": 2153.910400390625,
  "fd_mean": 0.34723358079100686,
  "fd_num": 390,
  "fd_perc": 58.29596412556054,
  "fwhm_avg": 1.8711453333333334,
  "fwhm_x": 1.752072,
  "fwhm_y": 1.932712,
  "fwhm_z": 1.928652,
  "gcor": 0.0506631,
  "gsr_x": -0.007781229447573423,
  "gsr_y": 0.05488219112157822,
  "provenance": {
    "md5sum": "338c155019c8b97145db317a2471d43e",
    "settings": {
      "fd_thres": 0.2,
      "testing": false
    },
    "software": "mriqc",
    "version": "23.0.1",
    "webapi_port": null,
    "webapi_url": "https://mriqc.nimh.nih.gov/api/v1"
  },
  "size_t": 669,
  "size_x": 84,
  "size_y": 84,
  "size_z": 52,
  "snr": 5.897879560287849,
  "spacing_tr": 1.7200000286102295,
  "spacing_x": 2.5,
  "spacing_y": 2.5,
  "spacing_z": 2.5,
  "summary_bg_k": 11.779805588559594,
  "summary_bg_mad": 16.654341898952328,
  "summary_bg_mean": 61.078243255615234,
  "summary_bg_median": 20.84454345703125,
  "summary_bg_n": 234630.0,
  "summary_bg_p05": 6.231688976287842,
  "summary_bg_p95": 287.1385726928705,
  "summary_bg_stdv": 102.07280731201172,
  "summary_fg_k": 1.8002078961600256,
  "summary_fg_mad": 158.97298208235864,
  "summary_fg_mean": 978.738525390625,
  "summary_fg_median": 967.3557739257812,
  "summary_fg_n": 73263.0,
  "summary_fg_p05": 740.8647033691407,
  "summary_fg_p95": 1251.174865722656,
  "summary_fg_stdv": 164.0164337158203,
  "tsnr": 38.14583754632622
}