{
  "bids_meta": {
    "AcquisitionNumber": 1,
    "AcquisitionTime": "14:21:42.412500",
    "BodyPartExamined": "BRAIN",
    "ConversionSoftware": "dcm2niix",
    "ConversionSoftwareVersion": "v1.0.20170724 (OpenJPEG build) GCC6.1.0",
    "DeviceSerialNumber": "167045",
    "EchoTime": 0.005,
    "FlipAngle": 40,
    "ImageType": [
      "ORIGINAL",
      "PRIMARY",
      "M",
      "ND",
      "NORM"
    ],
    "InstitutionAddress": "De_Pintelaan_185_Gent_District_BE_9000",
    "InstitutionName": "UGent",
    "MagneticFieldStrength": 3,
    "Manufacturer": "Siemens",
    "ManufacturersModelName": "Prisma_fit",
    "PhaseEncodingDirection": "j-",
    "PhaseEncodingLines": 128,
    "ProcedureStepDescription": "MR_hersenen_(structuur_alleen)_O",
    "ProtocolName": "localizer",
    "RepetitionTime": 0.02,
    "ScanningSequence": "GR",
    "SequenceName": "_fl2d1",
    "SequenceVariant": "SP",
    "SeriesDescription": "localizer",
    "SoftwareVersions": "syngo_MR_E11",
    "dataset": "ds002513",
    "modality": "T1w",
    "subject_id": "43"
  },
  "cjv": 0.3447309354217571,
  "cnr": 3.7580229283171827,
  "efc": 0.5186945096938257,
  "fber": -1.0,
  "fwhm_avg": 3.8818633333333334,
  "fwhm_x": 4.02418,
  "fwhm_y": 4.04403,
  "fwhm_z": 3.57738,
  "icvs_csf": 0.2345248441960879,
  "icvs_gm": 0.4134458522908872,
  "icvs_wm": 0.3520293035130249,
  "inu_med": 0.5592406392097473,
  "inu_range": 0.26507780551910404,
  "provenance": {
    "md5sum": "b2ee1e3d7d990282e1ac3469e8250e1f",
    "settings": {
      "testing": false
    },
    "software": "mriqc",
    "version": "23.0.1",
    "warnings": {
      "large_rot_frame": true,
      "small_air_mask": false
    },
    "webapi_port": null,
    "webapi_url": "https://mriqc.nimh.nih.gov/api/v1"
  },
  "qi_1": 8.798559617133611e-05,
  "qi_2": 0.011149172426384987,
  "rpve_csf": 20.814890239667182,
  "rpve_gm": 11.852345291849158,
  "rpve_wm": 16.301066285619946,
  "size_x": 176,
  "size_y": 256,
  "size_z": 256,
  "snr_csf": 2.2211409556191355,
  "snr_gm": 10.67575459776332,
  "snr_total": 12.218551354904937,
  "snr_wm": 23.758758511332353,
  "snrd_csf": 27.429430981015592,
  "snrd_gm": 75.68718330860239,
  "snrd_total": 70.16515194773424,
  "snrd_wm": 107.37884155358476,
  "spacing_x": 1.0,
  "spacing_y": 1.0,
  "spacing_z": 1.0,
  "summary_bg_k": 17.191538720361123,
  "summary_bg_mad": 0.0,
  "summary_bg_mean": 3.2399065691298845,
  "summary_bg_median": 0.0,
  "summary_bg_n": 3175060.0,
  "summary_bg_p05": 0.0,
  "summary_bg_p95": 15.515589997172356,
  "summary_bg_stdv": 6.100943869186333,
  "summary_csf_k": 0.42252107035892905,
  "summary_csf_mad": 109.41663877159192,
  "summary_csf_mean": 258.1723435296182,
  "summary_csf_median": 255.43599589169025,
  "summary_csf_n": 49832.0,
  "summary_csf_p05": 71.70155847743155,
  "summary_csf_p95": 455.36966747045517,
  "summary_csf_stdv": 115.00100084196933,
  "summary_gm_k": 0.3103579947444546,
  "summary_gm_mad": 62.34426209157872,
  "summary_gm_mean": 704.3445846402898,
  "summary_gm_median": 704.8352938145399,
  "summary_gm_n": 29479.0,
  "summary_gm_p05": 593.8306451886892,
  "summary_gm_p95": 812.5672954291105,
  "summary_gm_stdv": 66.02093860322174,
  "summary_wm_k": 0.5997197940986587,
  "summary_wm_mad": 39.39545395970925,
  "summary_wm_mean": 999.6050229315783,
  "summary_wm_median": 999.9631909579039,
  "summary_wm_n": 220962.0,
  "summary_wm_p05": 930.0509006381035,
  "summary_wm_p95": 1067.7379415631294,
  "summary_wm_stdv": 42.08809680561196,
  "tpm_overlap_csf": 0.15691084145435052,
  "tpm_overlap_gm": 0.4549374317025147,
  "tpm_overlap_wm": 0.5112167060608773,
  "wm2max": 0.5802360891322014
}