{
  "aor": 0.002810641791044776,
  "aqi": 0.009971175970149253,
  "bids_meta": {
    "AccelFactPE": 2,
    "AcquisitionNumber": 1,
    "AcquisitionTime": "13:55:58.727500",
    "BandwidthPerPixelPhaseEncode": 22.894,
    "BodyPartExamined": "BRAIN",
    "ConversionSoftware": "dcm2niix",
    "ConversionSoftwareVersion": "v1.0.20170724 (OpenJPEG build) GCC6.1.0",
    "DeviceSerialNumber": "167045",
    "EchoTime": 0.027,
    "EchoTrainLength": 74,
    "EffectiveEchoSpacing": 0.000519995,
    "FlipAngle": 66,
    "ImageType": [
      "ORIGINAL",
      "PRIMARY",
      "M",
      "ND",
      "NORM",
      "MOSAIC"
    ],
    "InstitutionAddress": "De_Pintelaan_185_Gent_District_BE_9000",
    "InstitutionName": "UZ_Gent",
    "MagneticFieldStrength": 3,
    "Manufacturer": "Siemens",
    "ManufacturersModelName": "Prisma_fit",
    "PhaseEncodingDirection": "j-",
    "PhaseEncodingLines": 84,
    "ProcedureStepDescription": "MR_hersenen_(structuur_alleen)_O",
    "ProtocolName": "ep2d_bold_TASK_BETTING",
    "RepetitionTime": 1.72,
    "ScanningSequence": "EP",
    "SequenceName": "_epfid2d1_84",
    "SequenceVariant": "SK",
    "SeriesDescription": "ep2d_bold_TASK_BETTING",
    "SliceTiming": [
      1.24,
      0,
      0.85,
      0.065,
      0.915,
      0.13,
      0.98,
      0.195,
      1.045,
      0.26,
      1.11,
      0.325,
      1.175,
      0.4575,
      1.3075,
      0.5225,
      1.3725,
      0.5875,
      1.4375,
      0.6525,
      1.5025,
      0.7175,
      1.5675,
      0.7825,
      1.6325,
      0.39,
      1.24,
      0,
      0.85,
      0.065,
      0.915,
      0.13,
      0.98,
      0.195,
      1.045,
      0.26,
      1.11,
      0.325,
      1.175,
      0.4575,
      1.3075,
      0.5225,
      1.3725,
      0.5875,
      1.4375,
      0.6525,
      1.5025,
      0.7175,
      1.5675,
      0.7825,
      1.6325,
      0.39
    ],
    "SoftwareVersions": "syngo_MR_E11",
    "TaskName": "cueexposure",
    "TotalReadoutTime": 0.0374396,
    "TrueEchoSpacing": 0.00103999,
    "dataset": "ds002513",
    "modality": "bold",
    "subject_id": "52",
    "task_id": "cueexposure"
  },
  "dummy_trs": 0,
  "dvars_nstd": 26.50289296603886,
  "dvars_std": 1.270735308639759,
  "dvars_vstd": 1.0079756385949172,
  "efc": 0.542228664902382,
  "fber": 3066.7451171875,
  "fd_mean": 0.14585906732923476,
  "fd_num": 112,
  "fd_perc": 16.71641791044776,
  "fwhm_avg": 1.9129746666666667,
  "fwhm_x": 1.7804559999999998,
  "fwhm_y": 2.05976,
  "fwhm_z": 1.8987079999999998,
  "gcor": 0.0206137,
  "gsr_x": -0.004778504371643066,
  "gsr_y": 0.05967259034514427,
  "provenance": {
    "md5sum": "b18538b25481161ec5b2215e0eed9b32",
    "settings": {
      "fd_thres": 0.2,
      "testing": false
    },
    "software": "mriqc",
    "version": "23.0.1",
    "webapi_port": null,
    "webapi_url": "https://mriqc.nimh.nih.gov/api/v1"
  },
  "size_t": 670,
  "size_x": 84,
  "size_y": 84,
  "size_z": 52,
  "snr": 5.825273856257495,
  "spacing_tr": 1.7200000286102295,
  "spacing_x": 2.5,
  "spacing_y": 2.5,
  "spacing_z": 2.5,
  "summary_bg_k": 15.74377552188956,
  "summary_bg_mad": 11.393908957073464,
  "summary_bg_mean": 51.5039176940918,
  "summary_bg_median": 15.979104995727539,
  "summary_bg_n": 227547.0,
  "summary_bg_p05": 6.262686729431152,
  "summary_bg_p95": 240.0923934936519,
  "summary_bg_stdv": 93.29766845703125,
  "summary_fg_k": 0.9009082318208712,
  "summary_fg_mad": 157.9170442596205,
  "summary_fg_mean": 903.8603515625,
  "summary_fg_median": 895.6776123046875,
  "summary_fg_n": 78999.0,
  "summary_fg_p05": 679.3653930664062,
  "summary_fg_p95": 1158.0179443359375,
  "summary_fg_stdv": 153.75619506835938,
  "tsnr": 54.11295581050217
}