{
  "bids_meta": {
    "AccelFactPE": 2,
    "AcquisitionNumber": 1,
    "AcquisitionTime": "15:24:7.927500",
    "BodyPartExamined": "BRAIN",
    "ConversionSoftware": "dcm2niix",
    "ConversionSoftwareVersion": "v1.0.20170724 (OpenJPEG build) GCC6.1.0",
    "DeviceSerialNumber": "167045",
    "EchoTime": 0.00418,
    "FlipAngle": 9,
    "ImageType": [
      "ORIGINAL",
      "PRIMARY",
      "M",
      "ND",
      "NORM"
    ],
    "InstitutionAddress": "De_Pintelaan_185_Gent_District_BE_9000",
    "InstitutionName": "UZ_Gent",
    "InversionTime": 0.9,
    "MagneticFieldStrength": 3,
    "Manufacturer": "Siemens",
    "ManufacturersModelName": "Prisma_fit",
    "PhaseEncodingDirection": "i-",
    "PhaseEncodingLines": 256,
    "ProcedureStepDescription": "MR_hersenen_(structuur_alleen)_O",
    "ProtocolName": "T1_mprage",
    "RepetitionTime": 2.25,
    "ScanningSequence": "GR_IR",
    "SequenceName": "_tfl3d1_16ns",
    "SequenceVariant": "SK_SP_MP",
    "SeriesDescription": "T1_mprage",
    "SoftwareVersions": "syngo_MR_E11",
    "dataset": "ds002513",
    "modality": "T1w",
    "subject_id": "16"
  },
  "cjv": 0.33320097220136047,
  "cnr": 3.9649403090499673,
  "efc": 0.5066384121139798,
  "fber": 22392.81089298698,
  "fwhm_avg": 3.856533333333333,
  "fwhm_x": 3.97849,
  "fwhm_y": 4.00537,
  "fwhm_z": 3.58574,
  "icvs_csf": 0.23565285235696737,
  "icvs_gm": 0.44367613423726066,
  "icvs_wm": 0.320671013405772,
  "inu_med": 0.6313398480415344,
  "inu_range": 0.31685470342636113,
  "provenance": {
    "md5sum": "672d34d6f625d77cf42a1f686fcd93b8",
    "settings": {
      "testing": false
    },
    "software": "mriqc",
    "version": "23.0.1",
    "warnings": {
      "large_rot_frame": true,
      "small_air_mask": false
    },
    "webapi_port": null,
    "webapi_url": "https://mriqc.nimh.nih.gov/api/v1"
  },
  "qi_1": 3.7797696840955724e-05,
  "qi_2": 0.013049297733236594,
  "rpve_csf": 23.756611705589943,
  "rpve_gm": 12.99503269137087,
  "rpve_wm": 19.898367463144666,
  "size_x": 176,
  "size_y": 256,
  "size_z": 256,
  "snr_csf": 2.351322527510798,
  "snr_gm": 11.371626970850196,
  "snr_total": 11.762373093097587,
  "snr_wm": 21.564169780931767,
  "snrd_csf": 24.07758628449632,
  "snrd_gm": 67.52498176867985,
  "snrd_total": 62.933198243884995,
  "snrd_wm": 97.19702667847882,
  "spacing_x": 1.0,
  "spacing_y": 1.0,
  "spacing_z": 1.0,
  "summary_bg_k": 12.541643541682943,
  "summary_bg_mad": 0.0,
  "summary_bg_mean": 3.9665686045276813,
  "summary_bg_median": 0.0,
  "summary_bg_n": 3209493.0,
  "summary_bg_p05": 0.0,
  "summary_bg_p95": 16.936899170279503,
  "summary_bg_stdv": 6.740292384236212,
  "summary_csf_k": 1.2622278890361809,
  "summary_csf_mad": 89.46957225744315,
  "summary_csf_mean": 254.0930953682973,
  "summary_csf_median": 247.71936266124249,
  "summary_csf_n": 49081.0,
  "summary_csf_p05": 90.36455349996686,
  "summary_csf_p95": 444.83457536250353,
  "summary_csf_stdv": 105.35213105522347,
  "summary_gm_k": 0.2905083380167337,
  "summary_gm_mad": 58.1832928542414,
  "summary_gm_mean": 694.3720693199705,
  "summary_gm_median": 694.7226873077452,
  "summary_gm_n": 36623.0,
  "summary_gm_p05": 592.0341299399734,
  "summary_gm_p95": 794.0686168108136,
  "summary_gm_stdv": 61.09180368271868,
  "summary_wm_k": 0.4606211772743696,
  "summary_wm_mad": 43.53539368830519,
  "summary_wm_mean": 999.0857379989975,
  "summary_wm_median": 999.9999674744904,
  "summary_wm_n": 158643.0,
  "summary_wm_p05": 921.0299538634717,
  "summary_wm_p95": 1073.8062923140824,
  "summary_wm_stdv": 46.373072828579915,
  "tpm_overlap_csf": 0.16028429022555807,
  "tpm_overlap_gm": 0.4617296791139228,
  "tpm_overlap_wm": 0.47864874419170034,
  "wm2max": 0.6641896835558807
}