{
  "bids_meta": {
    "AcquisitionNumber": 1,
    "AcquisitionTime": "15:23:39.400000",
    "BodyPartExamined": "BRAIN",
    "ConversionSoftware": "dcm2niix",
    "ConversionSoftwareVersion": "v1.0.20170724 (OpenJPEG build) GCC6.1.0",
    "DeviceSerialNumber": "167045",
    "EchoTime": 0.005,
    "FlipAngle": 40,
    "ImageType": [
      "ORIGINAL",
      "PRIMARY",
      "M",
      "ND",
      "NORM"
    ],
    "InstitutionAddress": "De_Pintelaan_185_Gent_District_BE_9000",
    "InstitutionName": "UGent",
    "MagneticFieldStrength": 3,
    "Manufacturer": "Siemens",
    "ManufacturersModelName": "Prisma_fit",
    "PhaseEncodingDirection": "j-",
    "PhaseEncodingLines": 128,
    "ProcedureStepDescription": "MR_hersenen_(structuur_alleen)_O",
    "ProtocolName": "localizer",
    "RepetitionTime": 0.02,
    "ScanningSequence": "GR",
    "SequenceName": "_fl2d1",
    "SequenceVariant": "SP",
    "SeriesDescription": "localizer",
    "SoftwareVersions": "syngo_MR_E11",
    "dataset": "ds002513",
    "modality": "T1w",
    "subject_id": "24"
  },
  "cjv": 0.3627112527018959,
  "cnr": 3.6633807581243882,
  "efc": 0.5128770472480645,
  "fber": 27579.4797469646,
  "fwhm_avg": 4.04772,
  "fwhm_x": 4.12196,
  "fwhm_y": 4.23586,
  "fwhm_z": 3.78534,
  "icvs_csf": 0.22953905025947363,
  "icvs_gm": 0.4244737351622412,
  "icvs_wm": 0.3459872145782852,
  "inu_med": 0.5603418350219727,
  "inu_range": 0.29832722544670104,
  "provenance": {
    "md5sum": "4bec2dddea5cbfa3d5e95b8c359ceb77",
    "settings": {
      "testing": false
    },
    "software": "mriqc",
    "version": "23.0.1",
    "warnings": {
      "large_rot_frame": true,
      "small_air_mask": false
    },
    "webapi_port": null,
    "webapi_url": "https://mriqc.nimh.nih.gov/api/v1"
  },
  "qi_1": 0.0001895364532323807,
  "qi_2": 0.005765093600867325,
  "rpve_csf": 23.146792420800764,
  "rpve_gm": 12.76392353384538,
  "rpve_wm": 18.143774778654574,
  "size_x": 176,
  "size_y": 256,
  "size_z": 256,
  "snr_csf": 2.0976705119065016,
  "snr_gm": 10.9750477970485,
  "snr_total": 12.821133125219399,
  "snr_wm": 25.390681066703195,
  "snrd_csf": 32.429246822992006,
  "snrd_gm": 89.24378546830911,
  "snrd_total": 81.917873125228,
  "snrd_wm": 124.08058708438288,
  "spacing_x": 1.0,
  "spacing_y": 1.0,
  "spacing_z": 1.0,
  "summary_bg_k": 17.963496884703233,
  "summary_bg_mad": 0.0,
  "summary_bg_mean": 2.5436265412836683,
  "summary_bg_median": 0.0,
  "summary_bg_n": 2773274.0,
  "summary_bg_p05": 0.0,
  "summary_bg_p95": 12.973259288817644,
  "summary_bg_stdv": 5.279926698108489,
  "summary_csf_k": 0.0843431275952451,
  "summary_csf_mad": 125.72314370958735,
  "summary_csf_mean": 259.9328222102371,
  "summary_csf_median": 261.35633144527674,
  "summary_csf_n": 43838.0,
  "summary_csf_p05": 60.62445670869201,
  "summary_csf_p95": 472.7599411915989,
  "summary_csf_stdv": 124.59218404952186,
  "summary_gm_k": 0.12357099024423546,
  "summary_gm_mad": 64.48778557806666,
  "summary_gm_mean": 716.186165196401,
  "summary_gm_median": 719.2405208051205,
  "summary_gm_n": 32685.0,
  "summary_gm_p05": 604.039491236955,
  "summary_gm_p95": 819.3955954313278,
  "summary_gm_stdv": 65.53315588346099,
  "summary_wm_k": 0.5256920686012898,
  "summary_wm_mad": 37.346839299993384,
  "summary_wm_mean": 999.1429459688651,
  "summary_wm_median": 1000.000006813556,
  "summary_wm_n": 194680.0,
  "summary_wm_p05": 933.2803876139224,
  "summary_wm_p95": 1061.916116014123,
  "summary_wm_stdv": 39.384427533311715,
  "tpm_overlap_csf": 0.15695226409039056,
  "tpm_overlap_gm": 0.46527572899869546,
  "tpm_overlap_wm": 0.5044645221282875,
  "wm2max": 0.6054963929920989
}