{
  "aor": 0.0033387462686567167,
  "aqi": 0.012971977328358208,
  "bids_meta": {
    "AccelFactPE": 2,
    "AcquisitionNumber": 1,
    "AcquisitionTime": "16:18:6.227500",
    "BandwidthPerPixelPhaseEncode": 22.894,
    "BodyPartExamined": "BRAIN",
    "ConversionSoftware": "dcm2niix",
    "ConversionSoftwareVersion": "v1.0.20170724 (OpenJPEG build) GCC6.1.0",
    "DeviceSerialNumber": "167045",
    "EchoTime": 0.027,
    "EchoTrainLength": 74,
    "EffectiveEchoSpacing": 0.000519995,
    "FlipAngle": 66,
    "ImageType": [
      "ORIGINAL",
      "PRIMARY",
      "M",
      "ND",
      "NORM",
      "MOSAIC"
    ],
    "InstitutionAddress": "De_Pintelaan_185_Gent_District_BE_9000",
    "InstitutionName": "UGent",
    "MagneticFieldStrength": 3,
    "Manufacturer": "Siemens",
    "ManufacturersModelName": "Prisma_fit",
    "PhaseEncodingDirection": "j-",
    "PhaseEncodingLines": 84,
    "ProcedureStepDescription": "MR_hersenen_(structuur_alleen)_O",
    "ProtocolName": "ep2d_bold_TASK_BETTING",
    "RepetitionTime": 1.72,
    "ScanningSequence": "EP",
    "SequenceName": "_epfid2d1_84",
    "SequenceVariant": "SK",
    "SeriesDescription": "ep2d_bold_TASK_BETTING",
    "SliceTiming": [
      1.2425,
      0,
      0.85,
      0.065,
      0.915,
      0.13,
      0.98,
      0.195,
      1.045,
      0.2625,
      1.1125,
      0.3275,
      1.1775,
      0.4575,
      1.3075,
      0.5225,
      1.3725,
      0.5875,
      1.4375,
      0.6525,
      1.5025,
      0.72,
      1.57,
      0.785,
      1.635,
      0.3925,
      1.2425,
      0,
      0.85,
      0.065,
      0.915,
      0.13,
      0.98,
      0.195,
      1.045,
      0.2625,
      1.1125,
      0.3275,
      1.1775,
      0.4575,
      1.3075,
      0.5225,
      1.3725,
      0.5875,
      1.4375,
      0.6525,
      1.5025,
      0.72,
      1.57,
      0.785,
      1.635,
      0.3925
    ],
    "SoftwareVersions": "syngo_MR_E11",
    "TaskName": "cueexposure",
    "TotalReadoutTime": 0.0374396,
    "TrueEchoSpacing": 0.00103999,
    "dataset": "ds002513",
    "modality": "bold",
    "subject_id": "45",
    "task_id": "cueexposure"
  },
  "dummy_trs": 0,
  "dvars_nstd": 27.3798069305531,
  "dvars_std": 1.229734976621824,
  "dvars_vstd": 0.9713894404633777,
  "efc": 0.5193347060841632,
  "fber": 2497.19677734375,
  "fd_mean": 0.183059063869136,
  "fd_num": 129,
  "fd_perc": 19.253731343283583,
  "fwhm_avg": 1.9991973333333333,
  "fwhm_x": 1.8795680000000001,
  "fwhm_y": 2.130192,
  "fwhm_z": 1.9878319999999998,
  "gcor": 0.0128603,
  "gsr_x": 0.005899021402001381,
  "gsr_y": 0.04167381301522255,
  "provenance": {
    "md5sum": "0addcbadd98e288eaf4a43a79eb85b7a",
    "settings": {
      "fd_thres": 0.2,
      "testing": false
    },
    "software": "mriqc",
    "version": "23.0.1",
    "webapi_port": null,
    "webapi_url": "https://mriqc.nimh.nih.gov/api/v1"
  },
  "size_t": 670,
  "size_x": 84,
  "size_y": 84,
  "size_z": 52,
  "snr": 5.6116390412235155,
  "spacing_tr": 1.7200000286102295,
  "spacing_x": 2.5,
  "spacing_y": 2.5,
  "spacing_z": 2.5,
  "summary_bg_k": 21.287695683304324,
  "summary_bg_mad": 14.902365363028805,
  "summary_bg_mean": 52.4818229675293,
  "summary_bg_median": 17.92686653137207,
  "summary_bg_n": 240192.0,
  "summary_bg_p05": 5.61641788482666,
  "summary_bg_p95": 228.08642196655268,
  "summary_bg_stdv": 92.56016540527344,
  "summary_fg_k": 1.0767798361947927,
  "summary_fg_mad": 162.56510718403092,
  "summary_fg_mean": 913.1487426757812,
  "summary_fg_median": 902.1537475585938,
  "summary_fg_n": 68722.0,
  "summary_fg_p05": 683.4314849853515,
  "summary_fg_p95": 1178.4020629882812,
  "summary_fg_stdv": 160.76358032226562,
  "tsnr": 49.627730967476964
}