{
  "aor": 0.0032259043348281014,
  "aqi": 0.014213595366218237,
  "bids_meta": {
    "AccelFactPE": 2,
    "AcquisitionNumber": 1,
    "AcquisitionTime": "13:55:28.662500",
    "BandwidthPerPixelPhaseEncode": 22.894,
    "BodyPartExamined": "BRAIN",
    "ConversionSoftware": "dcm2niix",
    "ConversionSoftwareVersion": "v1.0.20170724 (OpenJPEG build) GCC6.1.0",
    "DeviceSerialNumber": "167045",
    "EchoTime": 0.027,
    "EchoTrainLength": 74,
    "EffectiveEchoSpacing": 0.000519995,
    "FlipAngle": 66,
    "ImageType": [
      "ORIGINAL",
      "PRIMARY",
      "M",
      "ND",
      "NORM",
      "MOSAIC"
    ],
    "InstitutionAddress": "De_Pintelaan_185_Gent_District_BE_9000",
    "InstitutionName": "UZ_Gent",
    "MagneticFieldStrength": 3,
    "Manufacturer": "Siemens",
    "ManufacturersModelName": "Prisma_fit",
    "PhaseEncodingDirection": "j-",
    "PhaseEncodingLines": 84,
    "ProcedureStepDescription": "MR_hersenen_(structuur_alleen)_O",
    "ProtocolName": "ep2d_bold_TASK_BETTING",
    "RepetitionTime": 1.72,
    "ScanningSequence": "EP",
    "SequenceName": "_epfid2d1_84",
    "SequenceVariant": "SK",
    "SeriesDescription": "ep2d_bold_TASK_BETTING",
    "SliceTiming": [
      1.2425,
      0,
      0.85,
      0.065,
      0.915,
      0.1325,
      0.9825,
      0.1975,
      1.0475,
      0.2625,
      1.1125,
      0.3275,
      1.1775,
      0.4575,
      1.3075,
      0.5225,
      1.3725,
      0.59,
      1.44,
      0.655,
      1.505,
      0.72,
      1.57,
      0.785,
      1.635,
      0.3925,
      1.2425,
      0,
      0.85,
      0.065,
      0.915,
      0.1325,
      0.9825,
      0.1975,
      1.0475,
      0.2625,
      1.1125,
      0.3275,
      1.1775,
      0.4575,
      1.3075,
      0.5225,
      1.3725,
      0.59,
      1.44,
      0.655,
      1.505,
      0.72,
      1.57,
      0.785,
      1.635,
      0.3925
    ],
    "SoftwareVersions": "syngo_MR_E11",
    "TaskName": "cueexposure",
    "TotalReadoutTime": 0.0374396,
    "TrueEchoSpacing": 0.00103999,
    "dataset": "ds002513",
    "modality": "bold",
    "subject_id": "14",
    "task_id": "cueexposure"
  },
  "dummy_trs": 1,
  "dvars_nstd": 32.9469026405838,
  "dvars_std": 1.3401258201796422,
  "dvars_vstd": 1.0131486332784434,
  "efc": 0.5409176776893683,
  "fber": 2747.232421875,
  "fd_mean": 0.24384270333691307,
  "fd_num": 372,
  "fd_perc": 55.60538116591928,
  "fwhm_avg": 1.9534933333333333,
  "fwhm_x": 1.823068,
  "fwhm_y": 2.121136,
  "fwhm_z": 1.9162759999999999,
  "gcor": 0.0277059,
  "gsr_x": -0.00865652970969677,
  "gsr_y": 0.055014606565237045,
  "provenance": {
    "md5sum": "077228fe2bc3491b147e449583d8a47c",
    "settings": {
      "fd_thres": 0.2,
      "testing": false
    },
    "software": "mriqc",
    "version": "23.0.1",
    "webapi_port": null,
    "webapi_url": "https://mriqc.nimh.nih.gov/api/v1"
  },
  "size_t": 669,
  "size_x": 84,
  "size_y": 84,
  "size_z": 52,
  "snr": 6.192342347654139,
  "spacing_tr": 1.7200000286102295,
  "spacing_x": 2.5,
  "spacing_y": 2.5,
  "spacing_z": 2.5,
  "summary_bg_k": 14.997673928759138,
  "summary_bg_mad": 12.82705792164759,
  "summary_bg_mean": 55.886783599853516,
  "summary_bg_median": 17.841554641723633,
  "summary_bg_n": 230088.0,
  "summary_bg_p05": 7.629297256469727,
  "summary_bg_p95": 241.4909584045409,
  "summary_bg_stdv": 97.17951965332031,
  "summary_fg_k": 1.4470830055437762,
  "summary_fg_mad": 140.46266985669308,
  "summary_fg_mean": 962.2240600585938,
  "summary_fg_median": 949.8602294921875,
  "summary_fg_n": 77056.0,
  "summary_fg_p05": 745.4555358886719,
  "summary_fg_p95": 1242.8650817871094,
  "summary_fg_stdv": 153.3917236328125,
  "tsnr": 48.59473079442978
}