{
  "bids_meta": {
    "AccelFactPE": 2,
    "AcquisitionNumber": 1,
    "AcquisitionTime": "13:31:4.322500",
    "BodyPartExamined": "BRAIN",
    "ConversionSoftware": "dcm2niix",
    "ConversionSoftwareVersion": "v1.0.20170724 (OpenJPEG build) GCC6.1.0",
    "DeviceSerialNumber": "167045",
    "EchoTime": 0.00418,
    "FlipAngle": 9,
    "ImageType": [
      "ORIGINAL",
      "PRIMARY",
      "M",
      "ND",
      "NORM"
    ],
    "InstitutionAddress": "De_Pintelaan_185_Gent_District_BE_9000",
    "InstitutionName": "UGent",
    "InversionTime": 0.9,
    "MagneticFieldStrength": 3,
    "Manufacturer": "Siemens",
    "ManufacturersModelName": "Prisma_fit",
    "PhaseEncodingDirection": "i-",
    "PhaseEncodingLines": 256,
    "ProcedureStepDescription": "MR_hersenen_(structuur_alleen)_O",
    "ProtocolName": "T1_mprage",
    "RepetitionTime": 2.25,
    "ScanningSequence": "GR_IR",
    "SequenceName": "_tfl3d1_16ns",
    "SequenceVariant": "SK_SP_MP",
    "SeriesDescription": "T1_mprage",
    "SoftwareVersions": "syngo_MR_E11",
    "dataset": "ds002513",
    "modality": "T1w",
    "subject_id": "62"
  },
  "cjv": 0.384755928430203,
  "cnr": 3.477209324218113,
  "efc": 0.53285744817267,
  "fber": -1.0,
  "fwhm_avg": 3.9037966666666666,
  "fwhm_x": 3.99501,
  "fwhm_y": 4.06417,
  "fwhm_z": 3.65221,
  "icvs_csf": 0.20777177730301044,
  "icvs_gm": 0.4257977186747647,
  "icvs_wm": 0.3664305040222249,
  "inu_med": 0.6290905475616455,
  "inu_range": 0.32109859585762024,
  "provenance": {
    "md5sum": "d51057c56f75a7d6076e77d158a0d347",
    "settings": {
      "testing": false
    },
    "software": "mriqc",
    "version": "23.0.1",
    "warnings": {
      "large_rot_frame": true,
      "small_air_mask": false
    },
    "webapi_port": null,
    "webapi_url": "https://mriqc.nimh.nih.gov/api/v1"
  },
  "qi_1": 1.2426242820130405e-05,
  "qi_2": 0.009358418692151633,
  "rpve_csf": 22.491832210491562,
  "rpve_gm": 11.346573157348717,
  "rpve_wm": 15.220342184837282,
  "size_x": 176,
  "size_y": 256,
  "size_z": 256,
  "snr_csf": 2.05566582707534,
  "snr_gm": 10.65316845851965,
  "snr_total": 10.55444273109567,
  "snr_wm": 18.95449390769202,
  "snrd_csf": 19.04581209535108,
  "snrd_gm": 53.55318873207994,
  "snrd_total": 49.54345057628427,
  "snrd_wm": 76.0313509014218,
  "spacing_x": 1.0,
  "spacing_y": 1.0,
  "spacing_z": 1.0,
  "summary_bg_k": 35.552021586171605,
  "summary_bg_mad": 0.0,
  "summary_bg_mean": 4.22160530883133,
  "summary_bg_median": 0.0,
  "summary_bg_n": 3460688.0,
  "summary_bg_p05": 0.0,
  "summary_bg_p95": 17.735095039010048,
  "summary_bg_stdv": 8.616661255867044,
  "summary_csf_k": 1.167334161960012,
  "summary_csf_mad": 115.98500330147152,
  "summary_csf_mean": 260.16397233343514,
  "summary_csf_median": 250.49945502728224,
  "summary_csf_n": 35157.0,
  "summary_csf_p05": 77.66289246529341,
  "summary_csf_p95": 477.01797719746787,
  "summary_csf_stdv": 121.85632952580751,
  "summary_gm_k": 0.2205051780210514,
  "summary_gm_mad": 64.43611294526195,
  "summary_gm_mean": 703.2742574428985,
  "summary_gm_median": 704.3566598892212,
  "summary_gm_n": 26141.0,
  "summary_gm_p05": 593.074195958674,
  "summary_gm_p95": 810.1363374143839,
  "summary_gm_stdv": 66.11584058241459,
  "summary_wm_k": 0.6630270315391962,
  "summary_wm_mad": 49.31441224601097,
  "summary_wm_mean": 1001.6330085928506,
  "summary_wm_median": 999.9999931976199,
  "summary_wm_n": 214520.0,
  "summary_wm_p05": 918.3344369903207,
  "summary_wm_p95": 1090.9536920636892,
  "summary_wm_stdv": 52.757813913675484,
  "tpm_overlap_csf": 0.16694813472809306,
  "tpm_overlap_gm": 0.47017919493363425,
  "tpm_overlap_wm": 0.5224347128472002,
  "wm2max": 0.6057923009958172
}