{
  "bids_meta": {
    "AccelFactPE": 2,
    "AcquisitionNumber": 1,
    "AcquisitionTime": "14:36:41.617500",
    "BodyPartExamined": "BRAIN",
    "ConversionSoftware": "dcm2niix",
    "ConversionSoftwareVersion": "v1.0.20170724 (OpenJPEG build) GCC6.1.0",
    "DeviceSerialNumber": "167045",
    "EchoTime": 0.00418,
    "FlipAngle": 9,
    "ImageType": [
      "ORIGINAL",
      "PRIMARY",
      "M",
      "ND",
      "NORM"
    ],
    "InstitutionAddress": "De_Pintelaan_185_Gent_District_BE_9000",
    "InstitutionName": "UZ_Gent",
    "InversionTime": 0.9,
    "MagneticFieldStrength": 3,
    "Manufacturer": "Siemens",
    "ManufacturersModelName": "Prisma_fit",
    "PhaseEncodingDirection": "i-",
    "PhaseEncodingLines": 256,
    "ProcedureStepDescription": "MR_hersenen_(structuur_alleen)_O",
    "ProtocolName": "T1_mprage",
    "RepetitionTime": 2.25,
    "ScanningSequence": "GR_IR",
    "SequenceName": "_tfl3d1_16ns",
    "SequenceVariant": "SK_SP_MP",
    "SeriesDescription": "T1_mprage",
    "SoftwareVersions": "syngo_MR_E11",
    "dataset": "ds002513",
    "modality": "T1w",
    "subject_id": "53"
  },
  "cjv": 0.3465197954564004,
  "cnr": 3.765260199594242,
  "efc": 0.5306680907664522,
  "fber": 21614.29762194627,
  "fwhm_avg": 3.9445900000000003,
  "fwhm_x": 4.06169,
  "fwhm_y": 4.05842,
  "fwhm_z": 3.71366,
  "icvs_csf": 0.21723299742355748,
  "icvs_gm": 0.4403735061141432,
  "icvs_wm": 0.3423934964622993,
  "inu_med": 0.5354928970336914,
  "inu_range": 0.28861683011054995,
  "provenance": {
    "md5sum": "fcda74cd6aa2353751bdf8edf4c4e7b7",
    "settings": {
      "testing": false
    },
    "software": "mriqc",
    "version": "23.0.1",
    "warnings": {
      "large_rot_frame": true,
      "small_air_mask": false
    },
    "webapi_port": null,
    "webapi_url": "https://mriqc.nimh.nih.gov/api/v1"
  },
  "qi_1": 4.504434937941756e-06,
  "qi_2": 0.005591976876878111,
  "rpve_csf": 22.219369940278057,
  "rpve_gm": 11.477633263465679,
  "rpve_wm": 16.78076416993667,
  "size_x": 176,
  "size_y": 256,
  "size_z": 256,
  "snr_csf": 2.381054101419329,
  "snr_gm": 11.239889953268442,
  "snr_total": 12.816808278391255,
  "snr_wm": 24.82948078048599,
  "snrd_csf": 25.157945275618662,
  "snrd_gm": 67.13189148190216,
  "snrd_total": 62.04997395410902,
  "snrd_wm": 93.86008510480626,
  "spacing_x": 1.0,
  "spacing_y": 1.0,
  "spacing_z": 1.0,
  "summary_bg_k": 35.06072310076967,
  "summary_bg_mad": 0.0,
  "summary_bg_mean": 3.57743479847228,
  "summary_bg_median": 0.0,
  "summary_bg_n": 2873991.0,
  "summary_bg_p05": 0.0,
  "summary_bg_p95": 16.126437786966562,
  "summary_bg_stdv": 6.97992551949502,
  "summary_csf_k": 1.1648567869727104,
  "summary_csf_mad": 94.8612620232488,
  "summary_csf_mean": 275.0182993107812,
  "summary_csf_median": 268.0366779305041,
  "summary_csf_n": 45473.0,
  "summary_csf_p05": 91.51451827436685,
  "summary_csf_p95": 474.1977020479739,
  "summary_csf_stdv": 112.5693576419102,
  "summary_gm_k": 0.20404618760203652,
  "summary_gm_mad": 61.41238207664756,
  "summary_gm_mean": 714.3581906921015,
  "summary_gm_median": 715.233655963093,
  "summary_gm_n": 39960.0,
  "summary_gm_p05": 607.898338124156,
  "summary_gm_p95": 818.708280466497,
  "summary_gm_stdv": 63.63271433356458,
  "summary_wm_k": 0.6976709418104106,
  "summary_wm_mad": 37.26479494942206,
  "summary_wm_mean": 999.6569309952233,
  "summary_wm_median": 1000.0000050142407,
  "summary_wm_n": 206098.0,
  "summary_wm_p05": 933.0813205316663,
  "summary_wm_p95": 1064.7068339399993,
  "summary_wm_stdv": 40.274606940909926,
  "tpm_overlap_csf": 0.166076699207117,
  "tpm_overlap_gm": 0.47756997220887537,
  "tpm_overlap_wm": 0.5085607596085471,
  "wm2max": 0.5580487325380262
}