{
  "bids_meta": {
    "AccelFactPE": 2,
    "AcquisitionNumber": 1,
    "AcquisitionTime": "13:32:18.037500",
    "BodyPartExamined": "BRAIN",
    "ConversionSoftware": "dcm2niix",
    "ConversionSoftwareVersion": "v1.0.20170724 (OpenJPEG build) GCC6.1.0",
    "DeviceSerialNumber": "167045",
    "EchoTime": 0.00418,
    "FlipAngle": 9,
    "ImageType": [
      "ORIGINAL",
      "PRIMARY",
      "M",
      "ND",
      "NORM"
    ],
    "InstitutionAddress": "De_Pintelaan_185_Gent_District_BE_9000",
    "InstitutionName": "UZ_Gent",
    "InversionTime": 0.9,
    "MagneticFieldStrength": 3,
    "Manufacturer": "Siemens",
    "ManufacturersModelName": "Prisma_fit",
    "PhaseEncodingDirection": "i-",
    "PhaseEncodingLines": 256,
    "ProcedureStepDescription": "MR_hersenen_(structuur_alleen)_O",
    "ProtocolName": "T1_mprage",
    "RepetitionTime": 2.25,
    "ScanningSequence": "GR_IR",
    "SequenceName": "_tfl3d1_16ns",
    "SequenceVariant": "SK_SP_MP",
    "SeriesDescription": "T1_mprage",
    "SoftwareVersions": "syngo_MR_E11",
    "dataset": "ds002513",
    "modality": "T1w",
    "subject_id": "6"
  },
  "cjv": 0.3331114559380025,
  "cnr": 3.9431662028802874,
  "efc": 0.4645957498260778,
  "fber": -1.0,
  "fwhm_avg": 3.8597233333333336,
  "fwhm_x": 3.92694,
  "fwhm_y": 3.93426,
  "fwhm_z": 3.71797,
  "icvs_csf": 0.19337351094449395,
  "icvs_gm": 0.46050106355010634,
  "icvs_wm": 0.3461254255053997,
  "inu_med": 0.4165191352367401,
  "inu_range": 0.17665067613124852,
  "provenance": {
    "md5sum": "764ebf8d9343e99dcd9934fc13279cfd",
    "settings": {
      "testing": false
    },
    "software": "mriqc",
    "version": "23.0.1",
    "warnings": {
      "large_rot_frame": true,
      "small_air_mask": false
    },
    "webapi_port": null,
    "webapi_url": "https://mriqc.nimh.nih.gov/api/v1"
  },
  "qi_1": 4.138059642337294e-05,
  "qi_2": 0.012020880042720923,
  "rpve_csf": 27.093224226146003,
  "rpve_gm": 12.538842835074986,
  "rpve_wm": 18.868340441361646,
  "size_x": 176,
  "size_y": 256,
  "size_z": 256,
  "snr_csf": 1.895716350946028,
  "snr_gm": 11.054662584273027,
  "snr_total": 13.079808069263335,
  "snr_wm": 26.289045272570945,
  "snrd_csf": 30.0207226746804,
  "snrd_gm": 85.92228456053842,
  "snrd_total": 79.20997630958594,
  "snrd_wm": 121.68692169353902,
  "spacing_x": 1.0,
  "spacing_y": 1.0,
  "spacing_z": 1.0,
  "summary_bg_k": 24.53870726252172,
  "summary_bg_mad": 0.0,
  "summary_bg_mean": 2.4999566242103737,
  "summary_bg_median": 0.0,
  "summary_bg_n": 3491163.0,
  "summary_bg_p05": 0.0,
  "summary_bg_p95": 12.978436609730124,
  "summary_bg_stdv": 5.383786286835599,
  "summary_csf_k": 0.40943397807221427,
  "summary_csf_mad": 137.98785122674832,
  "summary_csf_mean": 251.70583820493482,
  "summary_csf_median": 246.70458710100502,
  "summary_csf_n": 25614.0,
  "summary_csf_p05": 60.28623494850472,
  "summary_csf_p95": 475.2926989892497,
  "summary_csf_stdv": 130.13538186531483,
  "summary_gm_k": 0.16540192383685914,
  "summary_gm_mad": 61.60407275398015,
  "summary_gm_mean": 707.0427653356685,
  "summary_gm_median": 706.0929866675287,
  "summary_gm_n": 52849.0,
  "summary_gm_p05": 603.2661795087158,
  "summary_gm_p95": 815.5334628932178,
  "summary_gm_stdv": 63.872262130672155,
  "summary_wm_k": 0.36603745961180145,
  "summary_wm_mad": 36.299710351367274,
  "summary_wm_mean": 999.7445296108995,
  "summary_wm_median": 999.9999699313194,
  "summary_wm_n": 196094.0,
  "summary_wm_p05": 936.7751731124706,
  "summary_wm_p95": 1061.387213151902,
  "summary_wm_stdv": 38.038559778888626,
  "tpm_overlap_csf": 0.13018268356765547,
  "tpm_overlap_gm": 0.459731733490539,
  "tpm_overlap_wm": 0.4858896605747676,
  "wm2max": 0.7976701782820097
}