{
  "aor": 0.0019753880597014927,
  "aqi": 0.013307563313432837,
  "bids_meta": {
    "AccelFactPE": 2,
    "AcquisitionNumber": 1,
    "AcquisitionTime": "10:22:21.442500",
    "BandwidthPerPixelPhaseEncode": 22.894,
    "BodyPartExamined": "BRAIN",
    "ConversionSoftware": "dcm2niix",
    "ConversionSoftwareVersion": "v1.0.20170724 (OpenJPEG build) GCC6.1.0",
    "DeviceSerialNumber": "167045",
    "EchoTime": 0.027,
    "EchoTrainLength": 74,
    "EffectiveEchoSpacing": 0.000519995,
    "FlipAngle": 66,
    "ImageType": [
      "ORIGINAL",
      "PRIMARY",
      "M",
      "ND",
      "NORM",
      "MOSAIC"
    ],
    "InstitutionAddress": "De_Pintelaan_185_Gent_District_BE_9000",
    "InstitutionName": "UGent",
    "MagneticFieldStrength": 3,
    "Manufacturer": "Siemens",
    "ManufacturersModelName": "Prisma_fit",
    "PhaseEncodingDirection": "j-",
    "PhaseEncodingLines": 84,
    "ProcedureStepDescription": "MR_hersenen_(structuur_alleen)_O",
    "ProtocolName": "ep2d_bold_TASK_BETTING",
    "RepetitionTime": 1.72,
    "ScanningSequence": "EP",
    "SequenceName": "_epfid2d1_84",
    "SequenceVariant": "SK",
    "SeriesDescription": "ep2d_bold_TASK_BETTING",
    "SliceTiming": [
      1.2425,
      0,
      0.85,
      0.0675,
      0.9175,
      0.1325,
      0.9825,
      0.1975,
      1.0475,
      0.2625,
      1.1125,
      0.3275,
      1.1775,
      0.4575,
      1.3075,
      0.525,
      1.375,
      0.59,
      1.44,
      0.655,
      1.505,
      0.72,
      1.57,
      0.785,
      1.635,
      0.3925,
      1.2425,
      0,
      0.85,
      0.0675,
      0.9175,
      0.1325,
      0.9825,
      0.1975,
      1.0475,
      0.2625,
      1.1125,
      0.3275,
      1.1775,
      0.4575,
      1.3075,
      0.525,
      1.375,
      0.59,
      1.44,
      0.655,
      1.505,
      0.72,
      1.57,
      0.785,
      1.635,
      0.3925
    ],
    "SoftwareVersions": "syngo_MR_E11",
    "TaskName": "cueexposure",
    "TotalReadoutTime": 0.0374396,
    "TrueEchoSpacing": 0.00103999,
    "dataset": "ds002513",
    "modality": "bold",
    "subject_id": "29",
    "task_id": "cueexposure"
  },
  "dummy_trs": 0,
  "dvars_nstd": 23.624040498101635,
  "dvars_std": 1.1160003936920775,
  "dvars_vstd": 0.958714386038864,
  "efc": 0.5335217167148284,
  "fber": 2644.858154296875,
  "fd_mean": 0.21817429618969933,
  "fd_num": 245,
  "fd_perc": 36.56716417910448,
  "fwhm_avg": 2.0040999999999998,
  "fwhm_x": 1.9129999999999998,
  "fwhm_y": 2.141552,
  "fwhm_z": 1.957748,
  "gcor": 0.0299309,
  "gsr_x": -0.006868076976388693,
  "gsr_y": 0.0561629980802536,
  "provenance": {
    "md5sum": "65b2c23eb823193aed5ee7bc13cb67a7",
    "settings": {
      "fd_thres": 0.2,
      "testing": false
    },
    "software": "mriqc",
    "version": "23.0.1",
    "webapi_port": null,
    "webapi_url": "https://mriqc.nimh.nih.gov/api/v1"
  },
  "size_t": 670,
  "size_x": 84,
  "size_y": 84,
  "size_z": 52,
  "snr": 6.4349734053711725,
  "spacing_tr": 1.7200000286102295,
  "spacing_x": 2.5,
  "spacing_y": 2.5,
  "spacing_z": 2.5,
  "summary_bg_k": 18.754289855146368,
  "summary_bg_mad": 17.525685440840068,
  "summary_bg_mean": 61.08038330078125,
  "summary_bg_median": 19.885074615478516,
  "summary_bg_n": 234926.0,
  "summary_bg_p05": 5.130223989486694,
  "summary_bg_p95": 271.0940246582031,
  "summary_bg_stdv": 103.11548614501953,
  "summary_fg_k": 1.5277574547625994,
  "summary_fg_mad": 158.37732600915837,
  "summary_fg_mean": 1039.0938720703125,
  "summary_fg_median": 1033.366455078125,
  "summary_fg_n": 72862.0,
  "summary_fg_p05": 801.9912536621093,
  "summary_fg_p95": 1299.2355407714845,
  "summary_fg_stdv": 160.58486938476562,
  "tsnr": 50.49489417951554
}