{
  "aor": 0.0008029850746268658,
  "aqi": 0.009383853582089553,
  "bids_meta": {
    "AccelFactPE": 2,
    "AcquisitionNumber": 1,
    "AcquisitionTime": "12:44:26.290000",
    "BandwidthPerPixelPhaseEncode": 22.894,
    "BodyPartExamined": "BRAIN",
    "ConversionSoftware": "dcm2niix",
    "ConversionSoftwareVersion": "v1.0.20170724 (OpenJPEG build) GCC6.1.0",
    "DeviceSerialNumber": "167045",
    "EchoTime": 0.027,
    "EchoTrainLength": 74,
    "EffectiveEchoSpacing": 0.000519995,
    "FlipAngle": 66,
    "ImageType": [
      "ORIGINAL",
      "PRIMARY",
      "M",
      "ND",
      "NORM",
      "MOSAIC"
    ],
    "InstitutionAddress": "De_Pintelaan_185_Gent_District_BE_9000",
    "InstitutionName": "UGent",
    "MagneticFieldStrength": 3,
    "Manufacturer": "Siemens",
    "ManufacturersModelName": "Prisma_fit",
    "PhaseEncodingDirection": "j-",
    "PhaseEncodingLines": 84,
    "ProcedureStepDescription": "MR_hersenen_(structuur_alleen)_O",
    "ProtocolName": "ep2d_bold_TASK_BETTING",
    "RepetitionTime": 1.72,
    "ScanningSequence": "EP",
    "SequenceName": "_epfid2d1_84",
    "SequenceVariant": "SK",
    "SeriesDescription": "ep2d_bold_TASK_BETTING",
    "SliceTiming": [
      1.2425,
      0,
      0.85,
      0.065,
      0.915,
      0.13,
      0.98,
      0.195,
      1.045,
      0.2625,
      1.11,
      0.3275,
      1.1775,
      0.4575,
      1.3075,
      0.5225,
      1.3725,
      0.5875,
      1.4375,
      0.6525,
      1.5025,
      0.72,
      1.57,
      0.785,
      1.635,
      0.3925,
      1.2425,
      0,
      0.85,
      0.065,
      0.915,
      0.13,
      0.98,
      0.195,
      1.045,
      0.2625,
      1.11,
      0.3275,
      1.1775,
      0.4575,
      1.3075,
      0.5225,
      1.3725,
      0.5875,
      1.4375,
      0.6525,
      1.5025,
      0.72,
      1.57,
      0.785,
      1.635,
      0.3925
    ],
    "SoftwareVersions": "syngo_MR_E11",
    "TaskName": "cueexposure",
    "TotalReadoutTime": 0.0374396,
    "TrueEchoSpacing": 0.00103999,
    "dataset": "ds002513",
    "modality": "bold",
    "subject_id": "31",
    "task_id": "cueexposure"
  },
  "dummy_trs": 0,
  "dvars_nstd": 24.80443594384156,
  "dvars_std": 1.2132408590283998,
  "dvars_vstd": 0.9660508788191332,
  "efc": 0.5665246464695215,
  "fber": 2726.70458984375,
  "fd_mean": 0.13619178271948304,
  "fd_num": 70,
  "fd_perc": 10.447761194029852,
  "fwhm_avg": 1.9196466666666667,
  "fwhm_x": 1.8016480000000001,
  "fwhm_y": 2.027692,
  "fwhm_z": 1.9296,
  "gcor": 0.0289719,
  "gsr_x": 0.0029048759024590254,
  "gsr_y": 0.06162455305457115,
  "provenance": {
    "md5sum": "901c732c7812e647f54dbba613ffe892",
    "settings": {
      "fd_thres": 0.2,
      "testing": false
    },
    "software": "mriqc",
    "version": "23.0.1",
    "webapi_port": null,
    "webapi_url": "https://mriqc.nimh.nih.gov/api/v1"
  },
  "size_t": 670,
  "size_x": 84,
  "size_y": 84,
  "size_z": 52,
  "snr": 5.546837335936118,
  "spacing_tr": 1.7200000286102295,
  "spacing_x": 2.5,
  "spacing_y": 2.5,
  "spacing_z": 2.5,
  "summary_bg_k": 17.55391609410711,
  "summary_bg_mad": 13.633301774676884,
  "summary_bg_mean": 61.562347412109375,
  "summary_bg_median": 17.655223846435547,
  "summary_bg_n": 218885.0,
  "summary_bg_p05": 6.340298652648926,
  "summary_bg_p95": 295.19791870117183,
  "summary_bg_stdv": 111.67906188964844,
  "summary_fg_k": 1.6902928673046222,
  "summary_fg_mad": 155.2462065838885,
  "summary_fg_mean": 949.6752319335938,
  "summary_fg_median": 934.7582397460938,
  "summary_fg_n": 87239.0,
  "summary_fg_p05": 712.8029907226563,
  "summary_fg_p95": 1241.5169189453125,
  "summary_fg_stdv": 168.5199737548828,
  "tsnr": 55.840108782285824
}