{
  "aor": 0.001229118086696562,
  "aqi": 0.006294888953662183,
  "bids_meta": {
    "AccelFactPE": 2,
    "AcquisitionNumber": 1,
    "AcquisitionTime": "09:55:3.652500",
    "BandwidthPerPixelPhaseEncode": 22.894,
    "BodyPartExamined": "BRAIN",
    "ConversionSoftware": "dcm2niix",
    "ConversionSoftwareVersion": "v1.0.20170724 (OpenJPEG build) GCC6.1.0",
    "DeviceSerialNumber": "167045",
    "EchoTime": 0.027,
    "EchoTrainLength": 74,
    "EffectiveEchoSpacing": 0.000519995,
    "FlipAngle": 66,
    "ImageType": [
      "ORIGINAL",
      "PRIMARY",
      "M",
      "ND",
      "NORM",
      "MOSAIC"
    ],
    "InstitutionAddress": "De_Pintelaan_185_Gent_District_BE_9000",
    "InstitutionName": "UGent",
    "MagneticFieldStrength": 3,
    "Manufacturer": "Siemens",
    "ManufacturersModelName": "Prisma_fit",
    "PhaseEncodingDirection": "j-",
    "PhaseEncodingLines": 84,
    "ProcedureStepDescription": "MR_hersenen_(structuur_alleen)_O",
    "ProtocolName": "ep2d_bold_TASK_BETTING",
    "RepetitionTime": 1.72,
    "ScanningSequence": "EP",
    "SequenceName": "_epfid2d1_84",
    "SequenceVariant": "SK",
    "SeriesDescription": "ep2d_bold_TASK_BETTING",
    "SliceTiming": [
      1.2425,
      0,
      0.85,
      0.065,
      0.915,
      0.13,
      0.98,
      0.1975,
      1.045,
      0.2625,
      1.1125,
      0.3275,
      1.1775,
      0.4575,
      1.3075,
      0.5225,
      1.3725,
      0.5875,
      1.4375,
      0.655,
      1.505,
      0.72,
      1.57,
      0.785,
      1.635,
      0.3925,
      1.2425,
      0,
      0.85,
      0.065,
      0.915,
      0.13,
      0.98,
      0.1975,
      1.045,
      0.2625,
      1.1125,
      0.3275,
      1.1775,
      0.4575,
      1.3075,
      0.5225,
      1.3725,
      0.5875,
      1.4375,
      0.655,
      1.505,
      0.72,
      1.57,
      0.785,
      1.635,
      0.3925
    ],
    "SoftwareVersions": "syngo_MR_E11",
    "TaskName": "cueexposure",
    "TotalReadoutTime": 0.0374396,
    "TrueEchoSpacing": 0.00103999,
    "dataset": "ds002513",
    "modality": "bold",
    "subject_id": "58",
    "task_id": "cueexposure"
  },
  "dummy_trs": 1,
  "dvars_nstd": 27.732457777604775,
  "dvars_std": 1.3316346197155684,
  "dvars_vstd": 0.9680481428443115,
  "efc": 0.5356176101793805,
  "fber": 2563.554931640625,
  "fd_mean": 0.09767478752746687,
  "fd_num": 42,
  "fd_perc": 6.278026905829597,
  "fwhm_avg": 2.012696,
  "fwhm_x": 1.93246,
  "fwhm_y": 2.111568,
  "fwhm_z": 1.99406,
  "gcor": 0.0410941,
  "gsr_x": 0.003683510236442089,
  "gsr_y": 0.046149998903274536,
  "provenance": {
    "md5sum": "233392c9e02db216bd2217cfcef8d9ef",
    "settings": {
      "fd_thres": 0.2,
      "testing": false
    },
    "software": "mriqc",
    "version": "23.0.1",
    "webapi_port": null,
    "webapi_url": "https://mriqc.nimh.nih.gov/api/v1"
  },
  "size_t": 669,
  "size_x": 84,
  "size_y": 84,
  "size_z": 52,
  "snr": 5.479228213177233,
  "spacing_tr": 1.7200000286102295,
  "spacing_x": 2.5,
  "spacing_y": 2.5,
  "spacing_z": 2.5,
  "summary_bg_k": 17.316643934266416,
  "summary_bg_mad": 13.538439077033626,
  "summary_bg_mean": 55.659732818603516,
  "summary_bg_median": 17.766815185546875,
  "summary_bg_n": 233102.0,
  "summary_bg_p05": 7.100149631500244,
  "summary_bg_p95": 246.7621047973632,
  "summary_bg_stdv": 97.04105377197266,
  "summary_fg_k": 1.701060906418169,
  "summary_fg_mad": 151.75728630583717,
  "summary_fg_mean": 926.7310791015625,
  "summary_fg_median": 909.7130126953125,
  "summary_fg_n": 74286.0,
  "summary_fg_p05": 699.0496978759766,
  "summary_fg_p95": 1222.9244995117188,
  "summary_fg_stdv": 166.02828979492188,
  "tsnr": 66.29529998579528
}