{
  "aor": 0.0008888507462686567,
  "aqi": 0.010210139432835823,
  "bids_meta": {
    "AccelFactPE": 2,
    "AcquisitionNumber": 1,
    "AcquisitionTime": "11:53:4.967500",
    "BandwidthPerPixelPhaseEncode": 22.894,
    "BodyPartExamined": "BRAIN",
    "ConversionSoftware": "dcm2niix",
    "ConversionSoftwareVersion": "v1.0.20170724 (OpenJPEG build) GCC6.1.0",
    "DeviceSerialNumber": "167045",
    "EchoTime": 0.027,
    "EchoTrainLength": 74,
    "EffectiveEchoSpacing": 0.000519995,
    "FlipAngle": 66,
    "ImageType": [
      "ORIGINAL",
      "PRIMARY",
      "M",
      "ND",
      "NORM",
      "MOSAIC"
    ],
    "InstitutionAddress": "De_Pintelaan_185_Gent_District_BE_9000",
    "InstitutionName": "UGent",
    "MagneticFieldStrength": 3,
    "Manufacturer": "Siemens",
    "ManufacturersModelName": "Prisma_fit",
    "PhaseEncodingDirection": "j-",
    "PhaseEncodingLines": 84,
    "ProcedureStepDescription": "MR_hersenen_(structuur_alleen)_O",
    "ProtocolName": "ep2d_bold_TASK_BETTING",
    "RepetitionTime": 1.72,
    "ScanningSequence": "EP",
    "SequenceName": "_epfid2d1_84",
    "SequenceVariant": "SK",
    "SeriesDescription": "ep2d_bold_TASK_BETTING",
    "SliceTiming": [
      1.2425,
      0,
      0.85,
      0.065,
      0.915,
      0.13,
      0.98,
      0.1975,
      1.0475,
      0.2625,
      1.1125,
      0.3275,
      1.1775,
      0.4575,
      1.3075,
      0.5225,
      1.3725,
      0.59,
      1.44,
      0.655,
      1.505,
      0.72,
      1.57,
      0.785,
      1.635,
      0.3925,
      1.2425,
      0,
      0.85,
      0.065,
      0.915,
      0.13,
      0.98,
      0.1975,
      1.0475,
      0.2625,
      1.1125,
      0.3275,
      1.1775,
      0.4575,
      1.3075,
      0.5225,
      1.3725,
      0.59,
      1.44,
      0.655,
      1.505,
      0.72,
      1.57,
      0.785,
      1.635,
      0.3925
    ],
    "SoftwareVersions": "syngo_MR_E11",
    "TaskName": "cueexposure",
    "TotalReadoutTime": 0.0374396,
    "TrueEchoSpacing": 0.00103999,
    "dataset": "ds002513",
    "modality": "bold",
    "subject_id": "30",
    "task_id": "cueexposure"
  },
  "dummy_trs": 0,
  "dvars_nstd": 27.36398888775788,
  "dvars_std": 1.2286133112406579,
  "dvars_vstd": 0.989432642690584,
  "efc": 0.5298431764352953,
  "fber": 2468.432861328125,
  "fd_mean": 0.20875494494483515,
  "fd_num": 303,
  "fd_perc": 45.223880597014926,
  "fwhm_avg": 1.7944093333333335,
  "fwhm_x": 1.679676,
  "fwhm_y": 1.914704,
  "fwhm_z": 1.7888480000000002,
  "gcor": 0.0331334,
  "gsr_x": 0.0016714941011741757,
  "gsr_y": 0.04812602326273918,
  "provenance": {
    "md5sum": "9b122d4a2bd1ee59f789f901d43bcb47",
    "settings": {
      "fd_thres": 0.2,
      "testing": false
    },
    "software": "mriqc",
    "version": "23.0.1",
    "webapi_port": null,
    "webapi_url": "https://mriqc.nimh.nih.gov/api/v1"
  },
  "size_t": 670,
  "size_x": 84,
  "size_y": 84,
  "size_z": 52,
  "snr": 6.438499122874766,
  "spacing_tr": 1.7200000286102295,
  "spacing_x": 2.5,
  "spacing_y": 2.5,
  "spacing_z": 2.5,
  "summary_bg_k": 21.49690966692162,
  "summary_bg_mad": 13.431934164932688,
  "summary_bg_mean": 53.164119720458984,
  "summary_bg_median": 18.970149993896484,
  "summary_bg_n": 234430.0,
  "summary_bg_p05": 8.202984809875488,
  "summary_bg_p95": 210.01074295043938,
  "summary_bg_stdv": 93.40433502197266,
  "summary_fg_k": 1.753832145723119,
  "summary_fg_mad": 146.11595047789731,
  "summary_fg_mean": 962.0941162109375,
  "summary_fg_median": 954.7432861328125,
  "summary_fg_n": 73551.0,
  "summary_fg_p05": 747.7298583984375,
  "summary_fg_p95": 1204.6029663085938,
  "summary_fg_stdv": 148.28561401367188,
  "tsnr": 55.87341081723571
}