{
  "bids_meta": {
    "AccelFactPE": 2,
    "AcquisitionNumber": 1,
    "AcquisitionTime": "17:08:6.760000",
    "BodyPartExamined": "BRAIN",
    "ConversionSoftware": "dcm2niix",
    "ConversionSoftwareVersion": "v1.0.20170724 (OpenJPEG build) GCC6.1.0",
    "DeviceSerialNumber": "167045",
    "EchoTime": 0.00418,
    "FlipAngle": 9,
    "ImageType": [
      "ORIGINAL",
      "PRIMARY",
      "M",
      "ND",
      "NORM"
    ],
    "InstitutionAddress": "De_Pintelaan_185_Gent_District_BE_9000",
    "InstitutionName": "UGent",
    "InversionTime": 0.9,
    "MagneticFieldStrength": 3,
    "Manufacturer": "Siemens",
    "ManufacturersModelName": "Prisma_fit",
    "PhaseEncodingDirection": "i-",
    "PhaseEncodingLines": 256,
    "ProcedureStepDescription": "MR_hersenen_(structuur_alleen)_O",
    "ProtocolName": "T1_mprage",
    "RepetitionTime": 2.25,
    "ScanningSequence": "GR_IR",
    "SequenceName": "_tfl3d1_16ns",
    "SequenceVariant": "SK_SP_MP",
    "SeriesDescription": "T1_mprage",
    "SoftwareVersions": "syngo_MR_E11",
    "dataset": "ds002513",
    "modality": "T1w",
    "subject_id": "26"
  },
  "cjv": 0.3615789128624146,
  "cnr": 3.649096567079711,
  "efc": 0.5377275023983904,
  "fber": 38565.63695777076,
  "fwhm_avg": 4.221666666666667,
  "fwhm_x": 4.37647,
  "fwhm_y": 4.34877,
  "fwhm_z": 3.93976,
  "icvs_csf": 0.24384162019248007,
  "icvs_gm": 0.42694219020806157,
  "icvs_wm": 0.3292161895994584,
  "inu_med": 0.5663695335388184,
  "inu_range": 0.2902208656072616,
  "provenance": {
    "md5sum": "30f2ebf5b3a2984c72b5112cd1603a9b",
    "settings": {
      "testing": false
    },
    "software": "mriqc",
    "version": "23.0.1",
    "warnings": {
      "large_rot_frame": true,
      "small_air_mask": false
    },
    "webapi_port": null,
    "webapi_url": "https://mriqc.nimh.nih.gov/api/v1"
  },
  "qi_1": 2.5273975387543446e-05,
  "qi_2": 0.010598005956280174,
  "rpve_csf": 18.92897752193436,
  "rpve_gm": 10.830739778398424,
  "rpve_wm": 16.244695551015777,
  "size_x": 176,
  "size_y": 256,
  "size_z": 256,
  "snr_csf": 2.423914135340076,
  "snr_gm": 9.764880619481218,
  "snr_total": 12.283666947971588,
  "snr_wm": 24.662206089093466,
  "snrd_csf": 27.451186607900855,
  "snrd_gm": 81.42270176718465,
  "snrd_total": 75.11558073064714,
  "snrd_wm": 116.47285381685592,
  "spacing_x": 1.0,
  "spacing_y": 1.0,
  "spacing_z": 1.0,
  "summary_bg_k": 17.068459468579707,
  "summary_bg_mad": 0.0,
  "summary_bg_mean": 2.9068248581156086,
  "summary_bg_median": 0.0,
  "summary_bg_n": 3391260.0,
  "summary_bg_p05": 0.0,
  "summary_bg_p95": 12.954789012670517,
  "summary_bg_stdv": 5.624946061494776,
  "summary_csf_k": 0.6118401769677599,
  "summary_csf_mad": 93.59442140103893,
  "summary_csf_mean": 240.2765472818622,
  "summary_csf_median": 235.6935807466507,
  "summary_csf_n": 81861.0,
  "summary_csf_p05": 95.95946538820863,
  "summary_csf_p95": 414.00475935451686,
  "summary_csf_stdv": 97.23617586516329,
  "summary_gm_k": 0.03626376547725796,
  "summary_gm_mad": 70.36039043677606,
  "summary_gm_mean": 697.731335354779,
  "summary_gm_median": 699.0884732119739,
  "summary_gm_n": 39706.0,
  "summary_gm_p05": 576.5142295900732,
  "summary_gm_p95": 814.5258295401,
  "summary_gm_stdv": 71.59121520150647,
  "summary_wm_k": 0.45975723837469973,
  "summary_wm_mad": 38.452321245855046,
  "summary_wm_mean": 998.690736533489,
  "summary_wm_median": 1000.0261324942112,
  "summary_wm_n": 208886.0,
  "summary_wm_p05": 929.7215895005502,
  "summary_wm_p95": 1063.1284918785095,
  "summary_wm_stdv": 40.54883554074736,
  "tpm_overlap_csf": 0.1597375438541765,
  "tpm_overlap_gm": 0.4551107572305046,
  "tpm_overlap_wm": 0.4935161387173937,
  "wm2max": 0.7850513816210375
}