{
  "bids_meta": {
    "AccelFactPE": 2,
    "AcquisitionNumber": 1,
    "AcquisitionTime": "11:31:12.877500",
    "BodyPartExamined": "BRAIN",
    "ConversionSoftware": "dcm2niix",
    "ConversionSoftwareVersion": "v1.0.20170724 (OpenJPEG build) GCC6.1.0",
    "DeviceSerialNumber": "167045",
    "EchoTime": 0.00418,
    "FlipAngle": 9,
    "ImageType": [
      "ORIGINAL",
      "PRIMARY",
      "M",
      "ND",
      "NORM"
    ],
    "InstitutionAddress": "De_Pintelaan_185_Gent_District_BE_9000",
    "InstitutionName": "UGent",
    "InversionTime": 0.9,
    "MagneticFieldStrength": 3,
    "Manufacturer": "Siemens",
    "ManufacturersModelName": "Prisma_fit",
    "PhaseEncodingDirection": "i-",
    "PhaseEncodingLines": 256,
    "ProcedureStepDescription": "MR_hersenen_(structuur_alleen)_O",
    "ProtocolName": "T1_mprage",
    "RepetitionTime": 2.25,
    "ScanningSequence": "GR_IR",
    "SequenceName": "_tfl3d1_16ns",
    "SequenceVariant": "SK_SP_MP",
    "SeriesDescription": "T1_mprage",
    "SoftwareVersions": "syngo_MR_E11",
    "dataset": "ds002513",
    "modality": "T1w",
    "subject_id": "40"
  },
  "cjv": 0.3480154062522692,
  "cnr": 3.854605859323101,
  "efc": 0.5222203254643525,
  "fber": -1.0,
  "fwhm_avg": 4.258216666666666,
  "fwhm_x": 4.41995,
  "fwhm_y": 4.35007,
  "fwhm_z": 4.00463,
  "icvs_csf": 0.24809016459898978,
  "icvs_gm": 0.40248102276674746,
  "icvs_wm": 0.3494288126342628,
  "inu_med": 0.5792375206947327,
  "inu_range": 0.2910187840461731,
  "provenance": {
    "md5sum": "40ce0a2b4cf4cfc9bd75d027f924463a",
    "settings": {
      "testing": false
    },
    "software": "mriqc",
    "version": "23.0.1",
    "warnings": {
      "large_rot_frame": true,
      "small_air_mask": false
    },
    "webapi_port": null,
    "webapi_url": "https://mriqc.nimh.nih.gov/api/v1"
  },
  "qi_1": 0.0,
  "qi_2": 0.003674533788543863,
  "rpve_csf": 22.352876570159985,
  "rpve_gm": 13.363613307439232,
  "rpve_wm": 17.900539364886907,
  "size_x": 176,
  "size_y": 256,
  "size_z": 256,
  "snr_csf": 2.4625953084071135,
  "snr_gm": 11.19757571420932,
  "snr_total": 12.394585700615389,
  "snr_wm": 23.523586079229734,
  "snrd_csf": 25.010105634701468,
  "snrd_gm": 70.26059519432653,
  "snrd_total": 64.93739950093145,
  "snrd_wm": 99.54149767376636,
  "spacing_x": 1.0,
  "spacing_y": 1.0,
  "spacing_z": 1.0,
  "summary_bg_k": 16.645782271817108,
  "summary_bg_mad": 0.0,
  "summary_bg_mean": 2.918194920134077,
  "summary_bg_median": 0.0,
  "summary_bg_n": 3052970.0,
  "summary_bg_p05": 0.0,
  "summary_bg_p95": 14.595613807439804,
  "summary_bg_stdv": 6.581540746791129,
  "summary_csf_k": 0.6643333160817524,
  "summary_csf_mad": 93.39460951991353,
  "summary_csf_mean": 250.38370140094136,
  "summary_csf_median": 251.25306625664234,
  "summary_csf_n": 61246.0,
  "summary_csf_p05": 83.52380099147558,
  "summary_csf_p95": 423.6336809769273,
  "summary_csf_stdv": 102.02692022157449,
  "summary_gm_k": 0.13866970477372176,
  "summary_gm_mad": 62.12435833756183,
  "summary_gm_mean": 705.7136938596186,
  "summary_gm_median": 705.8422798141837,
  "summary_gm_n": 22601.0,
  "summary_gm_p05": 601.2671127542853,
  "summary_gm_p95": 807.2898153439164,
  "summary_gm_stdv": 63.0338818300718,
  "summary_wm_k": 0.45604059360320415,
  "summary_wm_mad": 40.247072339262544,
  "summary_wm_mean": 999.0737830094436,
  "summary_wm_median": 1000.0000350102782,
  "summary_wm_n": 187970.0,
  "summary_wm_p05": 927.4229443743825,
  "summary_wm_p95": 1067.1238193884492,
  "summary_wm_stdv": 42.51041366055424,
  "tpm_overlap_csf": 0.1532165761930488,
  "tpm_overlap_gm": 0.46108175863119155,
  "tpm_overlap_wm": 0.5201131452646985,
  "wm2max": 0.5371311651949171
}