{
  "aor": 0.0071093880597014915,
  "aqi": 0.01814595805970149,
  "bids_meta": {
    "AccelFactPE": 2,
    "AcquisitionNumber": 1,
    "AcquisitionTime": "12:28:14.112500",
    "BandwidthPerPixelPhaseEncode": 22.894,
    "BodyPartExamined": "BRAIN",
    "ConversionSoftware": "dcm2niix",
    "ConversionSoftwareVersion": "v1.0.20170724 (OpenJPEG build) GCC6.1.0",
    "DeviceSerialNumber": "167045",
    "EchoTime": 0.027,
    "EchoTrainLength": 74,
    "EffectiveEchoSpacing": 0.000519995,
    "FlipAngle": 66,
    "ImageType": [
      "ORIGINAL",
      "PRIMARY",
      "M",
      "ND",
      "NORM",
      "MOSAIC"
    ],
    "InstitutionAddress": "De_Pintelaan_185_Gent_District_BE_9000",
    "InstitutionName": "UGent",
    "MagneticFieldStrength": 3,
    "Manufacturer": "Siemens",
    "ManufacturersModelName": "Prisma_fit",
    "PhaseEncodingDirection": "j-",
    "PhaseEncodingLines": 84,
    "ProcedureStepDescription": "MR_hersenen_(structuur_alleen)_O",
    "ProtocolName": "ep2d_bold_TASK_BETTING",
    "RepetitionTime": 1.72,
    "ScanningSequence": "EP",
    "SequenceName": "_epfid2d1_84",
    "SequenceVariant": "SK",
    "SeriesDescription": "ep2d_bold_TASK_BETTING",
    "SliceTiming": [
      1.2425,
      0,
      0.85,
      0.065,
      0.915,
      0.13,
      0.98,
      0.195,
      1.045,
      0.2625,
      1.1125,
      0.3275,
      1.1775,
      0.4575,
      1.3075,
      0.5225,
      1.3725,
      0.5875,
      1.4375,
      0.6525,
      1.5025,
      0.72,
      1.57,
      0.785,
      1.635,
      0.3925,
      1.2425,
      0,
      0.85,
      0.065,
      0.915,
      0.13,
      0.98,
      0.195,
      1.045,
      0.2625,
      1.1125,
      0.3275,
      1.1775,
      0.4575,
      1.3075,
      0.5225,
      1.3725,
      0.5875,
      1.4375,
      0.6525,
      1.5025,
      0.72,
      1.57,
      0.785,
      1.635,
      0.3925
    ],
    "SoftwareVersions": "syngo_MR_E11",
    "TaskName": "cueexposure",
    "TotalReadoutTime": 0.0374396,
    "TrueEchoSpacing": 0.00103999,
    "dataset": "ds002513",
    "modality": "bold",
    "subject_id": "41",
    "task_id": "cueexposure"
  },
  "dummy_trs": 0,
  "dvars_nstd": 26.16508180255611,
  "dvars_std": 1.0722539394319888,
  "dvars_vstd": 0.9531627922122579,
  "efc": 0.5503454234822343,
  "fber": 3110.139892578125,
  "fd_mean": 0.22668149806506174,
  "fd_num": 113,
  "fd_perc": 16.865671641791046,
  "fwhm_avg": 2.033004,
  "fwhm_x": 1.8901800000000002,
  "fwhm_y": 2.203084,
  "fwhm_z": 2.005748,
  "gcor": 0.0223786,
  "gsr_x": -0.005347725935280323,
  "gsr_y": 0.059014711529016495,
  "provenance": {
    "md5sum": "42230b62702221f358fa26e7d7b72dfe",
    "settings": {
      "fd_thres": 0.2,
      "testing": false
    },
    "software": "mriqc",
    "version": "23.0.1",
    "webapi_port": null,
    "webapi_url": "https://mriqc.nimh.nih.gov/api/v1"
  },
  "size_t": 670,
  "size_x": 84,
  "size_y": 84,
  "size_z": 52,
  "snr": 5.592371024127803,
  "spacing_tr": 1.7200000286102295,
  "spacing_x": 2.5,
  "spacing_y": 2.5,
  "spacing_z": 2.5,
  "summary_bg_k": 11.853527887416732,
  "summary_bg_mad": 15.093776150546748,
  "summary_bg_mean": 62.45402908325195,
  "summary_bg_median": 18.562686920166016,
  "summary_bg_n": 223961.0,
  "summary_bg_p05": 5.522387981414795,
  "summary_bg_p95": 311.4537353515625,
  "summary_bg_stdv": 112.81436920166016,
  "summary_fg_k": 1.3277420598180587,
  "summary_fg_mad": 182.92428337621237,
  "summary_fg_mean": 1055.4820556640625,
  "summary_fg_median": 1042.4954833984375,
  "summary_fg_n": 81559.0,
  "summary_fg_p05": 788.3313354492187,
  "summary_fg_p95": 1367.282983398437,
  "summary_fg_stdv": 186.4127197265625,
  "tsnr": 39.28615961072501
}