{
  "aor": 0.0016992526158445443,
  "aqi": 0.015901386562032886,
  "bids_meta": {
    "AccelFactPE": 2,
    "AcquisitionNumber": 1,
    "AcquisitionTime": "16:56:58.330000",
    "BandwidthPerPixelPhaseEncode": 22.894,
    "BodyPartExamined": "BRAIN",
    "ConversionSoftware": "dcm2niix",
    "ConversionSoftwareVersion": "v1.0.20170724 (OpenJPEG build) GCC6.1.0",
    "DeviceSerialNumber": "167045",
    "EchoTime": 0.027,
    "EchoTrainLength": 74,
    "EffectiveEchoSpacing": 0.000519995,
    "FlipAngle": 66,
    "ImageType": [
      "ORIGINAL",
      "PRIMARY",
      "M",
      "ND",
      "NORM",
      "MOSAIC"
    ],
    "InstitutionAddress": "De_Pintelaan_185_Gent_District_BE_9000",
    "InstitutionName": "UGent",
    "MagneticFieldStrength": 3,
    "Manufacturer": "Siemens",
    "ManufacturersModelName": "Prisma_fit",
    "PhaseEncodingDirection": "j-",
    "PhaseEncodingLines": 84,
    "ProcedureStepDescription": "MR_hersenen_(structuur_alleen)_O",
    "ProtocolName": "ep2d_bold_TASK_BETTING",
    "RepetitionTime": 1.72,
    "ScanningSequence": "EP",
    "SequenceName": "_epfid2d1_84",
    "SequenceVariant": "SK",
    "SeriesDescription": "ep2d_bold_TASK_BETTING",
    "SliceTiming": [
      1.2425,
      0,
      0.85,
      0.065,
      0.915,
      0.1325,
      0.9825,
      0.1975,
      1.0475,
      0.2625,
      1.1125,
      0.3275,
      1.1775,
      0.4575,
      1.3075,
      0.5225,
      1.3725,
      0.59,
      1.44,
      0.655,
      1.505,
      0.72,
      1.57,
      0.785,
      1.635,
      0.3925,
      1.2425,
      0,
      0.85,
      0.065,
      0.915,
      0.1325,
      0.9825,
      0.1975,
      1.0475,
      0.2625,
      1.1125,
      0.3275,
      1.1775,
      0.4575,
      1.3075,
      0.5225,
      1.3725,
      0.59,
      1.44,
      0.655,
      1.505,
      0.72,
      1.57,
      0.785,
      1.635,
      0.3925
    ],
    "SoftwareVersions": "syngo_MR_E11",
    "TaskName": "cueexposure",
    "TotalReadoutTime": 0.0374396,
    "TrueEchoSpacing": 0.00103999,
    "dataset": "ds002513",
    "modality": "bold",
    "subject_id": "66",
    "task_id": "cueexposure"
  },
  "dummy_trs": 1,
  "dvars_nstd": 36.6814383547754,
  "dvars_std": 1.271826312529939,
  "dvars_vstd": 0.9665018367514978,
  "efc": 0.5036831368906924,
  "fber": 2275.9208984375,
  "fd_mean": 0.26754933306958617,
  "fd_num": 296,
  "fd_perc": 44.24514200298954,
  "fwhm_avg": 1.8900293333333333,
  "fwhm_x": 1.760548,
  "fwhm_y": 2.057104,
  "fwhm_z": 1.8524360000000002,
  "gcor": 0.0109609,
  "gsr_x": 0.01229781098663807,
  "gsr_y": 0.032119352370500565,
  "provenance": {
    "md5sum": "603b6df9e8d426960d41c7afdda4f28b",
    "settings": {
      "fd_thres": 0.2,
      "testing": false
    },
    "software": "mriqc",
    "version": "23.0.1",
    "webapi_port": null,
    "webapi_url": "https://mriqc.nimh.nih.gov/api/v1"
  },
  "size_t": 669,
  "size_x": 84,
  "size_y": 84,
  "size_z": 52,
  "snr": 6.158502675128181,
  "spacing_tr": 1.7200000286102295,
  "spacing_x": 2.5,
  "spacing_y": 2.5,
  "spacing_z": 2.5,
  "summary_bg_k": 17.353275348481073,
  "summary_bg_mad": 13.252558661537135,
  "summary_bg_mean": 52.605018615722656,
  "summary_bg_median": 19.35127067565918,
  "summary_bg_n": 247434.0,
  "summary_bg_p05": 8.860986709594727,
  "summary_bg_p95": 219.8999313354491,
  "summary_bg_stdv": 93.87997436523438,
  "summary_fg_k": 1.0872721875908828,
  "summary_fg_mad": 154.06991591992644,
  "summary_fg_mean": 937.781494140625,
  "summary_fg_median": 925.12255859375,
  "summary_fg_n": 62436.0,
  "summary_fg_p05": 726.4073333740234,
  "summary_fg_p95": 1190.6240539550781,
  "summary_fg_stdv": 150.21754455566406,
  "tsnr": 41.81606322526932
}