{
  "aor": 0.001891405082212257,
  "aqi": 0.018682442002989536,
  "bids_meta": {
    "AccelFactPE": 2,
    "AcquisitionNumber": 1,
    "AcquisitionTime": "11:39:42.062500",
    "BandwidthPerPixelPhaseEncode": 22.894,
    "BodyPartExamined": "BRAIN",
    "ConversionSoftware": "dcm2niix",
    "ConversionSoftwareVersion": "v1.0.20170724 (OpenJPEG build) GCC6.1.0",
    "DeviceSerialNumber": "167045",
    "EchoTime": 0.027,
    "EchoTrainLength": 74,
    "EffectiveEchoSpacing": 0.000519995,
    "FlipAngle": 66,
    "ImageType": [
      "ORIGINAL",
      "PRIMARY",
      "M",
      "ND",
      "NORM",
      "MOSAIC"
    ],
    "InstitutionAddress": "De_Pintelaan_185_Gent_District_BE_9000",
    "InstitutionName": "UZ_Gent",
    "MagneticFieldStrength": 3,
    "Manufacturer": "Siemens",
    "ManufacturersModelName": "Prisma_fit",
    "PhaseEncodingDirection": "j-",
    "PhaseEncodingLines": 84,
    "ProcedureStepDescription": "MR_hersenen_(structuur_alleen)_O",
    "ProtocolName": "ep2d_bold_TASK_BETTING",
    "RepetitionTime": 1.72,
    "ScanningSequence": "EP",
    "SequenceName": "_epfid2d1_84",
    "SequenceVariant": "SK",
    "SeriesDescription": "ep2d_bold_TASK_BETTING",
    "SliceTiming": [
      1.2425,
      0,
      0.85,
      0.0675,
      0.9175,
      0.1325,
      0.9825,
      0.1975,
      1.0475,
      0.2625,
      1.1125,
      0.3275,
      1.1775,
      0.4575,
      1.3075,
      0.525,
      1.375,
      0.59,
      1.44,
      0.655,
      1.505,
      0.72,
      1.57,
      0.785,
      1.635,
      0.3925,
      1.2425,
      0,
      0.85,
      0.0675,
      0.9175,
      0.1325,
      0.9825,
      0.1975,
      1.0475,
      0.2625,
      1.1125,
      0.3275,
      1.1775,
      0.4575,
      1.3075,
      0.525,
      1.375,
      0.59,
      1.44,
      0.655,
      1.505,
      0.72,
      1.57,
      0.785,
      1.635,
      0.3925
    ],
    "SoftwareVersions": "syngo_MR_E11",
    "TaskName": "cueexposure",
    "TotalReadoutTime": 0.0374396,
    "TrueEchoSpacing": 0.00103999,
    "dataset": "ds002513",
    "modality": "bold",
    "subject_id": "4",
    "task_id": "cueexposure"
  },
  "dummy_trs": 1,
  "dvars_nstd": 25.483261239910195,
  "dvars_std": 1.1365839382185623,
  "dvars_vstd": 0.9389967997904198,
  "efc": 0.5507798397748659,
  "fber": 2133.947265625,
  "fd_mean": 0.21446840140393905,
  "fd_num": 225,
  "fd_perc": 33.63228699551569,
  "fwhm_avg": 1.9062266666666663,
  "fwhm_x": 1.774428,
  "fwhm_y": 2.074756,
  "fwhm_z": 1.8694959999999998,
  "gcor": 0.0479811,
  "gsr_x": -0.014944460242986679,
  "gsr_y": 0.04416332021355629,
  "provenance": {
    "md5sum": "a7d338d3548d74a005c9101c072a5298",
    "settings": {
      "fd_thres": 0.2,
      "testing": false
    },
    "software": "mriqc",
    "version": "23.0.1",
    "webapi_port": null,
    "webapi_url": "https://mriqc.nimh.nih.gov/api/v1"
  },
  "size_t": 669,
  "size_x": 84,
  "size_y": 84,
  "size_z": 52,
  "snr": 5.702466582440305,
  "spacing_tr": 1.7200000286102295,
  "spacing_x": 2.5,
  "spacing_y": 2.5,
  "spacing_z": 2.5,
  "summary_bg_k": 16.739807493539537,
  "summary_bg_mad": 14.074747286541077,
  "summary_bg_mean": 51.835044860839844,
  "summary_bg_median": 19.473840713500977,
  "summary_bg_n": 224002.0,
  "summary_bg_p05": 7.484304904937744,
  "summary_bg_p95": 214.71815719604464,
  "summary_bg_stdv": 85.06544494628906,
  "summary_fg_k": 1.2105589530540923,
  "summary_fg_mad": 157.7652910906487,
  "summary_fg_mean": 928.4490966796875,
  "summary_fg_median": 916.1920776367188,
  "summary_fg_n": 80786.0,
  "summary_fg_p05": 700.5407257080078,
  "summary_fg_p95": 1200.7058715820312,
  "summary_fg_stdv": 160.66493225097656,
  "tsnr": 39.48678958415985
}