{
  "bids_meta": {
    "AccelFactPE": 2,
    "AcquisitionNumber": 1,
    "AcquisitionTime": "13:46:22.005000",
    "BodyPartExamined": "BRAIN",
    "ConversionSoftware": "dcm2niix",
    "ConversionSoftwareVersion": "v1.0.20170724 (OpenJPEG build) GCC6.1.0",
    "DeviceSerialNumber": "167045",
    "EchoTime": 0.00418,
    "FlipAngle": 9,
    "ImageType": [
      "ORIGINAL",
      "PRIMARY",
      "M",
      "ND",
      "NORM"
    ],
    "InstitutionAddress": "De_Pintelaan_185_Gent_District_BE_9000",
    "InstitutionName": "UZ_Gent",
    "InversionTime": 0.9,
    "MagneticFieldStrength": 3,
    "Manufacturer": "Siemens",
    "ManufacturersModelName": "Prisma_fit",
    "PhaseEncodingDirection": "i-",
    "PhaseEncodingLines": 256,
    "ProcedureStepDescription": "MR_hersenen_(structuur_alleen)_O",
    "ProtocolName": "T1_mprage",
    "RepetitionTime": 2.25,
    "ScanningSequence": "GR_IR",
    "SequenceName": "_tfl3d1_16ns",
    "SequenceVariant": "SK_SP_MP",
    "SeriesDescription": "T1_mprage",
    "SoftwareVersions": "syngo_MR_E11",
    "dataset": "ds002513",
    "modality": "T1w",
    "subject_id": "52"
  },
  "cjv": 0.3085088444293927,
  "cnr": 4.226836984254818,
  "efc": 0.49362613060015115,
  "fber": -1.0,
  "fwhm_avg": 3.9844466666666665,
  "fwhm_x": 4.02866,
  "fwhm_y": 4.17312,
  "fwhm_z": 3.75156,
  "icvs_csf": 0.1947862975467295,
  "icvs_gm": 0.4485974450125173,
  "icvs_wm": 0.3566162574407532,
  "inu_med": 0.4527208209037781,
  "inu_range": 0.19731309413909914,
  "provenance": {
    "md5sum": "67d58b5c2fd29b86fb5856a6708623ce",
    "settings": {
      "testing": false
    },
    "software": "mriqc",
    "version": "23.0.1",
    "warnings": {
      "large_rot_frame": true,
      "small_air_mask": false
    },
    "webapi_port": null,
    "webapi_url": "https://mriqc.nimh.nih.gov/api/v1"
  },
  "qi_1": 4.1823655048756634e-05,
  "qi_2": 0.014605628935287968,
  "rpve_csf": 23.799525306919005,
  "rpve_gm": 11.225041611300108,
  "rpve_wm": 16.01308840862792,
  "size_x": 176,
  "size_y": 256,
  "size_z": 256,
  "snr_csf": 2.0583424061726885,
  "snr_gm": 11.540434818148656,
  "snr_total": 13.041941668269176,
  "snr_wm": 25.527047780486186,
  "snrd_csf": 33.680242567634615,
  "snrd_gm": 92.12316903106455,
  "snrd_total": 86.08835583591603,
  "snrd_wm": 132.46165590904894,
  "spacing_x": 1.0,
  "spacing_y": 1.0,
  "spacing_z": 1.0,
  "summary_bg_k": 40.300873927078726,
  "summary_bg_mad": 0.0,
  "summary_bg_mean": 2.4814935590665526,
  "summary_bg_median": 0.0,
  "summary_bg_n": 3656417.0,
  "summary_bg_p05": 0.0,
  "summary_bg_p95": 12.453757401555777,
  "summary_bg_stdv": 4.945996646384381,
  "summary_csf_k": 1.2377089023071672,
  "summary_csf_mad": 124.34917461737676,
  "summary_csf_mean": 259.3957884073989,
  "summary_csf_median": 254.2712735682726,
  "summary_csf_n": 37605.0,
  "summary_csf_p05": 79.02064390257001,
  "summary_csf_p95": 475.6714051514864,
  "summary_csf_stdv": 123.5304155255815,
  "summary_gm_k": 0.4008739636525358,
  "summary_gm_mad": 56.18740482711098,
  "summary_gm_mean": 696.2614417475789,
  "summary_gm_median": 695.4901072233915,
  "summary_gm_n": 51666.0,
  "summary_gm_p05": 598.9452475486323,
  "summary_gm_p95": 798.0500470036641,
  "summary_gm_stdv": 60.26491960777979,
  "summary_wm_k": 0.37511802536891947,
  "summary_wm_mad": 37.765304883795906,
  "summary_wm_mean": 999.7066337027663,
  "summary_wm_median": 1000.0282474011183,
  "summary_wm_n": 228553.0,
  "summary_wm_p05": 934.596601370722,
  "summary_wm_p95": 1061.9581566564739,
  "summary_wm_stdv": 39.17515524161021,
  "tpm_overlap_csf": 0.14688755298738057,
  "tpm_overlap_gm": 0.46894249211339767,
  "tpm_overlap_wm": 0.5039856956535891,
  "wm2max": 0.7494788363288964
}