{
  "bids_meta": {
    "AccelFactPE": 2,
    "AcquisitionNumber": 1,
    "AcquisitionTime": "10:36:40.702500",
    "BodyPartExamined": "BRAIN",
    "ConversionSoftware": "dcm2niix",
    "ConversionSoftwareVersion": "v1.0.20170724 (OpenJPEG build) GCC6.1.0",
    "DeviceSerialNumber": "167045",
    "EchoTime": 0.00418,
    "FlipAngle": 9,
    "ImageType": [
      "ORIGINAL",
      "PRIMARY",
      "M",
      "ND",
      "NORM"
    ],
    "InstitutionAddress": "De_Pintelaan_185_Gent_District_BE_9000",
    "InstitutionName": "UZ_Gent",
    "InversionTime": 0.9,
    "MagneticFieldStrength": 3,
    "Manufacturer": "Siemens",
    "ManufacturersModelName": "Prisma_fit",
    "PhaseEncodingDirection": "i-",
    "PhaseEncodingLines": 256,
    "ProcedureStepDescription": "MR_hersenen_(structuur_alleen)_O",
    "ProtocolName": "T1_mprage",
    "RepetitionTime": 2.25,
    "ScanningSequence": "GR_IR",
    "SequenceName": "_tfl3d1_16ns",
    "SequenceVariant": "SK_SP_MP",
    "SeriesDescription": "T1_mprage",
    "SoftwareVersions": "syngo_MR_E11",
    "dataset": "ds002513",
    "modality": "T1w",
    "subject_id": "3"
  },
  "cjv": 0.3350384153688258,
  "cnr": 3.909556326766359,
  "efc": 0.544568909114548,
  "fber": 45058.98934404752,
  "fwhm_avg": 3.8890733333333336,
  "fwhm_x": 3.9296,
  "fwhm_y": 4.03328,
  "fwhm_z": 3.70434,
  "icvs_csf": 0.19168959959963244,
  "icvs_gm": 0.46131851987799155,
  "icvs_wm": 0.346991880522376,
  "inu_med": 0.5398738980293274,
  "inu_range": 0.27390615940094,
  "provenance": {
    "md5sum": "fc6f88d9002b77f885bc1b700f86a764",
    "settings": {
      "testing": false
    },
    "software": "mriqc",
    "version": "23.0.1",
    "warnings": {
      "large_rot_frame": true,
      "small_air_mask": false
    },
    "webapi_port": null,
    "webapi_url": "https://mriqc.nimh.nih.gov/api/v1"
  },
  "qi_1": 6.807550869008773e-05,
  "qi_2": 0.011258549153963567,
  "rpve_csf": 21.909287749069577,
  "rpve_gm": 10.010253033912662,
  "rpve_wm": 14.837487441745905,
  "size_x": 176,
  "size_y": 256,
  "size_z": 256,
  "snr_csf": 2.344950616058386,
  "snr_gm": 11.789925480676189,
  "snr_total": 12.739563761390238,
  "snr_wm": 24.083815187436137,
  "snrd_csf": 27.540256857705657,
  "snrd_gm": 73.6238324998452,
  "snrd_total": 68.1738354447604,
  "snrd_wm": 103.35741697673035,
  "spacing_x": 1.0,
  "spacing_y": 1.0,
  "spacing_z": 1.0,
  "summary_bg_k": 14.373455586210241,
  "summary_bg_mad": 0.0,
  "summary_bg_mean": 3.374427281979294,
  "summary_bg_median": 0.0,
  "summary_bg_n": 2773976.0,
  "summary_bg_p05": 0.0,
  "summary_bg_p95": 14.987820712849498,
  "summary_bg_stdv": 6.33855241250956,
  "summary_csf_k": 4.058139035829425,
  "summary_csf_mad": 80.00401196721964,
  "summary_csf_mean": 273.9167822852468,
  "summary_csf_median": 266.4565143175423,
  "summary_csf_n": 45073.0,
  "summary_csf_p05": 89.38816513866186,
  "summary_csf_p95": 476.606967188418,
  "summary_csf_stdv": 113.6286438799759,
  "summary_gm_k": 0.144800050696138,
  "summary_gm_mad": 58.18666722735385,
  "summary_gm_mean": 712.3245646383083,
  "summary_gm_median": 712.3226874740794,
  "summary_gm_n": 53768.0,
  "summary_gm_p05": 612.4186890455894,
  "summary_gm_p95": 813.0964380223304,
  "summary_gm_stdv": 60.41735077728002,
  "summary_wm_k": 0.6816618254185132,
  "summary_wm_mad": 38.19628611711655,
  "summary_wm_mean": 999.582593367107,
  "summary_wm_median": 1000.00000721775,
  "summary_wm_n": 229171.0,
  "summary_wm_p05": 930.6490968447179,
  "summary_wm_p95": 1067.359228222631,
  "summary_wm_stdv": 41.52157030170614,
  "tpm_overlap_csf": 0.1435204993271615,
  "tpm_overlap_gm": 0.4512421398776839,
  "tpm_overlap_wm": 0.48794805993255785,
  "wm2max": 0.6889777722975765
}