{
  "aor": 0.0013070447761194032,
  "aqi": 0.008317447776119404,
  "bids_meta": {
    "AccelFactPE": 2,
    "AcquisitionNumber": 1,
    "AcquisitionTime": "17:07:14.555000",
    "BandwidthPerPixelPhaseEncode": 22.894,
    "BodyPartExamined": "BRAIN",
    "ConversionSoftware": "dcm2niix",
    "ConversionSoftwareVersion": "v1.0.20170724 (OpenJPEG build) GCC6.1.0",
    "DeviceSerialNumber": "167045",
    "EchoTime": 0.027,
    "EchoTrainLength": 74,
    "EffectiveEchoSpacing": 0.000519995,
    "FlipAngle": 66,
    "ImageType": [
      "ORIGINAL",
      "PRIMARY",
      "M",
      "ND",
      "NORM",
      "MOSAIC"
    ],
    "InstitutionAddress": "De_Pintelaan_185_Gent_District_BE_9000",
    "InstitutionName": "UGent",
    "MagneticFieldStrength": 3,
    "Manufacturer": "Siemens",
    "ManufacturersModelName": "Prisma_fit",
    "PhaseEncodingDirection": "j-",
    "PhaseEncodingLines": 84,
    "ProcedureStepDescription": "MR_hersenen_(structuur_alleen)_O",
    "ProtocolName": "ep2d_bold_TASK_BETTING",
    "RepetitionTime": 1.72,
    "ScanningSequence": "EP",
    "SequenceName": "_epfid2d1_84",
    "SequenceVariant": "SK",
    "SeriesDescription": "ep2d_bold_TASK_BETTING",
    "SliceTiming": [
      1.2425,
      0,
      0.85,
      0.065,
      0.915,
      0.1325,
      0.98,
      0.1975,
      1.0475,
      0.2625,
      1.1125,
      0.3275,
      1.1775,
      0.4575,
      1.3075,
      0.5225,
      1.3725,
      0.59,
      1.44,
      0.655,
      1.505,
      0.72,
      1.57,
      0.785,
      1.635,
      0.3925,
      1.2425,
      0,
      0.85,
      0.065,
      0.915,
      0.1325,
      0.98,
      0.1975,
      1.0475,
      0.2625,
      1.1125,
      0.3275,
      1.1775,
      0.4575,
      1.3075,
      0.5225,
      1.3725,
      0.59,
      1.44,
      0.655,
      1.505,
      0.72,
      1.57,
      0.785,
      1.635,
      0.3925
    ],
    "SoftwareVersions": "syngo_MR_E11",
    "TaskName": "cueexposure",
    "TotalReadoutTime": 0.0374396,
    "TrueEchoSpacing": 0.00103999,
    "dataset": "ds002513",
    "modality": "bold",
    "subject_id": "46",
    "task_id": "cueexposure"
  },
  "dummy_trs": 0,
  "dvars_nstd": 26.20383318509717,
  "dvars_std": 1.2752104944992517,
  "dvars_vstd": 0.9775224984304938,
  "efc": 0.5413596435772376,
  "fber": 2252.271484375,
  "fd_mean": 0.11828772661894303,
  "fd_num": 79,
  "fd_perc": 11.791044776119403,
  "fwhm_avg": 2.0048013333333334,
  "fwhm_x": 1.9053360000000001,
  "fwhm_y": 2.1209599999999997,
  "fwhm_z": 1.988108,
  "gcor": 0.0314895,
  "gsr_x": 0.01790812239050865,
  "gsr_y": 0.02963578701019287,
  "provenance": {
    "md5sum": "7cfd5b85a1f05a251f80daf36836f9ca",
    "settings": {
      "fd_thres": 0.2,
      "testing": false
    },
    "software": "mriqc",
    "version": "23.0.1",
    "webapi_port": null,
    "webapi_url": "https://mriqc.nimh.nih.gov/api/v1"
  },
  "size_t": 670,
  "size_x": 84,
  "size_y": 84,
  "size_z": 52,
  "snr": 5.350586637926366,
  "spacing_tr": 1.7200000286102295,
  "spacing_x": 2.5,
  "spacing_y": 2.5,
  "spacing_z": 2.5,
  "summary_bg_k": 22.03781476388013,
  "summary_bg_mad": 20.36697254517148,
  "summary_bg_mean": 63.1541633605957,
  "summary_bg_median": 22.240299224853516,
  "summary_bg_n": 229431.0,
  "summary_bg_p05": 5.705970287322998,
  "summary_bg_p95": 264.0462646484375,
  "summary_bg_stdv": 110.19068908691406,
  "summary_fg_k": 1.272268124804408,
  "summary_fg_mad": 192.0125517240623,
  "summary_fg_mean": 1076.54541015625,
  "summary_fg_median": 1060.9388427734375,
  "summary_fg_n": 77849.0,
  "summary_fg_p05": 795.4588256835938,
  "summary_fg_p95": 1420.8689697265625,
  "summary_fg_stdv": 198.28330993652344,
  "tsnr": 58.35026121349074
}