{
  "aor": 0.0005861434977578475,
  "aqi": 0.01711792626307922,
  "bids_meta": {
    "AccelFactPE": 2,
    "AcquisitionNumber": 1,
    "AcquisitionTime": "16:27:52.847500",
    "BandwidthPerPixelPhaseEncode": 22.894,
    "BodyPartExamined": "BRAIN",
    "ConversionSoftware": "dcm2niix",
    "ConversionSoftwareVersion": "v1.0.20170724 (OpenJPEG build) GCC6.1.0",
    "DeviceSerialNumber": "167045",
    "EchoTime": 0.027,
    "EchoTrainLength": 74,
    "EffectiveEchoSpacing": 0.000519995,
    "FlipAngle": 66,
    "ImageType": [
      "ORIGINAL",
      "PRIMARY",
      "M",
      "ND",
      "NORM",
      "MOSAIC"
    ],
    "InstitutionAddress": "De_Pintelaan_185_Gent_District_BE_9000",
    "InstitutionName": "UGent",
    "MagneticFieldStrength": 3,
    "Manufacturer": "Siemens",
    "ManufacturersModelName": "Prisma_fit",
    "PhaseEncodingDirection": "j-",
    "PhaseEncodingLines": 84,
    "ProcedureStepDescription": "MR_hersenen_(structuur_alleen)_O",
    "ProtocolName": "ep2d_bold_TASK_BETTING",
    "RepetitionTime": 1.72,
    "ScanningSequence": "EP",
    "SequenceName": "_epfid2d1_84",
    "SequenceVariant": "SK",
    "SeriesDescription": "ep2d_bold_TASK_BETTING",
    "SliceTiming": [
      1.2425,
      0,
      0.85,
      0.065,
      0.915,
      0.13,
      0.98,
      0.195,
      1.045,
      0.2625,
      1.1125,
      0.3275,
      1.1775,
      0.4575,
      1.3075,
      0.5225,
      1.3725,
      0.5875,
      1.4375,
      0.655,
      1.5025,
      0.72,
      1.57,
      0.785,
      1.635,
      0.3925,
      1.2425,
      0,
      0.85,
      0.065,
      0.915,
      0.13,
      0.98,
      0.195,
      1.045,
      0.2625,
      1.1125,
      0.3275,
      1.1775,
      0.4575,
      1.3075,
      0.5225,
      1.3725,
      0.5875,
      1.4375,
      0.655,
      1.5025,
      0.72,
      1.57,
      0.785,
      1.635,
      0.3925
    ],
    "SoftwareVersions": "syngo_MR_E11",
    "TaskName": "cueexposure",
    "TotalReadoutTime": 0.0374396,
    "TrueEchoSpacing": 0.00103999,
    "dataset": "ds002513",
    "modality": "bold",
    "subject_id": "25",
    "task_id": "cueexposure"
  },
  "dummy_trs": 1,
  "dvars_nstd": 21.761120099715583,
  "dvars_std": 1.0897567751347301,
  "dvars_vstd": 0.9216440723503001,
  "efc": 0.5242932487795889,
  "fber": 2420.1181640625,
  "fd_mean": 0.11806425525887451,
  "fd_num": 74,
  "fd_perc": 11.061285500747385,
  "fwhm_avg": 1.8844560000000001,
  "fwhm_x": 1.773668,
  "fwhm_y": 1.991552,
  "fwhm_z": 1.888148,
  "gcor": 0.0253913,
  "gsr_x": -0.0068853371776640415,
  "gsr_y": 0.03439854830503464,
  "provenance": {
    "md5sum": "64e094a4748da0058575b18129e1749c",
    "settings": {
      "fd_thres": 0.2,
      "testing": false
    },
    "software": "mriqc",
    "version": "23.0.1",
    "webapi_port": null,
    "webapi_url": "https://mriqc.nimh.nih.gov/api/v1"
  },
  "size_t": 669,
  "size_x": 84,
  "size_y": 84,
  "size_z": 52,
  "snr": 6.3456282323461926,
  "spacing_tr": 1.7200000286102295,
  "spacing_x": 2.5,
  "spacing_y": 2.5,
  "spacing_z": 2.5,
  "summary_bg_k": 42.388423610427196,
  "summary_bg_mad": 12.564444968030571,
  "summary_bg_mean": 45.70412826538086,
  "summary_bg_median": 18.64499282836914,
  "summary_bg_n": 233906.0,
  "summary_bg_p05": 7.469730734825134,
  "summary_bg_p95": 175.4525375366211,
  "summary_bg_stdv": 78.40087127685547,
  "summary_fg_k": 1.9751093227178833,
  "summary_fg_mad": 142.66557930538087,
  "summary_fg_mean": 932.0905151367188,
  "summary_fg_median": 924.0448608398438,
  "summary_fg_n": 73088.0,
  "summary_fg_p05": 722.2093444824219,
  "summary_fg_p95": 1166.6419921874997,
  "summary_fg_stdv": 145.61813354492188,
  "tsnr": 46.2941733263433
}