{
  "aor": 0.0016531343283582088,
  "aqi": 0.013584026731343284,
  "bids_meta": {
    "AccelFactPE": 2,
    "AcquisitionNumber": 1,
    "AcquisitionTime": "16:28:46.537500",
    "BandwidthPerPixelPhaseEncode": 22.894,
    "BodyPartExamined": "BRAIN",
    "ConversionSoftware": "dcm2niix",
    "ConversionSoftwareVersion": "v1.0.20170724 (OpenJPEG build) GCC6.1.0",
    "DeviceSerialNumber": "167045",
    "EchoTime": 0.027,
    "EchoTrainLength": 74,
    "EffectiveEchoSpacing": 0.000519995,
    "FlipAngle": 66,
    "ImageType": [
      "ORIGINAL",
      "PRIMARY",
      "M",
      "ND",
      "NORM",
      "MOSAIC"
    ],
    "InstitutionAddress": "De_Pintelaan_185_Gent_District_BE_9000",
    "InstitutionName": "UZ_Gent",
    "MagneticFieldStrength": 3,
    "Manufacturer": "Siemens",
    "ManufacturersModelName": "Prisma_fit",
    "PhaseEncodingDirection": "j-",
    "PhaseEncodingLines": 84,
    "ProcedureStepDescription": "MR_hersenen_(structuur_alleen)_O",
    "ProtocolName": "ep2d_bold_TASK_BETTING",
    "RepetitionTime": 1.72,
    "ScanningSequence": "EP",
    "SequenceName": "_epfid2d1_84",
    "SequenceVariant": "SK",
    "SeriesDescription": "ep2d_bold_TASK_BETTING",
    "SliceTiming": [
      1.24,
      0,
      0.85,
      0.065,
      0.915,
      0.13,
      0.98,
      0.195,
      1.045,
      0.26,
      1.11,
      0.325,
      1.175,
      0.4575,
      1.3075,
      0.5225,
      1.3725,
      0.5875,
      1.4375,
      0.6525,
      1.5025,
      0.7175,
      1.5675,
      0.7825,
      1.6325,
      0.39,
      1.24,
      0,
      0.85,
      0.065,
      0.915,
      0.13,
      0.98,
      0.195,
      1.045,
      0.26,
      1.11,
      0.325,
      1.175,
      0.4575,
      1.3075,
      0.5225,
      1.3725,
      0.5875,
      1.4375,
      0.6525,
      1.5025,
      0.7175,
      1.5675,
      0.7825,
      1.6325,
      0.39
    ],
    "SoftwareVersions": "syngo_MR_E11",
    "TaskName": "cueexposure",
    "TotalReadoutTime": 0.0374396,
    "TrueEchoSpacing": 0.00103999,
    "dataset": "ds002513",
    "modality": "bold",
    "subject_id": "55",
    "task_id": "cueexposure"
  },
  "dummy_trs": 0,
  "dvars_nstd": 28.718918048878926,
  "dvars_std": 1.2783037668011972,
  "dvars_vstd": 0.9274244783856507,
  "efc": 0.5512187858246402,
  "fber": 2409.133056640625,
  "fd_mean": 0.14032161209539787,
  "fd_num": 56,
  "fd_perc": 8.35820895522388,
  "fwhm_avg": 2.01112,
  "fwhm_x": 1.8888839999999998,
  "fwhm_y": 2.140016,
  "fwhm_z": 2.00446,
  "gcor": 0.00982759,
  "gsr_x": -0.008283354341983795,
  "gsr_y": 0.06289210170507431,
  "provenance": {
    "md5sum": "6a016c4b717156800c230c15761296de",
    "settings": {
      "fd_thres": 0.2,
      "testing": false
    },
    "software": "mriqc",
    "version": "23.0.1",
    "webapi_port": null,
    "webapi_url": "https://mriqc.nimh.nih.gov/api/v1"
  },
  "size_t": 670,
  "size_x": 84,
  "size_y": 84,
  "size_z": 52,
  "snr": 5.4668478708116846,
  "spacing_tr": 1.7200000286102295,
  "spacing_x": 2.5,
  "spacing_y": 2.5,
  "spacing_z": 2.5,
  "summary_bg_k": 22.367815564314032,
  "summary_bg_mad": 17.512410149178283,
  "summary_bg_mean": 66.098876953125,
  "summary_bg_median": 19.883583068847656,
  "summary_bg_n": 227176.0,
  "summary_bg_p05": 5.292164087295532,
  "summary_bg_p95": 296.907470703125,
  "summary_bg_stdv": 118.9788589477539,
  "summary_fg_k": 1.380149956275405,
  "summary_fg_mad": 169.80446631993584,
  "summary_fg_mean": 989.7557373046875,
  "summary_fg_median": 977.695556640625,
  "summary_fg_n": 79207.0,
  "summary_fg_p05": 734.9671752929687,
  "summary_fg_p95": 1298.210607910156,
  "summary_fg_stdv": 178.83969116210938,
  "tsnr": 45.85184615012258
}