{
  "aor": 0.0009310746268656717,
  "aqi": 0.00909304919402985,
  "bids_meta": {
    "AccelFactPE": 2,
    "AcquisitionNumber": 1,
    "AcquisitionTime": "13:40:24.520000",
    "BandwidthPerPixelPhaseEncode": 22.894,
    "BodyPartExamined": "BRAIN",
    "ConversionSoftware": "dcm2niix",
    "ConversionSoftwareVersion": "v1.0.20170724 (OpenJPEG build) GCC6.1.0",
    "DeviceSerialNumber": "167045",
    "EchoTime": 0.027,
    "EchoTrainLength": 74,
    "EffectiveEchoSpacing": 0.000519995,
    "FlipAngle": 66,
    "ImageType": [
      "ORIGINAL",
      "PRIMARY",
      "M",
      "ND",
      "NORM",
      "MOSAIC"
    ],
    "InstitutionAddress": "De_Pintelaan_185_Gent_District_BE_9000",
    "InstitutionName": "UGent",
    "MagneticFieldStrength": 3,
    "Manufacturer": "Siemens",
    "ManufacturersModelName": "Prisma_fit",
    "PhaseEncodingDirection": "j-",
    "PhaseEncodingLines": 84,
    "ProcedureStepDescription": "MR_hersenen_(structuur_alleen)_O",
    "ProtocolName": "ep2d_bold_TASK_BETTING",
    "RepetitionTime": 1.72,
    "ScanningSequence": "EP",
    "SequenceName": "_epfid2d1_84",
    "SequenceVariant": "SK",
    "SeriesDescription": "ep2d_bold_TASK_BETTING",
    "SliceTiming": [
      1.24,
      0,
      0.85,
      0.065,
      0.915,
      0.13,
      0.98,
      0.195,
      1.045,
      0.26,
      1.11,
      0.325,
      1.175,
      0.4575,
      1.3075,
      0.5225,
      1.3725,
      0.5875,
      1.4375,
      0.6525,
      1.5025,
      0.7175,
      1.5675,
      0.7825,
      1.6325,
      0.39,
      1.24,
      0,
      0.85,
      0.065,
      0.915,
      0.13,
      0.98,
      0.195,
      1.045,
      0.26,
      1.11,
      0.325,
      1.175,
      0.4575,
      1.3075,
      0.5225,
      1.3725,
      0.5875,
      1.4375,
      0.6525,
      1.5025,
      0.7175,
      1.5675,
      0.7825,
      1.6325,
      0.39
    ],
    "SoftwareVersions": "syngo_MR_E11",
    "TaskName": "cueexposure",
    "TotalReadoutTime": 0.0374396,
    "TrueEchoSpacing": 0.00103999,
    "dataset": "ds002513",
    "modality": "bold",
    "subject_id": "62",
    "task_id": "cueexposure"
  },
  "dummy_trs": 0,
  "dvars_nstd": 23.433353914334834,
  "dvars_std": 1.1473331911958147,
  "dvars_vstd": 0.9747372371898358,
  "efc": 0.5527860188826776,
  "fber": 2617.736572265625,
  "fd_mean": 0.14411764485401457,
  "fd_num": 108,
  "fd_perc": 16.119402985074625,
  "fwhm_avg": 1.9381333333333333,
  "fwhm_x": 1.8201440000000002,
  "fwhm_y": 2.0849640000000003,
  "fwhm_z": 1.909292,
  "gcor": 0.0281052,
  "gsr_x": 0.0022624789271503687,
  "gsr_y": 0.050494614988565445,
  "provenance": {
    "md5sum": "2b0494fe51b97c2ccc1545d661bf71c9",
    "settings": {
      "fd_thres": 0.2,
      "testing": false
    },
    "software": "mriqc",
    "version": "23.0.1",
    "webapi_port": null,
    "webapi_url": "https://mriqc.nimh.nih.gov/api/v1"
  },
  "size_t": 670,
  "size_x": 84,
  "size_y": 84,
  "size_z": 52,
  "snr": 5.69144981467188,
  "spacing_tr": 1.7200000286102295,
  "spacing_x": 2.5,
  "spacing_y": 2.5,
  "spacing_z": 2.5,
  "summary_bg_k": 12.637652126414602,
  "summary_bg_mad": 13.91875942819586,
  "summary_bg_mean": 62.33218002319336,
  "summary_bg_median": 18.153732299804688,
  "summary_bg_n": 226973.0,
  "summary_bg_p05": 6.6208953857421875,
  "summary_bg_p95": 284.02568359374976,
  "summary_bg_stdv": 105.66072845458984,
  "summary_fg_k": 1.3012939490047195,
  "summary_fg_mad": 162.84734817032967,
  "summary_fg_mean": 952.22216796875,
  "summary_fg_median": 941.0,
  "summary_fg_n": 79337.0,
  "summary_fg_p05": 715.6683715820312,
  "summary_fg_p95": 1226.7179443359375,
  "summary_fg_stdv": 165.33468627929688,
  "tsnr": 56.09776504780166
}