{
  "bids_meta": {
    "AccelFactPE": 2,
    "AcquisitionNumber": 1,
    "AcquisitionTime": "10:31:24.987500",
    "BodyPartExamined": "BRAIN",
    "ConversionSoftware": "dcm2niix",
    "ConversionSoftwareVersion": "v1.0.20170724 (OpenJPEG build) GCC6.1.0",
    "DeviceSerialNumber": "167045",
    "EchoTime": 0.00418,
    "FlipAngle": 9,
    "ImageType": [
      "ORIGINAL",
      "PRIMARY",
      "M",
      "ND",
      "NORM"
    ],
    "InstitutionAddress": "De_Pintelaan_185_Gent_District_BE_9000",
    "InstitutionName": "UZ_Gent",
    "InversionTime": 0.9,
    "MagneticFieldStrength": 3,
    "Manufacturer": "Siemens",
    "ManufacturersModelName": "Prisma_fit",
    "PhaseEncodingDirection": "i-",
    "PhaseEncodingLines": 256,
    "ProcedureStepDescription": "MR_hersenen_(structuur_alleen)_O",
    "ProtocolName": "T1_mprage",
    "RepetitionTime": 2.25,
    "ScanningSequence": "GR_IR",
    "SequenceName": "_tfl3d1_16ns",
    "SequenceVariant": "SK_SP_MP",
    "SeriesDescription": "T1_mprage",
    "SoftwareVersions": "syngo_MR_E11",
    "dataset": "ds002513",
    "modality": "T1w",
    "subject_id": "11"
  },
  "cjv": 0.3509530132659061,
  "cnr": 3.7529361502070797,
  "efc": 0.5055797759167363,
  "fber": -1.0,
  "fwhm_avg": 3.9246199999999996,
  "fwhm_x": 4.01256,
  "fwhm_y": 4.1069,
  "fwhm_z": 3.6544,
  "icvs_csf": 0.19167165816074422,
  "icvs_gm": 0.43879336113635536,
  "icvs_wm": 0.3695349807029004,
  "inu_med": 0.5130565762519836,
  "inu_range": 0.24575541913509358,
  "provenance": {
    "md5sum": "dfe8e57bcea2ae7eaf17db843e2221e7",
    "settings": {
      "testing": false
    },
    "software": "mriqc",
    "version": "23.0.1",
    "warnings": {
      "large_rot_frame": true,
      "small_air_mask": false
    },
    "webapi_port": null,
    "webapi_url": "https://mriqc.nimh.nih.gov/api/v1"
  },
  "qi_1": 0.00011422603239552065,
  "qi_2": 0.011848198404930165,
  "rpve_csf": 24.105414143541676,
  "rpve_gm": 11.424324734736073,
  "rpve_wm": 15.794049282611484,
  "size_x": 176,
  "size_y": 256,
  "size_z": 256,
  "snr_csf": 1.886374382631286,
  "snr_gm": 10.815516661457004,
  "snr_total": 12.484780553349461,
  "snr_wm": 24.752450615960097,
  "snrd_csf": 35.040368157530395,
  "snrd_gm": 96.19298793517639,
  "snrd_total": 88.89809717698819,
  "snrd_wm": 135.46093543825776,
  "spacing_x": 1.0,
  "spacing_y": 1.0,
  "spacing_z": 1.0,
  "summary_bg_k": 13.910053744229522,
  "summary_bg_mad": 0.0,
  "summary_bg_mean": 2.607132588659228,
  "summary_bg_median": 0.0,
  "summary_bg_n": 3301985.0,
  "summary_bg_p05": 0.0,
  "summary_bg_p95": 12.281400542706251,
  "summary_bg_stdv": 4.836349407894845,
  "summary_csf_k": 0.9796290582239569,
  "summary_csf_mad": 135.31452977330954,
  "summary_csf_mean": 262.22372634536225,
  "summary_csf_median": 258.67508474737406,
  "summary_csf_n": 31499.0,
  "summary_csf_p05": 56.90484341233969,
  "summary_csf_p95": 502.31234489008784,
  "summary_csf_stdv": 137.12600267073643,
  "summary_gm_k": 0.13548634982775765,
  "summary_gm_mad": 63.275435315136534,
  "summary_gm_mean": 710.8341611361061,
  "summary_gm_median": 710.1160922273993,
  "summary_gm_n": 44246.0,
  "summary_gm_p05": 603.9631389081478,
  "summary_gm_p95": 822.4174025515094,
  "summary_gm_stdv": 65.65641658864207,
  "summary_wm_k": 0.4792156324553867,
  "summary_wm_mad": 38.46020359664201,
  "summary_wm_mean": 999.9112601740057,
  "summary_wm_median": 1000.0000227428973,
  "summary_wm_n": 231826.0,
  "summary_wm_p05": 933.3558143116534,
  "summary_wm_p95": 1065.6641692854464,
  "summary_wm_stdv": 40.399953987009624,
  "tpm_overlap_csf": 0.15768977782125396,
  "tpm_overlap_gm": 0.47022208215899064,
  "tpm_overlap_wm": 0.5140887291082972,
  "wm2max": 0.6977653919606004
}