{
  "bids_meta": {
    "AccelFactPE": 2,
    "AcquisitionNumber": 1,
    "AcquisitionTime": "14:22:50.162500",
    "BodyPartExamined": "BRAIN",
    "ConversionSoftware": "dcm2niix",
    "ConversionSoftwareVersion": "v1.0.20170724 (OpenJPEG build) GCC6.1.0",
    "DeviceSerialNumber": "167045",
    "EchoTime": 0.00418,
    "FlipAngle": 9,
    "ImageType": [
      "ORIGINAL",
      "PRIMARY",
      "M",
      "ND",
      "NORM"
    ],
    "InstitutionAddress": "De_Pintelaan_185_Gent_District_BE_9000",
    "InstitutionName": "UZ_Gent",
    "InversionTime": 0.9,
    "MagneticFieldStrength": 3,
    "Manufacturer": "Siemens",
    "ManufacturersModelName": "Prisma_fit",
    "PhaseEncodingDirection": "i-",
    "PhaseEncodingLines": 256,
    "ProcedureStepDescription": "MR_hersenen_(structuur_alleen)_O",
    "ProtocolName": "T1_mprage",
    "RepetitionTime": 2.25,
    "ScanningSequence": "GR_IR",
    "SequenceName": "_tfl3d1_16ns",
    "SequenceVariant": "SK_SP_MP",
    "SeriesDescription": "T1_mprage",
    "SoftwareVersions": "syngo_MR_E11",
    "dataset": "ds002513",
    "modality": "T1w",
    "subject_id": "7"
  },
  "cjv": 0.3402540292028375,
  "cnr": 3.9196958164363553,
  "efc": 0.5774259715162613,
  "fber": 23298.337990487515,
  "fwhm_avg": 3.9859899999999997,
  "fwhm_x": 4.08162,
  "fwhm_y": 4.18685,
  "fwhm_z": 3.6895,
  "icvs_csf": 0.1874726909347031,
  "icvs_gm": 0.4495646878959392,
  "icvs_wm": 0.36296262116935774,
  "inu_med": 0.5535078048706055,
  "inu_range": 0.28426430672407155,
  "provenance": {
    "md5sum": "82767b90b5823814a92c1cd0d921f0fd",
    "settings": {
      "testing": false
    },
    "software": "mriqc",
    "version": "23.0.1",
    "warnings": {
      "large_rot_frame": true,
      "small_air_mask": false
    },
    "webapi_port": null,
    "webapi_url": "https://mriqc.nimh.nih.gov/api/v1"
  },
  "qi_1": 0.0,
  "qi_2": 0.007756262345879816,
  "rpve_csf": 23.979471913617076,
  "rpve_gm": 10.772855921487894,
  "rpve_wm": 14.869366419533643,
  "size_x": 176,
  "size_y": 256,
  "size_z": 256,
  "snr_csf": 1.5985904648031273,
  "snr_gm": 11.566427465234876,
  "snr_total": 11.787773285683306,
  "snr_wm": 22.198301927011915,
  "snrd_csf": 15.054324712706308,
  "snrd_gm": 56.081264307849054,
  "snrd_total": 50.341277371300414,
  "snrd_wm": 79.88824309334589,
  "spacing_x": 1.0,
  "spacing_y": 1.0,
  "spacing_z": 1.0,
  "summary_bg_k": 1139.1018420369226,
  "summary_bg_mad": 0.0,
  "summary_bg_mean": 4.485484165654387,
  "summary_bg_median": 0.0,
  "summary_bg_n": 2775020.0,
  "summary_bg_p05": 0.0,
  "summary_bg_p95": 19.927808195352554,
  "summary_bg_stdv": 8.200969143412241,
  "summary_csf_k": 0.8579337045884867,
  "summary_csf_mad": 120.35411752941255,
  "summary_csf_mean": 205.83636517496294,
  "summary_csf_median": 188.44938617944717,
  "summary_csf_n": 46057.0,
  "summary_csf_p05": 44.931567534804344,
  "summary_csf_p95": 418.8674884110688,
  "summary_csf_stdv": 117.88343824739658,
  "summary_gm_k": 0.23348636425318237,
  "summary_gm_mad": 58.69980813268708,
  "summary_gm_mean": 702.1825683031553,
  "summary_gm_median": 702.0228430479765,
  "summary_gm_n": 58423.0,
  "summary_gm_p05": 602.0867649301887,
  "summary_gm_p95": 802.7109139278529,
  "summary_gm_stdv": 60.6943532935275,
  "summary_wm_k": 0.4997012694955596,
  "summary_wm_mad": 42.70090506138491,
  "summary_wm_mean": 1000.0410235497241,
  "summary_wm_median": 1000.0375746637583,
  "summary_wm_n": 238426.0,
  "summary_wm_p05": 926.492682531476,
  "summary_wm_p95": 1073.620066434145,
  "summary_wm_stdv": 45.05008900158915,
  "tpm_overlap_csf": 0.1487016692209015,
  "tpm_overlap_gm": 0.4606443681471217,
  "tpm_overlap_wm": 0.4951650561849037,
  "wm2max": 0.5815458620312671
}