{
  "bids_meta": {
    "AccelFactPE": 2,
    "AcquisitionNumber": 1,
    "AcquisitionTime": "09:58:27.395000",
    "BodyPartExamined": "BRAIN",
    "ConversionSoftware": "dcm2niix",
    "ConversionSoftwareVersion": "v1.0.20170724 (OpenJPEG build) GCC6.1.0",
    "DeviceSerialNumber": "167045",
    "EchoTime": 0.00418,
    "FlipAngle": 9,
    "ImageType": [
      "ORIGINAL",
      "PRIMARY",
      "M",
      "ND",
      "NORM"
    ],
    "InstitutionAddress": "De_Pintelaan_185_Gent_District_BE_9000",
    "InstitutionName": "UZ_Gent",
    "InversionTime": 0.9,
    "MagneticFieldStrength": 3,
    "Manufacturer": "Siemens",
    "ManufacturersModelName": "Prisma_fit",
    "PhaseEncodingDirection": "i-",
    "PhaseEncodingLines": 256,
    "ProcedureStepDescription": "MR_hersenen_(structuur_alleen)_O",
    "ProtocolName": "T1_mprage",
    "RepetitionTime": 2.25,
    "ScanningSequence": "GR_IR",
    "SequenceName": "_tfl3d1_16ns",
    "SequenceVariant": "SK_SP_MP",
    "SeriesDescription": "T1_mprage",
    "SoftwareVersions": "syngo_MR_E11",
    "dataset": "ds002513",
    "modality": "T1w",
    "subject_id": "48"
  },
  "cjv": 0.35730454054969707,
  "cnr": 3.8166598384352275,
  "efc": 0.5191525584377579,
  "fber": -1.0,
  "fwhm_avg": 4.148453333333333,
  "fwhm_x": 4.28194,
  "fwhm_y": 4.34411,
  "fwhm_z": 3.81931,
  "icvs_csf": 0.22944172973641452,
  "icvs_gm": 0.41056066250239753,
  "icvs_wm": 0.35999760776118794,
  "inu_med": 0.5276197195053101,
  "inu_range": 0.24700613319873804,
  "provenance": {
    "md5sum": "03a3f8482e34e69912597c594a49780c",
    "settings": {
      "testing": false
    },
    "software": "mriqc",
    "version": "23.0.1",
    "warnings": {
      "large_rot_frame": true,
      "small_air_mask": false
    },
    "webapi_port": null,
    "webapi_url": "https://mriqc.nimh.nih.gov/api/v1"
  },
  "qi_1": 8.902922532703402e-06,
  "qi_2": 0.008953175936678834,
  "rpve_csf": 24.26565872442636,
  "rpve_gm": 13.467909431997064,
  "rpve_wm": 18.01688925655188,
  "size_x": 176,
  "size_y": 256,
  "size_z": 256,
  "snr_csf": 2.0553329173035064,
  "snr_gm": 11.005109535643468,
  "snr_total": 11.900803493499668,
  "snr_wm": 22.64196802755203,
  "snrd_csf": 22.120958501242498,
  "snrd_gm": 62.39975011140629,
  "snrd_total": 57.7850297784557,
  "snrd_wm": 88.83438072271832,
  "spacing_x": 1.0,
  "spacing_y": 1.0,
  "spacing_z": 1.0,
  "summary_bg_k": 69.27386647371434,
  "summary_bg_mad": 0.0,
  "summary_bg_mean": 3.30811653197885,
  "summary_bg_median": 0.0,
  "summary_bg_n": 3466406.0,
  "summary_bg_p05": 0.0,
  "summary_bg_p95": 16.25058252364397,
  "summary_bg_stdv": 7.3750090407526985,
  "summary_csf_k": 0.3703938326303313,
  "summary_csf_mad": 122.09091880808863,
  "summary_csf_mean": 252.84540819408082,
  "summary_csf_median": 249.02030926197767,
  "summary_csf_n": 42934.0,
  "summary_csf_p05": 64.89271402359009,
  "summary_csf_p95": 460.1600447930395,
  "summary_csf_stdv": 121.15672702579951,
  "summary_gm_k": 0.14935915531502308,
  "summary_gm_mad": 62.7722028480855,
  "summary_gm_mean": 702.3090113462049,
  "summary_gm_median": 702.4471868947148,
  "summary_gm_n": 28911.0,
  "summary_gm_p05": 596.9965266063809,
  "summary_gm_p95": 806.4043282158673,
  "summary_gm_stdv": 63.82808240781844,
  "summary_wm_k": 0.2901540390574042,
  "summary_wm_mad": 43.55456404734476,
  "summary_wm_mean": 998.7440309858068,
  "summary_wm_median": 1000.0274156033993,
  "summary_wm_n": 195795.0,
  "summary_wm_p05": 924.1456904634833,
  "summary_wm_p95": 1067.3864912241697,
  "summary_wm_stdv": 44.16687015112289,
  "tpm_overlap_csf": 0.14279170669815636,
  "tpm_overlap_gm": 0.4621194170981896,
  "tpm_overlap_wm": 0.49709649927544286,
  "wm2max": 0.7076207097149505
}