{
  "aor": 0.0037598518518518528,
  "aqi": 0.00590639037037037,
  "bids_meta": {
    "AccelFactPE": 2,
    "AcquisitionNumber": 1,
    "AcquisitionTime": "14:31:26.802500",
    "BandwidthPerPixelPhaseEncode": 22.894,
    "BodyPartExamined": "BRAIN",
    "ConversionSoftware": "dcm2niix",
    "ConversionSoftwareVersion": "v1.0.20170724 (OpenJPEG build) GCC6.1.0",
    "DeviceSerialNumber": "167045",
    "EchoTime": 0.027,
    "EchoTrainLength": 74,
    "EffectiveEchoSpacing": 0.000519995,
    "FlipAngle": 66,
    "ImageType": [
      "ORIGINAL",
      "PRIMARY",
      "M",
      "ND",
      "NORM",
      "MOSAIC"
    ],
    "InstitutionAddress": "De_Pintelaan_185_Gent_District_BE_9000",
    "InstitutionName": "UGent",
    "MagneticFieldStrength": 3,
    "Manufacturer": "Siemens",
    "ManufacturersModelName": "Prisma_fit",
    "PhaseEncodingDirection": "j-",
    "PhaseEncodingLines": 84,
    "ProcedureStepDescription": "MR_hersenen_(structuur_alleen)_O",
    "ProtocolName": "ep2d_bold_TASK_BETTING",
    "RepetitionTime": 1.72,
    "ScanningSequence": "EP",
    "SequenceName": "_epfid2d1_84",
    "SequenceVariant": "SK",
    "SeriesDescription": "ep2d_bold_TASK_BETTING",
    "SliceTiming": [
      1.2425,
      0,
      0.85,
      0.065,
      0.915,
      0.13,
      0.98,
      0.195,
      1.045,
      0.26,
      1.11,
      0.325,
      1.175,
      0.4575,
      1.3075,
      0.5225,
      1.3725,
      0.5875,
      1.4375,
      0.6525,
      1.5025,
      0.7175,
      1.5675,
      0.7825,
      1.6325,
      0.3925,
      1.2425,
      0,
      0.85,
      0.065,
      0.915,
      0.13,
      0.98,
      0.195,
      1.045,
      0.26,
      1.11,
      0.325,
      1.175,
      0.4575,
      1.3075,
      0.5225,
      1.3725,
      0.5875,
      1.4375,
      0.6525,
      1.5025,
      0.7175,
      1.5675,
      0.7825,
      1.6325,
      0.3925
    ],
    "SoftwareVersions": "syngo_MR_E11",
    "TaskName": "cueexposure",
    "TotalReadoutTime": 0.0374396,
    "TrueEchoSpacing": 0.00103999,
    "dataset": "ds002513",
    "modality": "bold",
    "subject_id": "43",
    "task_id": "cueexposure"
  },
  "dummy_trs": 1,
  "dvars_nstd": 29.018487546194027,
  "dvars_std": 1.3647469534328356,
  "dvars_vstd": 1.006864592835821,
  "efc": 0.5380834338105763,
  "fber": 2633.456787109375,
  "fd_mean": 0.14720172689560512,
  "fd_num": 16,
  "fd_perc": 11.851851851851851,
  "fwhm_avg": 1.9525213333333333,
  "fwhm_x": 1.835248,
  "fwhm_y": 2.078128,
  "fwhm_z": 1.944188,
  "gcor": 0.027012,
  "gsr_x": -0.003256418276578188,
  "gsr_y": 0.04871002957224846,
  "provenance": {
    "md5sum": "935b4cc066637abb39759f74d06773bb",
    "settings": {
      "fd_thres": 0.2,
      "testing": false
    },
    "software": "mriqc",
    "version": "23.0.1",
    "webapi_port": null,
    "webapi_url": "https://mriqc.nimh.nih.gov/api/v1"
  },
  "size_t": 135,
  "size_x": 84,
  "size_y": 84,
  "size_z": 52,
  "snr": 5.387795073626807,
  "spacing_tr": 1.7200000286102295,
  "spacing_x": 2.5,
  "spacing_y": 2.5,
  "spacing_z": 2.5,
  "summary_bg_k": 17.674905754236473,
  "summary_bg_mad": 14.749147373292113,
  "summary_bg_mean": 54.205039978027344,
  "summary_bg_median": 18.80740737915039,
  "summary_bg_n": 229015.0,
  "summary_bg_p05": 6.496296405792236,
  "summary_bg_p95": 228.6911087036132,
  "summary_bg_stdv": 91.99958801269531,
  "summary_fg_k": 1.8025269626469402,
  "summary_fg_mad": 174.94154184131918,
  "summary_fg_mean": 990.7316284179688,
  "summary_fg_median": 976.4851684570312,
  "summary_fg_n": 78034.0,
  "summary_fg_p05": 738.4688690185546,
  "summary_fg_p95": 1299.4962158203125,
  "summary_fg_stdv": 181.2390594482422,
  "tsnr": 67.25647593848407
}