{
  "aor": 0.0027047014925373133,
  "aqi": 0.01099874880597015,
  "bids_meta": {
    "AccelFactPE": 2,
    "AcquisitionNumber": 1,
    "AcquisitionTime": "17:04:4.452500",
    "BandwidthPerPixelPhaseEncode": 22.894,
    "BodyPartExamined": "BRAIN",
    "ConversionSoftware": "dcm2niix",
    "ConversionSoftwareVersion": "v1.0.20170724 (OpenJPEG build) GCC6.1.0",
    "DeviceSerialNumber": "167045",
    "EchoTime": 0.027,
    "EchoTrainLength": 74,
    "EffectiveEchoSpacing": 0.000519995,
    "FlipAngle": 66,
    "ImageType": [
      "ORIGINAL",
      "PRIMARY",
      "M",
      "ND",
      "NORM",
      "MOSAIC"
    ],
    "InstitutionAddress": "De_Pintelaan_185_Gent_District_BE_9000",
    "InstitutionName": "UZ_Gent",
    "MagneticFieldStrength": 3,
    "Manufacturer": "Siemens",
    "ManufacturersModelName": "Prisma_fit",
    "PhaseEncodingDirection": "j-",
    "PhaseEncodingLines": 84,
    "ProcedureStepDescription": "MR_hersenen_(structuur_alleen)_O",
    "ProtocolName": "ep2d_bold_TASK_BETTING",
    "RepetitionTime": 1.72,
    "ScanningSequence": "EP",
    "SequenceName": "_epfid2d1_84",
    "SequenceVariant": "SK",
    "SeriesDescription": "ep2d_bold_TASK_BETTING",
    "SliceTiming": [
      1.2425,
      0,
      0.85,
      0.065,
      0.915,
      0.13,
      0.98,
      0.1975,
      1.0475,
      0.2625,
      1.1125,
      0.3275,
      1.1775,
      0.4575,
      1.3075,
      0.5225,
      1.3725,
      0.59,
      1.44,
      0.655,
      1.505,
      0.72,
      1.57,
      0.785,
      1.635,
      0.3925,
      1.2425,
      0,
      0.85,
      0.065,
      0.915,
      0.13,
      0.98,
      0.1975,
      1.0475,
      0.2625,
      1.1125,
      0.3275,
      1.1775,
      0.4575,
      1.3075,
      0.5225,
      1.3725,
      0.59,
      1.44,
      0.655,
      1.505,
      0.72,
      1.57,
      0.785,
      1.635,
      0.3925
    ],
    "SoftwareVersions": "syngo_MR_E11",
    "TaskName": "cueexposure",
    "TotalReadoutTime": 0.0374396,
    "TrueEchoSpacing": 0.00103999,
    "dataset": "ds002513",
    "modality": "bold",
    "subject_id": "10",
    "task_id": "cueexposure"
  },
  "dummy_trs": 0,
  "dvars_nstd": 23.133546421509724,
  "dvars_std": 1.1591835621973106,
  "dvars_vstd": 0.9995798515396108,
  "efc": 0.5337032844802932,
  "fber": 2186.40869140625,
  "fd_mean": 0.1348068229539533,
  "fd_num": 83,
  "fd_perc": 12.388059701492537,
  "fwhm_avg": 1.8602373333333333,
  "fwhm_x": 1.721208,
  "fwhm_y": 2.003284,
  "fwhm_z": 1.85622,
  "gcor": 0.0307366,
  "gsr_x": 0.00016053936269599944,
  "gsr_y": 0.04499991983175278,
  "provenance": {
    "md5sum": "2ddc0fddb17e9620b9303f4db6cf2d3d",
    "settings": {
      "fd_thres": 0.2,
      "testing": false
    },
    "software": "mriqc",
    "version": "23.0.1",
    "webapi_port": null,
    "webapi_url": "https://mriqc.nimh.nih.gov/api/v1"
  },
  "size_t": 670,
  "size_x": 84,
  "size_y": 84,
  "size_z": 52,
  "snr": 5.733728693497886,
  "spacing_tr": 1.7200000286102295,
  "spacing_x": 2.5,
  "spacing_y": 2.5,
  "spacing_z": 2.5,
  "summary_bg_k": 24.20398528813,
  "summary_bg_mad": 16.764469273215102,
  "summary_bg_mean": 60.00105667114258,
  "summary_bg_median": 20.19850730895996,
  "summary_bg_n": 235479.0,
  "summary_bg_p05": 6.937313556671143,
  "summary_bg_p95": 243.44836120605385,
  "summary_bg_stdv": 105.27783966064453,
  "summary_fg_k": 1.8350686747542087,
  "summary_fg_mad": 157.9081761555303,
  "summary_fg_mean": 968.6701049804688,
  "summary_fg_median": 955.0298461914062,
  "summary_fg_n": 72099.0,
  "summary_fg_p05": 735.7817810058593,
  "summary_fg_p95": 1247.144201660156,
  "summary_fg_stdv": 166.5623321533203,
  "tsnr": 50.75965302437544
}