{
  "aor": 0.00431334328358209,
  "aqi": 0.013872487119402985,
  "bids_meta": {
    "AccelFactPE": 2,
    "AcquisitionNumber": 1,
    "AcquisitionTime": "17:19:55.682500",
    "BandwidthPerPixelPhaseEncode": 22.894,
    "BodyPartExamined": "BRAIN",
    "ConversionSoftware": "dcm2niix",
    "ConversionSoftwareVersion": "v1.0.20170724 (OpenJPEG build) GCC6.1.0",
    "DeviceSerialNumber": "167045",
    "EchoTime": 0.027,
    "EchoTrainLength": 74,
    "EffectiveEchoSpacing": 0.000519995,
    "FlipAngle": 66,
    "ImageType": [
      "ORIGINAL",
      "PRIMARY",
      "M",
      "ND",
      "NORM",
      "MOSAIC"
    ],
    "InstitutionAddress": "De_Pintelaan_185_Gent_District_BE_9000",
    "InstitutionName": "UZ_Gent",
    "MagneticFieldStrength": 3,
    "Manufacturer": "Siemens",
    "ManufacturersModelName": "Prisma_fit",
    "PhaseEncodingDirection": "j-",
    "PhaseEncodingLines": 84,
    "ProcedureStepDescription": "MR_hersenen_(structuur_alleen)_O",
    "ProtocolName": "ep2d_bold_TASK_BETTING",
    "RepetitionTime": 1.72,
    "ScanningSequence": "EP",
    "SequenceName": "_epfid2d1_84",
    "SequenceVariant": "SK",
    "SeriesDescription": "ep2d_bold_TASK_BETTING",
    "SliceTiming": [
      1.2425,
      0,
      0.85,
      0.065,
      0.915,
      0.13,
      0.98,
      0.195,
      1.045,
      0.2625,
      1.1125,
      0.3275,
      1.1775,
      0.4575,
      1.3075,
      0.5225,
      1.3725,
      0.5875,
      1.4375,
      0.655,
      1.505,
      0.72,
      1.57,
      0.785,
      1.635,
      0.3925,
      1.2425,
      0,
      0.85,
      0.065,
      0.915,
      0.13,
      0.98,
      0.195,
      1.045,
      0.2625,
      1.1125,
      0.3275,
      1.1775,
      0.4575,
      1.3075,
      0.5225,
      1.3725,
      0.5875,
      1.4375,
      0.655,
      1.505,
      0.72,
      1.57,
      0.785,
      1.635,
      0.3925
    ],
    "SoftwareVersions": "syngo_MR_E11",
    "TaskName": "cueexposure",
    "TotalReadoutTime": 0.0374396,
    "TrueEchoSpacing": 0.00103999,
    "dataset": "ds002513",
    "modality": "bold",
    "subject_id": "56",
    "task_id": "cueexposure"
  },
  "dummy_trs": 0,
  "dvars_nstd": 31.86105757541108,
  "dvars_std": 1.1841130307473853,
  "dvars_vstd": 0.970519739028401,
  "efc": 0.529146600448037,
  "fber": 2953.875,
  "fd_mean": 0.23953531291482366,
  "fd_num": 235,
  "fd_perc": 35.07462686567164,
  "fwhm_avg": 1.8904934568506995,
  "fwhm_x": 1.78596,
  "fwhm_y": 2.042780194814701,
  "fwhm_z": 1.8427401757373976,
  "gcor": 0.0370549,
  "gsr_x": -0.011307332664728165,
  "gsr_y": 0.05166401341557503,
  "provenance": {
    "md5sum": "1885b897bbc63b0324edd56dbc254ca5",
    "settings": {
      "fd_thres": 0.2,
      "testing": false
    },
    "software": "mriqc",
    "version": "23.0.1",
    "webapi_port": null,
    "webapi_url": "https://mriqc.nimh.nih.gov/api/v1"
  },
  "size_t": 670,
  "size_x": 84,
  "size_y": 84,
  "size_z": 52,
  "snr": 5.6293419208513935,
  "spacing_tr": 1.7200000286102295,
  "spacing_x": 2.5,
  "spacing_y": 2.499999761581421,
  "spacing_z": 2.499999761581421,
  "summary_bg_k": 19.3024729206008,
  "summary_bg_mad": 12.77250607343212,
  "summary_bg_mean": 48.6514778137207,
  "summary_bg_median": 17.247760772705078,
  "summary_bg_n": 231320.0,
  "summary_bg_p05": 6.300000190734863,
  "summary_bg_p95": 208.77932281494137,
  "summary_bg_stdv": 84.53585052490234,
  "summary_fg_k": 1.730606568147584,
  "summary_fg_mad": 160.2460979644482,
  "summary_fg_mean": 942.2413330078125,
  "summary_fg_median": 928.961181640625,
  "summary_fg_n": 75858.0,
  "summary_fg_p05": 708.4684600830078,
  "summary_fg_p95": 1219.899737548828,
  "summary_fg_stdv": 165.0201873779297,
  "tsnr": 45.98937797709368
}