{
  "aor": 0.0006108208955223881,
  "aqi": 0.01332481971641791,
  "bids_meta": {
    "AccelFactPE": 2,
    "AcquisitionNumber": 1,
    "AcquisitionTime": "11:40:39.240000",
    "BandwidthPerPixelPhaseEncode": 22.894,
    "BodyPartExamined": "BRAIN",
    "ConversionSoftware": "dcm2niix",
    "ConversionSoftwareVersion": "v1.0.20170724 (OpenJPEG build) GCC6.1.0",
    "DeviceSerialNumber": "167045",
    "EchoTime": 0.027,
    "EchoTrainLength": 74,
    "EffectiveEchoSpacing": 0.000519995,
    "FlipAngle": 66,
    "ImageType": [
      "ORIGINAL",
      "PRIMARY",
      "M",
      "ND",
      "NORM",
      "MOSAIC"
    ],
    "InstitutionAddress": "De_Pintelaan_185_Gent_District_BE_9000",
    "InstitutionName": "UGent",
    "MagneticFieldStrength": 3,
    "Manufacturer": "Siemens",
    "ManufacturersModelName": "Prisma_fit",
    "PhaseEncodingDirection": "j-",
    "PhaseEncodingLines": 84,
    "ProcedureStepDescription": "MR_hersenen_(structuur_alleen)_O",
    "ProtocolName": "ep2d_bold_TASK_BETTING",
    "RepetitionTime": 1.72,
    "ScanningSequence": "EP",
    "SequenceName": "_epfid2d1_84",
    "SequenceVariant": "SK",
    "SeriesDescription": "ep2d_bold_TASK_BETTING",
    "SliceTiming": [
      1.2425,
      0,
      0.85,
      0.065,
      0.915,
      0.13,
      0.98,
      0.1975,
      1.045,
      0.2625,
      1.1125,
      0.3275,
      1.1775,
      0.4575,
      1.3075,
      0.5225,
      1.3725,
      0.5875,
      1.4375,
      0.655,
      1.505,
      0.72,
      1.57,
      0.785,
      1.635,
      0.3925,
      1.2425,
      0,
      0.85,
      0.065,
      0.915,
      0.13,
      0.98,
      0.1975,
      1.045,
      0.2625,
      1.1125,
      0.3275,
      1.1775,
      0.4575,
      1.3075,
      0.5225,
      1.3725,
      0.5875,
      1.4375,
      0.655,
      1.505,
      0.72,
      1.57,
      0.785,
      1.635,
      0.3925
    ],
    "SoftwareVersions": "syngo_MR_E11",
    "TaskName": "cueexposure",
    "TotalReadoutTime": 0.0374396,
    "TrueEchoSpacing": 0.00103999,
    "dataset": "ds002513",
    "modality": "bold",
    "subject_id": "40",
    "task_id": "cueexposure"
  },
  "dummy_trs": 0,
  "dvars_nstd": 23.71376981022422,
  "dvars_std": 1.139336973213751,
  "dvars_vstd": 0.9438402679222722,
  "efc": 0.5142430388593807,
  "fber": 3045.9599609375,
  "fd_mean": 0.18147778765062714,
  "fd_num": 198,
  "fd_perc": 29.55223880597015,
  "fwhm_avg": 1.9563453333333334,
  "fwhm_x": 1.862076,
  "fwhm_y": 2.024512,
  "fwhm_z": 1.9824480000000002,
  "gcor": 0.0210528,
  "gsr_x": 0.008968130685389042,
  "gsr_y": 0.05213237926363945,
  "provenance": {
    "md5sum": "d8a41e892749e978b7b87d64a90b4e2d",
    "settings": {
      "fd_thres": 0.2,
      "testing": false
    },
    "software": "mriqc",
    "version": "23.0.1",
    "webapi_port": null,
    "webapi_url": "https://mriqc.nimh.nih.gov/api/v1"
  },
  "size_t": 670,
  "size_x": 84,
  "size_y": 84,
  "size_z": 52,
  "snr": 5.6106256423372916,
  "spacing_tr": 1.7200000286102295,
  "spacing_x": 2.5,
  "spacing_y": 2.5,
  "spacing_z": 2.5,
  "summary_bg_k": 23.944188993443277,
  "summary_bg_mad": 15.206629561908674,
  "summary_bg_mean": 58.9355583190918,
  "summary_bg_median": 18.655223846435547,
  "summary_bg_n": 241353.0,
  "summary_bg_p05": 6.05820894241333,
  "summary_bg_p95": 260.93312988281247,
  "summary_bg_stdv": 111.09503936767578,
  "summary_fg_k": 0.867599061243403,
  "summary_fg_mad": 176.10208709597825,
  "summary_fg_mean": 1037.8983154296875,
  "summary_fg_median": 1027.26416015625,
  "summary_fg_n": 68899.0,
  "summary_fg_p05": 768.1192443847656,
  "summary_fg_p95": 1351.1510498046875,
  "summary_fg_stdv": 183.09129333496094,
  "tsnr": 48.98448275285773
}