{
  "aor": 0.002522253731343284,
  "aqi": 0.025843385820895525,
  "bids_meta": {
    "AccelFactPE": 2,
    "AcquisitionNumber": 1,
    "AcquisitionTime": "11:07:12.652500",
    "BandwidthPerPixelPhaseEncode": 22.894,
    "BodyPartExamined": "BRAIN",
    "ConversionSoftware": "dcm2niix",
    "ConversionSoftwareVersion": "v1.0.20170724 (OpenJPEG build) GCC6.1.0",
    "DeviceSerialNumber": "167045",
    "EchoTime": 0.027,
    "EchoTrainLength": 74,
    "EffectiveEchoSpacing": 0.000519995,
    "FlipAngle": 66,
    "ImageType": [
      "ORIGINAL",
      "PRIMARY",
      "M",
      "ND",
      "NORM",
      "MOSAIC"
    ],
    "InstitutionAddress": "De_Pintelaan_185_Gent_District_BE_9000",
    "InstitutionName": "UZ_Gent",
    "MagneticFieldStrength": 3,
    "Manufacturer": "Siemens",
    "ManufacturersModelName": "Prisma_fit",
    "PhaseEncodingDirection": "j-",
    "PhaseEncodingLines": 84,
    "ProcedureStepDescription": "MR_hersenen_(structuur_alleen)_O",
    "ProtocolName": "ep2d_bold_TASK_BETTING",
    "RepetitionTime": 1.72,
    "ScanningSequence": "EP",
    "SequenceName": "_epfid2d1_84",
    "SequenceVariant": "SK",
    "SeriesDescription": "ep2d_bold_TASK_BETTING",
    "SliceTiming": [
      1.2425,
      0,
      0.85,
      0.065,
      0.915,
      0.13,
      0.98,
      0.195,
      1.045,
      0.26,
      1.11,
      0.3275,
      1.1775,
      0.4575,
      1.3075,
      0.5225,
      1.3725,
      0.5875,
      1.4375,
      0.6525,
      1.5025,
      0.7175,
      1.5675,
      0.785,
      1.635,
      0.3925,
      1.2425,
      0,
      0.85,
      0.065,
      0.915,
      0.13,
      0.98,
      0.195,
      1.045,
      0.26,
      1.11,
      0.3275,
      1.1775,
      0.4575,
      1.3075,
      0.5225,
      1.3725,
      0.5875,
      1.4375,
      0.6525,
      1.5025,
      0.7175,
      1.5675,
      0.785,
      1.635,
      0.3925
    ],
    "SoftwareVersions": "syngo_MR_E11",
    "TaskName": "cueexposure",
    "TotalReadoutTime": 0.0374396,
    "TrueEchoSpacing": 0.00103999,
    "dataset": "ds002513",
    "modality": "bold",
    "subject_id": "49",
    "task_id": "cueexposure"
  },
  "dummy_trs": 0,
  "dvars_nstd": 29.471956090597896,
  "dvars_std": 1.061192881853512,
  "dvars_vstd": 0.8930451471748881,
  "efc": 0.5060457827203073,
  "fber": 2863.50537109375,
  "fd_mean": 0.27090644783792006,
  "fd_num": 283,
  "fd_perc": 42.23880597014925,
  "fwhm_avg": 1.8586773333333333,
  "fwhm_x": 1.7618960000000001,
  "fwhm_y": 2.006748,
  "fwhm_z": 1.807388,
  "gcor": 0.0298056,
  "gsr_x": 0.002436205046251416,
  "gsr_y": 0.0377076081931591,
  "provenance": {
    "md5sum": "feb1fc3c585d8d00e4af8955fb8de82d",
    "settings": {
      "fd_thres": 0.2,
      "testing": false
    },
    "software": "mriqc",
    "version": "23.0.1",
    "webapi_port": null,
    "webapi_url": "https://mriqc.nimh.nih.gov/api/v1"
  },
  "size_t": 670,
  "size_x": 84,
  "size_y": 84,
  "size_z": 52,
  "snr": 6.579624821922506,
  "spacing_tr": 1.7200000286102295,
  "spacing_x": 2.5,
  "spacing_y": 2.5,
  "spacing_z": 2.5,
  "summary_bg_k": 29.222109064998946,
  "summary_bg_mad": 14.294941236521368,
  "summary_bg_mean": 51.754432678222656,
  "summary_bg_median": 18.614925384521484,
  "summary_bg_n": 243786.0,
  "summary_bg_p05": 7.214925289154053,
  "summary_bg_p95": 203.03731155395508,
  "summary_bg_stdv": 96.47929382324219,
  "summary_fg_k": 1.9604840463789834,
  "summary_fg_mad": 144.38780131603752,
  "summary_fg_mean": 995.8566284179688,
  "summary_fg_median": 988.642578125,
  "summary_fg_n": 65342.0,
  "summary_fg_p05": 777.4770294189453,
  "summary_fg_p95": 1242.3955566406248,
  "summary_fg_stdv": 150.25704956054688,
  "tsnr": 40.17305943730753
}