{
  "bids_meta": {
    "AccelFactPE": 2,
    "AcquisitionNumber": 1,
    "AcquisitionTime": "15:04:11.527500",
    "BodyPartExamined": "BRAIN",
    "ConversionSoftware": "dcm2niix",
    "ConversionSoftwareVersion": "v1.0.20170724 (OpenJPEG build) GCC6.1.0",
    "DeviceSerialNumber": "167045",
    "EchoTime": 0.00418,
    "FlipAngle": 9,
    "ImageType": [
      "ORIGINAL",
      "PRIMARY",
      "M",
      "ND",
      "NORM"
    ],
    "InstitutionAddress": "De_Pintelaan_185_Gent_District_BE_9000",
    "InstitutionName": "UGent",
    "InversionTime": 0.9,
    "MagneticFieldStrength": 3,
    "Manufacturer": "Siemens",
    "ManufacturersModelName": "Prisma_fit",
    "PhaseEncodingDirection": "i-",
    "PhaseEncodingLines": 256,
    "ProcedureStepDescription": "MR_hersenen_(structuur_alleen)_O",
    "ProtocolName": "T1_mprage",
    "RepetitionTime": 2.25,
    "ScanningSequence": "GR_IR",
    "SequenceName": "_tfl3d1_16ns",
    "SequenceVariant": "SK_SP_MP",
    "SeriesDescription": "T1_mprage",
    "SoftwareVersions": "syngo_MR_E11",
    "dataset": "ds002513",
    "modality": "T1w",
    "subject_id": "34"
  },
  "cjv": 0.37379275535659756,
  "cnr": 3.523670302252614,
  "efc": 0.5298762602532435,
  "fber": 20958.831669663337,
  "fwhm_avg": 3.915673333333334,
  "fwhm_x": 3.98054,
  "fwhm_y": 4.04647,
  "fwhm_z": 3.72001,
  "icvs_csf": 0.21375359346541004,
  "icvs_gm": 0.41163389024078056,
  "icvs_wm": 0.37461251629380937,
  "inu_med": 0.5988873839378357,
  "inu_range": 0.290124899148941,
  "provenance": {
    "md5sum": "fa17474bb48359575de481079ed0ac7b",
    "settings": {
      "testing": false
    },
    "software": "mriqc",
    "version": "23.0.1",
    "warnings": {
      "large_rot_frame": true,
      "small_air_mask": false
    },
    "webapi_port": null,
    "webapi_url": "https://mriqc.nimh.nih.gov/api/v1"
  },
  "qi_1": 7.359301477747737e-06,
  "qi_2": 0.009314168175701422,
  "rpve_csf": 21.936587348138946,
  "rpve_gm": 11.51526848785732,
  "rpve_wm": 14.895814511740769,
  "size_x": 176,
  "size_y": 256,
  "size_z": 256,
  "snr_csf": 2.1966264513012463,
  "snr_gm": 10.270893270541295,
  "snr_total": 10.739041077284194,
  "snr_wm": 19.749603510010044,
  "snrd_csf": 13.668373599839295,
  "snrd_gm": 39.2063919279728,
  "snrd_total": 36.336289029113985,
  "snrd_wm": 56.13410155952985,
  "spacing_x": 1.0,
  "spacing_y": 1.0,
  "spacing_z": 1.0,
  "summary_bg_k": 22.94459283471417,
  "summary_bg_mad": 0.0,
  "summary_bg_mean": 5.716385541071942,
  "summary_bg_median": 0.0,
  "summary_bg_n": 3292708.0,
  "summary_bg_p05": 0.0,
  "summary_bg_p95": 27.841984927654266,
  "summary_bg_stdv": 11.671325568131447,
  "summary_csf_k": 1.3443875971091863,
  "summary_csf_mad": 97.04362532488551,
  "summary_csf_mean": 252.54319068959597,
  "summary_csf_median": 243.503548681736,
  "summary_csf_n": 45181.0,
  "summary_csf_p05": 85.06689482927322,
  "summary_csf_p95": 454.78744184970856,
  "summary_csf_stdv": 110.85219053357997,
  "summary_gm_k": 0.16433415358540548,
  "summary_gm_mad": 67.03227410081712,
  "summary_gm_mean": 698.4309929501678,
  "summary_gm_median": 698.4660973548889,
  "summary_gm_n": 22774.0,
  "summary_gm_p05": 587.623478114605,
  "summary_gm_p95": 810.73408613801,
  "summary_gm_stdv": 68.0029228289113,
  "summary_wm_k": 1.2006732167491068,
  "summary_wm_mad": 45.692022624879215,
  "summary_wm_mean": 1002.6763902993762,
  "summary_wm_median": 1000.0350686907768,
  "summary_wm_n": 233413.0,
  "summary_wm_p05": 924.9842841625214,
  "summary_wm_p95": 1089.4446127414703,
  "summary_wm_stdv": 50.63559508831336,
  "tpm_overlap_csf": 0.16128307198505756,
  "tpm_overlap_gm": 0.4488606744607278,
  "tpm_overlap_wm": 0.5035671865579103,
  "wm2max": 0.6062503980807201
}