{
  "bids_meta": {
    "AccelFactPE": 2,
    "AcquisitionNumber": 1,
    "AcquisitionTime": "12:22:13.365000",
    "BodyPartExamined": "BRAIN",
    "ConversionSoftware": "dcm2niix",
    "ConversionSoftwareVersion": "v1.0.20170724 (OpenJPEG build) GCC6.1.0",
    "DeviceSerialNumber": "167045",
    "EchoTime": 0.00418,
    "FlipAngle": 9,
    "ImageType": [
      "ORIGINAL",
      "PRIMARY",
      "M",
      "ND",
      "NORM"
    ],
    "InstitutionAddress": "De_Pintelaan_185_Gent_District_BE_9000",
    "InstitutionName": "UZ_Gent",
    "InversionTime": 0.9,
    "MagneticFieldStrength": 3,
    "Manufacturer": "Siemens",
    "ManufacturersModelName": "Prisma_fit",
    "PhaseEncodingDirection": "i-",
    "PhaseEncodingLines": 256,
    "ProcedureStepDescription": "MR_hersenen_(structuur_alleen)_O",
    "ProtocolName": "T1_mprage",
    "RepetitionTime": 2.25,
    "ScanningSequence": "GR_IR",
    "SequenceName": "_tfl3d1_16ns",
    "SequenceVariant": "SK_SP_MP",
    "SeriesDescription": "T1_mprage",
    "SoftwareVersions": "syngo_MR_E11",
    "dataset": "ds002513",
    "modality": "T1w",
    "subject_id": "5"
  },
  "cjv": 0.3578631564896247,
  "cnr": 3.636957975623677,
  "efc": 0.5401722556476086,
  "fber": 28018.119400058822,
  "fwhm_avg": 4.081259999999999,
  "fwhm_x": 4.18117,
  "fwhm_y": 4.21376,
  "fwhm_z": 3.84885,
  "icvs_csf": 0.21050392096330856,
  "icvs_gm": 0.437276991013498,
  "icvs_wm": 0.35221908802319346,
  "inu_med": 0.5519113540649414,
  "inu_range": 0.2900362312793731,
  "provenance": {
    "md5sum": "530793c480cb4eb64abda186921d5d34",
    "settings": {
      "testing": false
    },
    "software": "mriqc",
    "version": "23.0.1",
    "warnings": {
      "large_rot_frame": true,
      "small_air_mask": false
    },
    "webapi_port": null,
    "webapi_url": "https://mriqc.nimh.nih.gov/api/v1"
  },
  "qi_1": 0.0,
  "qi_2": 0.009073349156981627,
  "rpve_csf": 21.26314019052858,
  "rpve_gm": 10.716905566913779,
  "rpve_wm": 15.400035250493776,
  "size_x": 176,
  "size_y": 256,
  "size_z": 256,
  "snr_csf": 1.9473969545279384,
  "snr_gm": 9.7913336176218,
  "snr_total": 12.143143466399529,
  "snr_wm": 24.690699827048846,
  "snrd_csf": 26.88846177385754,
  "snrd_gm": 79.4502783090399,
  "snrd_total": 73.2622333378085,
  "snrd_wm": 113.44795993052807,
  "spacing_x": 1.0,
  "spacing_y": 1.0,
  "spacing_z": 1.0,
  "summary_bg_k": 14.593230694496704,
  "summary_bg_mad": 0.0,
  "summary_bg_mean": 3.101346538841298,
  "summary_bg_median": 0.0,
  "summary_bg_n": 2861379.0,
  "summary_bg_p05": 0.0,
  "summary_bg_p95": 14.355313241481781,
  "summary_bg_stdv": 5.774774888218539,
  "summary_csf_k": 1.111463216862922,
  "summary_csf_mad": 122.46121755078407,
  "summary_csf_mean": 244.85682243245154,
  "summary_csf_median": 237.01142820715904,
  "summary_csf_n": 45969.0,
  "summary_csf_p05": 68.54104223847389,
  "summary_csf_p95": 456.28325948119164,
  "summary_csf_stdv": 121.70546415489392,
  "summary_gm_k": 0.051932099283114486,
  "summary_gm_mad": 70.02509963507238,
  "summary_gm_mean": 699.5581888682354,
  "summary_gm_median": 700.3235845863819,
  "summary_gm_n": 41462.0,
  "summary_gm_p05": 579.9416384801268,
  "summary_gm_p95": 817.5797170192001,
  "summary_gm_stdv": 71.52397891012738,
  "summary_wm_k": 0.822036633640673,
  "summary_wm_mad": 37.21806476667233,
  "summary_wm_mean": 999.5830399278248,
  "summary_wm_median": 1000.0000459849834,
  "summary_wm_n": 222689.0,
  "summary_wm_p05": 932.6862714588642,
  "summary_wm_p95": 1064.6733354330063,
  "summary_wm_stdv": 40.500990563381,
  "tpm_overlap_csf": 0.15434883700816027,
  "tpm_overlap_gm": 0.4667133215117907,
  "tpm_overlap_wm": 0.5119033803124622,
  "wm2max": 0.5745901712471498
}