{
  "bids_meta": {
    "AccelFactPE": 2,
    "AcquisitionNumber": 1,
    "AcquisitionTime": "16:54:11.380000",
    "BodyPartExamined": "BRAIN",
    "ConversionSoftware": "dcm2niix",
    "ConversionSoftwareVersion": "v1.0.20170724 (OpenJPEG build) GCC6.1.0",
    "DeviceSerialNumber": "167045",
    "EchoTime": 0.00418,
    "FlipAngle": 9,
    "ImageType": [
      "ORIGINAL",
      "PRIMARY",
      "M",
      "ND",
      "NORM"
    ],
    "InstitutionAddress": "De_Pintelaan_185_Gent_District_BE_9000",
    "InstitutionName": "UZ_Gent",
    "InversionTime": 0.9,
    "MagneticFieldStrength": 3,
    "Manufacturer": "Siemens",
    "ManufacturersModelName": "Prisma_fit",
    "PhaseEncodingDirection": "i-",
    "PhaseEncodingLines": 256,
    "ProcedureStepDescription": "MR_hersenen_(structuur_alleen)_O",
    "ProtocolName": "T1_mprage",
    "RepetitionTime": 2.25,
    "ScanningSequence": "GR_IR",
    "SequenceName": "_tfl3d1_16ns",
    "SequenceVariant": "SK_SP_MP",
    "SeriesDescription": "T1_mprage",
    "SoftwareVersions": "syngo_MR_E11",
    "dataset": "ds002513",
    "modality": "T1w",
    "subject_id": "10"
  },
  "cjv": 0.33542087490049566,
  "cnr": 3.87073623041269,
  "efc": 0.5460320583874748,
  "fber": 19336.954111797902,
  "fwhm_avg": 4.075426666666666,
  "fwhm_x": 4.2183,
  "fwhm_y": 4.26849,
  "fwhm_z": 3.73949,
  "icvs_csf": 0.24225753710580544,
  "icvs_gm": 0.4095229989500773,
  "icvs_wm": 0.34821946394411724,
  "inu_med": 0.5446179211139679,
  "inu_range": 0.24518555551767351,
  "provenance": {
    "md5sum": "461ab7844aa50aba6e1ef79e114db1a9",
    "settings": {
      "testing": false
    },
    "software": "mriqc",
    "version": "23.0.1",
    "warnings": {
      "large_rot_frame": true,
      "small_air_mask": false
    },
    "webapi_port": null,
    "webapi_url": "https://mriqc.nimh.nih.gov/api/v1"
  },
  "qi_1": 0.0,
  "qi_2": 0.005801575138479473,
  "rpve_csf": 22.017477609816687,
  "rpve_gm": 12.9044920749443,
  "rpve_wm": 17.77926624324798,
  "size_x": 176,
  "size_y": 256,
  "size_z": 256,
  "snr_csf": 1.929285706829478,
  "snr_gm": 10.805238146314982,
  "snr_total": 12.182067872184824,
  "snr_wm": 23.81167976341001,
  "snrd_csf": 20.288238612858382,
  "snrd_gm": 61.27034540097818,
  "snrd_total": 56.37011493739265,
  "snrd_wm": 87.55176079834138,
  "spacing_x": 1.0,
  "spacing_y": 1.0,
  "spacing_z": 1.0,
  "summary_bg_k": 14.903584423512733,
  "summary_bg_mad": 0.0,
  "summary_bg_mean": 3.9930312801113836,
  "summary_bg_median": 0.0,
  "summary_bg_n": 2696172.0,
  "summary_bg_p05": 0.0,
  "summary_bg_p95": 18.030191589146852,
  "summary_bg_stdv": 7.482846527527639,
  "summary_csf_k": 0.5896893727170665,
  "summary_csf_mad": 115.1118880574989,
  "summary_csf_mean": 244.74876440235334,
  "summary_csf_median": 231.72850089520216,
  "summary_csf_n": 54118.0,
  "summary_csf_p05": 68.99347402527928,
  "summary_csf_p95": 466.8661365170027,
  "summary_csf_stdv": 120.10992415956913,
  "summary_gm_k": 0.3222952819476883,
  "summary_gm_mad": 61.419719485676936,
  "summary_gm_mean": 699.9690841725192,
  "summary_gm_median": 699.8185283616185,
  "summary_gm_n": 29964.0,
  "summary_gm_p05": 593.0658950768411,
  "summary_gm_p95": 807.1888984031975,
  "summary_gm_stdv": 64.76551845805662,
  "summary_wm_k": 0.6058046356258107,
  "summary_wm_mad": 39.267406865959344,
  "summary_wm_mean": 999.4003549467756,
  "summary_wm_median": 999.9999836198986,
  "summary_wm_n": 205971.0,
  "summary_wm_p05": 929.1919078715146,
  "summary_wm_p95": 1066.6769448071718,
  "summary_wm_stdv": 41.99609460679139,
  "tpm_overlap_csf": 0.16593131941961345,
  "tpm_overlap_gm": 0.46086986815895953,
  "tpm_overlap_wm": 0.5041507840171312,
  "wm2max": 0.5680812201957183
}