{
  "aor": 0.0007138565022421525,
  "aqi": 0.013198704364723469,
  "bids_meta": {
    "AccelFactPE": 2,
    "AcquisitionNumber": 1,
    "AcquisitionTime": "15:21:5.157500",
    "BandwidthPerPixelPhaseEncode": 22.894,
    "BodyPartExamined": "BRAIN",
    "ConversionSoftware": "dcm2niix",
    "ConversionSoftwareVersion": "v1.0.20170724 (OpenJPEG build) GCC6.1.0",
    "DeviceSerialNumber": "167045",
    "EchoTime": 0.027,
    "EchoTrainLength": 74,
    "EffectiveEchoSpacing": 0.000519995,
    "FlipAngle": 66,
    "ImageType": [
      "ORIGINAL",
      "PRIMARY",
      "M",
      "ND",
      "NORM",
      "MOSAIC"
    ],
    "InstitutionAddress": "De_Pintelaan_185_Gent_District_BE_9000",
    "InstitutionName": "UZ_Gent",
    "MagneticFieldStrength": 3,
    "Manufacturer": "Siemens",
    "ManufacturersModelName": "Prisma_fit",
    "PhaseEncodingDirection": "j-",
    "PhaseEncodingLines": 84,
    "ProcedureStepDescription": "MR_hersenen_(structuur_alleen)_O",
    "ProtocolName": "ep2d_bold_TASK_BETTING",
    "RepetitionTime": 1.72,
    "ScanningSequence": "EP",
    "SequenceName": "_epfid2d1_84",
    "SequenceVariant": "SK",
    "SeriesDescription": "ep2d_bold_TASK_BETTING",
    "SliceTiming": [
      1.2425,
      0,
      0.85,
      0.065,
      0.915,
      0.1325,
      0.9825,
      0.1975,
      1.0475,
      0.2625,
      1.1125,
      0.3275,
      1.1775,
      0.4575,
      1.3075,
      0.5225,
      1.3725,
      0.59,
      1.44,
      0.655,
      1.505,
      0.72,
      1.57,
      0.785,
      1.635,
      0.3925,
      1.2425,
      0,
      0.85,
      0.065,
      0.915,
      0.1325,
      0.9825,
      0.1975,
      1.0475,
      0.2625,
      1.1125,
      0.3275,
      1.1775,
      0.4575,
      1.3075,
      0.5225,
      1.3725,
      0.59,
      1.44,
      0.655,
      1.505,
      0.72,
      1.57,
      0.785,
      1.635,
      0.3925
    ],
    "SoftwareVersions": "syngo_MR_E11",
    "TaskName": "cueexposure",
    "TotalReadoutTime": 0.0374396,
    "TrueEchoSpacing": 0.00103999,
    "dataset": "ds002513",
    "modality": "bold",
    "subject_id": "8",
    "task_id": "cueexposure"
  },
  "dummy_trs": 1,
  "dvars_nstd": 27.31709398058384,
  "dvars_std": 1.1898331973952092,
  "dvars_vstd": 0.9611377354491032,
  "efc": 0.555578677074369,
  "fber": 2063.22607421875,
  "fd_mean": 0.11944582788243596,
  "fd_num": 87,
  "fd_perc": 13.004484304932735,
  "fwhm_avg": 1.8789506666666667,
  "fwhm_x": 1.7578040000000001,
  "fwhm_y": 2.004128,
  "fwhm_z": 1.87492,
  "gcor": 0.0310938,
  "gsr_x": 0.002825492061674595,
  "gsr_y": 0.04884177818894386,
  "provenance": {
    "md5sum": "01d678750c3967fdc47ab6415dd69c04",
    "settings": {
      "fd_thres": 0.2,
      "testing": false
    },
    "software": "mriqc",
    "version": "23.0.1",
    "webapi_port": null,
    "webapi_url": "https://mriqc.nimh.nih.gov/api/v1"
  },
  "size_t": 669,
  "size_x": 84,
  "size_y": 84,
  "size_z": 52,
  "snr": 5.754531320591007,
  "spacing_tr": 1.7200000286102295,
  "spacing_x": 2.5,
  "spacing_y": 2.5,
  "spacing_z": 2.5,
  "summary_bg_k": 18.969857421352348,
  "summary_bg_mad": 15.165091430218403,
  "summary_bg_mean": 59.41501235961914,
  "summary_bg_median": 19.070253372192383,
  "summary_bg_n": 226199.0,
  "summary_bg_p05": 6.974588871002197,
  "summary_bg_p95": 254.88355712890586,
  "summary_bg_stdv": 104.03253936767578,
  "summary_fg_k": 1.3657899395067563,
  "summary_fg_mad": 144.28224373010693,
  "summary_fg_mean": 884.0643920898438,
  "summary_fg_median": 870.2728271484375,
  "summary_fg_n": 80264.0,
  "summary_fg_p05": 670.8736022949219,
  "summary_fg_p95": 1142.7897644042966,
  "summary_fg_stdv": 151.23167419433594,
  "tsnr": 48.76918702642433
}