{
  "aor": 0.02623878787878788,
  "aqi": 0.008473549393939395,
  "bids_meta": {
    "AccelFactPE": 2,
    "AcquisitionNumber": 1,
    "AcquisitionTime": "15:25:12.482500",
    "BandwidthPerPixelPhaseEncode": 22.894,
    "BodyPartExamined": "BRAIN",
    "ConversionSoftware": "dcm2niix",
    "ConversionSoftwareVersion": "v1.0.20170724 (OpenJPEG build) GCC6.1.0",
    "DeviceSerialNumber": "167045",
    "EchoTime": 0.027,
    "EchoTrainLength": 74,
    "EffectiveEchoSpacing": 0.000519995,
    "FlipAngle": 66,
    "ImageType": [
      "ORIGINAL",
      "PRIMARY",
      "M",
      "ND",
      "NORM",
      "MOSAIC"
    ],
    "InstitutionAddress": "De_Pintelaan_185_Gent_District_BE_9000",
    "InstitutionName": "UGent",
    "MagneticFieldStrength": 3,
    "Manufacturer": "Siemens",
    "ManufacturersModelName": "Prisma_fit",
    "PhaseEncodingDirection": "j-",
    "PhaseEncodingLines": 84,
    "ProcedureStepDescription": "MR_hersenen_(structuur_alleen)_O",
    "ProtocolName": "ep2d_bold_TASK_BETTING",
    "RepetitionTime": 1.72,
    "ScanningSequence": "EP",
    "SequenceName": "_epfid2d1_84",
    "SequenceVariant": "SK",
    "SeriesDescription": "ep2d_bold_TASK_BETTING",
    "SliceTiming": [
      1.24,
      0,
      0.85,
      0.065,
      0.915,
      0.13,
      0.98,
      0.195,
      1.045,
      0.26,
      1.11,
      0.325,
      1.175,
      0.4575,
      1.3075,
      0.5225,
      1.3725,
      0.5875,
      1.4375,
      0.6525,
      1.5025,
      0.7175,
      1.5675,
      0.7825,
      1.6325,
      0.39,
      1.24,
      0,
      0.85,
      0.065,
      0.915,
      0.13,
      0.98,
      0.195,
      1.045,
      0.26,
      1.11,
      0.325,
      1.175,
      0.4575,
      1.3075,
      0.5225,
      1.3725,
      0.5875,
      1.4375,
      0.6525,
      1.5025,
      0.7175,
      1.5675,
      0.7825,
      1.6325,
      0.39
    ],
    "SoftwareVersions": "syngo_MR_E11",
    "TaskName": "cueexposure",
    "TotalReadoutTime": 0.0374396,
    "TrueEchoSpacing": 0.00103999,
    "dataset": "ds002513",
    "modality": "bold",
    "subject_id": "44",
    "task_id": "cueexposure"
  },
  "dummy_trs": 0,
  "dvars_nstd": 29.604491650937494,
  "dvars_std": 1.4254695775000004,
  "dvars_vstd": 1.231518448125,
  "efc": 0.5340109304862265,
  "fber": 2898.34375,
  "fd_mean": 0.29480231711901705,
  "fd_num": 7,
  "fd_perc": 21.21212121212121,
  "fwhm_avg": 1.9645066666666666,
  "fwhm_x": 1.829156,
  "fwhm_y": 2.129464,
  "fwhm_z": 1.9349,
  "gcor": 0.0282418,
  "gsr_x": 0.001886080834083259,
  "gsr_y": 0.05099561810493469,
  "provenance": {
    "md5sum": "edcd5b440ec22b62db5698bbffa14801",
    "settings": {
      "fd_thres": 0.2,
      "testing": false
    },
    "software": "mriqc",
    "version": "23.0.1",
    "webapi_port": null,
    "webapi_url": "https://mriqc.nimh.nih.gov/api/v1"
  },
  "size_t": 33,
  "size_x": 84,
  "size_y": 84,
  "size_z": 52,
  "snr": 5.828897984873664,
  "spacing_tr": 1.7200000286102295,
  "spacing_x": 2.5,
  "spacing_y": 2.5,
  "spacing_z": 2.5,
  "summary_bg_k": 28.363496677331746,
  "summary_bg_mad": 13.073856183898428,
  "summary_bg_mean": 50.73356628417969,
  "summary_bg_median": 17.212121963500977,
  "summary_bg_n": 230775.0,
  "summary_bg_p05": 6.303030490875244,
  "summary_bg_p95": 200.15151977539062,
  "summary_bg_stdv": 95.26563262939453,
  "summary_fg_k": 1.769146225961915,
  "summary_fg_mad": 154.8196326789791,
  "summary_fg_mean": 949.0335083007812,
  "summary_fg_median": 936.9091186523438,
  "summary_fg_n": 76931.0,
  "summary_fg_p05": 718.7879028320312,
  "summary_fg_p95": 1216.8333740234375,
  "summary_fg_stdv": 160.73416137695312,
  "tsnr": 63.69623750913888
}