{
  "aor": 0.0008224434389140272,
  "aqi": 0.007558854539969836,
  "bids_meta": {
    "AccelFactPE": 2,
    "AcquisitionNumber": 1,
    "AcquisitionTime": "10:03:14.902500",
    "BandwidthPerPixelPhaseEncode": 22.894,
    "BodyPartExamined": "BRAIN",
    "ConversionSoftware": "dcm2niix",
    "ConversionSoftwareVersion": "v1.0.20170724 (OpenJPEG build) GCC6.1.0",
    "DeviceSerialNumber": "167045",
    "EchoTime": 0.027,
    "EchoTrainLength": 74,
    "EffectiveEchoSpacing": 0.000519995,
    "FlipAngle": 66,
    "ImageType": [
      "ORIGINAL",
      "PRIMARY",
      "M",
      "ND",
      "NORM",
      "MOSAIC"
    ],
    "InstitutionAddress": "De_Pintelaan_185_Gent_District_BE_9000",
    "InstitutionName": "UGent",
    "MagneticFieldStrength": 3,
    "Manufacturer": "Siemens",
    "ManufacturersModelName": "Prisma_fit",
    "PhaseEncodingDirection": "j-",
    "PhaseEncodingLines": 84,
    "ProcedureStepDescription": "MR_hersenen_(structuur_alleen)_O",
    "ProtocolName": "ep2d_bold_TASK_BETTING",
    "RepetitionTime": 1.72,
    "ScanningSequence": "EP",
    "SequenceName": "_epfid2d1_84",
    "SequenceVariant": "SK",
    "SeriesDescription": "ep2d_bold_TASK_BETTING",
    "SliceTiming": [
      1.2425,
      0,
      0.85,
      0.065,
      0.915,
      0.13,
      0.98,
      0.1975,
      1.0475,
      0.2625,
      1.1125,
      0.3275,
      1.1775,
      0.4575,
      1.3075,
      0.5225,
      1.3725,
      0.59,
      1.4375,
      0.655,
      1.505,
      0.72,
      1.57,
      0.785,
      1.635,
      0.3925,
      1.2425,
      0,
      0.85,
      0.065,
      0.915,
      0.13,
      0.98,
      0.1975,
      1.0475,
      0.2625,
      1.1125,
      0.3275,
      1.1775,
      0.4575,
      1.3075,
      0.5225,
      1.3725,
      0.59,
      1.4375,
      0.655,
      1.505,
      0.72,
      1.57,
      0.785,
      1.635,
      0.3925
    ],
    "SoftwareVersions": "syngo_MR_E11",
    "TaskName": "cueexposure",
    "TotalReadoutTime": 0.0374396,
    "TrueEchoSpacing": 0.00103999,
    "dataset": "ds002513",
    "modality": "bold",
    "subject_id": "27",
    "task_id": "cueexposure"
  },
  "dummy_trs": 7,
  "dvars_nstd": 29.469245829833856,
  "dvars_std": 1.4002882772054384,
  "dvars_vstd": 0.9886737856193364,
  "efc": 0.5287235085482618,
  "fber": 2375.701416015625,
  "fd_mean": 0.09260735714242509,
  "fd_num": 34,
  "fd_perc": 5.128205128205129,
  "fwhm_avg": 1.8342426666666665,
  "fwhm_x": 1.72458,
  "fwhm_y": 1.949252,
  "fwhm_z": 1.8288959999999999,
  "gcor": 0.0255506,
  "gsr_x": -0.0016039367765188217,
  "gsr_y": 0.044448353350162506,
  "provenance": {
    "md5sum": "1821b0527b876358f11b625322c13d3a",
    "settings": {
      "fd_thres": 0.2,
      "testing": false
    },
    "software": "mriqc",
    "version": "23.0.1",
    "webapi_port": null,
    "webapi_url": "https://mriqc.nimh.nih.gov/api/v1"
  },
  "size_t": 663,
  "size_x": 84,
  "size_y": 84,
  "size_z": 52,
  "snr": 5.97050333850969,
  "spacing_tr": 1.7200000286102295,
  "spacing_x": 2.5,
  "spacing_y": 2.5,
  "spacing_z": 2.5,
  "summary_bg_k": 19.926204152185118,
  "summary_bg_mad": 14.46375900183634,
  "summary_bg_mean": 60.08743667602539,
  "summary_bg_median": 19.51432991027832,
  "summary_bg_n": 238120.0,
  "summary_bg_p05": 7.80995512008667,
  "summary_bg_p95": 255.8328804016109,
  "summary_bg_stdv": 106.15719604492188,
  "summary_fg_k": 1.827299697653972,
  "summary_fg_mad": 149.83222903683213,
  "summary_fg_mean": 973.6771240234375,
  "summary_fg_median": 961.4857177734375,
  "summary_fg_n": 70361.0,
  "summary_fg_p05": 745.3831176757812,
  "summary_fg_p95": 1246.0377197265625,
  "summary_fg_stdv": 161.0381622314453,
  "tsnr": 63.23438207246363
}