{
  "aor": 0.0020985074626865673,
  "aqi": 0.014792164820895523,
  "bids_meta": {
    "AccelFactPE": 2,
    "AcquisitionNumber": 1,
    "AcquisitionTime": "10:45:38.800000",
    "BandwidthPerPixelPhaseEncode": 22.894,
    "BodyPartExamined": "BRAIN",
    "ConversionSoftware": "dcm2niix",
    "ConversionSoftwareVersion": "v1.0.20170724 (OpenJPEG build) GCC6.1.0",
    "DeviceSerialNumber": "167045",
    "EchoTime": 0.027,
    "EchoTrainLength": 74,
    "EffectiveEchoSpacing": 0.000519995,
    "FlipAngle": 66,
    "ImageType": [
      "ORIGINAL",
      "PRIMARY",
      "M",
      "ND",
      "NORM",
      "MOSAIC"
    ],
    "InstitutionAddress": "De_Pintelaan_185_Gent_District_BE_9000",
    "InstitutionName": "UZ_Gent",
    "MagneticFieldStrength": 3,
    "Manufacturer": "Siemens",
    "ManufacturersModelName": "Prisma_fit",
    "PhaseEncodingDirection": "j-",
    "PhaseEncodingLines": 84,
    "ProcedureStepDescription": "MR_hersenen_(structuur_alleen)_O",
    "ProtocolName": "ep2d_bold_TASK_BETTING",
    "RepetitionTime": 1.72,
    "ScanningSequence": "EP",
    "SequenceName": "_epfid2d1_84",
    "SequenceVariant": "SK",
    "SeriesDescription": "ep2d_bold_TASK_BETTING",
    "SliceTiming": [
      1.2425,
      0,
      0.85,
      0.065,
      0.915,
      0.13,
      0.98,
      0.195,
      1.045,
      0.26,
      1.11,
      0.3275,
      1.1775,
      0.4575,
      1.3075,
      0.5225,
      1.3725,
      0.5875,
      1.4375,
      0.6525,
      1.5025,
      0.7175,
      1.5675,
      0.785,
      1.635,
      0.3925,
      1.2425,
      0,
      0.85,
      0.065,
      0.915,
      0.13,
      0.98,
      0.195,
      1.045,
      0.26,
      1.11,
      0.3275,
      1.1775,
      0.4575,
      1.3075,
      0.5225,
      1.3725,
      0.5875,
      1.4375,
      0.6525,
      1.5025,
      0.7175,
      1.5675,
      0.785,
      1.635,
      0.3925
    ],
    "SoftwareVersions": "syngo_MR_E11",
    "TaskName": "cueexposure",
    "TotalReadoutTime": 0.0374396,
    "TrueEchoSpacing": 0.00103999,
    "dataset": "ds002513",
    "modality": "bold",
    "subject_id": "11",
    "task_id": "cueexposure"
  },
  "dummy_trs": 0,
  "dvars_nstd": 23.700295335680128,
  "dvars_std": 1.1441453855306418,
  "dvars_vstd": 0.9423634857399107,
  "efc": 0.5432190459709711,
  "fber": 2271.01220703125,
  "fd_mean": 0.12468479871845975,
  "fd_num": 62,
  "fd_perc": 9.253731343283581,
  "fwhm_avg": 1.9846946666666667,
  "fwhm_x": 1.8771039999999999,
  "fwhm_y": 2.1311240000000002,
  "fwhm_z": 1.9458559999999998,
  "gcor": 0.0347959,
  "gsr_x": -0.0030151703394949436,
  "gsr_y": 0.0536569319665432,
  "provenance": {
    "md5sum": "eb167a5cdbe209d94d89ddfc80386ce2",
    "settings": {
      "fd_thres": 0.2,
      "testing": false
    },
    "software": "mriqc",
    "version": "23.0.1",
    "webapi_port": null,
    "webapi_url": "https://mriqc.nimh.nih.gov/api/v1"
  },
  "size_t": 670,
  "size_x": 84,
  "size_y": 84,
  "size_z": 52,
  "snr": 5.705729960090188,
  "spacing_tr": 1.7200000286102295,
  "spacing_x": 2.5,
  "spacing_y": 2.5,
  "spacing_z": 2.5,
  "summary_bg_k": 15.590416125696095,
  "summary_bg_mad": 16.611782917269533,
  "summary_bg_mean": 62.10352325439453,
  "summary_bg_median": 20.18208885192871,
  "summary_bg_n": 231131.0,
  "summary_bg_p05": 6.347761154174805,
  "summary_bg_p95": 289.1268768310547,
  "summary_bg_stdv": 107.00855255126953,
  "summary_fg_k": 0.9100479727387354,
  "summary_fg_mad": 172.3447256874828,
  "summary_fg_mean": 988.380615234375,
  "summary_fg_median": 974.73583984375,
  "summary_fg_n": 75231.0,
  "summary_fg_p05": 742.0343322753906,
  "summary_fg_p95": 1280.5469970703125,
  "summary_fg_stdv": 170.8334197998047,
  "tsnr": 45.560450159944594
}