{
  "aor": 0.0021141405082212255,
  "aqi": 0.006525477772795216,
  "bids_meta": {
    "AccelFactPE": 2,
    "AcquisitionNumber": 1,
    "AcquisitionTime": "15:17:39.847500",
    "BandwidthPerPixelPhaseEncode": 22.894,
    "BodyPartExamined": "BRAIN",
    "ConversionSoftware": "dcm2niix",
    "ConversionSoftwareVersion": "v1.0.20170724 (OpenJPEG build) GCC6.1.0",
    "DeviceSerialNumber": "167045",
    "EchoTime": 0.027,
    "EchoTrainLength": 74,
    "EffectiveEchoSpacing": 0.000519995,
    "FlipAngle": 66,
    "ImageType": [
      "ORIGINAL",
      "PRIMARY",
      "M",
      "ND",
      "NORM",
      "MOSAIC"
    ],
    "InstitutionAddress": "De_Pintelaan_185_Gent_District_BE_9000",
    "InstitutionName": "UGent",
    "MagneticFieldStrength": 3,
    "Manufacturer": "Siemens",
    "ManufacturersModelName": "Prisma_fit",
    "PhaseEncodingDirection": "j-",
    "PhaseEncodingLines": 84,
    "ProcedureStepDescription": "MR_hersenen_(structuur_alleen)_O",
    "ProtocolName": "ep2d_bold_TASK_BETTING",
    "RepetitionTime": 1.72,
    "ScanningSequence": "EP",
    "SequenceName": "_epfid2d1_84",
    "SequenceVariant": "SK",
    "SeriesDescription": "ep2d_bold_TASK_BETTING",
    "SliceTiming": [
      1.2425,
      0,
      0.85,
      0.065,
      0.915,
      0.13,
      0.98,
      0.195,
      1.045,
      0.26,
      1.11,
      0.3275,
      1.1775,
      0.4575,
      1.3075,
      0.5225,
      1.3725,
      0.5875,
      1.4375,
      0.6525,
      1.5025,
      0.7175,
      1.5675,
      0.785,
      1.635,
      0.3925,
      1.2425,
      0,
      0.85,
      0.065,
      0.915,
      0.13,
      0.98,
      0.195,
      1.045,
      0.26,
      1.11,
      0.3275,
      1.1775,
      0.4575,
      1.3075,
      0.5225,
      1.3725,
      0.5875,
      1.4375,
      0.6525,
      1.5025,
      0.7175,
      1.5675,
      0.785,
      1.635,
      0.3925
    ],
    "SoftwareVersions": "syngo_MR_E11",
    "TaskName": "cueexposure",
    "TotalReadoutTime": 0.0374396,
    "TrueEchoSpacing": 0.00103999,
    "dataset": "ds002513",
    "modality": "bold",
    "subject_id": "64",
    "task_id": "cueexposure"
  },
  "dummy_trs": 1,
  "dvars_nstd": 29.313412854835335,
  "dvars_std": 1.2949160133532933,
  "dvars_vstd": 1.0035855394011977,
  "efc": 0.5490657670894566,
  "fber": 2794.573974609375,
  "fd_mean": 0.21872312452354548,
  "fd_num": 338,
  "fd_perc": 50.52316890881913,
  "fwhm_avg": 2.051936,
  "fwhm_x": 1.94802,
  "fwhm_y": 2.129128,
  "fwhm_z": 2.07866,
  "gcor": 0.0189996,
  "gsr_x": 0.017390165477991104,
  "gsr_y": 0.055554814636707306,
  "provenance": {
    "md5sum": "4be0fa821410825aa60732604c03b21e",
    "settings": {
      "fd_thres": 0.2,
      "testing": false
    },
    "software": "mriqc",
    "version": "23.0.1",
    "webapi_port": null,
    "webapi_url": "https://mriqc.nimh.nih.gov/api/v1"
  },
  "size_t": 669,
  "size_x": 84,
  "size_y": 84,
  "size_z": 52,
  "snr": 5.117464096163985,
  "spacing_tr": 1.7200000286102295,
  "spacing_x": 2.5,
  "spacing_y": 2.5,
  "spacing_z": 2.5,
  "summary_bg_k": 18.53951947152692,
  "summary_bg_mad": 16.805040283859825,
  "summary_bg_mean": 62.79307174682617,
  "summary_bg_median": 19.748878479003906,
  "summary_bg_n": 224613.0,
  "summary_bg_p05": 5.443946361541748,
  "summary_bg_p95": 278.44334106445297,
  "summary_bg_stdv": 114.58033752441406,
  "summary_fg_k": 0.919768853503871,
  "summary_fg_mad": 211.52020894187015,
  "summary_fg_mean": 1069.2220458984375,
  "summary_fg_median": 1053.3004150390625,
  "summary_fg_n": 81957.0,
  "summary_fg_p05": 775.9204833984375,
  "summary_fg_p95": 1413.6502441406249,
  "summary_fg_stdv": 205.82342529296875,
  "tsnr": 60.87909585540183
}