{
  "aor": 0.0013626457399103138,
  "aqi": 0.013963842406576981,
  "bids_meta": {
    "AccelFactPE": 2,
    "AcquisitionNumber": 1,
    "AcquisitionTime": "10:01:27.950000",
    "BandwidthPerPixelPhaseEncode": 22.894,
    "BodyPartExamined": "BRAIN",
    "ConversionSoftware": "dcm2niix",
    "ConversionSoftwareVersion": "v1.0.20170724 (OpenJPEG build) GCC6.1.0",
    "DeviceSerialNumber": "167045",
    "EchoTime": 0.027,
    "EchoTrainLength": 74,
    "EffectiveEchoSpacing": 0.000519995,
    "FlipAngle": 66,
    "ImageType": [
      "ORIGINAL",
      "PRIMARY",
      "M",
      "ND",
      "NORM",
      "MOSAIC"
    ],
    "InstitutionAddress": "De_Pintelaan_185_Gent_District_BE_9000",
    "InstitutionName": "UGent",
    "MagneticFieldStrength": 3,
    "Manufacturer": "Siemens",
    "ManufacturersModelName": "Prisma_fit",
    "PhaseEncodingDirection": "j-",
    "PhaseEncodingLines": 84,
    "ProcedureStepDescription": "MR_hersenen_(structuur_alleen)_O",
    "ProtocolName": "ep2d_bold_TASK_BETTING",
    "RepetitionTime": 1.72,
    "ScanningSequence": "EP",
    "SequenceName": "_epfid2d1_84",
    "SequenceVariant": "SK",
    "SeriesDescription": "ep2d_bold_TASK_BETTING",
    "SliceTiming": [
      1.2425,
      0,
      0.85,
      0.065,
      0.915,
      0.13,
      0.98,
      0.195,
      1.045,
      0.26,
      1.11,
      0.325,
      1.175,
      0.4575,
      1.3075,
      0.5225,
      1.3725,
      0.5875,
      1.4375,
      0.6525,
      1.5025,
      0.7175,
      1.5675,
      0.7825,
      1.6325,
      0.3925,
      1.2425,
      0,
      0.85,
      0.065,
      0.915,
      0.13,
      0.98,
      0.195,
      1.045,
      0.26,
      1.11,
      0.325,
      1.175,
      0.4575,
      1.3075,
      0.5225,
      1.3725,
      0.5875,
      1.4375,
      0.6525,
      1.5025,
      0.7175,
      1.5675,
      0.7825,
      1.6325,
      0.3925
    ],
    "SoftwareVersions": "syngo_MR_E11",
    "TaskName": "cueexposure",
    "TotalReadoutTime": 0.0374396,
    "TrueEchoSpacing": 0.00103999,
    "dataset": "ds002513",
    "modality": "bold",
    "subject_id": "38",
    "task_id": "cueexposure"
  },
  "dummy_trs": 1,
  "dvars_nstd": 24.55418985336826,
  "dvars_std": 1.1557646392514975,
  "dvars_vstd": 0.9514156195808393,
  "efc": 0.5391597544382871,
  "fber": 2687.417236328125,
  "fd_mean": 0.14923911524011269,
  "fd_num": 97,
  "fd_perc": 14.499252615844544,
  "fwhm_avg": 1.9173013333333333,
  "fwhm_x": 1.784208,
  "fwhm_y": 2.0629999999999997,
  "fwhm_z": 1.904696,
  "gcor": 0.0151382,
  "gsr_x": 0.004320879001170397,
  "gsr_y": 0.052926767617464066,
  "provenance": {
    "md5sum": "f47b6db75d392ffeb5ae621728b57706",
    "settings": {
      "fd_thres": 0.2,
      "testing": false
    },
    "software": "mriqc",
    "version": "23.0.1",
    "webapi_port": null,
    "webapi_url": "https://mriqc.nimh.nih.gov/api/v1"
  },
  "size_t": 669,
  "size_x": 84,
  "size_y": 84,
  "size_z": 52,
  "snr": 6.170078799673601,
  "spacing_tr": 1.7200000286102295,
  "spacing_x": 2.5,
  "spacing_y": 2.5,
  "spacing_z": 2.5,
  "summary_bg_k": 12.407846807212346,
  "summary_bg_mad": 16.56791252510465,
  "summary_bg_mean": 65.89167785644531,
  "summary_bg_median": 19.14200210571289,
  "summary_bg_n": 234423.0,
  "summary_bg_p05": 5.18385648727417,
  "summary_bg_p95": 331.6995544433592,
  "summary_bg_stdv": 116.9509506225586,
  "summary_fg_k": 2.1148738091759443,
  "summary_fg_mad": 154.4664921053879,
  "summary_fg_mean": 1008.2713623046875,
  "summary_fg_median": 1000.6793823242188,
  "summary_fg_n": 73350.0,
  "summary_fg_p05": 773.0825164794921,
  "summary_fg_p95": 1267.2789733886718,
  "summary_fg_stdv": 162.18148803710938,
  "tsnr": 50.88730487599969
}