{
  "aor": 0.010238537313432838,
  "aqi": 0.023407998746268654,
  "bids_meta": {
    "AccelFactPE": 2,
    "AcquisitionNumber": 1,
    "AcquisitionTime": "18:09:53.337500",
    "BandwidthPerPixelPhaseEncode": 22.894,
    "BodyPartExamined": "BRAIN",
    "ConversionSoftware": "dcm2niix",
    "ConversionSoftwareVersion": "v1.0.20170724 (OpenJPEG build) GCC6.1.0",
    "DeviceSerialNumber": "167045",
    "EchoTime": 0.027,
    "EchoTrainLength": 74,
    "EffectiveEchoSpacing": 0.000519995,
    "FlipAngle": 66,
    "ImageType": [
      "ORIGINAL",
      "PRIMARY",
      "M",
      "ND",
      "NORM",
      "MOSAIC"
    ],
    "InstitutionAddress": "De_Pintelaan_185_Gent_District_BE_9000",
    "InstitutionName": "UZ_Gent",
    "MagneticFieldStrength": 3,
    "Manufacturer": "Siemens",
    "ManufacturersModelName": "Prisma_fit",
    "PhaseEncodingDirection": "j-",
    "PhaseEncodingLines": 84,
    "ProcedureStepDescription": "MR_hersenen_(structuur_alleen)_O",
    "ProtocolName": "ep2d_bold_TASK_BETTING",
    "RepetitionTime": 1.72,
    "ScanningSequence": "EP",
    "SequenceName": "_epfid2d1_84",
    "SequenceVariant": "SK",
    "SeriesDescription": "ep2d_bold_TASK_BETTING",
    "SliceTiming": [
      1.2425,
      0,
      0.85,
      0.065,
      0.915,
      0.1325,
      0.9825,
      0.1975,
      1.0475,
      0.2625,
      1.1125,
      0.3275,
      1.1775,
      0.4575,
      1.3075,
      0.5225,
      1.3725,
      0.59,
      1.44,
      0.655,
      1.505,
      0.72,
      1.57,
      0.785,
      1.635,
      0.3925,
      1.2425,
      0,
      0.85,
      0.065,
      0.915,
      0.1325,
      0.9825,
      0.1975,
      1.0475,
      0.2625,
      1.1125,
      0.3275,
      1.1775,
      0.4575,
      1.3075,
      0.5225,
      1.3725,
      0.59,
      1.44,
      0.655,
      1.505,
      0.72,
      1.57,
      0.785,
      1.635,
      0.3925
    ],
    "SoftwareVersions": "syngo_MR_E11",
    "TaskName": "cueexposure",
    "TotalReadoutTime": 0.0374396,
    "TrueEchoSpacing": 0.00103999,
    "dataset": "ds002513",
    "modality": "bold",
    "subject_id": "57",
    "task_id": "cueexposure"
  },
  "dummy_trs": 0,
  "dvars_nstd": 36.35454233167417,
  "dvars_std": 1.2607213004334819,
  "dvars_vstd": 0.9633595809118087,
  "efc": 0.5499400731312674,
  "fber": 2474.349853515625,
  "fd_mean": 0.3184145376010504,
  "fd_num": 176,
  "fd_perc": 26.26865671641791,
  "fwhm_avg": 1.9299786666666667,
  "fwhm_x": 1.8117360000000002,
  "fwhm_y": 2.104324,
  "fwhm_z": 1.8738759999999999,
  "gcor": 0.0370455,
  "gsr_x": -0.003963997587561607,
  "gsr_y": 0.07001714408397675,
  "provenance": {
    "md5sum": "dcd192255b49e60be6c139d6fed5b529",
    "settings": {
      "fd_thres": 0.2,
      "testing": false
    },
    "software": "mriqc",
    "version": "23.0.1",
    "webapi_port": null,
    "webapi_url": "https://mriqc.nimh.nih.gov/api/v1"
  },
  "size_t": 670,
  "size_x": 84,
  "size_y": 84,
  "size_z": 52,
  "snr": 5.53107493431855,
  "spacing_tr": 1.7200000286102295,
  "spacing_x": 2.5,
  "spacing_y": 2.5,
  "spacing_z": 2.5,
  "summary_bg_k": 14.717718069132367,
  "summary_bg_mad": 15.847246866289376,
  "summary_bg_mean": 67.7475814819336,
  "summary_bg_median": 19.299253463745117,
  "summary_bg_n": 229820.0,
  "summary_bg_p05": 6.061193943023682,
  "summary_bg_p95": 326.6570068359374,
  "summary_bg_stdv": 120.21170806884766,
  "summary_fg_k": 2.000752770924227,
  "summary_fg_mad": 168.7267202004045,
  "summary_fg_mean": 986.2412109375,
  "summary_fg_median": 970.7969970703125,
  "summary_fg_n": 76655.0,
  "summary_fg_p05": 743.7840576171875,
  "summary_fg_p95": 1277.3047607421875,
  "summary_fg_stdv": 175.51573181152344,
  "tsnr": 34.43932288035285
}