{
  "bids_meta": {
    "AccelFactPE": 2,
    "AcquisitionNumber": 1,
    "AcquisitionTime": "11:53:33.057500",
    "BodyPartExamined": "BRAIN",
    "ConversionSoftware": "dcm2niix",
    "ConversionSoftwareVersion": "v1.0.20170724 (OpenJPEG build) GCC6.1.0",
    "DeviceSerialNumber": "167045",
    "EchoTime": 0.00418,
    "FlipAngle": 9,
    "ImageType": [
      "ORIGINAL",
      "PRIMARY",
      "M",
      "ND",
      "NORM"
    ],
    "InstitutionAddress": "De_Pintelaan_185_Gent_District_BE_9000",
    "InstitutionName": "UZ_Gent",
    "InversionTime": 0.9,
    "MagneticFieldStrength": 3,
    "Manufacturer": "Siemens",
    "ManufacturersModelName": "Prisma_fit",
    "PhaseEncodingDirection": "i-",
    "PhaseEncodingLines": 256,
    "ProcedureStepDescription": "MR_hersenen_(structuur_alleen)_O",
    "ProtocolName": "T1_mprage",
    "RepetitionTime": 2.25,
    "ScanningSequence": "GR_IR",
    "SequenceName": "_tfl3d1_16ns",
    "SequenceVariant": "SK_SP_MP",
    "SeriesDescription": "T1_mprage",
    "SoftwareVersions": "syngo_MR_E11",
    "dataset": "ds002513",
    "modality": "T1w",
    "subject_id": "50"
  },
  "cjv": 0.3588749696836555,
  "cnr": 3.6331787837701346,
  "efc": 0.5381418601365588,
  "fber": 24577.956924172304,
  "fwhm_avg": 4.016280082452103,
  "fwhm_x": 4.14995024735631,
  "fwhm_y": 4.17201,
  "fwhm_z": 3.72688,
  "icvs_csf": 0.23312940829446982,
  "icvs_gm": 0.41532984375776566,
  "icvs_wm": 0.3515407479477645,
  "inu_med": 0.5575212240219116,
  "inu_range": 0.287119060754776,
  "provenance": {
    "md5sum": "0e625c1df4ff4dae328e98828b2cb33b",
    "settings": {
      "testing": false
    },
    "software": "mriqc",
    "version": "23.0.1",
    "warnings": {
      "large_rot_frame": true,
      "small_air_mask": false
    },
    "webapi_port": null,
    "webapi_url": "https://mriqc.nimh.nih.gov/api/v1"
  },
  "qi_1": 0.00013342562202961605,
  "qi_2": 0.01004278266764533,
  "rpve_csf": 20.47669533620327,
  "rpve_gm": 11.571591596854425,
  "rpve_wm": 16.212855334656652,
  "size_x": 176,
  "size_y": 256,
  "size_z": 256,
  "snr_csf": 2.2790972132020046,
  "snr_gm": 10.558491898685675,
  "snr_total": 12.660781273064304,
  "snr_wm": 25.144754707305232,
  "snrd_csf": 31.932979359167465,
  "snrd_gm": 84.91938649720943,
  "snrd_total": 78.58388588480229,
  "snrd_wm": 118.89929179802995,
  "spacing_x": 0.9999999403953552,
  "spacing_y": 1.0,
  "spacing_z": 1.0,
  "summary_bg_k": 17.467258234684195,
  "summary_bg_mad": 0.0,
  "summary_bg_mean": 2.7477810356676957,
  "summary_bg_median": 0.0,
  "summary_bg_n": 2923859.0,
  "summary_bg_p05": 0.0,
  "summary_bg_p95": 13.717475425451994,
  "summary_bg_stdv": 5.510011106383098,
  "summary_csf_k": 0.34192237023556515,
  "summary_csf_mad": 115.90660699617084,
  "summary_csf_mean": 266.7409275210201,
  "summary_csf_median": 268.5716606937349,
  "summary_csf_n": 46167.0,
  "summary_csf_p05": 79.23905575275421,
  "summary_csf_p95": 468.0331866007297,
  "summary_csf_stdv": 117.8399720840842,
  "summary_gm_k": 0.19385284802171654,
  "summary_gm_mad": 65.20839277461798,
  "summary_gm_mean": 713.7834311383957,
  "summary_gm_median": 714.2127391286194,
  "summary_gm_n": 28383.0,
  "summary_gm_p05": 600.6603422686458,
  "summary_gm_p95": 825.7566460337489,
  "summary_gm_stdv": 67.64225082253077,
  "summary_wm_k": 0.6611591138653599,
  "summary_wm_mad": 37.35351185748894,
  "summary_wm_mean": 999.4357966147697,
  "summary_wm_median": 1000.0000280067325,
  "summary_wm_n": 216806.0,
  "summary_wm_p05": 933.220684889704,
  "summary_wm_p95": 1062.8881674930453,
  "summary_wm_stdv": 39.76963519569529,
  "tpm_overlap_csf": 0.15892637477136942,
  "tpm_overlap_gm": 0.4603290339981247,
  "tpm_overlap_wm": 0.5154996391959867,
  "wm2max": 0.5704505728804967
}