{
  "bids_meta": {
    "AccelFactPE": 2,
    "AcquisitionNumber": 1,
    "AcquisitionTime": "17:10:21.342500",
    "BodyPartExamined": "BRAIN",
    "ConversionSoftware": "dcm2niix",
    "ConversionSoftwareVersion": "v1.0.20170724 (OpenJPEG build) GCC6.1.0",
    "DeviceSerialNumber": "167045",
    "EchoTime": 0.00418,
    "FlipAngle": 9,
    "ImageType": [
      "ORIGINAL",
      "PRIMARY",
      "M",
      "ND",
      "NORM"
    ],
    "InstitutionAddress": "De_Pintelaan_185_Gent_District_BE_9000",
    "InstitutionName": "UZ_Gent",
    "InversionTime": 0.9,
    "MagneticFieldStrength": 3,
    "Manufacturer": "Siemens",
    "ManufacturersModelName": "Prisma_fit",
    "PhaseEncodingDirection": "i-",
    "PhaseEncodingLines": 256,
    "ProcedureStepDescription": "MR_hersenen_(structuur_alleen)_O",
    "ProtocolName": "T1_mprage",
    "RepetitionTime": 2.25,
    "ScanningSequence": "GR_IR",
    "SequenceName": "_tfl3d1_16ns",
    "SequenceVariant": "SK_SP_MP",
    "SeriesDescription": "T1_mprage",
    "SoftwareVersions": "syngo_MR_E11",
    "dataset": "ds002513",
    "modality": "T1w",
    "subject_id": "18"
  },
  "cjv": 0.3500250789683257,
  "cnr": 3.8619692644530654,
  "efc": 0.5408443682867926,
  "fber": -1.0,
  "fwhm_avg": 4.126006666666666,
  "fwhm_x": 4.16941,
  "fwhm_y": 4.34932,
  "fwhm_z": 3.85929,
  "icvs_csf": 0.19414930519138776,
  "icvs_gm": 0.4389703988250895,
  "icvs_wm": 0.36688029598352273,
  "inu_med": 0.5225691199302673,
  "inu_range": 0.26017082929611196,
  "provenance": {
    "md5sum": "f44e1b78bd517d465956edc779adbbdf",
    "settings": {
      "testing": false
    },
    "software": "mriqc",
    "version": "23.0.1",
    "warnings": {
      "large_rot_frame": true,
      "small_air_mask": false
    },
    "webapi_port": null,
    "webapi_url": "https://mriqc.nimh.nih.gov/api/v1"
  },
  "qi_1": 0.00010190083071990656,
  "qi_2": 0.014522451080179695,
  "rpve_csf": 23.760651389817003,
  "rpve_gm": 11.142068156379642,
  "rpve_wm": 15.229746726773971,
  "size_x": 176,
  "size_y": 256,
  "size_z": 256,
  "snr_csf": 1.9295662894056138,
  "snr_gm": 11.765763822728749,
  "snr_total": 12.330967845090269,
  "snr_wm": 23.29757342313644,
  "snrd_csf": 30.21257727216562,
  "snrd_gm": 88.26151216485019,
  "snrd_total": 80.7779924301746,
  "snrd_wm": 123.85988785350801,
  "spacing_x": 1.0,
  "spacing_y": 1.0,
  "spacing_z": 1.0,
  "summary_bg_k": 16.978232893911297,
  "summary_bg_mad": 0.0,
  "summary_bg_mean": 2.7260409298750092,
  "summary_bg_median": 0.0,
  "summary_bg_n": 3047366.0,
  "summary_bg_p05": 0.0,
  "summary_bg_p95": 12.584774799644947,
  "summary_bg_stdv": 5.289526440099386,
  "summary_csf_k": 0.43227313966235004,
  "summary_csf_mad": 127.97277172589578,
  "summary_csf_mean": 250.46205021796567,
  "summary_csf_median": 243.93428041040897,
  "summary_csf_n": 37548.0,
  "summary_csf_p05": 63.444310650601984,
  "summary_csf_p95": 474.4006757434458,
  "summary_csf_stdv": 126.41754441339913,
  "summary_gm_k": 0.06187685632183326,
  "summary_gm_mad": 60.383791028647465,
  "summary_gm_mean": 713.2242001206282,
  "summary_gm_median": 712.617406450212,
  "summary_gm_n": 43927.0,
  "summary_gm_p05": 614.6955276057124,
  "summary_gm_p95": 812.595644750446,
  "summary_gm_stdv": 60.56634365249248,
  "summary_wm_k": 0.6648445676812651,
  "summary_wm_mad": 40.220013970995815,
  "summary_wm_mean": 999.935572056707,
  "summary_wm_median": 1000.0362545400858,
  "summary_wm_n": 226289.0,
  "summary_wm_p05": 929.3148975968361,
  "summary_wm_p95": 1069.7421253323555,
  "summary_wm_stdv": 42.92438644706852,
  "tpm_overlap_csf": 0.15357543073922456,
  "tpm_overlap_gm": 0.4691470117534268,
  "tpm_overlap_wm": 0.5168484825290416,
  "wm2max": 0.6249065155807365
}