{
  "aor": 0.000439134328358209,
  "aqi": 0.0107295066119403,
  "bids_meta": {
    "AccelFactPE": 2,
    "AcquisitionNumber": 1,
    "AcquisitionTime": "10:50:34.380000",
    "BandwidthPerPixelPhaseEncode": 22.894,
    "BodyPartExamined": "BRAIN",
    "ConversionSoftware": "dcm2niix",
    "ConversionSoftwareVersion": "v1.0.20170724 (OpenJPEG build) GCC6.1.0",
    "DeviceSerialNumber": "167045",
    "EchoTime": 0.027,
    "EchoTrainLength": 74,
    "EffectiveEchoSpacing": 0.000519995,
    "FlipAngle": 66,
    "ImageType": [
      "ORIGINAL",
      "PRIMARY",
      "M",
      "ND",
      "NORM",
      "MOSAIC"
    ],
    "InstitutionAddress": "De_Pintelaan_185_Gent_District_BE_9000",
    "InstitutionName": "UGent",
    "MagneticFieldStrength": 3,
    "Manufacturer": "Siemens",
    "ManufacturersModelName": "Prisma_fit",
    "PhaseEncodingDirection": "j-",
    "PhaseEncodingLines": 84,
    "ProcedureStepDescription": "MR_hersenen_(structuur_alleen)_O",
    "ProtocolName": "ep2d_bold_TASK_BETTING",
    "RepetitionTime": 1.72,
    "ScanningSequence": "EP",
    "SequenceName": "_epfid2d1_84",
    "SequenceVariant": "SK",
    "SeriesDescription": "ep2d_bold_TASK_BETTING",
    "SliceTiming": [
      1.2425,
      0,
      0.85,
      0.065,
      0.915,
      0.13,
      0.98,
      0.1975,
      1.0475,
      0.2625,
      1.1125,
      0.3275,
      1.1775,
      0.4575,
      1.3075,
      0.5225,
      1.3725,
      0.5875,
      1.4375,
      0.655,
      1.505,
      0.72,
      1.57,
      0.785,
      1.635,
      0.3925,
      1.2425,
      0,
      0.85,
      0.065,
      0.915,
      0.13,
      0.98,
      0.1975,
      1.0475,
      0.2625,
      1.1125,
      0.3275,
      1.1775,
      0.4575,
      1.3075,
      0.5225,
      1.3725,
      0.5875,
      1.4375,
      0.655,
      1.505,
      0.72,
      1.57,
      0.785,
      1.635,
      0.3925
    ],
    "SoftwareVersions": "syngo_MR_E11",
    "TaskName": "cueexposure",
    "TotalReadoutTime": 0.0374396,
    "TrueEchoSpacing": 0.00103999,
    "dataset": "ds002513",
    "modality": "bold",
    "subject_id": "39",
    "task_id": "cueexposure"
  },
  "dummy_trs": 0,
  "dvars_nstd": 25.431420011300446,
  "dvars_std": 1.3098432562032887,
  "dvars_vstd": 0.9443831916741409,
  "efc": 0.5409839253875784,
  "fber": 2493.5361328125,
  "fd_mean": 0.10456935183725294,
  "fd_num": 50,
  "fd_perc": 7.462686567164179,
  "fwhm_avg": 1.9736306666666668,
  "fwhm_x": 1.847576,
  "fwhm_y": 2.06848,
  "fwhm_z": 2.004836,
  "gcor": 0.0211509,
  "gsr_x": 0.006220896728336811,
  "gsr_y": 0.048414528369903564,
  "provenance": {
    "md5sum": "5c3e4a4675fd7670cf080ee53c2b8063",
    "settings": {
      "fd_thres": 0.2,
      "testing": false
    },
    "software": "mriqc",
    "version": "23.0.1",
    "webapi_port": null,
    "webapi_url": "https://mriqc.nimh.nih.gov/api/v1"
  },
  "size_t": 670,
  "size_x": 84,
  "size_y": 84,
  "size_z": 52,
  "snr": 5.722120741500164,
  "spacing_tr": 1.7200000286102295,
  "spacing_x": 2.5,
  "spacing_y": 2.5,
  "spacing_z": 2.5,
  "summary_bg_k": 19.7816252014104,
  "summary_bg_mad": 17.79565360451403,
  "summary_bg_mean": 60.63503646850586,
  "summary_bg_median": 20.441791534423828,
  "summary_bg_n": 229962.0,
  "summary_bg_p05": 5.6045525074005145,
  "summary_bg_p95": 251.73343353271454,
  "summary_bg_stdv": 105.23478698730469,
  "summary_fg_k": 1.0092394673262595,
  "summary_fg_mad": 182.27048692670658,
  "summary_fg_mean": 1035.3587646484375,
  "summary_fg_median": 1024.1865234375,
  "summary_fg_n": 78304.0,
  "summary_fg_p05": 775.2080078125,
  "summary_fg_p95": 1333.4581481933585,
  "summary_fg_stdv": 178.986083984375,
  "tsnr": 57.256929803523235
}