{
  "bids_meta": {
    "AccelFactPE": 2,
    "AcquisitionNumber": 1,
    "AcquisitionTime": "15:53:24.442500",
    "BodyPartExamined": "BRAIN",
    "ConversionSoftware": "dcm2niix",
    "ConversionSoftwareVersion": "v1.0.20170724 (OpenJPEG build) GCC6.1.0",
    "DeviceSerialNumber": "167045",
    "EchoTime": 0.00418,
    "FlipAngle": 9,
    "ImageType": [
      "ORIGINAL",
      "PRIMARY",
      "M",
      "ND",
      "NORM"
    ],
    "InstitutionAddress": "De_Pintelaan_185_Gent_District_BE_9000",
    "InstitutionName": "UGent",
    "InversionTime": 0.9,
    "MagneticFieldStrength": 3,
    "Manufacturer": "Siemens",
    "ManufacturersModelName": "Prisma_fit",
    "PhaseEncodingDirection": "i-",
    "PhaseEncodingLines": 256,
    "ProcedureStepDescription": "MR_hersenen_(structuur_alleen)_O",
    "ProtocolName": "T1_mprage",
    "RepetitionTime": 2.25,
    "ScanningSequence": "GR_IR",
    "SequenceName": "_tfl3d1_16ns",
    "SequenceVariant": "SK_SP_MP",
    "SeriesDescription": "T1_mprage",
    "SoftwareVersions": "syngo_MR_E11",
    "dataset": "ds002513",
    "modality": "T1w",
    "subject_id": "35"
  },
  "cjv": 0.34517831192923576,
  "cnr": 3.8360766392552312,
  "efc": 0.5096949961316528,
  "fber": 46876.95663988658,
  "fwhm_avg": 4.027663333333333,
  "fwhm_x": 4.17579,
  "fwhm_y": 4.12294,
  "fwhm_z": 3.78426,
  "icvs_csf": 0.20523210669605613,
  "icvs_gm": 0.45308379270414467,
  "icvs_wm": 0.34168410059979926,
  "inu_med": 0.5652243494987488,
  "inu_range": 0.30311459898948667,
  "provenance": {
    "md5sum": "8099ee932e74b08f00afd7a36c3145d3",
    "settings": {
      "testing": false
    },
    "software": "mriqc",
    "version": "23.0.1",
    "warnings": {
      "large_rot_frame": true,
      "small_air_mask": false
    },
    "webapi_port": null,
    "webapi_url": "https://mriqc.nimh.nih.gov/api/v1"
  },
  "qi_1": 2.8321206756853976e-05,
  "qi_2": 0.015326487957818413,
  "rpve_csf": 23.493002365715387,
  "rpve_gm": 11.385428351655396,
  "rpve_wm": 16.983786469689555,
  "size_x": 176,
  "size_y": 256,
  "size_z": 256,
  "snr_csf": 2.221039791841762,
  "snr_gm": 11.240116360212895,
  "snr_total": 12.564209849111549,
  "snr_wm": 24.231473395279995,
  "snrd_csf": 28.762593082765505,
  "snrd_gm": 85.99281917510851,
  "snrd_total": 78.63210383519161,
  "snrd_wm": 121.14089924770083,
  "spacing_x": 1.0,
  "spacing_y": 1.0,
  "spacing_z": 1.0,
  "summary_bg_k": 16.405398884187445,
  "summary_bg_mad": 0.0,
  "summary_bg_mean": 2.6535176082193184,
  "summary_bg_median": 0.0,
  "summary_bg_n": 2841983.0,
  "summary_bg_p05": 0.0,
  "summary_bg_p95": 13.029744654893875,
  "summary_bg_stdv": 5.408052964164369,
  "summary_csf_k": 1.337908459865532,
  "summary_csf_mad": 92.73581252261496,
  "summary_csf_mean": 240.38872703428035,
  "summary_csf_median": 237.4309026002884,
  "summary_csf_n": 40709.0,
  "summary_csf_p05": 74.92103176563978,
  "summary_csf_p95": 431.74519561529155,
  "summary_csf_stdv": 106.89947440734498,
  "summary_gm_k": 0.18461956851585626,
  "summary_gm_mad": 61.17343971770603,
  "summary_gm_mean": 709.9089871476374,
  "summary_gm_median": 709.8578565269709,
  "summary_gm_n": 44689.0,
  "summary_gm_p05": 605.850223056972,
  "summary_gm_p95": 814.8065271109342,
  "summary_gm_stdv": 63.15325318128279,
  "summary_wm_k": 0.4550488637820216,
  "summary_wm_mad": 38.97733519493391,
  "summary_wm_mean": 998.6418332687484,
  "summary_wm_median": 999.9999988675117,
  "summary_wm_n": 192408.0,
  "summary_wm_p05": 928.5453398276121,
  "summary_wm_p95": 1064.128716878593,
  "summary_wm_stdv": 41.26853468243408,
  "tpm_overlap_csf": 0.16543424205726093,
  "tpm_overlap_gm": 0.46728770374687606,
  "tpm_overlap_wm": 0.49570455704352556,
  "wm2max": 0.6722257857601026
}