{
  "bids_meta": {
    "AcquisitionNumber": 1,
    "AcquisitionTime": "13:36:15.387500",
    "BodyPartExamined": "BRAIN",
    "ConversionSoftware": "dcm2niix",
    "ConversionSoftwareVersion": "v1.0.20170724 (OpenJPEG build) GCC6.1.0",
    "DeviceSerialNumber": "167045",
    "EchoTime": 0.005,
    "FlipAngle": 40,
    "ImageType": [
      "ORIGINAL",
      "PRIMARY",
      "M",
      "ND",
      "NORM"
    ],
    "InstitutionAddress": "De_Pintelaan_185_Gent_District_BE_9000",
    "InstitutionName": "UGent",
    "MagneticFieldStrength": 3,
    "Manufacturer": "Siemens",
    "ManufacturersModelName": "Prisma_fit",
    "PhaseEncodingDirection": "j-",
    "PhaseEncodingLines": 128,
    "ProcedureStepDescription": "MR_hersenen_(structuur_alleen)_O",
    "ProtocolName": "localizer",
    "RepetitionTime": 0.02,
    "ScanningSequence": "GR",
    "SequenceName": "_fl2d1",
    "SequenceVariant": "SP",
    "SeriesDescription": "localizer",
    "SoftwareVersions": "syngo_MR_E11",
    "dataset": "ds002513",
    "modality": "T1w",
    "subject_id": "22"
  },
  "cjv": 0.34051807633670444,
  "cnr": 3.8890379494560667,
  "efc": 0.518672294373585,
  "fber": -1.0,
  "fwhm_avg": 4.117303333333333,
  "fwhm_x": 4.23228,
  "fwhm_y": 4.27174,
  "fwhm_z": 3.84789,
  "icvs_csf": 0.23364567559554444,
  "icvs_gm": 0.43093643624114353,
  "icvs_wm": 0.33541788816331203,
  "inu_med": 0.5829722285270691,
  "inu_range": 0.2947469830513,
  "provenance": {
    "md5sum": "81ea2a1c64f8eede87223079853af131",
    "settings": {
      "testing": false
    },
    "software": "mriqc",
    "version": "23.0.1",
    "warnings": {
      "large_rot_frame": true,
      "small_air_mask": false
    },
    "webapi_port": null,
    "webapi_url": "https://mriqc.nimh.nih.gov/api/v1"
  },
  "qi_1": 3.6820284399876705e-06,
  "qi_2": 0.008705336707659612,
  "rpve_csf": 20.3876117917482,
  "rpve_gm": 11.135084552778611,
  "rpve_wm": 15.943120970842411,
  "size_x": 176,
  "size_y": 256,
  "size_z": 256,
  "snr_csf": 2.0793010073014,
  "snr_gm": 12.206879837870535,
  "snr_total": 11.8575427816701,
  "snr_wm": 21.286447499838363,
  "snrd_csf": 23.097783137042757,
  "snrd_gm": 71.07425810644501,
  "snrd_total": 64.8296482704744,
  "snrd_wm": 100.31690356793541,
  "spacing_x": 1.0,
  "spacing_y": 1.0,
  "spacing_z": 1.0,
  "summary_bg_k": 18.70240040236002,
  "summary_bg_mad": 0.0,
  "summary_bg_mean": 3.328856900428841,
  "summary_bg_median": 0.0,
  "summary_bg_n": 3553197.0,
  "summary_bg_p05": 0.0,
  "summary_bg_p95": 16.24062579870224,
  "summary_bg_stdv": 6.530667828335529,
  "summary_csf_k": 0.6005676084219025,
  "summary_csf_mad": 107.83063737626686,
  "summary_csf_mean": 225.39786146047598,
  "summary_csf_median": 230.2481578476727,
  "summary_csf_n": 75466.0,
  "summary_csf_p05": 48.3075757175684,
  "summary_csf_p95": 412.71697461791337,
  "summary_csf_stdv": 110.7327085039124,
  "summary_gm_k": 0.39259251511612403,
  "summary_gm_mad": 55.220588437062894,
  "summary_gm_mean": 707.5355177455881,
  "summary_gm_median": 708.4973004683852,
  "summary_gm_n": 39119.0,
  "summary_gm_p05": 610.1420819833875,
  "summary_gm_p95": 801.176585957408,
  "summary_gm_stdv": 58.04007691999838,
  "summary_wm_k": 0.5384947325485934,
  "summary_wm_mad": 44.04133694034938,
  "summary_wm_mean": 1000.02715252412,
  "summary_wm_median": 999.9999614879489,
  "summary_wm_n": 208627.0,
  "summary_wm_p05": 922.7741286084056,
  "summary_wm_p95": 1077.3086547031999,
  "summary_wm_stdv": 46.978133146502756,
  "tpm_overlap_csf": 0.1567983247498515,
  "tpm_overlap_gm": 0.46389156713067936,
  "tpm_overlap_wm": 0.4884530939363646,
  "wm2max": 0.4975162320931671
}