{
  "bids_meta": {
    "AccelFactPE": 2,
    "AcquisitionNumber": 1,
    "AcquisitionTime": "18:00:39.535000",
    "BodyPartExamined": "BRAIN",
    "ConversionSoftware": "dcm2niix",
    "ConversionSoftwareVersion": "v1.0.20170724 (OpenJPEG build) GCC6.1.0",
    "DeviceSerialNumber": "167045",
    "EchoTime": 0.00418,
    "FlipAngle": 9,
    "ImageType": [
      "ORIGINAL",
      "PRIMARY",
      "M",
      "ND",
      "NORM"
    ],
    "InstitutionAddress": "De_Pintelaan_185_Gent_District_BE_9000",
    "InstitutionName": "UZ_Gent",
    "InversionTime": 0.9,
    "MagneticFieldStrength": 3,
    "Manufacturer": "Siemens",
    "ManufacturersModelName": "Prisma_fit",
    "PhaseEncodingDirection": "i-",
    "PhaseEncodingLines": 256,
    "ProcedureStepDescription": "MR_hersenen_(structuur_alleen)_O",
    "ProtocolName": "T1_mprage",
    "RepetitionTime": 2.25,
    "ScanningSequence": "GR_IR",
    "SequenceName": "_tfl3d1_16ns",
    "SequenceVariant": "SK_SP_MP",
    "SeriesDescription": "T1_mprage",
    "SoftwareVersions": "syngo_MR_E11",
    "dataset": "ds002513",
    "modality": "T1w",
    "subject_id": "57"
  },
  "cjv": 0.36118559251431076,
  "cnr": 3.699092790061953,
  "efc": 0.5301697890208393,
  "fber": 51653.70280661285,
  "fwhm_avg": 4.315436666666667,
  "fwhm_x": 4.3215,
  "fwhm_y": 4.66185,
  "fwhm_z": 3.96296,
  "icvs_csf": 0.2199714772837266,
  "icvs_gm": 0.41035948022740004,
  "icvs_wm": 0.36966904248887333,
  "inu_med": 0.48060333728790283,
  "inu_range": 0.22750641405582428,
  "provenance": {
    "md5sum": "4ebe371218131d34dfe760d4a43057a2",
    "settings": {
      "testing": false
    },
    "software": "mriqc",
    "version": "23.0.1",
    "warnings": {
      "large_rot_frame": true,
      "small_air_mask": false
    },
    "webapi_port": null,
    "webapi_url": "https://mriqc.nimh.nih.gov/api/v1"
  },
  "qi_1": 0.0,
  "qi_2": 0.011204618813165394,
  "rpve_csf": 22.117012865248363,
  "rpve_gm": 11.97708538982679,
  "rpve_wm": 15.958873523681035,
  "size_x": 176,
  "size_y": 256,
  "size_z": 256,
  "snr_csf": 2.0747088324783634,
  "snr_gm": 10.243916419483595,
  "snr_total": 12.849251013167782,
  "snr_wm": 26.22912778754139,
  "snrd_csf": 30.236366884773293,
  "snrd_gm": 86.51782655819879,
  "snrd_total": 79.67982280633937,
  "snrd_wm": 122.28527497604605,
  "spacing_x": 1.0,
  "spacing_y": 1.0,
  "spacing_z": 1.0,
  "summary_bg_k": 23.72762765481883,
  "summary_bg_mad": 0.0,
  "summary_bg_mean": 2.3835832499219745,
  "summary_bg_median": 0.0,
  "summary_bg_n": 2747072.0,
  "summary_bg_p05": 0.0,
  "summary_bg_p95": 12.4137930739671,
  "summary_bg_stdv": 5.357443065589592,
  "summary_csf_k": 0.22428281874269862,
  "summary_csf_mad": 118.56959288608219,
  "summary_csf_mean": 246.15894868765275,
  "summary_csf_median": 247.2608972657472,
  "summary_csf_n": 48336.0,
  "summary_csf_p05": 57.38451515324414,
  "summary_csf_p95": 449.0305779837072,
  "summary_csf_stdv": 119.17736872355165,
  "summary_gm_k": -0.037629569961659115,
  "summary_gm_mad": 68.79582952030087,
  "summary_gm_mean": 708.1527578332978,
  "summary_gm_median": 707.5081310458481,
  "summary_gm_n": 37100.0,
  "summary_gm_p05": 595.0813258476555,
  "summary_gm_p95": 823.6577729300594,
  "summary_gm_stdv": 69.06524485947003,
  "summary_wm_k": 0.36531908162884186,
  "summary_wm_mad": 36.84801861575285,
  "summary_wm_mean": 999.0305162169863,
  "summary_wm_median": 999.9999976251274,
  "summary_wm_n": 224260.0,
  "summary_wm_p05": 934.4957687631249,
  "summary_wm_p95": 1059.3623917587101,
  "summary_wm_stdv": 38.1254678450519,
  "tpm_overlap_csf": 0.1508350647261851,
  "tpm_overlap_gm": 0.45811842846091366,
  "tpm_overlap_wm": 0.5109121820889986,
  "wm2max": 0.8081817225786098
}