{
  "bids_meta": {
    "AccelFactPE": 2,
    "AcquisitionNumber": 1,
    "AcquisitionTime": "13:24:33.552500",
    "BodyPartExamined": "BRAIN",
    "ConversionSoftware": "dcm2niix",
    "ConversionSoftwareVersion": "v1.0.20170724 (OpenJPEG build) GCC6.1.0",
    "DeviceSerialNumber": "167045",
    "EchoTime": 0.00418,
    "FlipAngle": 9,
    "ImageType": [
      "ORIGINAL",
      "PRIMARY",
      "M",
      "ND",
      "NORM"
    ],
    "InstitutionAddress": "De_Pintelaan_185_Gent_District_BE_9000",
    "InstitutionName": "UGent",
    "InversionTime": 0.9,
    "MagneticFieldStrength": 3,
    "Manufacturer": "Siemens",
    "ManufacturersModelName": "Prisma_fit",
    "PhaseEncodingDirection": "i-",
    "PhaseEncodingLines": 256,
    "ProcedureStepDescription": "MR_hersenen_(structuur_alleen)_O",
    "ProtocolName": "T1_mprage",
    "RepetitionTime": 2.25,
    "ScanningSequence": "GR_IR",
    "SequenceName": "_tfl3d1_16ns",
    "SequenceVariant": "SK_SP_MP",
    "SeriesDescription": "T1_mprage",
    "SoftwareVersions": "syngo_MR_E11",
    "dataset": "ds002513",
    "modality": "T1w",
    "subject_id": "32"
  },
  "cjv": 0.35018260813552204,
  "cnr": 3.8183943907983617,
  "efc": 0.5257096493956851,
  "fber": 11784.032946938776,
  "fwhm_avg": 4.1541966666666665,
  "fwhm_x": 4.208,
  "fwhm_y": 4.31834,
  "fwhm_z": 3.93625,
  "icvs_csf": 0.20004399963707864,
  "icvs_gm": 0.4331261053405933,
  "icvs_wm": 0.36682989502232805,
  "inu_med": 0.6302693784236908,
  "inu_range": 0.34774587452411654,
  "provenance": {
    "md5sum": "78a747b7422c24d0d133a4d2e64d1486",
    "settings": {
      "testing": false
    },
    "software": "mriqc",
    "version": "23.0.1",
    "warnings": {
      "large_rot_frame": true,
      "small_air_mask": false
    },
    "webapi_port": null,
    "webapi_url": "https://mriqc.nimh.nih.gov/api/v1"
  },
  "qi_1": 0.0005210276141479668,
  "qi_2": 0.010541358531665185,
  "rpve_csf": 24.98013510831132,
  "rpve_gm": 12.017239136160406,
  "rpve_wm": 16.1939337155603,
  "size_x": 176,
  "size_y": 256,
  "size_z": 256,
  "snr_csf": 2.0605993620656204,
  "snr_gm": 11.232106071157004,
  "snr_total": 11.010509511100338,
  "snr_wm": 19.738823100078392,
  "snrd_csf": 14.46502689530917,
  "snrd_gm": 38.84243679309185,
  "snrd_total": 36.47534928426665,
  "snrd_wm": 56.11858416439894,
  "spacing_x": 1.0,
  "spacing_y": 1.0,
  "spacing_z": 1.0,
  "summary_bg_k": 25.525654699786116,
  "summary_bg_mad": 0.0,
  "summary_bg_mean": 6.770757696630076,
  "summary_bg_median": 0.0,
  "summary_bg_n": 2937973.0,
  "summary_bg_p05": 0.0,
  "summary_bg_p95": 28.37993475794792,
  "summary_bg_stdv": 11.674143289808624,
  "summary_csf_k": 0.20984031692701466,
  "summary_csf_mad": 131.40388142440162,
  "summary_csf_mean": 258.43137436227045,
  "summary_csf_median": 257.7582266330719,
  "summary_csf_n": 41581.0,
  "summary_csf_p05": 64.09047996997833,
  "summary_csf_p95": 467.72785463929176,
  "summary_csf_stdv": 125.08745362554168,
  "summary_gm_k": 0.1855156952194119,
  "summary_gm_mad": 60.55239908095703,
  "summary_gm_mean": 691.5956818891937,
  "summary_gm_median": 692.1492575407028,
  "summary_gm_n": 35620.0,
  "summary_gm_p05": 588.7509970858694,
  "summary_gm_p95": 791.0095210477708,
  "summary_gm_stdv": 61.621528264472516,
  "summary_wm_k": 0.6876131395840717,
  "summary_wm_mad": 47.251572958045955,
  "summary_wm_mean": 1000.6268318657336,
  "summary_wm_median": 999.9999889433384,
  "summary_wm_n": 205087.0,
  "summary_wm_p05": 918.7698435783386,
  "summary_wm_p95": 1083.9878401458263,
  "summary_wm_stdv": 50.66145767052803,
  "tpm_overlap_csf": 0.15723543190738962,
  "tpm_overlap_gm": 0.47411141939903717,
  "tpm_overlap_wm": 0.5154396117901695,
  "wm2max": 0.6388572957784171
}