{
  "bids_meta": {
    "AccelFactPE": 2,
    "AcquisitionNumber": 1,
    "AcquisitionTime": "10:57:46.865000",
    "BodyPartExamined": "BRAIN",
    "ConversionSoftware": "dcm2niix",
    "ConversionSoftwareVersion": "v1.0.20170724 (OpenJPEG build) GCC6.1.0",
    "DeviceSerialNumber": "167045",
    "EchoTime": 0.00418,
    "FlipAngle": 9,
    "ImageType": [
      "ORIGINAL",
      "PRIMARY",
      "M",
      "ND",
      "NORM"
    ],
    "InstitutionAddress": "De_Pintelaan_185_Gent_District_BE_9000",
    "InstitutionName": "UZ_Gent",
    "InversionTime": 0.9,
    "MagneticFieldStrength": 3,
    "Manufacturer": "Siemens",
    "ManufacturersModelName": "Prisma_fit",
    "PhaseEncodingDirection": "i-",
    "PhaseEncodingLines": 256,
    "ProcedureStepDescription": "MR_hersenen_(structuur_alleen)_O",
    "ProtocolName": "T1_mprage",
    "RepetitionTime": 2.25,
    "ScanningSequence": "GR_IR",
    "SequenceName": "_tfl3d1_16ns",
    "SequenceVariant": "SK_SP_MP",
    "SeriesDescription": "T1_mprage",
    "SoftwareVersions": "syngo_MR_E11",
    "dataset": "ds002513",
    "modality": "T1w",
    "subject_id": "49"
  },
  "cjv": 0.35236265050528426,
  "cnr": 3.7506985984116437,
  "efc": 0.48867101708898575,
  "fber": 27503.94617454825,
  "fwhm_avg": 4.172173333333333,
  "fwhm_x": 4.32132,
  "fwhm_y": 4.35122,
  "fwhm_z": 3.84398,
  "icvs_csf": 0.20307990209685675,
  "icvs_gm": 0.42934523132034846,
  "icvs_wm": 0.3675748665827948,
  "inu_med": 0.48288561403751373,
  "inu_range": 0.23169149160385133,
  "provenance": {
    "md5sum": "ddfd276d5595d1d6527478970df4f620",
    "settings": {
      "testing": false
    },
    "software": "mriqc",
    "version": "23.0.1",
    "warnings": {
      "large_rot_frame": true,
      "small_air_mask": false
    },
    "webapi_port": null,
    "webapi_url": "https://mriqc.nimh.nih.gov/api/v1"
  },
  "qi_1": 0.00013607741954688345,
  "qi_2": 0.014224466838635647,
  "rpve_csf": 27.304297085260536,
  "rpve_gm": 13.467066696619648,
  "rpve_wm": 18.063874225058836,
  "size_x": 176,
  "size_y": 256,
  "size_z": 256,
  "snr_csf": 2.2037277954032675,
  "snr_gm": 11.836840276478238,
  "snr_total": 12.815603937165898,
  "snr_wm": 24.40624373961619,
  "snrd_csf": 31.74653496149679,
  "snrd_gm": 81.78891904375041,
  "snrd_total": 75.5415379669328,
  "snrd_wm": 113.08915989555118,
  "spacing_x": 1.0,
  "spacing_y": 1.0,
  "spacing_z": 1.0,
  "summary_bg_k": 38.49055525152732,
  "summary_bg_mad": 0.0,
  "summary_bg_mean": 3.305896249649881,
  "summary_bg_median": 0.0,
  "summary_bg_n": 3525778.0,
  "summary_bg_p05": 0.0,
  "summary_bg_p95": 14.535224497318268,
  "summary_bg_stdv": 5.793096363887341,
  "summary_csf_k": 0.475044973255601,
  "summary_csf_mad": 123.68052753773983,
  "summary_csf_mean": 282.70737482723314,
  "summary_csf_median": 280.7212914004922,
  "summary_csf_n": 33426.0,
  "summary_csf_p05": 80.64705204963684,
  "summary_csf_p95": 502.55929431319237,
  "summary_csf_stdv": 127.38283412719319,
  "summary_gm_k": 0.22951322414156516,
  "summary_gm_mad": 58.71204433700202,
  "summary_gm_mean": 723.7023504940565,
  "summary_gm_median": 723.2251017019153,
  "summary_gm_n": 34846.0,
  "summary_gm_p05": 623.4614943154156,
  "summary_gm_p95": 826.4759907722473,
  "summary_gm_stdv": 61.09862997954541,
  "summary_wm_k": 0.50557576394222,
  "summary_wm_mad": 38.81309295095348,
  "summary_wm_mean": 1000.3578296022442,
  "summary_wm_median": 1000.0000015050173,
  "summary_wm_n": 203769.0,
  "summary_wm_p05": 934.0053935050964,
  "summary_wm_p95": 1067.9091955274343,
  "summary_wm_stdv": 40.97302142893439,
  "tpm_overlap_csf": 0.13375220907211766,
  "tpm_overlap_gm": 0.466692971629386,
  "tpm_overlap_wm": 0.5091547599711613,
  "wm2max": 0.5291235555084784
}