{
  "aor": 0.000751390134529148,
  "aqi": 0.01536719164424514,
  "bids_meta": {
    "AccelFactPE": 2,
    "AcquisitionNumber": 1,
    "AcquisitionTime": "14:28:24.187500",
    "BandwidthPerPixelPhaseEncode": 22.894,
    "BodyPartExamined": "BRAIN",
    "ConversionSoftware": "dcm2niix",
    "ConversionSoftwareVersion": "v1.0.20170724 (OpenJPEG build) GCC6.1.0",
    "DeviceSerialNumber": "167045",
    "EchoTime": 0.027,
    "EchoTrainLength": 74,
    "EffectiveEchoSpacing": 0.000519995,
    "FlipAngle": 66,
    "ImageType": [
      "ORIGINAL",
      "PRIMARY",
      "M",
      "ND",
      "NORM",
      "MOSAIC"
    ],
    "InstitutionAddress": "De_Pintelaan_185_Gent_District_BE_9000",
    "InstitutionName": "UGent",
    "MagneticFieldStrength": 3,
    "Manufacturer": "Siemens",
    "ManufacturersModelName": "Prisma_fit",
    "PhaseEncodingDirection": "j-",
    "PhaseEncodingLines": 84,
    "ProcedureStepDescription": "MR_hersenen_(structuur_alleen)_O",
    "ProtocolName": "ep2d_bold_TASK_BETTING",
    "RepetitionTime": 1.72,
    "ScanningSequence": "EP",
    "SequenceName": "_epfid2d1_84",
    "SequenceVariant": "SK",
    "SeriesDescription": "ep2d_bold_TASK_BETTING",
    "SliceTiming": [
      1.2425,
      0,
      0.85,
      0.065,
      0.915,
      0.13,
      0.98,
      0.195,
      1.045,
      0.26,
      1.11,
      0.325,
      1.175,
      0.4575,
      1.3075,
      0.5225,
      1.3725,
      0.5875,
      1.4375,
      0.6525,
      1.5025,
      0.7175,
      1.5675,
      0.7825,
      1.6325,
      0.3925,
      1.2425,
      0,
      0.85,
      0.065,
      0.915,
      0.13,
      0.98,
      0.195,
      1.045,
      0.26,
      1.11,
      0.325,
      1.175,
      0.4575,
      1.3075,
      0.5225,
      1.3725,
      0.5875,
      1.4375,
      0.6525,
      1.5025,
      0.7175,
      1.5675,
      0.7825,
      1.6325,
      0.3925
    ],
    "SoftwareVersions": "syngo_MR_E11",
    "TaskName": "cueexposure",
    "TotalReadoutTime": 0.0374396,
    "TrueEchoSpacing": 0.00103999,
    "dataset": "ds002513",
    "modality": "bold",
    "subject_id": "63",
    "task_id": "cueexposure"
  },
  "dummy_trs": 1,
  "dvars_nstd": 27.243113908877238,
  "dvars_std": 1.2092610507485042,
  "dvars_vstd": 0.9444997525898211,
  "efc": 0.5595841148276913,
  "fber": 2074.14453125,
  "fd_mean": 0.1416020252970664,
  "fd_num": 90,
  "fd_perc": 13.452914798206278,
  "fwhm_avg": 1.9562773333333332,
  "fwhm_x": 1.836948,
  "fwhm_y": 2.0971599999999997,
  "fwhm_z": 1.9347239999999999,
  "gcor": 0.0299308,
  "gsr_x": 0.0038350962568074465,
  "gsr_y": 0.057507630437612534,
  "provenance": {
    "md5sum": "39afabc6048c0b07eb5092055f343adb",
    "settings": {
      "fd_thres": 0.2,
      "testing": false
    },
    "software": "mriqc",
    "version": "23.0.1",
    "webapi_port": null,
    "webapi_url": "https://mriqc.nimh.nih.gov/api/v1"
  },
  "size_t": 669,
  "size_x": 84,
  "size_y": 84,
  "size_z": 52,
  "snr": 5.9447485636632145,
  "spacing_tr": 1.7200000286102295,
  "spacing_x": 2.5,
  "spacing_y": 2.5,
  "spacing_z": 2.5,
  "summary_bg_k": 21.01869542499092,
  "summary_bg_mad": 17.94192500697472,
  "summary_bg_mean": 65.0357894897461,
  "summary_bg_median": 21.01046371459961,
  "summary_bg_n": 224377.0,
  "summary_bg_p05": 7.001494884490967,
  "summary_bg_p95": 267.50075683593724,
  "summary_bg_stdv": 109.0311050415039,
  "summary_fg_k": 1.5231114633308787,
  "summary_fg_mad": 156.6682704183499,
  "summary_fg_mean": 987.407958984375,
  "summary_fg_median": 973.500732421875,
  "summary_fg_n": 81463.0,
  "summary_fg_p05": 754.4890686035156,
  "summary_fg_p95": 1265.261145019531,
  "summary_fg_stdv": 163.75709533691406,
  "tsnr": 46.12497344566509
}