{
  "aor": 0.0011568358208955223,
  "aqi": 0.010097920641791044,
  "bids_meta": {
    "AccelFactPE": 2,
    "AcquisitionNumber": 1,
    "AcquisitionTime": "11:13:49.445000",
    "BandwidthPerPixelPhaseEncode": 22.894,
    "BodyPartExamined": "BRAIN",
    "ConversionSoftware": "dcm2niix",
    "ConversionSoftwareVersion": "v1.0.20170724 (OpenJPEG build) GCC6.1.0",
    "DeviceSerialNumber": "167045",
    "EchoTime": 0.027,
    "EchoTrainLength": 74,
    "EffectiveEchoSpacing": 0.000519995,
    "FlipAngle": 66,
    "ImageType": [
      "ORIGINAL",
      "PRIMARY",
      "M",
      "ND",
      "NORM",
      "MOSAIC"
    ],
    "InstitutionAddress": "De_Pintelaan_185_Gent_District_BE_9000",
    "InstitutionName": "UGent",
    "MagneticFieldStrength": 3,
    "Manufacturer": "Siemens",
    "ManufacturersModelName": "Prisma_fit",
    "PhaseEncodingDirection": "j-",
    "PhaseEncodingLines": 84,
    "ProcedureStepDescription": "MR_hersenen_(structuur_alleen)_O",
    "ProtocolName": "ep2d_bold_TASK_BETTING",
    "RepetitionTime": 1.72,
    "ScanningSequence": "EP",
    "SequenceName": "_epfid2d1_84",
    "SequenceVariant": "SK",
    "SeriesDescription": "ep2d_bold_TASK_BETTING",
    "SliceTiming": [
      1.2425,
      0,
      0.85,
      0.065,
      0.915,
      0.13,
      0.98,
      0.1975,
      1.0475,
      0.2625,
      1.1125,
      0.3275,
      1.1775,
      0.4575,
      1.3075,
      0.5225,
      1.3725,
      0.5875,
      1.4375,
      0.655,
      1.505,
      0.72,
      1.57,
      0.785,
      1.635,
      0.3925,
      1.2425,
      0,
      0.85,
      0.065,
      0.915,
      0.13,
      0.98,
      0.1975,
      1.0475,
      0.2625,
      1.1125,
      0.3275,
      1.1775,
      0.4575,
      1.3075,
      0.5225,
      1.3725,
      0.5875,
      1.4375,
      0.655,
      1.505,
      0.72,
      1.57,
      0.785,
      1.635,
      0.3925
    ],
    "SoftwareVersions": "syngo_MR_E11",
    "TaskName": "cueexposure",
    "TotalReadoutTime": 0.0374396,
    "TrueEchoSpacing": 0.00103999,
    "dataset": "ds002513",
    "modality": "bold",
    "subject_id": "59",
    "task_id": "cueexposure"
  },
  "dummy_trs": 0,
  "dvars_nstd": 29.226724222705553,
  "dvars_std": 1.3098637285949182,
  "dvars_vstd": 0.9655804913004469,
  "efc": 0.5223775075313946,
  "fber": 2963.243408203125,
  "fd_mean": 0.12956805075926395,
  "fd_num": 85,
  "fd_perc": 12.686567164179104,
  "fwhm_avg": 2.058441333333333,
  "fwhm_x": 1.915264,
  "fwhm_y": 2.202104,
  "fwhm_z": 2.057956,
  "gcor": 0.0230785,
  "gsr_x": 0.009016190655529499,
  "gsr_y": 0.037495531141757965,
  "provenance": {
    "md5sum": "a565ef0f7d6083b61bfe1599403876d9",
    "settings": {
      "fd_thres": 0.2,
      "testing": false
    },
    "software": "mriqc",
    "version": "23.0.1",
    "webapi_port": null,
    "webapi_url": "https://mriqc.nimh.nih.gov/api/v1"
  },
  "size_t": 670,
  "size_x": 84,
  "size_y": 84,
  "size_z": 52,
  "snr": 6.010092686186665,
  "spacing_tr": 1.7200000286102295,
  "spacing_x": 2.5,
  "spacing_y": 2.5,
  "spacing_z": 2.5,
  "summary_bg_k": 12.416482391356379,
  "summary_bg_mad": 14.969855990027638,
  "summary_bg_mean": 63.628536224365234,
  "summary_bg_median": 18.350746154785156,
  "summary_bg_n": 241018.0,
  "summary_bg_p05": 6.243283748626709,
  "summary_bg_p95": 302.65977325439445,
  "summary_bg_stdv": 112.70573425292969,
  "summary_fg_k": 1.5672156742555625,
  "summary_fg_mad": 164.71716077048723,
  "summary_fg_mean": 1018.641845703125,
  "summary_fg_median": 1007.0716552734375,
  "summary_fg_n": 67813.0,
  "summary_fg_p05": 777.6328247070312,
  "summary_fg_p95": 1300.65078125,
  "summary_fg_stdv": 167.5621795654297,
  "tsnr": 57.391606306657195
}