{
  "bids_meta": {
    "AccelFactPE": 2,
    "AcquisitionNumber": 1,
    "AcquisitionTime": "17:46:15.265000",
    "BodyPartExamined": "BRAIN",
    "ConversionSoftware": "dcm2niix",
    "ConversionSoftwareVersion": "v1.0.20170724 (OpenJPEG build) GCC6.1.0",
    "DeviceSerialNumber": "167045",
    "EchoTime": 0.00418,
    "FlipAngle": 9,
    "ImageType": [
      "DERIVED",
      "PRIMARY",
      "MPR",
      "ND",
      "NORM"
    ],
    "InstitutionAddress": "De_Pintelaan_185_Gent_District_BE_9000",
    "InstitutionName": "UGent",
    "InversionTime": 0.9,
    "MagneticFieldStrength": 3,
    "Manufacturer": "Siemens",
    "ManufacturersModelName": "Prisma_fit",
    "PhaseEncodingLines": 256,
    "ProcedureStepDescription": "MR_hersenen_(structuur_alleen)_O",
    "ProtocolName": "T1_mprage_MPR_Cor",
    "RawImage": true,
    "RepetitionTime": 2.25,
    "ScanningSequence": "GR_IR",
    "SequenceName": "_tfl3d1_16ns",
    "SequenceVariant": "SK_SP_MP",
    "SeriesDescription": "T1_mprage_MPR_Cor",
    "SoftwareVersions": "syngo_MR_E11",
    "dataset": "ds002513",
    "modality": "T1w",
    "subject_id": "47"
  },
  "cjv": 0.3371700558735073,
  "cnr": 3.910903853173577,
  "efc": 0.5329728588833054,
  "fber": -1.0,
  "fwhm_avg": 3.9580700000000006,
  "fwhm_x": 3.99218,
  "fwhm_y": 4.10385,
  "fwhm_z": 3.77818,
  "icvs_csf": 0.1934442589739816,
  "icvs_gm": 0.45953508041124214,
  "icvs_wm": 0.34702066061477627,
  "inu_med": 0.566225528717041,
  "inu_range": 0.31629426479339595,
  "provenance": {
    "md5sum": "852a680d59092998f0eb916488f14b3f",
    "settings": {
      "testing": false
    },
    "software": "mriqc",
    "version": "23.0.1",
    "warnings": {
      "large_rot_frame": true,
      "small_air_mask": false
    },
    "webapi_port": null,
    "webapi_url": "https://mriqc.nimh.nih.gov/api/v1"
  },
  "qi_1": 9.192680965338255e-06,
  "qi_2": 0.012720336056025109,
  "rpve_csf": 21.719063291235344,
  "rpve_gm": 10.031961985899306,
  "rpve_wm": 14.868615196349072,
  "size_x": 176,
  "size_y": 256,
  "size_z": 256,
  "snr_csf": 2.237167326355343,
  "snr_gm": 11.085612149944815,
  "snr_total": 12.103461373967855,
  "snr_wm": 22.98760464560341,
  "snrd_csf": 30.689310732115814,
  "snrd_gm": 85.94700106807825,
  "snrd_total": 79.83343125204989,
  "snrd_wm": 122.86398195595562,
  "spacing_x": 1.0,
  "spacing_y": 1.0,
  "spacing_z": 1.0,
  "summary_bg_k": 22.430853028412056,
  "summary_bg_mad": 0.0,
  "summary_bg_mean": 2.482495074596604,
  "summary_bg_median": 0.0,
  "summary_bg_n": 3129059.0,
  "summary_bg_p05": 0.0,
  "summary_bg_p95": 12.761750310659409,
  "summary_bg_stdv": 5.332208591669779,
  "summary_csf_k": 3.491117293226062,
  "summary_csf_mad": 82.69989656966628,
  "summary_csf_mean": 258.4514178855967,
  "summary_csf_median": 249.78280302882195,
  "summary_csf_n": 44401.0,
  "summary_csf_p05": 78.54767444729805,
  "summary_csf_p95": 459.8723685890436,
  "summary_csf_stdv": 111.65011542246089,
  "summary_gm_k": 0.14925680119599338,
  "summary_gm_mad": 60.53703492183413,
  "summary_gm_mean": 699.9047461067776,
  "summary_gm_median": 699.5296514183283,
  "summary_gm_n": 56284.0,
  "summary_gm_p05": 595.7924986876548,
  "summary_gm_p95": 805.723291298002,
  "summary_gm_stdv": 63.10192235158183,
  "summary_wm_k": 0.5221822085159,
  "summary_wm_mad": 40.772559103627096,
  "summary_wm_mean": 999.3717062937503,
  "summary_wm_median": 999.9999697655439,
  "summary_wm_n": 229736.0,
  "summary_wm_p05": 926.3952267765999,
  "summary_wm_p95": 1070.0398106724024,
  "summary_wm_stdv": 43.50160918324802,
  "tpm_overlap_csf": 0.15046858907888136,
  "tpm_overlap_gm": 0.45753700288881627,
  "tpm_overlap_wm": 0.48956467448878355,
  "wm2max": 0.6884975522510318
}