{
  "bids_meta": {
    "AccelFactPE": 2,
    "AcquisitionNumber": 1,
    "AcquisitionTime": "13:46:4.917500",
    "BodyPartExamined": "BRAIN",
    "ConversionSoftware": "dcm2niix",
    "ConversionSoftwareVersion": "v1.0.20170724 (OpenJPEG build) GCC6.1.0",
    "DeviceSerialNumber": "167045",
    "EchoTime": 0.00418,
    "FlipAngle": 9,
    "ImageType": [
      "ORIGINAL",
      "PRIMARY",
      "M",
      "ND",
      "NORM"
    ],
    "InstitutionAddress": "De_Pintelaan_185_Gent_District_BE_9000",
    "InstitutionName": "UZ_Gent",
    "InversionTime": 0.9,
    "MagneticFieldStrength": 3,
    "Manufacturer": "Siemens",
    "ManufacturersModelName": "Prisma_fit",
    "PhaseEncodingDirection": "i-",
    "PhaseEncodingLines": 256,
    "ProcedureStepDescription": "MR_hersenen_(structuur_alleen)_O",
    "ProtocolName": "T1_mprage",
    "RepetitionTime": 2.25,
    "ScanningSequence": "GR_IR",
    "SequenceName": "_tfl3d1_16ns",
    "SequenceVariant": "SK_SP_MP",
    "SeriesDescription": "T1_mprage",
    "SoftwareVersions": "syngo_MR_E11",
    "dataset": "ds002513",
    "modality": "T1w",
    "subject_id": "14"
  },
  "cjv": 0.3407506125547489,
  "cnr": 3.872253245780716,
  "efc": 0.5480317061788813,
  "fber": 17183.210571674805,
  "fwhm_avg": 3.9135333333333335,
  "fwhm_x": 3.89815,
  "fwhm_y": 4.21602,
  "fwhm_z": 3.62643,
  "icvs_csf": 0.23082406581031367,
  "icvs_gm": 0.42735526249703754,
  "icvs_wm": 0.3418206716926488,
  "inu_med": 0.6037595272064209,
  "inu_range": 0.30346086025238034,
  "provenance": {
    "md5sum": "b5a6e42abe13cb7b42041fd3ed9425ac",
    "settings": {
      "testing": false
    },
    "software": "mriqc",
    "version": "23.0.1",
    "warnings": {
      "large_rot_frame": true,
      "small_air_mask": false
    },
    "webapi_port": null,
    "webapi_url": "https://mriqc.nimh.nih.gov/api/v1"
  },
  "qi_1": 1.4111011326102448e-05,
  "qi_2": 0.010732592263084742,
  "rpve_csf": 22.23755059255161,
  "rpve_gm": 12.110698007199506,
  "rpve_wm": 17.01644652760853,
  "size_x": 176,
  "size_y": 256,
  "size_z": 256,
  "snr_csf": 2.5275702712531793,
  "snr_gm": 12.137023395314024,
  "snr_total": 12.202110690828372,
  "snr_wm": 21.941738405917913,
  "snrd_csf": 24.495507250987075,
  "snrd_gm": 65.09005574478937,
  "snrd_total": 60.36849729698081,
  "snrd_wm": 91.51992889516599,
  "spacing_x": 1.0,
  "spacing_y": 1.0,
  "spacing_z": 1.0,
  "summary_bg_k": 11.628426800641801,
  "summary_bg_mad": 0.0,
  "summary_bg_mean": 4.388300171728725,
  "summary_bg_median": 0.0,
  "summary_bg_n": 2747585.0,
  "summary_bg_p05": 0.0,
  "summary_bg_p95": 18.256522711366415,
  "summary_bg_stdv": 7.158704563434843,
  "summary_csf_k": 1.7338633288884546,
  "summary_csf_mad": 80.25947065582632,
  "summary_csf_mean": 274.29255001964174,
  "summary_csf_median": 267.66349655017257,
  "summary_csf_n": 62625.0,
  "summary_csf_p05": 97.00948564633728,
  "summary_csf_p95": 461.05556172653996,
  "summary_csf_stdv": 105.89670346733001,
  "summary_gm_k": 0.2923573355499043,
  "summary_gm_mad": 55.829944767628795,
  "summary_gm_mean": 710.9696390980887,
  "summary_gm_median": 711.2419323585927,
  "summary_gm_n": 28891.0,
  "summary_gm_p05": 613.4572857711464,
  "summary_gm_p95": 807.1204454842955,
  "summary_gm_stdv": 58.60000430333377,
  "summary_wm_k": 0.645796604064464,
  "summary_wm_mad": 42.5789680005088,
  "summary_wm_mean": 999.7227944997995,
  "summary_wm_median": 1000.0423310734332,
  "summary_wm_n": 189903.0,
  "summary_wm_p05": 924.2205778174102,
  "summary_wm_p95": 1073.5343656539917,
  "summary_wm_stdv": 45.57704952701776,
  "tpm_overlap_csf": 0.15409451691912734,
  "tpm_overlap_gm": 0.4473868725873591,
  "tpm_overlap_wm": 0.4796564209067269,
  "wm2max": 0.5264480261348533
}