{
  "bids_meta": {
    "AccelFactPE": 2,
    "AcquisitionNumber": 1,
    "AcquisitionTime": "09:53:48.235000",
    "BodyPartExamined": "BRAIN",
    "ConversionSoftware": "dcm2niix",
    "ConversionSoftwareVersion": "v1.0.20170724 (OpenJPEG build) GCC6.1.0",
    "DeviceSerialNumber": "167045",
    "EchoTime": 0.00418,
    "FlipAngle": 9,
    "ImageType": [
      "ORIGINAL",
      "PRIMARY",
      "M",
      "ND",
      "NORM"
    ],
    "InstitutionAddress": "De_Pintelaan_185_Gent_District_BE_9000",
    "InstitutionName": "UGent",
    "InversionTime": 0.9,
    "MagneticFieldStrength": 3,
    "Manufacturer": "Siemens",
    "ManufacturersModelName": "Prisma_fit",
    "PhaseEncodingDirection": "i-",
    "PhaseEncodingLines": 256,
    "ProcedureStepDescription": "MR_hersenen_(structuur_alleen)_O",
    "ProtocolName": "T1_mprage",
    "RepetitionTime": 2.25,
    "ScanningSequence": "GR_IR",
    "SequenceName": "_tfl3d1_16ns",
    "SequenceVariant": "SK_SP_MP",
    "SeriesDescription": "T1_mprage",
    "SoftwareVersions": "syngo_MR_E11",
    "dataset": "ds002513",
    "modality": "T1w",
    "subject_id": "27"
  },
  "cjv": 0.3423388502201485,
  "cnr": 3.863478864096277,
  "efc": 0.5252770512364507,
  "fber": -1.0,
  "fwhm_avg": 3.9603099999999998,
  "fwhm_x": 4.01482,
  "fwhm_y": 4.18005,
  "fwhm_z": 3.68606,
  "icvs_csf": 0.2366187959611889,
  "icvs_gm": 0.4125653898337695,
  "icvs_wm": 0.3508158142050416,
  "inu_med": 0.5388342440128326,
  "inu_range": 0.24686191976070404,
  "provenance": {
    "md5sum": "0efe827e6b63e50a50982c0bee4c741d",
    "settings": {
      "testing": false
    },
    "software": "mriqc",
    "version": "23.0.1",
    "warnings": {
      "large_rot_frame": true,
      "small_air_mask": false
    },
    "webapi_port": null,
    "webapi_url": "https://mriqc.nimh.nih.gov/api/v1"
  },
  "qi_1": 3.506676126899596e-06,
  "qi_2": 0.009353748003241595,
  "rpve_csf": 23.277031213497068,
  "rpve_gm": 13.380326608984626,
  "rpve_wm": 18.257698685914644,
  "size_x": 176,
  "size_y": 256,
  "size_z": 256,
  "snr_csf": 2.19407017568541,
  "snr_gm": 11.394851577862084,
  "snr_total": 12.586415044811647,
  "snr_wm": 24.170323380887446,
  "snrd_csf": 22.000448438966792,
  "snrd_gm": 62.224316656205836,
  "snrd_total": 57.30104406140945,
  "snrd_wm": 87.67836708905573,
  "spacing_x": 1.0,
  "spacing_y": 1.0,
  "spacing_z": 1.0,
  "summary_bg_k": 112.86653148444228,
  "summary_bg_mad": 0.0,
  "summary_bg_mean": 3.787405322193974,
  "summary_bg_median": 0.0,
  "summary_bg_n": 3190652.0,
  "summary_bg_p05": 0.0,
  "summary_bg_p95": 18.10395957902074,
  "summary_bg_stdv": 7.471724564232615,
  "summary_csf_k": 1.115698448039943,
  "summary_csf_mad": 103.71803641387967,
  "summary_csf_mean": 261.5937443536164,
  "summary_csf_median": 250.91155219823122,
  "summary_csf_n": 49287.0,
  "summary_csf_p05": 90.40532320924105,
  "summary_csf_p95": 467.7774848602712,
  "summary_csf_stdv": 114.35778561359139,
  "summary_gm_k": 0.1786514341104004,
  "summary_gm_mad": 60.407898784083855,
  "summary_gm_mean": 709.7471581736596,
  "summary_gm_median": 709.6582562848926,
  "summary_gm_n": 28924.0,
  "summary_gm_p05": 606.6013603862375,
  "summary_gm_p95": 812.3335698973386,
  "summary_gm_stdv": 62.277773755360805,
  "summary_wm_k": 0.535890258923692,
  "summary_wm_mad": 38.972837925215394,
  "summary_wm_mean": 999.2052361228575,
  "summary_wm_median": 999.9575800262392,
  "summary_wm_n": 198608.0,
  "summary_wm_p05": 930.1280216500163,
  "summary_wm_p95": 1065.7593253813684,
  "summary_wm_stdv": 41.37119089596542,
  "tpm_overlap_csf": 0.16541090675498807,
  "tpm_overlap_gm": 0.4582831954115866,
  "tpm_overlap_wm": 0.5184938606590814,
  "wm2max": 0.5488457600297868
}