{
  "aor": 0.0018164328358208953,
  "aqi": 0.006017766940298507,
  "bids_meta": {
    "AccelFactPE": 2,
    "AcquisitionNumber": 1,
    "AcquisitionTime": "17:55:13.107500",
    "BandwidthPerPixelPhaseEncode": 22.894,
    "BodyPartExamined": "BRAIN",
    "ConversionSoftware": "dcm2niix",
    "ConversionSoftwareVersion": "v1.0.20170724 (OpenJPEG build) GCC6.1.0",
    "DeviceSerialNumber": "167045",
    "EchoTime": 0.027,
    "EchoTrainLength": 74,
    "EffectiveEchoSpacing": 0.000519995,
    "FlipAngle": 66,
    "ImageType": [
      "ORIGINAL",
      "PRIMARY",
      "M",
      "ND",
      "NORM",
      "MOSAIC"
    ],
    "InstitutionAddress": "De_Pintelaan_185_Gent_District_BE_9000",
    "InstitutionName": "UGent",
    "MagneticFieldStrength": 3,
    "Manufacturer": "Siemens",
    "ManufacturersModelName": "Prisma_fit",
    "PhaseEncodingDirection": "j-",
    "PhaseEncodingLines": 84,
    "ProcedureStepDescription": "MR_hersenen_(structuur_alleen)_O",
    "ProtocolName": "ep2d_bold_TASK_BETTING",
    "RepetitionTime": 1.72,
    "ScanningSequence": "EP",
    "SequenceName": "_epfid2d1_84",
    "SequenceVariant": "SK",
    "SeriesDescription": "ep2d_bold_TASK_BETTING",
    "SliceTiming": [
      1.2425,
      0,
      0.85,
      0.0675,
      0.9175,
      0.1325,
      0.9825,
      0.1975,
      1.0475,
      0.2625,
      1.1125,
      0.3275,
      1.1775,
      0.4575,
      1.3075,
      0.525,
      1.375,
      0.59,
      1.44,
      0.655,
      1.505,
      0.72,
      1.57,
      0.785,
      1.635,
      0.3925,
      1.2425,
      0,
      0.85,
      0.0675,
      0.9175,
      0.1325,
      0.9825,
      0.1975,
      1.0475,
      0.2625,
      1.1125,
      0.3275,
      1.1775,
      0.4575,
      1.3075,
      0.525,
      1.375,
      0.59,
      1.44,
      0.655,
      1.505,
      0.72,
      1.57,
      0.785,
      1.635,
      0.3925
    ],
    "SoftwareVersions": "syngo_MR_E11",
    "TaskName": "cueexposure",
    "TotalReadoutTime": 0.0374396,
    "TrueEchoSpacing": 0.00103999,
    "dataset": "ds002513",
    "modality": "bold",
    "subject_id": "47",
    "task_id": "cueexposure"
  },
  "dummy_trs": 0,
  "dvars_nstd": 22.048321571539613,
  "dvars_std": 1.2515707825411055,
  "dvars_vstd": 1.0313072094170406,
  "efc": 0.558870803904323,
  "fber": 3236.9443359375,
  "fd_mean": 0.12188698649809133,
  "fd_num": 81,
  "fd_perc": 12.08955223880597,
  "fwhm_avg": 2.0494946666666665,
  "fwhm_x": 1.8916799999999998,
  "fwhm_y": 2.204408,
  "fwhm_z": 2.052396,
  "gcor": 0.0506779,
  "gsr_x": 0.008233662694692612,
  "gsr_y": 0.058518897742033005,
  "provenance": {
    "md5sum": "4863e5fc95c829fc842112bcbefe7cee",
    "settings": {
      "fd_thres": 0.2,
      "testing": false
    },
    "software": "mriqc",
    "version": "23.0.1",
    "webapi_port": null,
    "webapi_url": "https://mriqc.nimh.nih.gov/api/v1"
  },
  "size_t": 670,
  "size_x": 84,
  "size_y": 84,
  "size_z": 52,
  "snr": 5.63916271805649,
  "spacing_tr": 1.7200000286102295,
  "spacing_x": 2.5,
  "spacing_y": 2.5,
  "spacing_z": 2.5,
  "summary_bg_k": 20.00768221697259,
  "summary_bg_mad": 13.71075063782163,
  "summary_bg_mean": 59.483421325683594,
  "summary_bg_median": 17.12686538696289,
  "summary_bg_n": 220487.0,
  "summary_bg_p05": 5.377612113952637,
  "summary_bg_p95": 287.25702209472615,
  "summary_bg_stdv": 113.19237518310547,
  "summary_fg_k": 1.5092607475084145,
  "summary_fg_mad": 168.23553582283807,
  "summary_fg_mean": 1002.6220092773438,
  "summary_fg_median": 989.353759765625,
  "summary_fg_n": 86763.0,
  "summary_fg_p05": 750.384619140625,
  "summary_fg_p95": 1296.858544921875,
  "summary_fg_stdv": 175.44236755371094,
  "tsnr": 70.23280162224546
}