{
  "bids_meta": {
    "AcquisitionNumber": 1,
    "AcquisitionTime": "11:46:56.925000",
    "BodyPartExamined": "BRAIN",
    "ConversionSoftware": "dcm2niix",
    "ConversionSoftwareVersion": "v1.0.20170724 (OpenJPEG build) GCC6.1.0",
    "DeviceSerialNumber": "167045",
    "EchoTime": 0.005,
    "FlipAngle": 40,
    "ImageType": [
      "ORIGINAL",
      "PRIMARY",
      "M",
      "ND",
      "NORM"
    ],
    "InstitutionAddress": "De_Pintelaan_185_Gent_District_BE_9000",
    "InstitutionName": "UGent",
    "MagneticFieldStrength": 3,
    "Manufacturer": "Siemens",
    "ManufacturersModelName": "Prisma_fit",
    "PhaseEncodingDirection": "i-",
    "PhaseEncodingLines": 128,
    "ProcedureStepDescription": "MR_hersenen_(structuur_alleen)_O",
    "ProtocolName": "localizer",
    "RepetitionTime": 0.02,
    "ScanningSequence": "GR",
    "SequenceName": "_fl2d1",
    "SequenceVariant": "SP",
    "SeriesDescription": "localizer",
    "SoftwareVersions": "syngo_MR_E11",
    "dataset": "ds002513",
    "modality": "T1w",
    "subject_id": "20"
  },
  "cjv": 0.35810371732293617,
  "cnr": 3.700712761510486,
  "efc": 0.5170725123475363,
  "fber": -1.0,
  "fwhm_avg": 4.026920080523893,
  "fwhm_x": 4.052900241571679,
  "fwhm_y": 4.29617,
  "fwhm_z": 3.73169,
  "icvs_csf": 0.18300108021548794,
  "icvs_gm": 0.4372404001956968,
  "icvs_wm": 0.37975851958881524,
  "inu_med": 0.5204704999923706,
  "inu_range": 0.26336556673049927,
  "provenance": {
    "md5sum": "0704e41b8870674c9e3439f5b3c16d48",
    "settings": {
      "testing": false
    },
    "software": "mriqc",
    "version": "23.0.1",
    "warnings": {
      "large_rot_frame": true,
      "small_air_mask": false
    },
    "webapi_port": null,
    "webapi_url": "https://mriqc.nimh.nih.gov/api/v1"
  },
  "qi_1": 1.8621889712124207e-06,
  "qi_2": 0.004716759926385511,
  "rpve_csf": 26.57886276920222,
  "rpve_gm": 12.04240570630318,
  "rpve_wm": 15.785220469054943,
  "size_x": 176,
  "size_y": 256,
  "size_z": 256,
  "snr_csf": 2.101841952531193,
  "snr_gm": 10.990770415246615,
  "snr_total": 11.919132850191831,
  "snr_wm": 22.664786182797688,
  "snrd_csf": 20.550011704088355,
  "snrd_gm": 59.24547666651672,
  "snrd_total": 54.442541159199344,
  "snrd_wm": 83.53213510699292,
  "spacing_x": 0.9999999403953552,
  "spacing_y": 1.0,
  "spacing_z": 1.0,
  "summary_bg_k": 22.55746513427123,
  "summary_bg_mad": 0.0,
  "summary_bg_mean": 3.7071812721482007,
  "summary_bg_median": 0.0,
  "summary_bg_n": 3516688.0,
  "summary_bg_p05": 0.0,
  "summary_bg_p95": 18.796713694930077,
  "summary_bg_stdv": 7.843216504707435,
  "summary_csf_k": 0.4509044676413487,
  "summary_csf_mad": 107.7966872432496,
  "summary_csf_mean": 245.1379612688495,
  "summary_csf_median": 246.02234125509858,
  "summary_csf_n": 38270.0,
  "summary_csf_p05": 59.181897085346286,
  "summary_csf_p95": 452.5882343830536,
  "summary_csf_stdv": 117.04929889718295,
  "summary_gm_k": 0.2496390184666537,
  "summary_gm_mad": 62.319102650550406,
  "summary_gm_mean": 710.0467431845581,
  "summary_gm_median": 709.2799307443202,
  "summary_gm_n": 46189.0,
  "summary_gm_p05": 605.675996992737,
  "summary_gm_p95": 818.2120668031275,
  "summary_gm_stdv": 64.53344268760445,
  "summary_wm_k": 0.48091564122931185,
  "summary_wm_mad": 41.80207413707694,
  "summary_wm_mean": 1000.6849319216584,
  "summary_wm_median": 1000.0369705371559,
  "summary_wm_n": 238587.0,
  "summary_wm_p05": 929.3753875780851,
  "summary_wm_p95": 1073.9657775498927,
  "summary_wm_stdv": 44.122846194988455,
  "tpm_overlap_csf": 0.1430166916552975,
  "tpm_overlap_gm": 0.44963178610922816,
  "tpm_overlap_wm": 0.5001324269701001,
  "wm2max": 0.5361648944611966
}