{
  "aor": 0.0004978325859491778,
  "aqi": 0.011863981808669655,
  "bids_meta": {
    "AccelFactPE": 2,
    "AcquisitionNumber": 1,
    "AcquisitionTime": "17:45:46.842500",
    "BandwidthPerPixelPhaseEncode": 22.894,
    "BodyPartExamined": "BRAIN",
    "ConversionSoftware": "dcm2niix",
    "ConversionSoftwareVersion": "v1.0.20170724 (OpenJPEG build) GCC6.1.0",
    "DeviceSerialNumber": "167045",
    "EchoTime": 0.027,
    "EchoTrainLength": 74,
    "EffectiveEchoSpacing": 0.000519995,
    "FlipAngle": 66,
    "ImageType": [
      "ORIGINAL",
      "PRIMARY",
      "M",
      "ND",
      "NORM",
      "MOSAIC"
    ],
    "InstitutionAddress": "De_Pintelaan_185_Gent_District_BE_9000",
    "InstitutionName": "UGent",
    "MagneticFieldStrength": 3,
    "Manufacturer": "Siemens",
    "ManufacturersModelName": "Prisma_fit",
    "PhaseEncodingDirection": "j-",
    "PhaseEncodingLines": 84,
    "ProcedureStepDescription": "MR_hersenen_(structuur_alleen)_O",
    "ProtocolName": "ep2d_bold_TASK_BETTING",
    "RepetitionTime": 1.72,
    "ScanningSequence": "EP",
    "SequenceName": "_epfid2d1_84",
    "SequenceVariant": "SK",
    "SeriesDescription": "ep2d_bold_TASK_BETTING",
    "SliceTiming": [
      1.2425,
      0,
      0.85,
      0.065,
      0.915,
      0.13,
      0.98,
      0.195,
      1.045,
      0.26,
      1.11,
      0.3275,
      1.1775,
      0.4575,
      1.3075,
      0.5225,
      1.3725,
      0.5875,
      1.4375,
      0.6525,
      1.5025,
      0.7175,
      1.5675,
      0.785,
      1.635,
      0.3925,
      1.2425,
      0,
      0.85,
      0.065,
      0.915,
      0.13,
      0.98,
      0.195,
      1.045,
      0.26,
      1.11,
      0.3275,
      1.1775,
      0.4575,
      1.3075,
      0.5225,
      1.3725,
      0.5875,
      1.4375,
      0.6525,
      1.5025,
      0.7175,
      1.5675,
      0.785,
      1.635,
      0.3925
    ],
    "SoftwareVersions": "syngo_MR_E11",
    "TaskName": "cueexposure",
    "TotalReadoutTime": 0.0374396,
    "TrueEchoSpacing": 0.00103999,
    "dataset": "ds002513",
    "modality": "bold",
    "subject_id": "67",
    "task_id": "cueexposure"
  },
  "dummy_trs": 1,
  "dvars_nstd": 21.40378135703592,
  "dvars_std": 1.0621181610179642,
  "dvars_vstd": 0.9297322041017949,
  "efc": 0.5425540524571236,
  "fber": 2746.056396484375,
  "fd_mean": 0.11149776890684208,
  "fd_num": 59,
  "fd_perc": 8.819133034379671,
  "fwhm_avg": 1.9713239999999999,
  "fwhm_x": 1.850912,
  "fwhm_y": 2.131204,
  "fwhm_z": 1.9318560000000002,
  "gcor": 0.0177495,
  "gsr_x": 0.00814290065318346,
  "gsr_y": 0.038446225225925446,
  "provenance": {
    "md5sum": "9674e465c3a2789b5cc04761bc526942",
    "settings": {
      "fd_thres": 0.2,
      "testing": false
    },
    "software": "mriqc",
    "version": "23.0.1",
    "webapi_port": null,
    "webapi_url": "https://mriqc.nimh.nih.gov/api/v1"
  },
  "size_t": 669,
  "size_x": 84,
  "size_y": 84,
  "size_z": 52,
  "snr": 5.954273318100844,
  "spacing_tr": 1.7200000286102295,
  "spacing_x": 2.5,
  "spacing_y": 2.5,
  "spacing_z": 2.5,
  "summary_bg_k": 20.50822822178281,
  "summary_bg_mad": 13.035376360426758,
  "summary_bg_mean": 56.5539665222168,
  "summary_bg_median": 18.077728271484375,
  "summary_bg_n": 229190.0,
  "summary_bg_p05": 7.732436656951904,
  "summary_bg_p95": 238.0263778686523,
  "summary_bg_stdv": 100.00650024414062,
  "summary_fg_k": 1.9917324686414206,
  "summary_fg_mad": 156.42675031817953,
  "summary_fg_mean": 974.1568603515625,
  "summary_fg_median": 966.1240844726562,
  "summary_fg_n": 77159.0,
  "summary_fg_p05": 739.6487426757812,
  "summary_fg_p95": 1235.910815429687,
  "summary_fg_stdv": 162.25621032714844,
  "tsnr": 52.6792758917436
}