{
  "bids_meta": {
    "AccelFactPE": 2,
    "AcquisitionNumber": 1,
    "AcquisitionTime": "16:19:29.080000",
    "BodyPartExamined": "BRAIN",
    "ConversionSoftware": "dcm2niix",
    "ConversionSoftwareVersion": "v1.0.20170724 (OpenJPEG build) GCC6.1.0",
    "DeviceSerialNumber": "167045",
    "EchoTime": 0.00418,
    "FlipAngle": 9,
    "ImageType": [
      "ORIGINAL",
      "PRIMARY",
      "M",
      "ND",
      "NORM"
    ],
    "InstitutionAddress": "De_Pintelaan_185_Gent_District_BE_9000",
    "InstitutionName": "UZ_Gent",
    "InversionTime": 0.9,
    "MagneticFieldStrength": 3,
    "Manufacturer": "Siemens",
    "ManufacturersModelName": "Prisma_fit",
    "PhaseEncodingDirection": "i-",
    "PhaseEncodingLines": 256,
    "ProcedureStepDescription": "MR_hersenen_(structuur_alleen)_O",
    "ProtocolName": "T1_mprage",
    "RepetitionTime": 2.25,
    "ScanningSequence": "GR_IR",
    "SequenceName": "_tfl3d1_16ns",
    "SequenceVariant": "SK_SP_MP",
    "SeriesDescription": "T1_mprage",
    "SoftwareVersions": "syngo_MR_E11",
    "dataset": "ds002513",
    "modality": "T1w",
    "subject_id": "55"
  },
  "cjv": 0.36226295160370503,
  "cnr": 3.6898926431959995,
  "efc": 0.5254631441713474,
  "fber": 56526.28802210649,
  "fwhm_avg": 4.070086666666667,
  "fwhm_x": 4.09625,
  "fwhm_y": 4.33332,
  "fwhm_z": 3.78069,
  "icvs_csf": 0.23644944578493698,
  "icvs_gm": 0.4137630537795958,
  "icvs_wm": 0.3497875004354672,
  "inu_med": 0.48917004466056824,
  "inu_range": 0.22202343344688408,
  "provenance": {
    "md5sum": "a0bbf0ebc46324db086071364ae9e53d",
    "settings": {
      "testing": false
    },
    "software": "mriqc",
    "version": "23.0.1",
    "warnings": {
      "large_rot_frame": true,
      "small_air_mask": false
    },
    "webapi_port": null,
    "webapi_url": "https://mriqc.nimh.nih.gov/api/v1"
  },
  "qi_1": 0.0,
  "qi_2": 0.007984212610861166,
  "rpve_csf": 20.829177783520727,
  "rpve_gm": 11.894221090278984,
  "rpve_wm": 16.53953594485284,
  "size_x": 176,
  "size_y": 256,
  "size_z": 256,
  "snr_csf": 2.3585570876741317,
  "snr_gm": 10.291580011936041,
  "snr_total": 12.882004536529442,
  "snr_wm": 25.995876509978146,
  "snrd_csf": 32.52577068013909,
  "snrd_gm": 88.7422431448964,
  "snrd_total": 82.17952719636747,
  "snrd_wm": 125.27056776406691,
  "spacing_x": 1.0,
  "spacing_y": 1.0,
  "spacing_z": 1.0,
  "summary_bg_k": 18.014652045385493,
  "summary_bg_mad": 0.0,
  "summary_bg_mean": 2.4941527991642864,
  "summary_bg_median": 0.0,
  "summary_bg_n": 2788682.0,
  "summary_bg_p05": 0.0,
  "summary_bg_p95": 11.995084833353758,
  "summary_bg_stdv": 5.22977132045751,
  "summary_csf_k": 0.39326331832337624,
  "summary_csf_mad": 103.53500568515273,
  "summary_csf_mean": 255.54044356300258,
  "summary_csf_median": 259.6441636867821,
  "summary_csf_n": 63601.0,
  "summary_csf_p05": 72.93225299566984,
  "summary_csf_p95": 435.8036055378616,
  "summary_csf_stdv": 110.08515496192398,
  "summary_gm_k": 0.051565217315773904,
  "summary_gm_mad": 68.12555844623668,
  "summary_gm_mean": 708.0767847304098,
  "summary_gm_median": 708.4045980535448,
  "summary_gm_n": 39526.0,
  "summary_gm_p05": 592.5411617010832,
  "summary_gm_p95": 821.1356876427308,
  "summary_gm_stdv": 68.83254426696473,
  "summary_wm_k": 0.49301696275071727,
  "summary_wm_mad": 37.508665028247755,
  "summary_wm_mean": 998.7025649174217,
  "summary_wm_median": 1000.000034481287,
  "summary_wm_n": 215658.0,
  "summary_wm_p05": 933.345832567662,
  "summary_wm_p95": 1058.1361232565714,
  "summary_wm_stdv": 38.46755140604449,
  "tpm_overlap_csf": 0.16189016262175793,
  "tpm_overlap_gm": 0.46190984837798543,
  "tpm_overlap_wm": 0.5109962637911871,
  "wm2max": 0.7567982855178828
}