{
  "bids_meta": {
    "AccelFactPE": 2,
    "AcquisitionNumber": 1,
    "AcquisitionTime": "16:08:52.830000",
    "BodyPartExamined": "BRAIN",
    "ConversionSoftware": "dcm2niix",
    "ConversionSoftwareVersion": "v1.0.20170724 (OpenJPEG build) GCC6.1.0",
    "DeviceSerialNumber": "167045",
    "EchoTime": 0.00418,
    "FlipAngle": 9,
    "ImageType": [
      "ORIGINAL",
      "PRIMARY",
      "M",
      "ND",
      "NORM"
    ],
    "InstitutionAddress": "De_Pintelaan_185_Gent_District_BE_9000",
    "InstitutionName": "UGent",
    "InversionTime": 0.9,
    "MagneticFieldStrength": 3,
    "Manufacturer": "Siemens",
    "ManufacturersModelName": "Prisma_fit",
    "PhaseEncodingDirection": "i-",
    "PhaseEncodingLines": 256,
    "ProcedureStepDescription": "MR_hersenen_(structuur_alleen)_O",
    "ProtocolName": "T1_mprage",
    "RepetitionTime": 2.25,
    "ScanningSequence": "GR_IR",
    "SequenceName": "_tfl3d1_16ns",
    "SequenceVariant": "SK_SP_MP",
    "SeriesDescription": "T1_mprage",
    "SoftwareVersions": "syngo_MR_E11",
    "dataset": "ds002513",
    "modality": "T1w",
    "subject_id": "45"
  },
  "cjv": 0.318593841983933,
  "cnr": 4.0494934945827765,
  "efc": 0.5089132072874242,
  "fber": 28583.975492506364,
  "fwhm_avg": 3.82267,
  "fwhm_x": 3.94415,
  "fwhm_y": 3.93849,
  "fwhm_z": 3.58537,
  "icvs_csf": 0.20550476761661934,
  "icvs_gm": 0.4365878569673098,
  "icvs_wm": 0.3579073754160708,
  "inu_med": 0.4850764572620392,
  "inu_range": 0.21182503849267958,
  "provenance": {
    "md5sum": "36f7ad308dcec271410e677dde13d151",
    "settings": {
      "testing": false
    },
    "software": "mriqc",
    "version": "23.0.1",
    "warnings": {
      "large_rot_frame": true,
      "small_air_mask": false
    },
    "webapi_port": null,
    "webapi_url": "https://mriqc.nimh.nih.gov/api/v1"
  },
  "qi_1": 5.8826224854884995e-06,
  "qi_2": 0.01655683934195833,
  "rpve_csf": 24.625964621064377,
  "rpve_gm": 12.33897849316628,
  "rpve_wm": 17.440411456121847,
  "size_x": 176,
  "size_y": 256,
  "size_z": 256,
  "snr_csf": 2.167357623488128,
  "snr_gm": 10.223858147973107,
  "snr_total": 12.71815570947932,
  "snr_wm": 25.76325135697672,
  "snrd_csf": 32.62946773333659,
  "snrd_gm": 87.94689964315046,
  "snrd_total": 82.95315641338671,
  "snrd_wm": 128.28310186367307,
  "spacing_x": 1.0,
  "spacing_y": 1.0,
  "spacing_z": 1.0,
  "summary_bg_k": 14.305063728806712,
  "summary_bg_mad": 0.0,
  "summary_bg_mean": 2.7478060905523725,
  "summary_bg_median": 0.0,
  "summary_bg_n": 2999980.0,
  "summary_bg_p05": 0.0,
  "summary_bg_p95": 12.904150485992432,
  "summary_bg_stdv": 5.106957757911806,
  "summary_csf_k": 1.249367996844982,
  "summary_csf_mad": 97.09348985269729,
  "summary_csf_mean": 257.9057574519064,
  "summary_csf_median": 254.35514402389526,
  "summary_csf_n": 37589.0,
  "summary_csf_p05": 61.30905275344849,
  "summary_csf_p95": 459.55981264114365,
  "summary_csf_stdv": 117.3556951897907,
  "summary_gm_k": 0.2136577436272793,
  "summary_gm_mad": 64.3038438542768,
  "summary_gm_mean": 686.7251748169665,
  "summary_gm_median": 685.568839430809,
  "summary_gm_n": 47933.0,
  "summary_gm_p05": 577.2313271284104,
  "summary_gm_p95": 799.6988815069199,
  "summary_gm_stdv": 67.0550860689797,
  "summary_wm_k": 0.7445700693754875,
  "summary_wm_mad": 35.87197900961723,
  "summary_wm_mean": 999.083455220097,
  "summary_wm_median": 999.9999729394913,
  "summary_wm_n": 215006.0,
  "summary_wm_p05": 933.6511325240135,
  "summary_wm_p95": 1060.5061007738113,
  "summary_wm_stdv": 38.814885340531845,
  "tpm_overlap_csf": 0.15764251338715052,
  "tpm_overlap_gm": 0.45517519647024984,
  "tpm_overlap_wm": 0.49912724762783056,
  "wm2max": 0.5925553674098512
}