{
  "bids_meta": {
    "AccelFactPE": 2,
    "AcquisitionNumber": 1,
    "AcquisitionTime": "12:43:0.415000",
    "BodyPartExamined": "BRAIN",
    "ConversionSoftware": "dcm2niix",
    "ConversionSoftwareVersion": "v1.0.20170724 (OpenJPEG build) GCC6.1.0",
    "DeviceSerialNumber": "167045",
    "EchoTime": 0.00418,
    "FlipAngle": 9,
    "ImageType": [
      "ORIGINAL",
      "PRIMARY",
      "M",
      "ND",
      "NORM"
    ],
    "InstitutionAddress": "De_Pintelaan_185_Gent_District_BE_9000",
    "InstitutionName": "UGent",
    "InversionTime": 0.9,
    "MagneticFieldStrength": 3,
    "Manufacturer": "Siemens",
    "ManufacturersModelName": "Prisma_fit",
    "PhaseEncodingDirection": "i-",
    "PhaseEncodingLines": 256,
    "ProcedureStepDescription": "MR_hersenen_(structuur_alleen)_O",
    "ProtocolName": "T1_mprage",
    "RepetitionTime": 2.25,
    "ScanningSequence": "GR_IR",
    "SequenceName": "_tfl3d1_16ns",
    "SequenceVariant": "SK_SP_MP",
    "SeriesDescription": "T1_mprage",
    "SoftwareVersions": "syngo_MR_E11",
    "dataset": "ds002513",
    "modality": "T1w",
    "subject_id": "61"
  },
  "cjv": 0.34320135193166473,
  "cnr": 3.894728494984574,
  "efc": 0.563547530845464,
  "fber": 19885.24082763299,
  "fwhm_avg": 4.1607433333333335,
  "fwhm_x": 4.11826,
  "fwhm_y": 4.47641,
  "fwhm_z": 3.88756,
  "icvs_csf": 0.2187827907310925,
  "icvs_gm": 0.42873980290249936,
  "icvs_wm": 0.3524774063664082,
  "inu_med": 0.6109319925308228,
  "inu_range": 0.31596739590167994,
  "provenance": {
    "md5sum": "b8cdb27dfe6c377cb7ec0e0df556cd1e",
    "settings": {
      "testing": false
    },
    "software": "mriqc",
    "version": "23.0.1",
    "warnings": {
      "large_rot_frame": true,
      "small_air_mask": false
    },
    "webapi_port": null,
    "webapi_url": "https://mriqc.nimh.nih.gov/api/v1"
  },
  "qi_1": 0.0002404433558540575,
  "qi_2": 0.00788178118235683,
  "rpve_csf": 21.664939459430816,
  "rpve_gm": 11.30180732064888,
  "rpve_wm": 15.644473162393162,
  "size_x": 176,
  "size_y": 256,
  "size_z": 256,
  "snr_csf": 1.8006653388267624,
  "snr_gm": 11.08489530425741,
  "snr_total": 11.318453503276567,
  "snr_wm": 21.069799866745534,
  "snrd_csf": 19.685369874299624,
  "snrd_gm": 61.410242862333064,
  "snrd_total": 56.57207131910829,
  "snrd_wm": 88.62060122069218,
  "spacing_x": 1.0,
  "spacing_y": 1.0,
  "spacing_z": 1.0,
  "summary_bg_k": 17.55844191365043,
  "summary_bg_mad": 0.0,
  "summary_bg_mean": 3.9027185700276292,
  "summary_bg_median": 0.0,
  "summary_bg_n": 3079567.0,
  "summary_bg_p05": 0.0,
  "summary_bg_p95": 16.732810467481613,
  "summary_bg_stdv": 7.392861038974658,
  "summary_csf_k": 0.8734518181936677,
  "summary_csf_mad": 128.81129843555652,
  "summary_csf_mean": 236.29543169071837,
  "summary_csf_median": 222.1387851163745,
  "summary_csf_n": 52606.0,
  "summary_csf_p05": 65.21505618095398,
  "summary_csf_p95": 453.93111473321915,
  "summary_csf_stdv": 123.36366395906938,
  "summary_gm_k": 0.1924126218525486,
  "summary_gm_mad": 61.066097036115686,
  "summary_gm_mean": 692.1497869366742,
  "summary_gm_median": 692.9814796596766,
  "summary_gm_n": 34589.0,
  "summary_gm_p05": 588.2870018586516,
  "summary_gm_p95": 793.4355486541986,
  "summary_gm_stdv": 62.51493074122013,
  "summary_wm_k": 0.6953972060080988,
  "summary_wm_mad": 44.31532736301451,
  "summary_wm_mean": 999.6788978060935,
  "summary_wm_median": 1000.0357025116682,
  "summary_wm_n": 211509.0,
  "summary_wm_p05": 921.4844533726573,
  "summary_wm_p95": 1076.2629501968622,
  "summary_wm_stdv": 47.46287790028929,
  "tpm_overlap_csf": 0.1679997078624101,
  "tpm_overlap_gm": 0.4693677620106144,
  "tpm_overlap_wm": 0.5071814183067213,
  "wm2max": 0.6002296302165757
}