{
  "bids_meta": {
    "AccelFactPE": 2,
    "AcquisitionNumber": 1,
    "AcquisitionTime": "12:35:21.377500",
    "BodyPartExamined": "BRAIN",
    "ConversionSoftware": "dcm2niix",
    "ConversionSoftwareVersion": "v1.0.20170724 (OpenJPEG build) GCC6.1.0",
    "DeviceSerialNumber": "167045",
    "EchoTime": 0.00418,
    "FlipAngle": 9,
    "ImageType": [
      "ORIGINAL",
      "PRIMARY",
      "M",
      "ND",
      "NORM"
    ],
    "InstitutionAddress": "De_Pintelaan_185_Gent_District_BE_9000",
    "InstitutionName": "UGent",
    "InversionTime": 0.9,
    "MagneticFieldStrength": 3,
    "Manufacturer": "Siemens",
    "ManufacturersModelName": "Prisma_fit",
    "PhaseEncodingDirection": "i-",
    "PhaseEncodingLines": 256,
    "ProcedureStepDescription": "MR_hersenen_(structuur_alleen)_O",
    "ProtocolName": "T1_mprage",
    "RepetitionTime": 2.25,
    "ScanningSequence": "GR_IR",
    "SequenceName": "_tfl3d1_16ns",
    "SequenceVariant": "SK_SP_MP",
    "SeriesDescription": "T1_mprage",
    "SoftwareVersions": "syngo_MR_E11",
    "dataset": "ds002513",
    "modality": "T1w",
    "subject_id": "31"
  },
  "cjv": 0.36313326107870014,
  "cnr": 3.6982690476543008,
  "efc": 0.5255994605427129,
  "fber": -1.0,
  "fwhm_avg": 4.241886666666667,
  "fwhm_x": 4.3047,
  "fwhm_y": 4.42322,
  "fwhm_z": 3.99774,
  "icvs_csf": 0.2173881544109202,
  "icvs_gm": 0.4159667227138106,
  "icvs_wm": 0.36664512287526924,
  "inu_med": 0.4821080267429352,
  "inu_range": 0.2154218018054962,
  "provenance": {
    "md5sum": "93d792f07b1d36f6707b57951b7d9919",
    "settings": {
      "testing": false
    },
    "software": "mriqc",
    "version": "23.0.1",
    "warnings": {
      "large_rot_frame": true,
      "small_air_mask": false
    },
    "webapi_port": null,
    "webapi_url": "https://mriqc.nimh.nih.gov/api/v1"
  },
  "qi_1": 3.425265464869689e-05,
  "qi_2": 0.019736299335541392,
  "rpve_csf": 20.220137091870644,
  "rpve_gm": 10.721725667562165,
  "rpve_wm": 14.349488110239676,
  "size_x": 176,
  "size_y": 256,
  "size_z": 256,
  "snr_csf": 2.2265279442088532,
  "snr_gm": 10.517532045412953,
  "snr_total": 12.839717872501042,
  "snr_wm": 25.775093627881322,
  "snrd_csf": 30.435945918335698,
  "snrd_gm": 95.5763753045403,
  "snrd_total": 86.80364834180266,
  "snrd_wm": 134.39862380253192,
  "spacing_x": 1.0,
  "spacing_y": 1.0,
  "spacing_z": 1.0,
  "summary_bg_k": 16.698740959171634,
  "summary_bg_mad": 0.0,
  "summary_bg_mean": 2.5848464327720078,
  "summary_bg_median": 0.0,
  "summary_bg_n": 3430856.0,
  "summary_bg_p05": 0.0,
  "summary_bg_p95": 11.09393716789782,
  "summary_bg_stdv": 4.874698307522217,
  "summary_csf_k": 0.9994435202397254,
  "summary_csf_mad": 100.94203052967364,
  "summary_csf_mean": 231.2994950999131,
  "summary_csf_median": 226.46589940041304,
  "summary_csf_n": 66639.0,
  "summary_csf_p05": 85.46071148663759,
  "summary_csf_p95": 411.9216265734285,
  "summary_csf_stdv": 101.71181582681373,
  "summary_gm_k": 0.004257630774874066,
  "summary_gm_mad": 67.34396910474749,
  "summary_gm_mean": 712.8421597458456,
  "summary_gm_median": 711.1587677560747,
  "summary_gm_n": 42633.0,
  "summary_gm_p05": 604.9810634907335,
  "summary_gm_p95": 827.2836201786995,
  "summary_gm_stdv": 67.61571290332867,
  "summary_wm_k": 0.29361008093379404,
  "summary_wm_mad": 37.552948743371815,
  "summary_wm_mean": 999.8260703273638,
  "summary_wm_median": 1000.0249474514276,
  "summary_wm_n": 257189.0,
  "summary_wm_p05": 935.3061589393765,
  "summary_wm_p95": 1062.3504371587187,
  "summary_wm_stdv": 38.79803572172904,
  "tpm_overlap_csf": 0.16519898201807745,
  "tpm_overlap_gm": 0.45617731658629074,
  "tpm_overlap_wm": 0.5065558983288723,
  "wm2max": 0.8063455107995223
}