{
  "aor": 0.0013149402985074628,
  "aqi": 0.0064113895970149245,
  "bids_meta": {
    "AccelFactPE": 2,
    "AcquisitionNumber": 1,
    "AcquisitionTime": "15:35:31.727500",
    "BandwidthPerPixelPhaseEncode": 22.894,
    "BodyPartExamined": "BRAIN",
    "ConversionSoftware": "dcm2niix",
    "ConversionSoftwareVersion": "v1.0.20170724 (OpenJPEG build) GCC6.1.0",
    "DeviceSerialNumber": "167045",
    "EchoTime": 0.027,
    "EchoTrainLength": 74,
    "EffectiveEchoSpacing": 0.000519995,
    "FlipAngle": 66,
    "ImageType": [
      "ORIGINAL",
      "PRIMARY",
      "M",
      "ND",
      "NORM",
      "MOSAIC"
    ],
    "InstitutionAddress": "De_Pintelaan_185_Gent_District_BE_9000",
    "InstitutionName": "UZ_Gent",
    "MagneticFieldStrength": 3,
    "Manufacturer": "Siemens",
    "ManufacturersModelName": "Prisma_fit",
    "PhaseEncodingDirection": "j-",
    "PhaseEncodingLines": 84,
    "ProcedureStepDescription": "MR_hersenen_(structuur_alleen)_O",
    "ProtocolName": "ep2d_bold_TASK_BETTING",
    "RepetitionTime": 1.72,
    "ScanningSequence": "EP",
    "SequenceName": "_epfid2d1_84",
    "SequenceVariant": "SK",
    "SeriesDescription": "ep2d_bold_TASK_BETTING",
    "SliceTiming": [
      1.2425,
      0,
      0.85,
      0.065,
      0.915,
      0.13,
      0.98,
      0.195,
      1.045,
      0.26,
      1.11,
      0.3275,
      1.1775,
      0.4575,
      1.3075,
      0.5225,
      1.3725,
      0.5875,
      1.4375,
      0.6525,
      1.5025,
      0.72,
      1.57,
      0.785,
      1.635,
      0.3925,
      1.2425,
      0,
      0.85,
      0.065,
      0.915,
      0.13,
      0.98,
      0.195,
      1.045,
      0.26,
      1.11,
      0.3275,
      1.1775,
      0.4575,
      1.3075,
      0.5225,
      1.3725,
      0.5875,
      1.4375,
      0.6525,
      1.5025,
      0.72,
      1.57,
      0.785,
      1.635,
      0.3925
    ],
    "SoftwareVersions": "syngo_MR_E11",
    "TaskName": "cueexposure",
    "TotalReadoutTime": 0.0374396,
    "TrueEchoSpacing": 0.00103999,
    "dataset": "ds002513",
    "modality": "bold",
    "subject_id": "54",
    "task_id": "cueexposure"
  },
  "dummy_trs": 0,
  "dvars_nstd": 26.88654028035872,
  "dvars_std": 1.331229978699551,
  "dvars_vstd": 1.01467486387145,
  "efc": 0.5416440745778152,
  "fber": 2278.50634765625,
  "fd_mean": 0.16827069054131133,
  "fd_num": 212,
  "fd_perc": 31.64179104477612,
  "fwhm_avg": 1.9954133333333335,
  "fwhm_x": 1.8750360000000001,
  "fwhm_y": 2.1408639999999997,
  "fwhm_z": 1.9703399999999998,
  "gcor": 0.0388215,
  "gsr_x": 0.00806246418505907,
  "gsr_y": 0.04308698698878288,
  "provenance": {
    "md5sum": "41281c61bbb197007bf47773315b5ae7",
    "settings": {
      "fd_thres": 0.2,
      "testing": false
    },
    "software": "mriqc",
    "version": "23.0.1",
    "webapi_port": null,
    "webapi_url": "https://mriqc.nimh.nih.gov/api/v1"
  },
  "size_t": 670,
  "size_x": 84,
  "size_y": 84,
  "size_z": 52,
  "snr": 5.248096686131441,
  "spacing_tr": 1.7200000286102295,
  "spacing_x": 2.5,
  "spacing_y": 2.5,
  "spacing_z": 2.5,
  "summary_bg_k": 20.316634843420925,
  "summary_bg_mad": 18.409716083812185,
  "summary_bg_mean": 62.01871871948242,
  "summary_bg_median": 21.39328384399414,
  "summary_bg_n": 228636.0,
  "summary_bg_p05": 6.626865863800049,
  "summary_bg_p95": 243.01678848266602,
  "summary_bg_stdv": 111.02545166015625,
  "summary_fg_k": 1.123928917573787,
  "summary_fg_mad": 193.97529843545064,
  "summary_fg_mean": 1055.4813232421875,
  "summary_fg_median": 1038.326904296875,
  "summary_fg_n": 78205.0,
  "summary_fg_p05": 773.011328125,
  "summary_fg_p95": 1390.8773193359375,
  "summary_fg_stdv": 197.84701538085938,
  "tsnr": 63.35262334160507
}