{
  "aor": 0.0010732985074626865,
  "aqi": 0.012672285059701492,
  "bids_meta": {
    "AccelFactPE": 2,
    "AcquisitionNumber": 1,
    "AcquisitionTime": "11:36:14.967500",
    "BandwidthPerPixelPhaseEncode": 22.894,
    "BodyPartExamined": "BRAIN",
    "ConversionSoftware": "dcm2niix",
    "ConversionSoftwareVersion": "v1.0.20170724 (OpenJPEG build) GCC6.1.0",
    "DeviceSerialNumber": "167045",
    "EchoTime": 0.027,
    "EchoTrainLength": 74,
    "EffectiveEchoSpacing": 0.000519995,
    "FlipAngle": 66,
    "ImageType": [
      "ORIGINAL",
      "PRIMARY",
      "M",
      "ND",
      "NORM",
      "MOSAIC"
    ],
    "InstitutionAddress": "De_Pintelaan_185_Gent_District_BE_9000",
    "InstitutionName": "UZ_Gent",
    "MagneticFieldStrength": 3,
    "Manufacturer": "Siemens",
    "ManufacturersModelName": "Prisma_fit",
    "PhaseEncodingDirection": "j-",
    "PhaseEncodingLines": 84,
    "ProcedureStepDescription": "MR_hersenen_(structuur_alleen)_O",
    "ProtocolName": "ep2d_bold_TASK_BETTING",
    "RepetitionTime": 1.72,
    "ScanningSequence": "EP",
    "SequenceName": "_epfid2d1_84",
    "SequenceVariant": "SK",
    "SeriesDescription": "ep2d_bold_TASK_BETTING",
    "SliceTiming": [
      1.24,
      0,
      0.85,
      0.065,
      0.915,
      0.13,
      0.98,
      0.195,
      1.045,
      0.26,
      1.11,
      0.325,
      1.175,
      0.4575,
      1.3075,
      0.5225,
      1.3725,
      0.5875,
      1.4375,
      0.6525,
      1.5025,
      0.7175,
      1.5675,
      0.7825,
      1.6325,
      0.39,
      1.24,
      0,
      0.85,
      0.065,
      0.915,
      0.13,
      0.98,
      0.195,
      1.045,
      0.26,
      1.11,
      0.325,
      1.175,
      0.4575,
      1.3075,
      0.5225,
      1.3725,
      0.5875,
      1.4375,
      0.6525,
      1.5025,
      0.7175,
      1.5675,
      0.7825,
      1.6325,
      0.39
    ],
    "SoftwareVersions": "syngo_MR_E11",
    "TaskName": "cueexposure",
    "TotalReadoutTime": 0.0374396,
    "TrueEchoSpacing": 0.00103999,
    "dataset": "ds002513",
    "modality": "bold",
    "subject_id": "12",
    "task_id": "cueexposure"
  },
  "dummy_trs": 0,
  "dvars_nstd": 26.99178921197312,
  "dvars_std": 1.207466192376682,
  "dvars_vstd": 0.9691424044843048,
  "efc": 0.5725905575030728,
  "fber": 2692.8154296875,
  "fd_mean": 0.15401808314919038,
  "fd_num": 135,
  "fd_perc": 20.149253731343283,
  "fwhm_avg": 2.0328839999999997,
  "fwhm_x": 1.8548839999999998,
  "fwhm_y": 2.18724,
  "fwhm_z": 2.056528,
  "gcor": 0.0217041,
  "gsr_x": -0.011068061925470829,
  "gsr_y": 0.055479563772678375,
  "provenance": {
    "md5sum": "c57745a95cacd20ad6acdd63463544eb",
    "settings": {
      "fd_thres": 0.2,
      "testing": false
    },
    "software": "mriqc",
    "version": "23.0.1",
    "webapi_port": null,
    "webapi_url": "https://mriqc.nimh.nih.gov/api/v1"
  },
  "size_t": 670,
  "size_x": 84,
  "size_y": 84,
  "size_z": 52,
  "snr": 5.727259544353784,
  "spacing_tr": 1.7200000286102295,
  "spacing_x": 2.5,
  "spacing_y": 2.5,
  "spacing_z": 2.5,
  "summary_bg_k": 15.240855135248317,
  "summary_bg_mad": 14.024975900686723,
  "summary_bg_mean": 59.4316291809082,
  "summary_bg_median": 18.435821533203125,
  "summary_bg_n": 213844.0,
  "summary_bg_p05": 7.1673882007598895,
  "summary_bg_p95": 248.44455413818355,
  "summary_bg_stdv": 98.99014282226562,
  "summary_fg_k": 1.1018514072882262,
  "summary_fg_mad": 169.01561226477088,
  "summary_fg_mean": 998.8984985351562,
  "summary_fg_median": 986.826904296875,
  "summary_fg_n": 90154.0,
  "summary_fg_p05": 748.5626831054688,
  "summary_fg_p95": 1290.5396484374994,
  "summary_fg_stdv": 172.30255126953125,
  "tsnr": 52.504382397281006
}