{
  "aor": 0.0009751420029895366,
  "aqi": 0.008587138131539612,
  "bids_meta": {
    "AccelFactPE": 2,
    "AcquisitionNumber": 1,
    "AcquisitionTime": "12:02:45.150000",
    "BandwidthPerPixelPhaseEncode": 22.894,
    "BodyPartExamined": "BRAIN",
    "ConversionSoftware": "dcm2niix",
    "ConversionSoftwareVersion": "v1.0.20170724 (OpenJPEG build) GCC6.1.0",
    "DeviceSerialNumber": "167045",
    "EchoTime": 0.027,
    "EchoTrainLength": 74,
    "EffectiveEchoSpacing": 0.000519995,
    "FlipAngle": 66,
    "ImageType": [
      "ORIGINAL",
      "PRIMARY",
      "M",
      "ND",
      "NORM",
      "MOSAIC"
    ],
    "InstitutionAddress": "De_Pintelaan_185_Gent_District_BE_9000",
    "InstitutionName": "UZ_Gent",
    "MagneticFieldStrength": 3,
    "Manufacturer": "Siemens",
    "ManufacturersModelName": "Prisma_fit",
    "PhaseEncodingDirection": "j-",
    "PhaseEncodingLines": 84,
    "ProcedureStepDescription": "MR_hersenen_(structuur_alleen)_O",
    "ProtocolName": "ep2d_bold_TASK_BETTING",
    "RepetitionTime": 1.72,
    "ScanningSequence": "EP",
    "SequenceName": "_epfid2d1_84",
    "SequenceVariant": "SK",
    "SeriesDescription": "ep2d_bold_TASK_BETTING",
    "SliceTiming": [
      1.2425,
      0,
      0.85,
      0.065,
      0.915,
      0.13,
      0.98,
      0.195,
      1.045,
      0.26,
      1.11,
      0.3275,
      1.1775,
      0.4575,
      1.3075,
      0.5225,
      1.3725,
      0.5875,
      1.4375,
      0.6525,
      1.5025,
      0.7175,
      1.5675,
      0.785,
      1.635,
      0.3925,
      1.2425,
      0,
      0.85,
      0.065,
      0.915,
      0.13,
      0.98,
      0.195,
      1.045,
      0.26,
      1.11,
      0.3275,
      1.1775,
      0.4575,
      1.3075,
      0.5225,
      1.3725,
      0.5875,
      1.4375,
      0.6525,
      1.5025,
      0.7175,
      1.5675,
      0.785,
      1.635,
      0.3925
    ],
    "SoftwareVersions": "syngo_MR_E11",
    "TaskName": "cueexposure",
    "TotalReadoutTime": 0.0374396,
    "TrueEchoSpacing": 0.00103999,
    "dataset": "ds002513",
    "modality": "bold",
    "subject_id": "50",
    "task_id": "cueexposure"
  },
  "dummy_trs": 1,
  "dvars_nstd": 32.533457099146716,
  "dvars_std": 1.413090157365268,
  "dvars_vstd": 0.9861699562425154,
  "efc": 0.5550576920896791,
  "fber": 2407.959716796875,
  "fd_mean": 0.16017395224483075,
  "fd_num": 167,
  "fd_perc": 24.962630792227205,
  "fwhm_avg": 1.997752,
  "fwhm_x": 1.8799839999999999,
  "fwhm_y": 2.096208,
  "fwhm_z": 2.017064,
  "gcor": 0.0219899,
  "gsr_x": -0.000845214060973376,
  "gsr_y": 0.062197305262088776,
  "provenance": {
    "md5sum": "e769e185b0e608d21f3156665dd2aada",
    "settings": {
      "fd_thres": 0.2,
      "testing": false
    },
    "software": "mriqc",
    "version": "23.0.1",
    "webapi_port": null,
    "webapi_url": "https://mriqc.nimh.nih.gov/api/v1"
  },
  "size_t": 669,
  "size_x": 84,
  "size_y": 84,
  "size_z": 52,
  "snr": 5.4636774317881125,
  "spacing_tr": 1.7200000286102295,
  "spacing_x": 2.5,
  "spacing_y": 2.5,
  "spacing_z": 2.5,
  "summary_bg_k": 13.677645204864042,
  "summary_bg_mad": 15.586159531982515,
  "summary_bg_mean": 61.83478927612305,
  "summary_bg_median": 19.002988815307617,
  "summary_bg_n": 225783.0,
  "summary_bg_p05": 5.581464767456055,
  "summary_bg_p95": 285.4787811279296,
  "summary_bg_stdv": 107.09603118896484,
  "summary_fg_k": 0.7862564791193081,
  "summary_fg_mad": 170.67213791247374,
  "summary_fg_mean": 959.2200317382812,
  "summary_fg_median": 948.218994140625,
  "summary_fg_n": 79960.0,
  "summary_fg_p05": 702.8642822265625,
  "summary_fg_p95": 1259.408380126953,
  "summary_fg_stdv": 173.5485076904297,
  "tsnr": 56.760985895991325
}