{
  "bids_meta": {
    "AccelFactPE": 2,
    "AcquisitionNumber": 1,
    "AcquisitionTime": "15:58:1.667500",
    "BodyPartExamined": "BRAIN",
    "ConversionSoftware": "dcm2niix",
    "ConversionSoftwareVersion": "v1.0.20170724 (OpenJPEG build) GCC6.1.0",
    "DeviceSerialNumber": "167045",
    "EchoTime": 0.00418,
    "FlipAngle": 9,
    "ImageType": [
      "ORIGINAL",
      "PRIMARY",
      "M",
      "ND",
      "NORM"
    ],
    "InstitutionAddress": "De_Pintelaan_185_Gent_District_BE_9000",
    "InstitutionName": "UGent",
    "InversionTime": 0.9,
    "MagneticFieldStrength": 3,
    "Manufacturer": "Siemens",
    "ManufacturersModelName": "Prisma_fit",
    "PhaseEncodingDirection": "i-",
    "PhaseEncodingLines": 256,
    "ProcedureStepDescription": "MR_hersenen_(structuur_alleen)_O",
    "ProtocolName": "T1_mprage",
    "RepetitionTime": 2.25,
    "ScanningSequence": "GR_IR",
    "SequenceName": "_tfl3d1_16ns",
    "SequenceVariant": "SK_SP_MP",
    "SeriesDescription": "T1_mprage",
    "SoftwareVersions": "syngo_MR_E11",
    "dataset": "ds002513",
    "modality": "T1w",
    "subject_id": "65"
  },
  "cjv": 0.3556469108286718,
  "cnr": 3.7618383747931037,
  "efc": 0.5005817351354792,
  "fber": -1.0,
  "fwhm_avg": 4.072376666666666,
  "fwhm_x": 4.16786,
  "fwhm_y": 4.25924,
  "fwhm_z": 3.79003,
  "icvs_csf": 0.1852240306731759,
  "icvs_gm": 0.42899022059987374,
  "icvs_wm": 0.3857857487269504,
  "inu_med": 0.40434396266937256,
  "inu_range": 0.17408066391944882,
  "provenance": {
    "md5sum": "571283cade5d483dbec3866f132c6d45",
    "settings": {
      "testing": false
    },
    "software": "mriqc",
    "version": "23.0.1",
    "warnings": {
      "large_rot_frame": true,
      "small_air_mask": false
    },
    "webapi_port": null,
    "webapi_url": "https://mriqc.nimh.nih.gov/api/v1"
  },
  "qi_1": 3.7215014397558695e-05,
  "qi_2": 0.01750471668387804,
  "rpve_csf": 24.19067332766979,
  "rpve_gm": 11.35466227373944,
  "rpve_wm": 14.864504715909755,
  "size_x": 176,
  "size_y": 256,
  "size_z": 256,
  "snr_csf": 2.1148981691381636,
  "snr_gm": 10.237482240170408,
  "snr_total": 13.214942556962574,
  "snr_wm": 27.292447261579152,
  "snrd_csf": 37.64540204203973,
  "snrd_gm": 104.03054599428395,
  "snrd_total": 96.35533352832903,
  "snrd_wm": 147.3900525486634,
  "spacing_x": 1.0,
  "spacing_y": 1.0,
  "spacing_z": 1.0,
  "summary_bg_k": 25.672880064194413,
  "summary_bg_mad": 0.0,
  "summary_bg_mean": 2.171870846792158,
  "summary_bg_median": 0.0,
  "summary_bg_n": 3415009.0,
  "summary_bg_p05": 0.0,
  "summary_bg_p95": 10.973900305107236,
  "summary_bg_stdv": 4.444975334346033,
  "summary_csf_k": 0.8800070733769383,
  "summary_csf_mad": 112.02895108168357,
  "summary_csf_mean": 257.73362621014365,
  "summary_csf_median": 255.4168620891869,
  "summary_csf_n": 34461.0,
  "summary_csf_p05": 65.84340183064342,
  "summary_csf_p95": 467.8192390408367,
  "summary_csf_stdv": 120.76853623806966,
  "summary_gm_k": -0.022944612176678092,
  "summary_gm_mad": 69.0779221334056,
  "summary_gm_mean": 707.4065412170957,
  "summary_gm_median": 705.82738337107,
  "summary_gm_n": 49697.0,
  "summary_gm_p05": 596.5689890924841,
  "summary_gm_p95": 824.3241462763399,
  "summary_gm_stdv": 68.94471369708957,
  "summary_wm_k": 0.3750104004282315,
  "summary_wm_mad": 35.54840921249182,
  "summary_wm_mean": 999.7241600406934,
  "summary_wm_median": 1000.0133531074971,
  "summary_wm_n": 264875.0,
  "summary_wm_p05": 939.2697443626821,
  "summary_wm_p95": 1058.594222376123,
  "summary_wm_stdv": 36.64059348775961,
  "tpm_overlap_csf": 0.14552418724913602,
  "tpm_overlap_gm": 0.4492889992343099,
  "tpm_overlap_wm": 0.5015494838853859,
  "wm2max": 0.7933612946958143
}