{
  "bids_meta": {
    "AccelFactPE": 2,
    "AcquisitionNumber": 1,
    "AcquisitionTime": "16:18:23.457500",
    "BodyPartExamined": "BRAIN",
    "ConversionSoftware": "dcm2niix",
    "ConversionSoftwareVersion": "v1.0.20170724 (OpenJPEG build) GCC6.1.0",
    "DeviceSerialNumber": "167045",
    "EchoTime": 0.00418,
    "FlipAngle": 9,
    "ImageType": [
      "ORIGINAL",
      "PRIMARY",
      "M",
      "ND",
      "NORM"
    ],
    "InstitutionAddress": "De_Pintelaan_185_Gent_District_BE_9000",
    "InstitutionName": "UGent",
    "InversionTime": 0.9,
    "MagneticFieldStrength": 3,
    "Manufacturer": "Siemens",
    "ManufacturersModelName": "Prisma_fit",
    "PhaseEncodingDirection": "i-",
    "PhaseEncodingLines": 256,
    "ProcedureStepDescription": "MR_hersenen_(structuur_alleen)_O",
    "ProtocolName": "T1_mprage",
    "RepetitionTime": 2.25,
    "ScanningSequence": "GR_IR",
    "SequenceName": "_tfl3d1_16ns",
    "SequenceVariant": "SK_SP_MP",
    "SeriesDescription": "T1_mprage",
    "SoftwareVersions": "syngo_MR_E11",
    "dataset": "ds002513",
    "modality": "T1w",
    "subject_id": "25"
  },
  "cjv": 0.32070050669283373,
  "cnr": 4.0457755792138625,
  "efc": 0.4909122481657633,
  "fber": 35438.0625,
  "fwhm_avg": 3.80374,
  "fwhm_x": 3.91552,
  "fwhm_y": 3.9152,
  "fwhm_z": 3.5805,
  "icvs_csf": 0.20471409944951455,
  "icvs_gm": 0.45430996592985606,
  "icvs_wm": 0.34097593462062936,
  "inu_med": 0.5389702916145325,
  "inu_range": 0.21686691045761103,
  "provenance": {
    "md5sum": "a459b227c2ea3264f1f827c90da80650",
    "settings": {
      "testing": false
    },
    "software": "mriqc",
    "version": "23.0.1",
    "warnings": {
      "large_rot_frame": true,
      "small_air_mask": false
    },
    "webapi_port": null,
    "webapi_url": "https://mriqc.nimh.nih.gov/api/v1"
  },
  "qi_1": 0.0,
  "qi_2": 0.02121081016621705,
  "rpve_csf": 23.56578351356026,
  "rpve_gm": 11.448371311553021,
  "rpve_wm": 17.37167483911674,
  "size_x": 176,
  "size_y": 256,
  "size_z": 256,
  "snr_csf": 2.334432034049003,
  "snr_gm": 11.440368594253563,
  "snr_total": 12.697761274255784,
  "snr_wm": 24.31848319446479,
  "snrd_csf": 37.13300729246724,
  "snrd_gm": 97.13252047563581,
  "snrd_total": 90.98329446800324,
  "snrd_wm": 138.68435563590666,
  "spacing_x": 1.0,
  "spacing_y": 1.0,
  "spacing_z": 1.0,
  "summary_bg_k": 7.60204979176312,
  "summary_bg_mad": 4.723938868213969,
  "summary_bg_mean": 4.646780005453577,
  "summary_bg_median": 3.1862483471632004,
  "summary_bg_n": 3450348.0,
  "summary_bg_p05": 0.0,
  "summary_bg_p95": 17.591303899884224,
  "summary_bg_stdv": 6.747546508607377,
  "summary_csf_k": 2.7278275334097186,
  "summary_csf_mad": 100.27453429502927,
  "summary_csf_mean": 274.0485151656298,
  "summary_csf_median": 267.7519619464874,
  "summary_csf_n": 33239.0,
  "summary_csf_p05": 94.05858671218157,
  "summary_csf_p95": 473.347983446717,
  "summary_csf_stdv": 114.69510798908786,
  "summary_gm_k": 0.3255646191447732,
  "summary_gm_mad": 57.858326894301335,
  "summary_gm_mean": 700.872401155202,
  "summary_gm_median": 700.3855820596218,
  "summary_gm_n": 36694.0,
  "summary_gm_p05": 600.4511785425245,
  "summary_gm_p95": 803.1313811771571,
  "summary_gm_stdv": 61.21970919260684,
  "summary_wm_k": 0.6624339429840482,
  "summary_wm_mad": 38.22817756378195,
  "summary_wm_mean": 999.6833249785695,
  "summary_wm_median": 1000.0000274777412,
  "summary_wm_n": 194493.0,
  "summary_wm_p05": 931.4715903371573,
  "summary_wm_p95": 1066.4025140404701,
  "summary_wm_stdv": 41.120881129435304,
  "tpm_overlap_csf": 0.16392534898321007,
  "tpm_overlap_gm": 0.48052624961912677,
  "tpm_overlap_wm": 0.5149770956504678,
  "wm2max": 0.7161786419682065
}