{
  "aor": 0.0008481044776119404,
  "aqi": 0.012169151014925373,
  "bids_meta": {
    "AccelFactPE": 2,
    "AcquisitionNumber": 1,
    "AcquisitionTime": "12:51:42.897500",
    "BandwidthPerPixelPhaseEncode": 22.894,
    "BodyPartExamined": "BRAIN",
    "ConversionSoftware": "dcm2niix",
    "ConversionSoftwareVersion": "v1.0.20170724 (OpenJPEG build) GCC6.1.0",
    "DeviceSerialNumber": "167045",
    "EchoTime": 0.027,
    "EchoTrainLength": 74,
    "EffectiveEchoSpacing": 0.000519995,
    "FlipAngle": 66,
    "ImageType": [
      "ORIGINAL",
      "PRIMARY",
      "M",
      "ND",
      "NORM",
      "MOSAIC"
    ],
    "InstitutionAddress": "De_Pintelaan_185_Gent_District_BE_9000",
    "InstitutionName": "UGent",
    "MagneticFieldStrength": 3,
    "Manufacturer": "Siemens",
    "ManufacturersModelName": "Prisma_fit",
    "PhaseEncodingDirection": "j-",
    "PhaseEncodingLines": 84,
    "ProcedureStepDescription": "MR_hersenen_(structuur_alleen)_O",
    "ProtocolName": "ep2d_bold_TASK_BETTING",
    "RepetitionTime": 1.72,
    "ScanningSequence": "EP",
    "SequenceName": "_epfid2d1_84",
    "SequenceVariant": "SK",
    "SeriesDescription": "ep2d_bold_TASK_BETTING",
    "SliceTiming": [
      1.2425,
      0,
      0.85,
      0.065,
      0.915,
      0.13,
      0.98,
      0.195,
      1.045,
      0.2625,
      1.1125,
      0.3275,
      1.1775,
      0.4575,
      1.3075,
      0.5225,
      1.3725,
      0.5875,
      1.4375,
      0.6525,
      1.5025,
      0.72,
      1.57,
      0.785,
      1.635,
      0.3925,
      1.2425,
      0,
      0.85,
      0.065,
      0.915,
      0.13,
      0.98,
      0.195,
      1.045,
      0.2625,
      1.1125,
      0.3275,
      1.1775,
      0.4575,
      1.3075,
      0.5225,
      1.3725,
      0.5875,
      1.4375,
      0.6525,
      1.5025,
      0.72,
      1.57,
      0.785,
      1.635,
      0.3925
    ],
    "SoftwareVersions": "syngo_MR_E11",
    "TaskName": "cueexposure",
    "TotalReadoutTime": 0.0374396,
    "TrueEchoSpacing": 0.00103999,
    "dataset": "ds002513",
    "modality": "bold",
    "subject_id": "61",
    "task_id": "cueexposure"
  },
  "dummy_trs": 0,
  "dvars_nstd": 24.518982030254108,
  "dvars_std": 1.0764533494469362,
  "dvars_vstd": 0.9308727069058285,
  "efc": 0.551836153975197,
  "fber": 2349.481201171875,
  "fd_mean": 0.1847540400429432,
  "fd_num": 178,
  "fd_perc": 26.567164179104477,
  "fwhm_avg": 2.04086,
  "fwhm_x": 1.8658560000000002,
  "fwhm_y": 2.220428,
  "fwhm_z": 2.036296,
  "gcor": 0.0438956,
  "gsr_x": 0.02235715463757515,
  "gsr_y": 0.05837082117795944,
  "provenance": {
    "md5sum": "2fd12e2287dd647df84f73bf3fb956bb",
    "settings": {
      "fd_thres": 0.2,
      "testing": false
    },
    "software": "mriqc",
    "version": "23.0.1",
    "webapi_port": null,
    "webapi_url": "https://mriqc.nimh.nih.gov/api/v1"
  },
  "size_t": 670,
  "size_x": 84,
  "size_y": 84,
  "size_z": 52,
  "snr": 5.568547682035564,
  "spacing_tr": 1.7200000286102295,
  "spacing_x": 2.5,
  "spacing_y": 2.5,
  "spacing_z": 2.5,
  "summary_bg_k": 11.603133676595231,
  "summary_bg_mad": 17.438279755469072,
  "summary_bg_mean": 73.339599609375,
  "summary_bg_median": 20.438060760498047,
  "summary_bg_n": 231290.0,
  "summary_bg_p05": 6.858880758285523,
  "summary_bg_p95": 325.1145553588866,
  "summary_bg_stdv": 124.54607391357422,
  "summary_fg_k": 1.3779847645087342,
  "summary_fg_mad": 174.3871948448247,
  "summary_fg_mean": 1016.2886962890625,
  "summary_fg_median": 1003.8582153320312,
  "summary_fg_n": 76231.0,
  "summary_fg_p05": 754.0007629394531,
  "summary_fg_p95": 1318.7955322265625,
  "summary_fg_stdv": 180.27171325683594,
  "tsnr": 47.80037568183616
}