{
  "aor": 0.00601779104477612,
  "aqi": 0.01569631628358209,
  "bids_meta": {
    "AccelFactPE": 2,
    "AcquisitionNumber": 1,
    "AcquisitionTime": "13:33:24.042500",
    "BandwidthPerPixelPhaseEncode": 22.894,
    "BodyPartExamined": "BRAIN",
    "ConversionSoftware": "dcm2niix",
    "ConversionSoftwareVersion": "v1.0.20170724 (OpenJPEG build) GCC6.1.0",
    "DeviceSerialNumber": "167045",
    "EchoTime": 0.027,
    "EchoTrainLength": 74,
    "EffectiveEchoSpacing": 0.000519995,
    "FlipAngle": 66,
    "ImageType": [
      "ORIGINAL",
      "PRIMARY",
      "M",
      "ND",
      "NORM",
      "MOSAIC"
    ],
    "InstitutionAddress": "De_Pintelaan_185_Gent_District_BE_9000",
    "InstitutionName": "UGent",
    "MagneticFieldStrength": 3,
    "Manufacturer": "Siemens",
    "ManufacturersModelName": "Prisma_fit",
    "PhaseEncodingDirection": "j-",
    "PhaseEncodingLines": 84,
    "ProcedureStepDescription": "MR_hersenen_(structuur_alleen)_O",
    "ProtocolName": "ep2d_bold_TASK_BETTING",
    "RepetitionTime": 1.72,
    "ScanningSequence": "EP",
    "SequenceName": "_epfid2d1_84",
    "SequenceVariant": "SK",
    "SeriesDescription": "ep2d_bold_TASK_BETTING",
    "SliceTiming": [
      1.2425,
      0,
      0.85,
      0.065,
      0.915,
      0.1325,
      0.9825,
      0.1975,
      1.0475,
      0.2625,
      1.1125,
      0.3275,
      1.1775,
      0.4575,
      1.3075,
      0.5225,
      1.3725,
      0.59,
      1.44,
      0.655,
      1.505,
      0.72,
      1.57,
      0.785,
      1.635,
      0.3925,
      1.2425,
      0,
      0.85,
      0.065,
      0.915,
      0.1325,
      0.9825,
      0.1975,
      1.0475,
      0.2625,
      1.1125,
      0.3275,
      1.1775,
      0.4575,
      1.3075,
      0.5225,
      1.3725,
      0.59,
      1.44,
      0.655,
      1.505,
      0.72,
      1.57,
      0.785,
      1.635,
      0.3925
    ],
    "SoftwareVersions": "syngo_MR_E11",
    "TaskName": "cueexposure",
    "TotalReadoutTime": 0.0374396,
    "TrueEchoSpacing": 0.00103999,
    "dataset": "ds002513",
    "modality": "bold",
    "subject_id": "32",
    "task_id": "cueexposure"
  },
  "dummy_trs": 0,
  "dvars_nstd": 25.875047549491786,
  "dvars_std": 1.1378552596412552,
  "dvars_vstd": 0.9515189871449936,
  "efc": 0.5219992413533427,
  "fber": 3192.697998046875,
  "fd_mean": 0.21797219949402297,
  "fd_num": 150,
  "fd_perc": 22.388059701492537,
  "fwhm_avg": 2.0115773333333333,
  "fwhm_x": 1.911104,
  "fwhm_y": 2.144116,
  "fwhm_z": 1.9795120000000002,
  "gcor": 0.0174564,
  "gsr_x": 0.009391372092068195,
  "gsr_y": 0.03446663171052933,
  "provenance": {
    "md5sum": "d2e25d72eede7513692a2a326f1c38e6",
    "settings": {
      "fd_thres": 0.2,
      "testing": false
    },
    "software": "mriqc",
    "version": "23.0.1",
    "webapi_port": null,
    "webapi_url": "https://mriqc.nimh.nih.gov/api/v1"
  },
  "size_t": 670,
  "size_x": 84,
  "size_y": 84,
  "size_z": 52,
  "snr": 6.006502185512999,
  "spacing_tr": 1.7200000286102295,
  "spacing_x": 2.5,
  "spacing_y": 2.5,
  "spacing_z": 2.5,
  "summary_bg_k": 20.050495432538355,
  "summary_bg_mad": 15.427913643944693,
  "summary_bg_mean": 59.024391174316406,
  "summary_bg_median": 18.710447311401367,
  "summary_bg_n": 236300.0,
  "summary_bg_p05": 5.350746154785156,
  "summary_bg_p95": 266.94640808105464,
  "summary_bg_stdv": 107.86022186279297,
  "summary_fg_k": 1.4931646900857052,
  "summary_fg_mad": 172.2020216043173,
  "summary_fg_mean": 1055.051513671875,
  "summary_fg_median": 1045.29931640625,
  "summary_fg_n": 70994.0,
  "summary_fg_p05": 803.331265258789,
  "summary_fg_p95": 1340.927178955078,
  "summary_fg_stdv": 174.0267333984375,
  "tsnr": 44.60710880253464
}