{
  "aor": 0.000690223880597015,
  "aqi": 0.01024737367164179,
  "bids_meta": {
    "AccelFactPE": 2,
    "AcquisitionNumber": 1,
    "AcquisitionTime": "09:46:24.440000",
    "BandwidthPerPixelPhaseEncode": 22.894,
    "BodyPartExamined": "BRAIN",
    "ConversionSoftware": "dcm2niix",
    "ConversionSoftwareVersion": "v1.0.20170724 (OpenJPEG build) GCC6.1.0",
    "DeviceSerialNumber": "167045",
    "EchoTime": 0.027,
    "EchoTrainLength": 74,
    "EffectiveEchoSpacing": 0.000519995,
    "FlipAngle": 66,
    "ImageType": [
      "ORIGINAL",
      "PRIMARY",
      "M",
      "ND",
      "NORM",
      "MOSAIC"
    ],
    "InstitutionAddress": "De_Pintelaan_185_Gent_District_BE_9000",
    "InstitutionName": "UZ_Gent",
    "MagneticFieldStrength": 3,
    "Manufacturer": "Siemens",
    "ManufacturersModelName": "Prisma_fit",
    "PhaseEncodingDirection": "j-",
    "PhaseEncodingLines": 84,
    "ProcedureStepDescription": "MR_hersenen_(structuur_alleen)_O",
    "ProtocolName": "ep2d_bold_TASK_BETTING",
    "RepetitionTime": 1.72,
    "ScanningSequence": "EP",
    "SequenceName": "_epfid2d1_84",
    "SequenceVariant": "SK",
    "SeriesDescription": "ep2d_bold_TASK_BETTING",
    "SliceTiming": [
      1.2425,
      0,
      0.85,
      0.065,
      0.915,
      0.13,
      0.98,
      0.195,
      1.045,
      0.2625,
      1.11,
      0.3275,
      1.1775,
      0.4575,
      1.3075,
      0.5225,
      1.3725,
      0.5875,
      1.4375,
      0.6525,
      1.5025,
      0.72,
      1.57,
      0.785,
      1.635,
      0.3925,
      1.2425,
      0,
      0.85,
      0.065,
      0.915,
      0.13,
      0.98,
      0.195,
      1.045,
      0.2625,
      1.11,
      0.3275,
      1.1775,
      0.4575,
      1.3075,
      0.5225,
      1.3725,
      0.5875,
      1.4375,
      0.6525,
      1.5025,
      0.72,
      1.57,
      0.785,
      1.635,
      0.3925
    ],
    "SoftwareVersions": "syngo_MR_E11",
    "TaskName": "cueexposure",
    "TotalReadoutTime": 0.0374396,
    "TrueEchoSpacing": 0.00103999,
    "dataset": "ds002513",
    "modality": "bold",
    "subject_id": "2",
    "task_id": "cueexposure"
  },
  "dummy_trs": 0,
  "dvars_nstd": 26.19892784659196,
  "dvars_std": 1.2124904986696567,
  "dvars_vstd": 0.9739809983707025,
  "efc": 0.5652794036483687,
  "fber": 1878.5164794921875,
  "fd_mean": 0.21859315689389774,
  "fd_num": 335,
  "fd_perc": 50.0,
  "fwhm_avg": 1.9929160000000001,
  "fwhm_x": 1.908992,
  "fwhm_y": 2.12202,
  "fwhm_z": 1.9477360000000001,
  "gcor": 0.0206998,
  "gsr_x": -0.002172348788008094,
  "gsr_y": 0.04057075083255768,
  "provenance": {
    "md5sum": "1ab1dc4bf759de6af23f2b992109986e",
    "settings": {
      "fd_thres": 0.2,
      "testing": false
    },
    "software": "mriqc",
    "version": "23.0.1",
    "webapi_port": null,
    "webapi_url": "https://mriqc.nimh.nih.gov/api/v1"
  },
  "size_t": 670,
  "size_x": 84,
  "size_y": 84,
  "size_z": 52,
  "snr": 5.795285809010515,
  "spacing_tr": 1.7200000286102295,
  "spacing_x": 2.5,
  "spacing_y": 2.5,
  "spacing_z": 2.5,
  "summary_bg_k": 19.64984341213946,
  "summary_bg_mad": 19.167612368081965,
  "summary_bg_mean": 59.95500946044922,
  "summary_bg_median": 22.60746192932129,
  "summary_bg_n": 218341.0,
  "summary_bg_p05": 7.564178943634033,
  "summary_bg_p95": 231.9626922607422,
  "summary_bg_stdv": 97.35747528076172,
  "summary_fg_k": 1.3940941581782633,
  "summary_fg_mad": 172.57262691351468,
  "summary_fg_mean": 1025.9754638671875,
  "summary_fg_median": 1011.4761352539062,
  "summary_fg_n": 85750.0,
  "summary_fg_p05": 779.4040344238281,
  "summary_fg_p95": 1319.9489196777345,
  "summary_fg_stdv": 174.5332794189453,
  "tsnr": 54.53969043097459
}