{
  "aor": 0.0028068656716417908,
  "aqi": 0.006567858149253731,
  "bids_meta": {
    "AccelFactPE": 2,
    "AcquisitionNumber": 1,
    "AcquisitionTime": "12:02:31.582500",
    "BandwidthPerPixelPhaseEncode": 22.894,
    "BodyPartExamined": "BRAIN",
    "ConversionSoftware": "dcm2niix",
    "ConversionSoftwareVersion": "v1.0.20170724 (OpenJPEG build) GCC6.1.0",
    "DeviceSerialNumber": "167045",
    "EchoTime": 0.027,
    "EchoTrainLength": 74,
    "EffectiveEchoSpacing": 0.000519995,
    "FlipAngle": 66,
    "ImageType": [
      "ORIGINAL",
      "PRIMARY",
      "M",
      "ND",
      "NORM",
      "MOSAIC"
    ],
    "InstitutionAddress": "De_Pintelaan_185_Gent_District_BE_9000",
    "InstitutionName": "UGent",
    "MagneticFieldStrength": 3,
    "Manufacturer": "Siemens",
    "ManufacturersModelName": "Prisma_fit",
    "PhaseEncodingDirection": "j-",
    "PhaseEncodingLines": 84,
    "ProcedureStepDescription": "MR_hersenen_(structuur_alleen)_O",
    "ProtocolName": "ep2d_bold_TASK_BETTING",
    "RepetitionTime": 1.72,
    "ScanningSequence": "EP",
    "SequenceName": "_epfid2d1_84",
    "SequenceVariant": "SK",
    "SeriesDescription": "ep2d_bold_TASK_BETTING",
    "SliceTiming": [
      1.2425,
      0,
      0.85,
      0.065,
      0.915,
      0.13,
      0.98,
      0.195,
      1.045,
      0.26,
      1.11,
      0.3275,
      1.1775,
      0.4575,
      1.3075,
      0.5225,
      1.3725,
      0.5875,
      1.4375,
      0.6525,
      1.5025,
      0.7175,
      1.5675,
      0.785,
      1.635,
      0.3925,
      1.2425,
      0,
      0.85,
      0.065,
      0.915,
      0.13,
      0.98,
      0.195,
      1.045,
      0.26,
      1.11,
      0.3275,
      1.1775,
      0.4575,
      1.3075,
      0.5225,
      1.3725,
      0.5875,
      1.4375,
      0.6525,
      1.5025,
      0.7175,
      1.5675,
      0.785,
      1.635,
      0.3925
    ],
    "SoftwareVersions": "syngo_MR_E11",
    "TaskName": "cueexposure",
    "TotalReadoutTime": 0.0374396,
    "TrueEchoSpacing": 0.00103999,
    "dataset": "ds002513",
    "modality": "bold",
    "subject_id": "60",
    "task_id": "cueexposure"
  },
  "dummy_trs": 0,
  "dvars_nstd": 22.96055876437966,
  "dvars_std": 1.2176413204185352,
  "dvars_vstd": 1.0441729212855007,
  "efc": 0.5496041790564867,
  "fber": 2347.844970703125,
  "fd_mean": 0.2504359730620895,
  "fd_num": 418,
  "fd_perc": 62.38805970149254,
  "fwhm_avg": 1.9876853333333333,
  "fwhm_x": 1.8742519999999998,
  "fwhm_y": 2.176012,
  "fwhm_z": 1.912792,
  "gcor": 0.0348416,
  "gsr_x": 0.0008648572256788611,
  "gsr_y": 0.05036834999918938,
  "provenance": {
    "md5sum": "9025e1179b0dc0eb7f9d040685d01718",
    "settings": {
      "fd_thres": 0.2,
      "testing": false
    },
    "software": "mriqc",
    "version": "23.0.1",
    "webapi_port": null,
    "webapi_url": "https://mriqc.nimh.nih.gov/api/v1"
  },
  "size_t": 670,
  "size_x": 84,
  "size_y": 84,
  "size_z": 52,
  "snr": 6.349864123294601,
  "spacing_tr": 1.7200000286102295,
  "spacing_x": 2.5,
  "spacing_y": 2.5,
  "spacing_z": 2.5,
  "summary_bg_k": 26.799435726576828,
  "summary_bg_mad": 16.63391075990527,
  "summary_bg_mean": 58.8238525390625,
  "summary_bg_median": 20.167163848876953,
  "summary_bg_n": 226050.0,
  "summary_bg_p05": 7.197014808654785,
  "summary_bg_p95": 228.87224502563427,
  "summary_bg_stdv": 104.81198120117188,
  "summary_fg_k": 1.7828669124650434,
  "summary_fg_mad": 147.57755881733226,
  "summary_fg_mean": 1005.091796875,
  "summary_fg_median": 995.6417846679688,
  "summary_fg_n": 79936.0,
  "summary_fg_p05": 775.2399291992188,
  "summary_fg_p95": 1263.7608642578125,
  "summary_fg_stdv": 156.79635620117188,
  "tsnr": 68.8975305238273
}