{
  "bids_meta": {
    "AccelFactPE": 2,
    "AcquisitionNumber": 1,
    "AcquisitionTime": "14:13:19.325000",
    "BodyPartExamined": "BRAIN",
    "ConversionSoftware": "dcm2niix",
    "ConversionSoftwareVersion": "v1.0.20170724 (OpenJPEG build) GCC6.1.0",
    "DeviceSerialNumber": "167045",
    "EchoTime": 0.00418,
    "FlipAngle": 9,
    "ImageType": [
      "ORIGINAL",
      "PRIMARY",
      "M",
      "ND",
      "NORM"
    ],
    "InstitutionAddress": "De_Pintelaan_185_Gent_District_BE_9000",
    "InstitutionName": "UGent",
    "InversionTime": 0.9,
    "MagneticFieldStrength": 3,
    "Manufacturer": "Siemens",
    "ManufacturersModelName": "Prisma_fit",
    "PhaseEncodingDirection": "i-",
    "PhaseEncodingLines": 256,
    "ProcedureStepDescription": "MR_hersenen_(structuur_alleen)_O",
    "ProtocolName": "T1_mprage",
    "RepetitionTime": 2.25,
    "ScanningSequence": "GR_IR",
    "SequenceName": "_tfl3d1_16ns",
    "SequenceVariant": "SK_SP_MP",
    "SeriesDescription": "T1_mprage",
    "SoftwareVersions": "syngo_MR_E11",
    "dataset": "ds002513",
    "modality": "T1w",
    "subject_id": "33"
  },
  "cjv": 0.3471549996198372,
  "cnr": 3.8758453747756065,
  "efc": 0.5205702318824228,
  "fber": -1.0,
  "fwhm_avg": 3.9414033333333336,
  "fwhm_x": 3.94656,
  "fwhm_y": 4.22401,
  "fwhm_z": 3.65364,
  "icvs_csf": 0.19239700804839927,
  "icvs_gm": 0.46279546899912855,
  "icvs_wm": 0.3448075229524722,
  "inu_med": 0.5919563174247742,
  "inu_range": 0.30810215175151817,
  "provenance": {
    "md5sum": "31c3fc58ca58d969ce61726f96cea554",
    "settings": {
      "testing": false
    },
    "software": "mriqc",
    "version": "23.0.1",
    "warnings": {
      "large_rot_frame": true,
      "small_air_mask": false
    },
    "webapi_port": null,
    "webapi_url": "https://mriqc.nimh.nih.gov/api/v1"
  },
  "qi_1": 6.763960163396465e-06,
  "qi_2": 0.015159705954654872,
  "rpve_csf": 24.66407540715946,
  "rpve_gm": 11.268383260484008,
  "rpve_wm": 16.807671415484357,
  "size_x": 176,
  "size_y": 256,
  "size_z": 256,
  "snr_csf": 2.575715289553636,
  "snr_gm": 12.3571479404948,
  "snr_total": 12.041063617756441,
  "snr_wm": 21.190327623220888,
  "snrd_csf": 30.938700464263604,
  "snrd_gm": 79.51005425757371,
  "snrd_total": 74.10553455079844,
  "snrd_wm": 111.867848930558,
  "spacing_x": 1.0,
  "spacing_y": 1.0,
  "spacing_z": 1.0,
  "summary_bg_k": 11.956211024559362,
  "summary_bg_mad": 0.0,
  "summary_bg_mean": 3.4536569160307984,
  "summary_bg_median": 0.0,
  "summary_bg_n": 3601857.0,
  "summary_bg_p05": 0.0,
  "summary_bg_p95": 15.2735749296844,
  "summary_bg_stdv": 5.8563418947189625,
  "summary_csf_k": 1.7269842571216696,
  "summary_csf_mad": 87.76823147070381,
  "summary_csf_mean": 282.83849463317443,
  "summary_csf_median": 276.56470881029963,
  "summary_csf_n": 34567.0,
  "summary_csf_p05": 111.4351278282702,
  "summary_csf_p95": 472.13572755791216,
  "summary_csf_stdv": 107.3723906860959,
  "summary_gm_k": 0.18760072631867386,
  "summary_gm_mad": 56.31434556186784,
  "summary_gm_mean": 710.5856159731752,
  "summary_gm_median": 710.7497946992517,
  "summary_gm_n": 45847.0,
  "summary_gm_p05": 615.8385607030243,
  "summary_gm_p95": 804.7242008298635,
  "summary_gm_stdv": 57.51667348782297,
  "summary_wm_k": 0.5549548747414987,
  "summary_wm_mad": 44.100293645378265,
  "summary_wm_mean": 1000.1203519172476,
  "summary_wm_median": 999.9999547637999,
  "summary_wm_n": 200297.0,
  "summary_wm_p05": 922.7207689620554,
  "summary_wm_p95": 1077.9352845959365,
  "summary_wm_stdv": 47.191222157979766,
  "tpm_overlap_csf": 0.16167211031907808,
  "tpm_overlap_gm": 0.47631529308057236,
  "tpm_overlap_wm": 0.5017917192614298,
  "wm2max": 0.5946008538839149
}