{
  "bids_meta": {
    "AccelFactPE": 2,
    "AcquisitionNumber": 1,
    "AcquisitionTime": "11:53:48.577500",
    "BodyPartExamined": "BRAIN",
    "ConversionSoftware": "dcm2niix",
    "ConversionSoftwareVersion": "v1.0.20170724 (OpenJPEG build) GCC6.1.0",
    "DeviceSerialNumber": "167045",
    "EchoTime": 0.00418,
    "FlipAngle": 9,
    "ImageType": [
      "ORIGINAL",
      "PRIMARY",
      "M",
      "ND",
      "NORM"
    ],
    "InstitutionAddress": "De_Pintelaan_185_Gent_District_BE_9000",
    "InstitutionName": "UGent",
    "InversionTime": 0.9,
    "MagneticFieldStrength": 3,
    "Manufacturer": "Siemens",
    "ManufacturersModelName": "Prisma_fit",
    "PhaseEncodingDirection": "i-",
    "PhaseEncodingLines": 256,
    "ProcedureStepDescription": "MR_hersenen_(structuur_alleen)_O",
    "ProtocolName": "T1_mprage",
    "RepetitionTime": 2.25,
    "ScanningSequence": "GR_IR",
    "SequenceName": "_tfl3d1_16ns",
    "SequenceVariant": "SK_SP_MP",
    "SeriesDescription": "T1_mprage",
    "SoftwareVersions": "syngo_MR_E11",
    "dataset": "ds002513",
    "modality": "T1w",
    "subject_id": "60"
  },
  "cjv": 0.3361080136679622,
  "cnr": 3.937462760660195,
  "efc": 0.5330842732809505,
  "fber": -1.0,
  "fwhm_avg": 3.9090966666666667,
  "fwhm_x": 4.03873,
  "fwhm_y": 4.05394,
  "fwhm_z": 3.63462,
  "icvs_csf": 0.18174358289973233,
  "icvs_gm": 0.47070055988795634,
  "icvs_wm": 0.3475558572123113,
  "inu_med": 0.551964670419693,
  "inu_range": 0.2916668578982353,
  "provenance": {
    "md5sum": "eeb37389ca6807b71fb3c2234e0923f9",
    "settings": {
      "testing": false
    },
    "software": "mriqc",
    "version": "23.0.1",
    "warnings": {
      "large_rot_frame": true,
      "small_air_mask": false
    },
    "webapi_port": null,
    "webapi_url": "https://mriqc.nimh.nih.gov/api/v1"
  },
  "qi_1": 0.0,
  "qi_2": 0.012962028919534834,
  "rpve_csf": 24.587590261331112,
  "rpve_gm": 10.635312305236187,
  "rpve_wm": 15.82446416548345,
  "size_x": 176,
  "size_y": 256,
  "size_z": 256,
  "snr_csf": 2.2248173965248155,
  "snr_gm": 12.299350152418185,
  "snr_total": 12.471201589645503,
  "snr_wm": 22.889437219993503,
  "snrd_csf": 28.210213664684325,
  "snrd_gm": 72.77911902162036,
  "snrd_total": 67.68535882033744,
  "snrd_wm": 102.06674377470763,
  "spacing_x": 1.0,
  "spacing_y": 1.0,
  "spacing_z": 1.0,
  "summary_bg_k": 15.901742479597598,
  "summary_bg_mad": 0.0,
  "summary_bg_mean": 3.0067694847229074,
  "summary_bg_median": 0.0,
  "summary_bg_n": 3209256.0,
  "summary_bg_p05": 0.0,
  "summary_bg_p95": 16.185784220695496,
  "summary_bg_stdv": 6.418705623819655,
  "summary_csf_k": 1.606770708655323,
  "summary_csf_mad": 108.8997905482057,
  "summary_csf_mean": 277.6532598398842,
  "summary_csf_median": 276.38985881209373,
  "summary_csf_n": 28473.0,
  "summary_csf_p05": 71.60450193285942,
  "summary_csf_p95": 490.0598037689924,
  "summary_csf_stdv": 124.22817515640102,
  "summary_gm_k": 0.2436897894482435,
  "summary_gm_mad": 55.7540843824646,
  "summary_gm_mean": 713.2591488991122,
  "summary_gm_median": 713.0541678965092,
  "summary_gm_n": 50870.0,
  "summary_gm_p05": 617.5668376162648,
  "summary_gm_p95": 809.2452279254794,
  "summary_gm_stdv": 57.97437672995247,
  "summary_wm_k": 0.5238756316700859,
  "summary_wm_mad": 40.690700180886445,
  "summary_wm_mean": 999.9990111876535,
  "summary_wm_median": 999.9999729394913,
  "summary_wm_n": 212335.0,
  "summary_wm_p05": 927.691741257906,
  "summary_wm_p95": 1071.6616529144342,
  "summary_wm_stdv": 43.688169724580085,
  "tpm_overlap_csf": 0.17347216595063725,
  "tpm_overlap_gm": 0.4868685254224937,
  "tpm_overlap_wm": 0.5128407364865617,
  "wm2max": 0.47755345433336904
}