{
  "aor": 0.0022592388059701493,
  "aqi": 0.012454719940298507,
  "bids_meta": {
    "AccelFactPE": 2,
    "AcquisitionNumber": 1,
    "AcquisitionTime": "15:13:27.952500",
    "BandwidthPerPixelPhaseEncode": 22.894,
    "BodyPartExamined": "BRAIN",
    "ConversionSoftware": "dcm2niix",
    "ConversionSoftwareVersion": "v1.0.20170724 (OpenJPEG build) GCC6.1.0",
    "DeviceSerialNumber": "167045",
    "EchoTime": 0.027,
    "EchoTrainLength": 74,
    "EffectiveEchoSpacing": 0.000519995,
    "FlipAngle": 66,
    "ImageType": [
      "ORIGINAL",
      "PRIMARY",
      "M",
      "ND",
      "NORM",
      "MOSAIC"
    ],
    "InstitutionAddress": "De_Pintelaan_185_Gent_District_BE_9000",
    "InstitutionName": "UGent",
    "MagneticFieldStrength": 3,
    "Manufacturer": "Siemens",
    "ManufacturersModelName": "Prisma_fit",
    "PhaseEncodingDirection": "j-",
    "PhaseEncodingLines": 84,
    "ProcedureStepDescription": "MR_hersenen_(structuur_alleen)_O",
    "ProtocolName": "ep2d_bold_TASK_BETTING",
    "RepetitionTime": 1.72,
    "ScanningSequence": "EP",
    "SequenceName": "_epfid2d1_84",
    "SequenceVariant": "SK",
    "SeriesDescription": "ep2d_bold_TASK_BETTING",
    "SliceTiming": [
      1.2425,
      0,
      0.85,
      0.0675,
      0.9175,
      0.1325,
      0.9825,
      0.1975,
      1.0475,
      0.2625,
      1.1125,
      0.3275,
      1.1775,
      0.4575,
      1.3075,
      0.525,
      1.375,
      0.59,
      1.44,
      0.655,
      1.505,
      0.72,
      1.57,
      0.785,
      1.635,
      0.3925,
      1.2425,
      0,
      0.85,
      0.0675,
      0.9175,
      0.1325,
      0.9825,
      0.1975,
      1.0475,
      0.2625,
      1.1125,
      0.3275,
      1.1775,
      0.4575,
      1.3075,
      0.525,
      1.375,
      0.59,
      1.44,
      0.655,
      1.505,
      0.72,
      1.57,
      0.785,
      1.635,
      0.3925
    ],
    "SoftwareVersions": "syngo_MR_E11",
    "TaskName": "cueexposure",
    "TotalReadoutTime": 0.0374396,
    "TrueEchoSpacing": 0.00103999,
    "dataset": "ds002513",
    "modality": "bold",
    "subject_id": "34",
    "task_id": "cueexposure"
  },
  "dummy_trs": 0,
  "dvars_nstd": 27.37956730437968,
  "dvars_std": 1.1743673746038863,
  "dvars_vstd": 0.9603432459641256,
  "efc": 0.5387976884333494,
  "fber": 2938.952880859375,
  "fd_mean": 0.21722261222852896,
  "fd_num": 198,
  "fd_perc": 29.55223880597015,
  "fwhm_avg": 1.9779786666666668,
  "fwhm_x": 1.854968,
  "fwhm_y": 2.088824,
  "fwhm_z": 1.9901440000000001,
  "gcor": 0.0261732,
  "gsr_x": -0.008230241015553474,
  "gsr_y": 0.04918476939201355,
  "provenance": {
    "md5sum": "c0fe10bdf9bd4b5ab5638d184ba0fd52",
    "settings": {
      "fd_thres": 0.2,
      "testing": false
    },
    "software": "mriqc",
    "version": "23.0.1",
    "webapi_port": null,
    "webapi_url": "https://mriqc.nimh.nih.gov/api/v1"
  },
  "size_t": 670,
  "size_x": 84,
  "size_y": 84,
  "size_z": 52,
  "snr": 5.6792979791887985,
  "spacing_tr": 1.7200000286102295,
  "spacing_x": 2.5,
  "spacing_y": 2.5,
  "spacing_z": 2.5,
  "summary_bg_k": 18.207266916328695,
  "summary_bg_mad": 13.116603216895635,
  "summary_bg_mean": 51.913063049316406,
  "summary_bg_median": 17.491790771484375,
  "summary_bg_n": 227866.0,
  "summary_bg_p05": 6.307462692260742,
  "summary_bg_p95": 230.12537002563477,
  "summary_bg_stdv": 90.61093139648438,
  "summary_fg_k": 1.793844583035403,
  "summary_fg_mad": 160.72954537365024,
  "summary_fg_mean": 972.884033203125,
  "summary_fg_median": 959.8477783203125,
  "summary_fg_n": 79502.0,
  "summary_fg_p05": 731.6794342041015,
  "summary_fg_p95": 1259.7750061035156,
  "summary_fg_stdv": 169.00711059570312,
  "tsnr": 49.49255925603211
}