{
  "aor": 0.0026909267563527657,
  "aqi": 0.015616208161434978,
  "bids_meta": {
    "AccelFactPE": 2,
    "AcquisitionNumber": 1,
    "AcquisitionTime": "13:42:22.985000",
    "BandwidthPerPixelPhaseEncode": 22.894,
    "BodyPartExamined": "BRAIN",
    "ConversionSoftware": "dcm2niix",
    "ConversionSoftwareVersion": "v1.0.20170724 (OpenJPEG build) GCC6.1.0",
    "DeviceSerialNumber": "167045",
    "EchoTime": 0.027,
    "EchoTrainLength": 74,
    "EffectiveEchoSpacing": 0.000519995,
    "FlipAngle": 66,
    "ImageType": [
      "ORIGINAL",
      "PRIMARY",
      "M",
      "ND",
      "NORM",
      "MOSAIC"
    ],
    "InstitutionAddress": "De_Pintelaan_185_Gent_District_BE_9000",
    "InstitutionName": "UZ_Gent",
    "MagneticFieldStrength": 3,
    "Manufacturer": "Siemens",
    "ManufacturersModelName": "Prisma_fit",
    "PhaseEncodingDirection": "j-",
    "PhaseEncodingLines": 84,
    "ProcedureStepDescription": "MR_hersenen_(structuur_alleen)_O",
    "ProtocolName": "ep2d_bold_TASK_BETTING",
    "RepetitionTime": 1.72,
    "ScanningSequence": "EP",
    "SequenceName": "_epfid2d1_84",
    "SequenceVariant": "SK",
    "SeriesDescription": "ep2d_bold_TASK_BETTING",
    "SliceTiming": [
      1.2425,
      0,
      0.85,
      0.0675,
      0.9175,
      0.1325,
      0.9825,
      0.1975,
      1.0475,
      0.2625,
      1.1125,
      0.3275,
      1.1775,
      0.4575,
      1.3075,
      0.525,
      1.375,
      0.59,
      1.44,
      0.655,
      1.505,
      0.72,
      1.57,
      0.785,
      1.635,
      0.3925,
      1.2425,
      0,
      0.85,
      0.0675,
      0.9175,
      0.1325,
      0.9825,
      0.1975,
      1.0475,
      0.2625,
      1.1125,
      0.3275,
      1.1775,
      0.4575,
      1.3075,
      0.525,
      1.375,
      0.59,
      1.44,
      0.655,
      1.505,
      0.72,
      1.57,
      0.785,
      1.635,
      0.3925
    ],
    "SoftwareVersions": "syngo_MR_E11",
    "TaskName": "cueexposure",
    "TotalReadoutTime": 0.0374396,
    "TrueEchoSpacing": 0.00103999,
    "dataset": "ds002513",
    "modality": "bold",
    "subject_id": "6",
    "task_id": "cueexposure"
  },
  "dummy_trs": 1,
  "dvars_nstd": 24.283467736766486,
  "dvars_std": 1.211710735673653,
  "dvars_vstd": 0.9876164703293409,
  "efc": 0.5045091255229823,
  "fber": 2974.220458984375,
  "fd_mean": 0.17859261232664425,
  "fd_num": 181,
  "fd_perc": 27.055306427503737,
  "fwhm_avg": 1.9115546666666667,
  "fwhm_x": 1.8253920000000001,
  "fwhm_y": 2.096528,
  "fwhm_z": 1.812744,
  "gcor": 0.0213285,
  "gsr_x": -0.012333445250988007,
  "gsr_y": 0.03765145689249039,
  "provenance": {
    "md5sum": "ac7c458798ef651db5184ed9b2501963",
    "settings": {
      "fd_thres": 0.2,
      "testing": false
    },
    "software": "mriqc",
    "version": "23.0.1",
    "webapi_port": null,
    "webapi_url": "https://mriqc.nimh.nih.gov/api/v1"
  },
  "size_t": 669,
  "size_x": 84,
  "size_y": 84,
  "size_z": 52,
  "snr": 6.188917736273824,
  "spacing_tr": 1.7200000286102295,
  "spacing_x": 2.5,
  "spacing_y": 2.5,
  "spacing_z": 2.5,
  "summary_bg_k": 24.728145287386614,
  "summary_bg_mad": 13.751190153938227,
  "summary_bg_mean": 48.77570724487305,
  "summary_bg_median": 17.80119514465332,
  "summary_bg_n": 243330.0,
  "summary_bg_p05": 5.762331962585449,
  "summary_bg_p95": 201.41666412353507,
  "summary_bg_stdv": 85.99153137207031,
  "summary_fg_k": 0.8324154376313544,
  "summary_fg_mad": 158.372484748252,
  "summary_fg_mean": 978.792236328125,
  "summary_fg_median": 967.171875,
  "summary_fg_n": 66311.0,
  "summary_fg_p05": 749.9962463378906,
  "summary_fg_p95": 1243.1531982421875,
  "summary_fg_stdv": 156.27362060546875,
  "tsnr": 48.889202281832695
}