{
  "bids_meta": {
    "AccelFactPE": 2,
    "AcquisitionNumber": 1,
    "AcquisitionTime": "14:18:58.862500",
    "BodyPartExamined": "BRAIN",
    "ConversionSoftware": "dcm2niix",
    "ConversionSoftwareVersion": "v1.0.20170724 (OpenJPEG build) GCC6.1.0",
    "DeviceSerialNumber": "167045",
    "EchoTime": 0.00418,
    "FlipAngle": 9,
    "ImageType": [
      "ORIGINAL",
      "PRIMARY",
      "M",
      "ND",
      "NORM"
    ],
    "InstitutionAddress": "De_Pintelaan_185_Gent_District_BE_9000",
    "InstitutionName": "UGent",
    "InversionTime": 0.9,
    "MagneticFieldStrength": 3,
    "Manufacturer": "Siemens",
    "ManufacturersModelName": "Prisma_fit",
    "PhaseEncodingDirection": "i-",
    "PhaseEncodingLines": 256,
    "ProcedureStepDescription": "MR_hersenen_(structuur_alleen)_O",
    "ProtocolName": "T1_mprage",
    "RepetitionTime": 2.25,
    "ScanningSequence": "GR_IR",
    "SequenceName": "_tfl3d1_16ns",
    "SequenceVariant": "SK_SP_MP",
    "SeriesDescription": "T1_mprage",
    "SoftwareVersions": "syngo_MR_E11",
    "dataset": "ds002513",
    "modality": "T1w",
    "subject_id": "63"
  },
  "cjv": 0.34369935574095434,
  "cnr": 3.8815090905916487,
  "efc": 0.5277025605425526,
  "fber": -1.0,
  "fwhm_avg": 4.11879,
  "fwhm_x": 4.2131,
  "fwhm_y": 4.31194,
  "fwhm_z": 3.83133,
  "icvs_csf": 0.2291039092646443,
  "icvs_gm": 0.4241870486128046,
  "icvs_wm": 0.3467090421225511,
  "inu_med": 0.5224804878234863,
  "inu_range": 0.25521984696388245,
  "provenance": {
    "md5sum": "2e425eafccd030dd1140ff5cebf5b162",
    "settings": {
      "testing": false
    },
    "software": "mriqc",
    "version": "23.0.1",
    "warnings": {
      "large_rot_frame": true,
      "small_air_mask": false
    },
    "webapi_port": null,
    "webapi_url": "https://mriqc.nimh.nih.gov/api/v1"
  },
  "qi_1": 3.5999008484452028e-06,
  "qi_2": 0.010987673351872897,
  "rpve_csf": 20.5673423180593,
  "rpve_gm": 11.260285808843784,
  "rpve_wm": 15.890344218936898,
  "size_x": 176,
  "size_y": 256,
  "size_z": 256,
  "snr_csf": 2.1887734653295445,
  "snr_gm": 10.583966144257348,
  "snr_total": 12.361085530693858,
  "snr_wm": 24.310516982494683,
  "snrd_csf": 26.796265617396493,
  "snrd_gm": 77.05999951383357,
  "snrd_total": 71.44196280989739,
  "snrd_wm": 110.46962329846207,
  "spacing_x": 1.0,
  "spacing_y": 1.0,
  "spacing_z": 1.0,
  "summary_bg_k": 20.043791374362172,
  "summary_bg_mad": 0.0,
  "summary_bg_mean": 3.1558724274427012,
  "summary_bg_median": 0.0,
  "summary_bg_n": 3643521.0,
  "summary_bg_p05": 0.0,
  "summary_bg_p95": 14.115055907517672,
  "summary_bg_stdv": 5.930268540554027,
  "summary_csf_k": 0.7510158226406287,
  "summary_csf_mad": 106.4655612587723,
  "summary_csf_mean": 249.10493090271757,
  "summary_csf_median": 242.55872669443488,
  "summary_csf_n": 60385.0,
  "summary_csf_p05": 86.5589953288436,
  "summary_csf_p95": 449.713022377342,
  "summary_csf_stdv": 110.81855755882768,
  "summary_gm_k": 0.06259081819654044,
  "summary_gm_mad": 65.30415467545512,
  "summary_gm_mean": 698.8303641909197,
  "summary_gm_median": 697.5440394580364,
  "summary_gm_n": 36620.0,
  "summary_gm_p05": 591.7645424678922,
  "summary_gm_p95": 809.6636324822903,
  "summary_gm_stdv": 65.9048324418296,
  "summary_wm_k": 0.47937887718670114,
  "summary_wm_mad": 38.63829151631095,
  "summary_wm_mean": 999.9384131219518,
  "summary_wm_median": 999.966620285064,
  "summary_wm_n": 227413.0,
  "summary_wm_p05": 932.194330573082,
  "summary_wm_p95": 1067.9057546295226,
  "summary_wm_stdv": 41.13299698369581,
  "tpm_overlap_csf": 0.15737667807778574,
  "tpm_overlap_gm": 0.46457957256984433,
  "tpm_overlap_wm": 0.4989897225117784,
  "wm2max": 0.6310857261631724
}