{
  "aor": 0.0008463079222720477,
  "aqi": 0.0059410726606875935,
  "bids_meta": {
    "AccelFactPE": 2,
    "AcquisitionNumber": 1,
    "AcquisitionTime": "15:33:41.382500",
    "BandwidthPerPixelPhaseEncode": 22.894,
    "BodyPartExamined": "BRAIN",
    "ConversionSoftware": "dcm2niix",
    "ConversionSoftwareVersion": "v1.0.20170724 (OpenJPEG build) GCC6.1.0",
    "DeviceSerialNumber": "167045",
    "EchoTime": 0.027,
    "EchoTrainLength": 74,
    "EffectiveEchoSpacing": 0.000519995,
    "FlipAngle": 66,
    "ImageType": [
      "ORIGINAL",
      "PRIMARY",
      "M",
      "ND",
      "NORM",
      "MOSAIC"
    ],
    "InstitutionAddress": "De_Pintelaan_185_Gent_District_BE_9000",
    "InstitutionName": "UGent",
    "MagneticFieldStrength": 3,
    "Manufacturer": "Siemens",
    "ManufacturersModelName": "Prisma_fit",
    "PhaseEncodingDirection": "j-",
    "PhaseEncodingLines": 84,
    "ProcedureStepDescription": "MR_hersenen_(structuur_alleen)_O",
    "ProtocolName": "ep2d_bold_TASK_BETTING",
    "RepetitionTime": 1.72,
    "ScanningSequence": "EP",
    "SequenceName": "_epfid2d1_84",
    "SequenceVariant": "SK",
    "SeriesDescription": "ep2d_bold_TASK_BETTING",
    "SliceTiming": [
      1.2425,
      0,
      0.85,
      0.065,
      0.915,
      0.13,
      0.98,
      0.1975,
      1.045,
      0.2625,
      1.1125,
      0.3275,
      1.1775,
      0.4575,
      1.3075,
      0.5225,
      1.3725,
      0.5875,
      1.4375,
      0.655,
      1.505,
      0.72,
      1.57,
      0.785,
      1.635,
      0.3925,
      1.2425,
      0,
      0.85,
      0.065,
      0.915,
      0.13,
      0.98,
      0.1975,
      1.045,
      0.2625,
      1.1125,
      0.3275,
      1.1775,
      0.4575,
      1.3075,
      0.5225,
      1.3725,
      0.5875,
      1.4375,
      0.655,
      1.505,
      0.72,
      1.57,
      0.785,
      1.635,
      0.3925
    ],
    "SoftwareVersions": "syngo_MR_E11",
    "TaskName": "cueexposure",
    "TotalReadoutTime": 0.0374396,
    "TrueEchoSpacing": 0.00103999,
    "dataset": "ds002513",
    "modality": "bold",
    "subject_id": "24",
    "task_id": "cueexposure"
  },
  "dummy_trs": 1,
  "dvars_nstd": 26.984348496841328,
  "dvars_std": 1.3875484337425155,
  "dvars_vstd": 0.9954480535329342,
  "efc": 0.5324933989301701,
  "fber": 2453.59228515625,
  "fd_mean": 0.10278818076795548,
  "fd_num": 43,
  "fd_perc": 6.4275037369207775,
  "fwhm_avg": 1.9372186666666666,
  "fwhm_x": 1.8129639999999998,
  "fwhm_y": 2.044764,
  "fwhm_z": 1.953928,
  "gcor": 0.067603,
  "gsr_x": -0.00888214074075222,
  "gsr_y": 0.04951953515410423,
  "provenance": {
    "md5sum": "3267385772f1d65eed9a935efad25f96",
    "settings": {
      "fd_thres": 0.2,
      "testing": false
    },
    "software": "mriqc",
    "version": "23.0.1",
    "webapi_port": null,
    "webapi_url": "https://mriqc.nimh.nih.gov/api/v1"
  },
  "size_t": 669,
  "size_x": 84,
  "size_y": 84,
  "size_z": 52,
  "snr": 5.401137857140366,
  "spacing_tr": 1.7200000286102295,
  "spacing_x": 2.5,
  "spacing_y": 2.5,
  "spacing_z": 2.5,
  "summary_bg_k": 19.650028749167,
  "summary_bg_mad": 16.06041646341252,
  "summary_bg_mean": 61.95967102050781,
  "summary_bg_median": 19.997011184692383,
  "summary_bg_n": 235285.0,
  "summary_bg_p05": 5.805680274963379,
  "summary_bg_p95": 276.13153076171864,
  "summary_bg_stdv": 108.27017974853516,
  "summary_fg_k": 1.155752249176346,
  "summary_fg_mad": 184.5706740478122,
  "summary_fg_mean": 1015.944580078125,
  "summary_fg_median": 1000.66064453125,
  "summary_fg_n": 72590.0,
  "summary_fg_p05": 755.1956817626954,
  "summary_fg_p95": 1330.2266357421877,
  "summary_fg_stdv": 185.2672119140625,
  "tsnr": 67.88770936289802
}